{"aor":0.043478333333333334,"aqi":0.005205751666666667,"bids_meta":{"AcquisitionMatrixPE":80,"AcquisitionNumber":1,"AcquisitionTime":[],"BandwidthPerPixelPhaseEncode":23.148,"BaseResolution":80,"BodyPartExamined":"BRAIN","ConsistencyInfo":"N4_VE11C_LATEST_20160120","ConversionSoftware":"dcm2niix","ConversionSoftwareVersion":"v1.0.20200427","DerivedVendorReportedEchoSpacing":0.000540003,"DeviceSerialNumber":"167017","DwellTime":3E-6,"EchoTime":0.048,"EchoTrainLength":80,"EffectiveEchoSpacing":0.000540003,"FlipAngle":90,"ImageComments":"Unaliased_MB6_PE3_LB","ImageOrientationPatientDICOM":[1,0,0,0,0.838671,-0.544639],"ImageType":["ORIGINAL","PRIMARY","M","ND","NORM","MOSAIC"],"ImagingFrequency":123.25,"InPlanePhaseEncodingDirectionDICOM":"COL","InstitutionAddress":[],"InstitutionName":[],"InstitutionalDepartmentName":[],"Instructions":"eyes closed","MRAcquisitionType":"2D","MagneticFieldStrength":3,"Manufacturer":"Siemens","ManufacturersModelName":"Prisma_fit","Modality":"MR","PartialFourier":1,"PatientPosition":"HFS","PercentPhaseFOV":100,"PercentSampling":100,"PhaseEncodingDirection":"j-","PhaseEncodingSteps":80,"PhaseResolution":1,"PixelBandwidth":2085,"ProcedureStepDescription":[],"ProtocolName":[],"PulseSequenceDetails":[],"ReceiveCoilActiveElements":"HC1-7","ReceiveCoilName":"HeadNeck_64","ReconMatrixPE":80,"RepetitionTime":4.029,"SAR":0.170651,"ScanOptions":"FS","ScanningSequence":"EP","SequenceName":"epse2d1_80","SequenceVariant":"SK","SeriesDescription":[],"SeriesNumber":15,"ShimSetting":[310,-11579,-6387,488,54,-158,-7,10],"SliceThickness":3,"SliceTiming":[3.925,3.8425,3.7575,3.675,3.59,3.5075,3.425,3.34,3.2575,3.1725,3.09,3.0075,2.9225,2.84,2.755,2.6725,2.5875,2.505,2.4225,2.3375,2.255,2.17,2.0875,2.005,1.92,1.8375,1.7525,1.67,1.5875,1.5025,1.42,1.335,1.2525,1.17,1.085,1.0025,0.9175,0.835,0.7525,0.6675,0.585,0.5,0.4175,0.3325,0.25,0.1675,0.0825,0],"SoftwareVersions":"syngo_MR_E11","SpacingBetweenSlices":3,"StationName":"MRC35056","TaskName":"rest","TotalReadoutTime":0.0426603,"TxRefAmp":234.781,"WipMemBlock":"e0cbcc14-9b6e-4e47-935f-9a11662ea55a||Sequence: R016 ve11c/master r/34fb20f; Nov 20 2017 15:30:40 by eja","acq_id":"APse","dataset":"MICs","modality":"bold","session_id":"01","subject_id":"sub-HC038","task_id":"rest"},"dummy_trs":0,"dvars_nstd":65.981123352000012,"dvars_std":2.8782250879999998,"dvars_vstd":3.874172782,"efc":0.50118913721284186,"fber":845.43939208984375,"fd_mean":0.14671377957664786,"fd_num":1,"fd_perc":16.666666666666668,"fwhm_avg":1.8237533333333333,"fwhm_x":1.87209,"fwhm_y":1.7339900000000001,"fwhm_z":1.8651799999999998,"gcor":0.0021015,"gsr_x":-0.031866747885942459,"gsr_y":0.029650429263710976,"provenance":{"md5sum":"7ce0402b1299ee1d7d62844136e00817","settings":{"fd_thres":0.2,"hmc_fsl":false,"testing":false},"software":"mriqc","version":"0.15.2","webapi_port":[],"webapi_url":"https://mriqc.nimh.nih.gov/api/v1"},"size_t":6,"size_x":80,"size_y":80,"size_z":48,"snr":2.3650602193468995,"spacing_tr":4.0289998054504395,"spacing_x":3,"spacing_y":3,"spacing_z":3,"summary_bg_k":57.729558288445091,"summary_bg_mad":108.40252801723524,"summary_bg_mean":682.49578857421875,"summary_bg_median":267.94976806640625,"summary_bg_n":201373,"summary_bg_p05":154.74263610839844,"summary_bg_p95":3445.9082519531216,"summary_bg_stdv":1342.1317138671875,"summary_fg_k":31.887819508253642,"summary_fg_mad":2282.7412075978859,"summary_fg_mean":8814.1953125,"summary_fg_median":8255.208984375,"summary_fg_n":56016,"summary_fg_p05":4865.5316162109375,"summary_fg_p95":14365.96923828125,"summary_fg_stdv":3490.45458984375,"tsnr":67.3619613647461}