{"aor":0.00095947142857142861,"aqi":0.01138212072857143,"bids_meta":{"AcquisitionMatrixPE":80,"AcquisitionNumber":1,"AcquisitionTime":[],"BandwidthPerPixelPhaseEncode":23.148,"BaseResolution":80,"BodyPartExamined":"BRAIN","ConsistencyInfo":"N4_VE11C_LATEST_20160120","ConversionSoftware":"dcm2niix","ConversionSoftwareVersion":"v1.0.20200427","DerivedVendorReportedEchoSpacing":0.000540003,"DeviceSerialNumber":"167017","DwellTime":2.6E-6,"EchoTime":0.03,"EchoTrainLength":80,"EffectiveEchoSpacing":0.000540003,"FlipAngle":50,"ImageComments":"Unaliased_MB6_PE3_LB","ImageOrientationPatientDICOM":[1,0,0,0,0.838671,-0.544639],"ImageType":["ORIGINAL","PRIMARY","M","MB","ND","NORM","MOSAIC"],"ImagingFrequency":123.25,"InPlanePhaseEncodingDirectionDICOM":"COL","InstitutionAddress":[],"InstitutionName":[],"InstitutionalDepartmentName":[],"Instructions":"eyes closed","MRAcquisitionType":"2D","MagneticFieldStrength":3,"Manufacturer":"Siemens","ManufacturersModelName":"Prisma_fit","Modality":"MR","MultibandAccelerationFactor":6,"PartialFourier":1,"PatientPosition":"HFS","PercentPhaseFOV":100,"PercentSampling":100,"PhaseEncodingDirection":"j-","PhaseEncodingSteps":80,"PhaseResolution":1,"PixelBandwidth":2405,"ProcedureStepDescription":[],"ProtocolName":[],"PulseSequenceDetails":[],"ReceiveCoilActiveElements":"HC1-7","ReceiveCoilName":"HeadNeck_64","ReconMatrixPE":80,"RepetitionTime":0.6,"SAR":0.0502573,"ScanOptions":"FS","ScanningSequence":"EP","SequenceName":"epfid2d1_80","SequenceVariant":"SK_SS","SeriesDescription":[],"SeriesNumber":14,"ShimSetting":[310,-11579,-6387,488,54,-158,-7,10],"SliceThickness":3,"SliceTiming":[0.5075,0.435,0.3625,0.29,0.2175,0.145,0.0725,0,0.5075,0.435,0.3625,0.29,0.2175,0.145,0.0725,0,0.5075,0.435,0.3625,0.29,0.2175,0.145,0.0725,0,0.5075,0.435,0.3625,0.29,0.2175,0.145,0.0725,0,0.5075,0.435,0.3625,0.29,0.2175,0.145,0.0725,0,0.5075,0.435,0.3625,0.29,0.2175,0.145,0.0725,0],"SoftwareVersions":"syngo_MR_E11","SpacingBetweenSlices":3,"StationName":"MRC35056","TaskName":"rest","TotalReadoutTime":0.0426603,"TxRefAmp":234.781,"WipMemBlock":"4767d9f5-fe5b-4a35-8540-13b98e1f2bf7||Sequence: R016 ve11c/master r/34fb20f; Nov 20 2017 15:15:15 by eja","acq_id":"AP","dataset":"MICs","modality":"bold","session_id":"01","subject_id":"sub-HC038","task_id":"rest"},"dummy_trs":0,"dvars_nstd":31.353055140872655,"dvars_std":1.1430440374964237,"dvars_vstd":0.95615762070100108,"efc":0.4606772375884724,"fber":6729.5478515625,"fd_mean":0.10803062775364698,"fd_num":47,"fd_perc":6.7142857142857144,"fwhm_avg":2.375148888888889,"fwhm_x":2.2250233333333331,"fwhm_y":2.5330266666666668,"fwhm_z":2.3673966666666666,"gcor":0.0110962,"gsr_x":-0.019359484314918518,"gsr_y":0.045006189495325089,"provenance":{"md5sum":"2845c1b5ce4e414f9c884f783e80bc5b","settings":{"fd_thres":0.2,"hmc_fsl":false,"testing":false},"software":"mriqc","version":"0.15.2","webapi_port":[],"webapi_url":"https://mriqc.nimh.nih.gov/api/v1"},"size_t":700,"size_x":80,"size_y":80,"size_z":48,"snr":3.8843829917444155,"spacing_tr":0.60000002384185791,"spacing_x":3,"spacing_y":3,"spacing_z":3,"summary_bg_k":49.02032181312768,"summary_bg_mad":45.448105930889824,"summary_bg_mean":263.678466796875,"summary_bg_median":68.481430053710938,"summary_bg_n":205349,"summary_bg_p05":30.303427886962893,"summary_bg_p95":1304.2679931640616,"summary_bg_stdv":612.06121826171875,"summary_fg_k":2.7529667633579358,"summary_fg_mad":1225.7732369315447,"summary_fg_mean":5890.27490234375,"summary_fg_median":5857.64404296875,"summary_fg_n":52621,"summary_fg_p05":3517.09130859375,"summary_fg_p95":8177.6328125,"summary_fg_stdv":1507.9842529296875,"tsnr":37.678204722586088}