{"aor":0.042745,"aqi":0.0068718583333333338,"bids_meta":{"AcquisitionMatrixPE":80,"AcquisitionNumber":1,"AcquisitionTime":[],"BandwidthPerPixelPhaseEncode":23.148,"BaseResolution":80,"BodyPartExamined":"BRAIN","ConsistencyInfo":"N4_VE11C_LATEST_20160120","ConversionSoftware":"dcm2niix","ConversionSoftwareVersion":"v1.0.20200427","DerivedVendorReportedEchoSpacing":0.000540003,"DeviceSerialNumber":"167017","DwellTime":3E-6,"EchoTime":0.048,"EchoTrainLength":80,"EffectiveEchoSpacing":0.000540003,"FlipAngle":90,"ImageComments":"Unaliased_MB6_PE3_LB","ImageOrientationPatientDICOM":[1,0,0,0,0.838671,-0.544639],"ImageType":["ORIGINAL","PRIMARY","M","ND","NORM","MOSAIC"],"ImagingFrequency":123.25,"InPlanePhaseEncodingDirectionDICOM":"COL","InstitutionAddress":[],"InstitutionName":[],"InstitutionalDepartmentName":[],"Instructions":"eyes closed","MRAcquisitionType":"2D","MagneticFieldStrength":3,"Manufacturer":"Siemens","ManufacturersModelName":"Prisma_fit","Modality":"MR","PartialFourier":1,"PatientPosition":"HFS","PercentPhaseFOV":100,"PercentSampling":100,"PhaseEncodingDirection":"j","PhaseEncodingSteps":80,"PhaseResolution":1,"PixelBandwidth":2085,"ProcedureStepDescription":[],"ProtocolName":[],"PulseSequenceDetails":[],"ReceiveCoilActiveElements":"HC1-7","ReceiveCoilName":"HeadNeck_64","ReconMatrixPE":80,"RepetitionTime":4.029,"SAR":0.170651,"ScanOptions":"FS","ScanningSequence":"EP","SequenceName":"epse2d1_80","SequenceVariant":"SK","SeriesDescription":[],"SeriesNumber":16,"ShimSetting":[310,-11579,-6387,488,54,-158,-7,10],"SliceThickness":3,"SliceTiming":[3.9275,3.8425,3.76,3.675,3.5925,3.51,3.425,3.3425,3.2575,3.175,3.0925,3.0075,2.925,2.84,2.7575,2.6725,2.59,2.5075,2.4225,2.34,2.255,2.1725,2.09,2.005,1.9225,1.8375,1.755,1.6725,1.5875,1.505,1.42,1.3375,1.255,1.17,1.0875,1.0025,0.92,0.8375,0.7525,0.67,0.585,0.5025,0.4175,0.335,0.2525,0.1675,0.085,0],"SoftwareVersions":"syngo_MR_E11","SpacingBetweenSlices":3,"StationName":"MRC35056","TaskName":"rest","TotalReadoutTime":0.0426603,"TxRefAmp":234.781,"WipMemBlock":"7b1d129b-d8bb-4127-bc58-f6f6eba2d1c9||Sequence: R016 ve11c/master r/34fb20f; Nov 20 2017 15:30:40 by eja","acq_id":"PAse","dataset":"MICs","modality":"bold","session_id":"01","subject_id":"sub-HC038","task_id":"rest"},"dummy_trs":0,"dvars_nstd":85.992913817999991,"dvars_std":3.10508423,"dvars_vstd":4.588253974,"efc":0.4995484178804695,"fber":842.08087158203125,"fd_mean":0.12308677036258915,"fd_num":1,"fd_perc":16.666666666666668,"fwhm_avg":1.8171188888888887,"fwhm_x":1.9559566666666666,"fwhm_y":1.6214233333333334,"fwhm_z":1.8739766666666666,"gcor":0.00378262,"gsr_x":-0.032685026526451111,"gsr_y":0.028692523017525673,"provenance":{"md5sum":"85c76b9cbb70c460bbd3fd7bbc171932","settings":{"fd_thres":0.2,"hmc_fsl":false,"testing":false},"software":"mriqc","version":"0.15.2","webapi_port":[],"webapi_url":"https://mriqc.nimh.nih.gov/api/v1"},"size_t":6,"size_x":80,"size_y":80,"size_z":48,"snr":2.2563440503417538,"spacing_tr":4.0289998054504395,"spacing_x":3,"spacing_y":3,"spacing_z":3,"summary_bg_k":54.852621284819421,"summary_bg_mad":102.54179710392141,"summary_bg_mean":666.38446044921875,"summary_bg_median":265.51611328125,"summary_bg_n":201233,"summary_bg_p05":153.72739868164064,"summary_bg_p95":3289.018603515623,"summary_bg_stdv":1242.925048828125,"summary_fg_k":14.125639768032325,"summary_fg_mad":2472.2239968939366,"summary_fg_mean":8791.7802734375,"summary_fg_median":8221.142578125,"summary_fg_n":55770,"summary_fg_p05":3699.0001464843754,"summary_fg_p95":14704.463085937477,"summary_fg_stdv":3643.53515625,"tsnr":57.002323150634766}