{"Modality":"MR","MagneticFieldStrength":3,"ImagingFrequency":123.25,"Manufacturer":"Siemens","ManufacturersModelName":"Prisma_fit","InstitutionName":[],"InstitutionalDepartmentName":[],"InstitutionAddress":[],"DeviceSerialNumber":"167017","StationName":"MRC35056","BodyPartExamined":"BRAIN","PatientPosition":"HFS","ProcedureStepDescription":[],"SoftwareVersions":"syngo_MR_E11","MRAcquisitionType":"3D","SeriesDescription":[],"ProtocolName":[],"ScanningSequence":"GR_IR","SequenceVariant":"SK_SP_MP","ScanOptions":"IR","SequenceName":"_tfl3d1_16ns","ImageType":["ORIGINAL","PRIMARY","M","ND","NORM","FM","FIL"],"SeriesNumber":7,"AcquisitionTime":[],"AcquisitionNumber":1,"SliceThickness":0.8,"SAR":0.0434221,"EchoTime":0.00314,"RepetitionTime":2.3,"InversionTime":0.9,"FlipAngle":9,"PartialFourier":1,"BaseResolution":320,"ShimSetting":[306,-11616,-6453,548,-17,-346,-38,7],"TxRefAmp":217.635,"PhaseResolution":1,"ReceiveCoilName":"HeadNeck_64","ReceiveCoilActiveElements":"HC1-7","PulseSequenceDetails":[],"RefLinesPE":32,"ConsistencyInfo":"N4_VE11C_LATEST_20160120","PercentPhaseFOV":100,"PhaseEncodingSteps":319,"AcquisitionMatrixPE":320,"ReconMatrixPE":320,"ParallelReductionFactorInPlane":2,"PixelBandwidth":235,"DwellTime":6.6E-6,"ImageOrientationPatientDICOM":[0.0151269,0.998694,-0.0487998,0.0445366,-0.0494299,-0.997784],"InPlanePhaseEncodingDirectionDICOM":"ROW","ConversionSoftware":"dcm2niix","ConversionSoftwareVersion":"v1.0.20190902"}