{"aor":0.050256666666666672,"aqi":0.0058380266666666668,"bids_meta":{"AcquisitionMatrixPE":80,"AcquisitionNumber":1,"AcquisitionTime":[],"BandwidthPerPixelPhaseEncode":23.148,"BaseResolution":80,"BodyPartExamined":"BRAIN","ConsistencyInfo":"N4_VE11C_LATEST_20160120","ConversionSoftware":"dcm2niix","ConversionSoftwareVersion":"v1.0.20200427","DerivedVendorReportedEchoSpacing":0.000540003,"DeviceSerialNumber":"167017","DwellTime":3E-6,"EchoTime":0.048,"EchoTrainLength":80,"EffectiveEchoSpacing":0.000540003,"FlipAngle":90,"ImageComments":"Unaliased_MB6_PE3_LB","ImageOrientationPatientDICOM":[1,0,0,0,0.798635,-0.601815],"ImageType":["ORIGINAL","PRIMARY","M","ND","NORM","MOSAIC"],"ImagingFrequency":123.25,"InPlanePhaseEncodingDirectionDICOM":"COL","InstitutionAddress":[],"InstitutionName":[],"InstitutionalDepartmentName":[],"Instructions":"eyes closed","MRAcquisitionType":"2D","MagneticFieldStrength":3,"Manufacturer":"Siemens","ManufacturersModelName":"Prisma_fit","Modality":"MR","PartialFourier":1,"PatientPosition":"HFS","PercentPhaseFOV":100,"PercentSampling":100,"PhaseEncodingDirection":"j","PhaseEncodingSteps":80,"PhaseResolution":1,"PixelBandwidth":2085,"ProcedureStepDescription":[],"ProtocolName":[],"PulseSequenceDetails":[],"ReceiveCoilActiveElements":"HC1-7","ReceiveCoilName":"HeadNeck_64","ReconMatrixPE":80,"RepetitionTime":4.029,"SAR":0.183007,"ScanOptions":"FS","ScanningSequence":"EP","SequenceName":"epse2d1_80","SequenceVariant":"SK","SeriesDescription":[],"SeriesNumber":16,"ShimSetting":[320,-11581,-6379,553,47,-46,-38,1],"SliceThickness":3,"SliceTiming":[3.925,3.8425,3.7575,3.675,3.5925,3.5075,3.425,3.34,3.2575,3.175,3.09,3.0075,2.9225,2.84,2.755,2.6725,2.59,2.505,2.4225,2.3375,2.255,2.1725,2.0875,2.005,1.92,1.8375,1.755,1.67,1.5875,1.5025,1.42,1.3375,1.2525,1.17,1.085,1.0025,0.9175,0.835,0.7525,0.6675,0.585,0.5,0.4175,0.335,0.25,0.1675,0.0825,0],"SoftwareVersions":"syngo_MR_E11","SpacingBetweenSlices":3,"StationName":"MRC35056","TaskName":"rest","TotalReadoutTime":0.0426603,"TxRefAmp":235.22,"WipMemBlock":"c5a47348-3c57-43f8-b58a-2aa5b4abaebf||Sequence: R016 ve11c/master r/34fb20f; Nov 20 2017 15:30:40 by eja","acq_id":"PAse","dataset":"MICs","modality":"bold","session_id":"01","subject_id":"sub-HC025","task_id":"rest"},"dummy_trs":0,"dvars_nstd":85.735765076,"dvars_std":3.053906296,"dvars_vstd":8.716006088,"efc":0.49487628621030649,"fber":970.21978759765625,"fd_mean":0.13267035843243405,"fd_num":1,"fd_perc":16.666666666666668,"fwhm_avg":1.8138966666666667,"fwhm_x":1.9238666666666668,"fwhm_y":1.6707733333333332,"fwhm_z":1.84705,"gcor":0.0027068,"gsr_x":-0.018540900200605392,"gsr_y":0.01906985230743885,"provenance":{"md5sum":"ef7cc9ddd70e48c597869a3375ba2963","settings":{"fd_thres":0.2,"hmc_fsl":false,"testing":false},"software":"mriqc","version":"0.15.2","webapi_port":[],"webapi_url":"https://mriqc.nimh.nih.gov/api/v1"},"size_t":6,"size_x":80,"size_y":80,"size_z":48,"snr":2.2403392922443714,"spacing_tr":4.0289998054504395,"spacing_x":3,"spacing_y":3,"spacing_z":3,"summary_bg_k":26.4044162202027,"summary_bg_mad":102.28150015070295,"summary_bg_mean":626.99053955078125,"summary_bg_median":257.226806640625,"summary_bg_n":199005,"summary_bg_p05":150.91742553710938,"summary_bg_p95":2923.0321777343738,"summary_bg_stdv":1038.048828125,"summary_fg_k":16.352562705352305,"summary_fg_mad":2595.3530976432166,"summary_fg_mean":9195.5830078125,"summary_fg_median":8538.41796875,"summary_fg_n":57995,"summary_fg_p05":4458.746826171875,"summary_fg_p95":15651.671386718746,"summary_fg_stdv":3811.18359375,"tsnr":61.4852409362793}