{"aor":0.0011807439198855507,"aqi":0.0079535433619456371,"bids_meta":{"AcquisitionMatrixPE":80,"AcquisitionNumber":1,"AcquisitionTime":[],"BandwidthPerPixelPhaseEncode":23.148,"BaseResolution":80,"BodyPartExamined":"BRAIN","ConsistencyInfo":"N4_VE11C_LATEST_20160120","ConversionSoftware":"dcm2niix","ConversionSoftwareVersion":"v1.0.20200427","DerivedVendorReportedEchoSpacing":0.000540003,"DeviceSerialNumber":"167017","DwellTime":2.6E-6,"EchoTime":0.03,"EchoTrainLength":80,"EffectiveEchoSpacing":0.000540003,"FlipAngle":50,"ImageComments":"Unaliased_MB6_PE3_LB","ImageOrientationPatientDICOM":[1,0,0,0,0.798635,-0.601815],"ImageType":["ORIGINAL","PRIMARY","M","MB","ND","NORM","MOSAIC"],"ImagingFrequency":123.25,"InPlanePhaseEncodingDirectionDICOM":"COL","InstitutionAddress":[],"InstitutionName":[],"InstitutionalDepartmentName":[],"Instructions":"eyes closed","MRAcquisitionType":"2D","MagneticFieldStrength":3,"Manufacturer":"Siemens","ManufacturersModelName":"Prisma_fit","Modality":"MR","MultibandAccelerationFactor":6,"PartialFourier":1,"PatientPosition":"HFS","PercentPhaseFOV":100,"PercentSampling":100,"PhaseEncodingDirection":"j-","PhaseEncodingSteps":80,"PhaseResolution":1,"PixelBandwidth":2405,"ProcedureStepDescription":[],"ProtocolName":[],"PulseSequenceDetails":[],"ReceiveCoilActiveElements":"HC1-7","ReceiveCoilName":"HeadNeck_64","ReconMatrixPE":80,"RepetitionTime":0.6,"SAR":0.0540083,"ScanOptions":"FS","ScanningSequence":"EP","SequenceName":"epfid2d1_80","SequenceVariant":"SK_SS","SeriesDescription":[],"SeriesNumber":14,"ShimSetting":[320,-11581,-6379,553,47,-46,-38,1],"SliceThickness":3,"SliceTiming":[0.5075,0.435,0.3625,0.29,0.2175,0.145,0.0725,0,0.5075,0.435,0.3625,0.29,0.2175,0.145,0.0725,0,0.5075,0.435,0.3625,0.29,0.2175,0.145,0.0725,0,0.5075,0.435,0.3625,0.29,0.2175,0.145,0.0725,0,0.5075,0.435,0.3625,0.29,0.2175,0.145,0.0725,0,0.5075,0.435,0.3625,0.29,0.2175,0.145,0.0725,0],"SoftwareVersions":"syngo_MR_E11","SpacingBetweenSlices":3,"StationName":"MRC35056","TaskName":"rest","TotalReadoutTime":0.0426603,"TxRefAmp":235.22,"WipMemBlock":"fbf3c206-c8fb-44d4-9ed5-22116adcb42c||Sequence: R016 ve11c/master r/34fb20f; Nov 20 2017 15:15:15 by eja","acq_id":"AP","dataset":"MICs","modality":"bold","session_id":"01","subject_id":"sub-HC025","task_id":"rest"},"dummy_trs":1,"dvars_nstd":35.012783241719184,"dvars_std":1.270350158266476,"dvars_vstd":0.99152686498567255,"efc":0.45756818879918609,"fber":7324.23388671875,"fd_mean":0.10410932627877711,"fd_num":59,"fd_perc":8.44062947067239,"fwhm_avg":2.2337233333333333,"fwhm_x":2.0747866666666668,"fwhm_y":2.40368,"fwhm_z":2.2227033333333335,"gcor":0.0213735,"gsr_x":-0.012178369797766209,"gsr_y":0.029431821778416634,"provenance":{"md5sum":"15bf2a22f1b3e22b47a35b3d9a8a4ee3","settings":{"fd_thres":0.2,"hmc_fsl":false,"testing":false},"software":"mriqc","version":"0.15.2","webapi_port":[],"webapi_url":"https://mriqc.nimh.nih.gov/api/v1"},"size_t":699,"size_x":80,"size_y":80,"size_z":48,"snr":3.7778236936801011,"spacing_tr":0.60000002384185791,"spacing_x":3,"spacing_y":3,"spacing_z":3,"summary_bg_k":37.769000740964948,"summary_bg_mad":47.467663934105893,"summary_bg_mean":236.36721801757812,"summary_bg_median":68.9642333984375,"summary_bg_n":202406,"summary_bg_p05":29.885909080505371,"summary_bg_p95":1032.239990234375,"summary_bg_stdv":510.94357299804688,"summary_fg_k":2.1645631454631369,"summary_fg_mad":1401.4362623842007,"summary_fg_mean":6289.603515625,"summary_fg_median":6192.62841796875,"summary_fg_n":54865,"summary_fg_p05":3993.8360839843754,"summary_fg_p95":8941.8408203125,"summary_fg_stdv":1639.1903076171875,"tsnr":44.3409777758643}