{"aor":0.04757999999999999,"aqi":0.0057689149999999995,"bids_meta":{"AcquisitionMatrixPE":80,"AcquisitionNumber":1,"AcquisitionTime":[],"BandwidthPerPixelPhaseEncode":23.148,"BaseResolution":80,"BodyPartExamined":"BRAIN","ConsistencyInfo":"N4_VE11C_LATEST_20160120","ConversionSoftware":"dcm2niix","ConversionSoftwareVersion":"v1.0.20200427","DerivedVendorReportedEchoSpacing":0.000540003,"DeviceSerialNumber":"167017","DwellTime":3E-6,"EchoTime":0.048,"EchoTrainLength":80,"EffectiveEchoSpacing":0.000540003,"FlipAngle":90,"ImageComments":"Unaliased_MB6_PE3_LB","ImageOrientationPatientDICOM":[1,0,0,0,0.798635,-0.601815],"ImageType":["ORIGINAL","PRIMARY","M","ND","NORM","MOSAIC"],"ImagingFrequency":123.25,"InPlanePhaseEncodingDirectionDICOM":"COL","InstitutionAddress":[],"InstitutionName":[],"InstitutionalDepartmentName":[],"Instructions":"eyes closed","MRAcquisitionType":"2D","MagneticFieldStrength":3,"Manufacturer":"Siemens","ManufacturersModelName":"Prisma_fit","Modality":"MR","PartialFourier":1,"PatientPosition":"HFS","PercentPhaseFOV":100,"PercentSampling":100,"PhaseEncodingDirection":"j-","PhaseEncodingSteps":80,"PhaseResolution":1,"PixelBandwidth":2085,"ProcedureStepDescription":[],"ProtocolName":[],"PulseSequenceDetails":[],"ReceiveCoilActiveElements":"HC1-7","ReceiveCoilName":"HeadNeck_64","ReconMatrixPE":80,"RepetitionTime":4.029,"SAR":0.183007,"ScanOptions":"FS","ScanningSequence":"EP","SequenceName":"epse2d1_80","SequenceVariant":"SK","SeriesDescription":[],"SeriesNumber":15,"ShimSetting":[320,-11581,-6379,553,47,-46,-38,1],"SliceThickness":3,"SliceTiming":[3.925,3.8425,3.7575,3.675,3.59,3.5075,3.425,3.34,3.2575,3.1725,3.09,3.0075,2.9225,2.84,2.755,2.6725,2.59,2.505,2.4225,2.3375,2.255,2.17,2.0875,2.005,1.92,1.8375,1.7525,1.67,1.5875,1.5025,1.42,1.335,1.2525,1.17,1.085,1.0025,0.9175,0.835,0.7525,0.6675,0.585,0.5,0.4175,0.335,0.25,0.1675,0.0825,0],"SoftwareVersions":"syngo_MR_E11","SpacingBetweenSlices":3,"StationName":"MRC35056","TaskName":"rest","TotalReadoutTime":0.0426603,"TxRefAmp":235.22,"WipMemBlock":"dc5bce32-ec65-4b4f-9e9e-7c5407de8981||Sequence: R016 ve11c/master r/34fb20f; Nov 20 2017 15:30:40 by eja","acq_id":"APse","dataset":"MICs","modality":"bold","session_id":"01","subject_id":"sub-HC025","task_id":"rest"},"dummy_trs":0,"dvars_nstd":69.853672792000012,"dvars_std":2.8445134160000003,"dvars_vstd":4.349822902,"efc":0.49816807872601415,"fber":972.1065673828125,"fd_mean":0.20171581480148121,"fd_num":2,"fd_perc":33.333333333333336,"fwhm_avg":1.7846366666666666,"fwhm_x":1.8321399999999999,"fwhm_y":1.7086266666666667,"fwhm_z":1.8131433333333333,"gcor":0.00136402,"gsr_x":-0.020773708820343018,"gsr_y":0.017002951353788376,"provenance":{"md5sum":"bab84ef9b8767e48e1d43aa1c3d5938a","settings":{"fd_thres":0.2,"hmc_fsl":false,"testing":false},"software":"mriqc","version":"0.15.2","webapi_port":[],"webapi_url":"https://mriqc.nimh.nih.gov/api/v1"},"size_t":6,"size_x":80,"size_y":80,"size_z":48,"snr":2.3805950901774859,"spacing_tr":4.0289998054504395,"spacing_x":3,"spacing_y":3,"spacing_z":3,"summary_bg_k":50.235943595045548,"summary_bg_mad":106.89389836567925,"summary_bg_mean":645.7373046875,"summary_bg_median":258.98065185546875,"summary_bg_n":199492,"summary_bg_p05":152.69865570068362,"summary_bg_p95":2961.9110717773428,"summary_bg_stdv":1133.6656494140625,"summary_fg_k":20.847574359290292,"summary_fg_mad":2407.0249716960507,"summary_fg_mean":9257.6435546875,"summary_fg_median":8544.974609375,"summary_fg_n":57441,"summary_fg_p05":5403.0029296875,"summary_fg_p95":15612.8974609375,"summary_fg_stdv":3589.396728515625,"tsnr":61.551876068115234}