{"bids_meta":{"AcquisitionMatrixPE":320,"AcquisitionNumber":1,"AcquisitionTime":[],"BaseResolution":320,"BodyPartExamined":"BRAIN","ConsistencyInfo":"N4_VE11C_LATEST_20160120","ConversionSoftware":"dcm2niix","ConversionSoftwareVersion":"v1.0.20200427","DeviceSerialNumber":"167017","DwellTime":6.6E-6,"EchoTime":0.00314,"FlipAngle":9,"ImageOrientationPatientDICOM":[0.0164674,0.99643,0.0828034,0.0121392,0.0826093,-0.996508],"ImageType":["ORIGINAL","PRIMARY","M","ND","NORM","FM","FIL"],"ImagingFrequency":123.25,"InPlanePhaseEncodingDirectionDICOM":"ROW","InstitutionAddress":[],"InstitutionName":[],"InstitutionalDepartmentName":[],"InversionTime":0.9,"MRAcquisitionType":"3D","MagneticFieldStrength":3,"Manufacturer":"Siemens","ManufacturersModelName":"Prisma_fit","Modality":"MR","ParallelReductionFactorInPlane":2,"PartialFourier":1,"PatientPosition":"HFS","PercentPhaseFOV":100,"PercentSampling":100,"PhaseEncodingSteps":319,"PhaseResolution":1,"PixelBandwidth":235,"ProcedureStepDescription":[],"ProtocolName":[],"PulseSequenceDetails":[],"ReceiveCoilActiveElements":"HC1-7","ReceiveCoilName":"HeadNeck_64","ReconMatrixPE":320,"RefLinesPE":32,"RepetitionTime":2.3,"SAR":0.0449621,"ScanOptions":"IR","ScanningSequence":"GR_IR","SequenceName":"_tfl3d1_16ns","SequenceVariant":"SK_SP_MP","SeriesDescription":[],"SeriesNumber":7,"ShimSetting":[318,-11626,-6437,476,21,-313,61,21],"SliceThickness":0.8,"SoftwareVersions":"syngo_MR_E11","StationName":"MRC35056","TxRefAmp":217.157,"dataset":"MICs","modality":"T1w","run_id":2,"session_id":"01","subject_id":"sub-HC008"},"cjv":0.53435790581596887,"cnr":2.0955938582128364,"efc":0.6655767200599858,"fber":26.416698455810547,"fwhm_avg":3.7438207775460568,"fwhm_x":3.8196374430829665,"fwhm_y":3.8482999426558622,"fwhm_z":3.5635249468993404,"icvs_csf":0.18068790866595222,"icvs_gm":0.42659450265745275,"icvs_wm":0.392717588676595,"inu_med":1.4794770479202271,"inu_range":0.55643165111541748,"provenance":{"md5sum":"f308f240d65d5d0fc40c44bdb631e817","settings":{"testing":false},"software":"mriqc","version":"0.15.2","warnings":{"large_rot_frame":false,"small_air_mask":false},"webapi_port":[],"webapi_url":"https://mriqc.nimh.nih.gov/api/v1"},"qi_1":0,"qi_2":0.0041337876112726305,"rpve_csf":30.011066044777593,"rpve_gm":14.024130060842181,"rpve_wm":17.529866746880618,"size_x":224,"size_y":320,"size_z":320,"snr_csf":3.1507482005585294,"snr_gm":9.8739730369407717,"snr_total":9.0044004451726991,"snr_wm":13.988480098018796,"snrd_csf":36.86088311262521,"snrd_gm":67.708281590879508,"snrd_total":64.044403301843033,"snrd_wm":87.5640452020244,"spacing_x":0.800000011920929,"spacing_y":0.800000011920929,"spacing_z":0.800000011920929,"summary_bg_k":9580.7224092540582,"summary_bg_mad":7.4819651263720814,"summary_bg_mean":151.78765869140625,"summary_bg_median":151.43449401855469,"summary_bg_n":8.022878E+6,"summary_bg_p05":139.03945693969726,"summary_bg_p95":164.70524597167969,"summary_bg_stdv":21.5794734954834,"summary_csf_k":66.6133856140439,"summary_csf_mad":83.687710108474221,"summary_csf_mean":440.13436889648438,"summary_csf_median":420.96859741210938,"summary_csf_n":80672,"summary_csf_p05":310.18871612548827,"summary_csf_p95":617.58271789550781,"summary_csf_stdv":133.60826110839844,"summary_gm_k":0.90691655288341622,"summary_gm_mad":69.242247227002508,"summary_gm_mean":783.20758056640625,"summary_gm_median":773.2603759765625,"summary_gm_n":82055,"summary_gm_p05":672.12112426757812,"summary_gm_p95":930.67659912109389,"summary_gm_stdv":78.312515258789062,"summary_wm_k":16.450378163934335,"summary_wm_mad":51.929898225805132,"summary_wm_mean":1007.9401245117188,"summary_wm_median":1000.0225219726562,"summary_wm_n":475768,"summary_wm_p05":919.84539489746089,"summary_wm_p95":1111.365362548828,"summary_wm_stdv":71.488929748535156,"tpm_overlap_csf":0.14231306314468384,"tpm_overlap_gm":0.42033794522285461,"tpm_overlap_wm":0.4851003885269165,"wm2max":0.31123129572351321}