{"bids_meta":{"AcquisitionMatrixPE":320,"AcquisitionNumber":1,"AcquisitionTime":[],"BaseResolution":320,"BodyPartExamined":"BRAIN","ConsistencyInfo":"N4_VE11C_LATEST_20160120","ConversionSoftware":"dcm2niix","ConversionSoftwareVersion":"v1.0.20200427","DeviceSerialNumber":"167017","DwellTime":6.6E-6,"EchoTime":0.00314,"FlipAngle":9,"ImageOrientationPatientDICOM":[0.0164674,0.99643,0.0828034,0.0121392,0.0826093,-0.996508],"ImageType":["ORIGINAL","PRIMARY","M","ND","NORM","FM","FIL"],"ImagingFrequency":123.25,"InPlanePhaseEncodingDirectionDICOM":"ROW","InstitutionAddress":[],"InstitutionName":[],"InstitutionalDepartmentName":[],"InversionTime":0.9,"MRAcquisitionType":"3D","MagneticFieldStrength":3,"Manufacturer":"Siemens","ManufacturersModelName":"Prisma_fit","Modality":"MR","ParallelReductionFactorInPlane":2,"PartialFourier":1,"PatientPosition":"HFS","PercentPhaseFOV":100,"PercentSampling":100,"PhaseEncodingSteps":319,"PhaseResolution":1,"PixelBandwidth":235,"ProcedureStepDescription":[],"ProtocolName":[],"PulseSequenceDetails":[],"ReceiveCoilActiveElements":"HC1-7","ReceiveCoilName":"HeadNeck_64","ReconMatrixPE":320,"RefLinesPE":32,"RepetitionTime":2.3,"SAR":0.0449621,"ScanOptions":"IR","ScanningSequence":"GR_IR","SequenceName":"_tfl3d1_16ns","SequenceVariant":"SK_SP_MP","SeriesDescription":[],"SeriesNumber":19,"ShimSetting":[318,-11626,-6437,476,21,-313,61,21],"SliceThickness":0.8,"SoftwareVersions":"syngo_MR_E11","StationName":"MRC35056","TxRefAmp":217.157,"dataset":"MICs","modality":"T1w","run_id":1,"session_id":"01","subject_id":"sub-HC008"},"cjv":0.54159277990226184,"cnr":2.0673184598648975,"efc":0.6715802163472282,"fber":26.519317626953125,"fwhm_avg":3.5275374474355963,"fwhm_x":3.5500499471001334,"fwhm_y":3.5522374470675371,"fwhm_z":3.480324948139117,"icvs_csf":0.19550755234308928,"icvs_gm":0.4241576612361308,"icvs_wm":0.38033478642077989,"inu_med":1.485360860824585,"inu_range":0.54717919826507555,"provenance":{"md5sum":"c38d82d6fcafe90b317374bf3c0a5a3f","settings":{"testing":false},"software":"mriqc","version":"0.15.2","warnings":{"large_rot_frame":false,"small_air_mask":false},"webapi_port":[],"webapi_url":"https://mriqc.nimh.nih.gov/api/v1"},"qi_1":0,"qi_2":0.0037214345604761005,"rpve_csf":27.133143842008035,"rpve_gm":13.336066022846902,"rpve_wm":16.910467863437987,"size_x":224,"size_y":320,"size_z":320,"snr_csf":1.4450477992804103,"snr_gm":9.7536626259945933,"snr_total":8.0996951129740911,"snr_wm":13.100374913647268,"snrd_csf":38.089792952904553,"snrd_gm":66.812557150597527,"snrd_total":63.847851148091706,"snrd_wm":86.641203340773018,"spacing_x":0.800000011920929,"spacing_y":0.800000011920929,"spacing_z":0.800000011920929,"summary_bg_k":18445.08420430377,"summary_bg_mad":7.5617215063974337,"summary_bg_mean":152.55096435546875,"summary_bg_median":152.28596496582031,"summary_bg_n":7.79357E+6,"summary_bg_p05":139.78560562133788,"summary_bg_p95":165.78863525390625,"summary_bg_stdv":13.333240509033203,"summary_csf_k":13.23089899879858,"summary_csf_mad":96.872771073414228,"summary_csf_mean":514.58233642578125,"summary_csf_median":439.640380859375,"summary_csf_n":114551,"summary_csf_p05":311.73641967773438,"summary_csf_p95":1204.489501953125,"summary_csf_stdv":304.23800659179688,"summary_gm_k":0.95794038854841812,"summary_gm_mad":70.299270940037417,"summary_gm_mean":780.6494140625,"summary_gm_median":771.16455078125,"summary_gm_n":85464,"summary_gm_p05":667.85724792480471,"summary_gm_p95":928.1079986572264,"summary_gm_stdv":79.063636779785156,"summary_wm_k":15.033098226819863,"summary_wm_mad":53.653115635900477,"summary_wm_mean":1010.6815795898438,"summary_wm_median":1000.0309448242188,"summary_wm_n":478736,"summary_wm_p05":920.71841430664062,"summary_wm_p95":1126.3740844726562,"summary_wm_stdv":76.335975646972656,"tpm_overlap_csf":0.12402532249689102,"tpm_overlap_gm":0.40362653136253357,"tpm_overlap_wm":0.48135492205619812,"wm2max":0.3126993460819476}