{"aor":0.042946666666666668,"aqi":0.00536613,"bids_meta":{"AcquisitionMatrixPE":80,"AcquisitionNumber":1,"AcquisitionTime":[],"BandwidthPerPixelPhaseEncode":23.148,"BaseResolution":80,"BodyPartExamined":"BRAIN","ConsistencyInfo":"N4_VE11C_LATEST_20160120","ConversionSoftware":"dcm2niix","ConversionSoftwareVersion":"v1.0.20200427","DerivedVendorReportedEchoSpacing":0.000540003,"DeviceSerialNumber":"167017","DwellTime":3E-6,"EchoTime":0.048,"EchoTrainLength":80,"EffectiveEchoSpacing":0.000540003,"FlipAngle":90,"ImageComments":"Unaliased_MB6_PE3_LB","ImageOrientationPatientDICOM":[1,0,0,0,0.838671,-0.544639],"ImageType":["ORIGINAL","PRIMARY","M","ND","NORM","MOSAIC"],"ImagingFrequency":123.25,"InPlanePhaseEncodingDirectionDICOM":"COL","InstitutionAddress":[],"InstitutionName":[],"InstitutionalDepartmentName":[],"Instructions":"eyes closed","MRAcquisitionType":"2D","MagneticFieldStrength":3,"Manufacturer":"Siemens","ManufacturersModelName":"Prisma_fit","Modality":"MR","PartialFourier":1,"PatientPosition":"HFS","PercentPhaseFOV":100,"PercentSampling":100,"PhaseEncodingDirection":"j","PhaseEncodingSteps":80,"PhaseResolution":1,"PixelBandwidth":2085,"ProcedureStepDescription":[],"ProtocolName":[],"PulseSequenceDetails":[],"ReceiveCoilActiveElements":"HC1-7","ReceiveCoilName":"HeadNeck_64","ReconMatrixPE":80,"RepetitionTime":4.029,"SAR":0.154677,"ScanOptions":"FS","ScanningSequence":"EP","SequenceName":"epse2d1_80","SequenceVariant":"SK","SeriesDescription":[],"SeriesNumber":16,"ShimSetting":[330,-11540,-6461,471,-9,101,-102,18],"SliceThickness":3,"SliceTiming":[3.925,3.8425,3.7575,3.675,3.5925,3.5075,3.425,3.34,3.2575,3.175,3.09,3.0075,2.9225,2.84,2.755,2.6725,2.59,2.505,2.4225,2.3375,2.255,2.1725,2.0875,2.005,1.92,1.8375,1.755,1.67,1.5875,1.5025,1.42,1.3375,1.2525,1.17,1.085,1.0025,0.9175,0.835,0.7525,0.6675,0.585,0.5,0.4175,0.335,0.25,0.1675,0.0825,0],"SoftwareVersions":"syngo_MR_E11","SpacingBetweenSlices":3,"StationName":"MRC35056","TaskName":"rest","TotalReadoutTime":0.0426603,"TxRefAmp":214.177,"WipMemBlock":"ab9bee06-98f2-4f8c-ae79-d34ea4c8b185||Sequence: R016 ve11c/master r/34fb20f; Nov 20 2017 15:30:40 by eja","acq_id":"PAse","dataset":"MICs","modality":"bold","session_id":"01","subject_id":"sub-HC016","task_id":"rest"},"dummy_trs":0,"dvars_nstd":74.47377853399999,"dvars_std":2.932116506,"dvars_vstd":4.1565739619999995,"efc":0.46445621888264987,"fber":798.10174560546875,"fd_mean":0.13773384848805098,"fd_num":0,"fd_perc":0,"fwhm_avg":1.7840466666666668,"fwhm_x":1.8317133333333333,"fwhm_y":1.6634466666666665,"fwhm_z":1.85698,"gcor":0.00418627,"gsr_x":-0.03684881329536438,"gsr_y":0.0071701393462717533,"provenance":{"md5sum":"e40c3430bb43b0b8927b61de7d4a64f0","settings":{"fd_thres":0.2,"hmc_fsl":false,"testing":false},"software":"mriqc","version":"0.15.2","webapi_port":[],"webapi_url":"https://mriqc.nimh.nih.gov/api/v1"},"size_t":6,"size_x":80,"size_y":80,"size_z":48,"snr":2.2356668227420866,"spacing_tr":4.0289998054504395,"spacing_x":3,"spacing_y":3,"spacing_z":3,"summary_bg_k":399.00876848792353,"summary_bg_mad":120.2945424885973,"summary_bg_mean":622.32379150390625,"summary_bg_median":286.7569580078125,"summary_bg_n":210550,"summary_bg_p05":152.24547958374023,"summary_bg_p95":2681.0602661132793,"summary_bg_stdv":1328.59619140625,"summary_fg_k":14.232578885889303,"summary_fg_mad":2749.9958206946822,"summary_fg_mean":9393.58984375,"summary_fg_median":8651.46484375,"summary_fg_n":48484,"summary_fg_p05":5336.4531738281248,"summary_fg_p95":16080.507617187499,"summary_fg_stdv":3869.70703125,"tsnr":64.889511108398438}