{"aor":0.00054945636623748211,"aqi":0.0074763661087267515,"bids_meta":{"AcquisitionMatrixPE":80,"AcquisitionNumber":1,"AcquisitionTime":[],"BandwidthPerPixelPhaseEncode":23.148,"BaseResolution":80,"BodyPartExamined":"BRAIN","ConsistencyInfo":"N4_VE11C_LATEST_20160120","ConversionSoftware":"dcm2niix","ConversionSoftwareVersion":"v1.0.20200427","DerivedVendorReportedEchoSpacing":0.000540003,"DeviceSerialNumber":"167017","DwellTime":2.6E-6,"EchoTime":0.03,"EchoTrainLength":80,"EffectiveEchoSpacing":0.000540003,"FlipAngle":50,"ImageComments":"Unaliased_MB6_PE3_LB","ImageOrientationPatientDICOM":[1,0,0,0,0.838671,-0.544639],"ImageType":["ORIGINAL","PRIMARY","M","MB","ND","NORM","MOSAIC"],"ImagingFrequency":123.25,"InPlanePhaseEncodingDirectionDICOM":"COL","InstitutionAddress":[],"InstitutionName":[],"InstitutionalDepartmentName":[],"Instructions":"eyes closed","MRAcquisitionType":"2D","MagneticFieldStrength":3,"Manufacturer":"Siemens","ManufacturersModelName":"Prisma_fit","Modality":"MR","MultibandAccelerationFactor":6,"PartialFourier":1,"PatientPosition":"HFS","PercentPhaseFOV":100,"PercentSampling":100,"PhaseEncodingDirection":"j-","PhaseEncodingSteps":80,"PhaseResolution":1,"PixelBandwidth":2405,"ProcedureStepDescription":[],"ProtocolName":[],"PulseSequenceDetails":[],"ReceiveCoilActiveElements":"HC1-7","ReceiveCoilName":"HeadNeck_64","ReconMatrixPE":80,"RepetitionTime":0.6,"SAR":0.04731,"ScanOptions":"FS","ScanningSequence":"EP","SequenceName":"epfid2d1_80","SequenceVariant":"SK_SS","SeriesDescription":[],"SeriesNumber":14,"ShimSetting":[330,-11540,-6461,471,-9,101,-102,18],"SliceThickness":3,"SliceTiming":[0.5075,0.435,0.3625,0.29,0.2175,0.145,0.0725,0,0.5075,0.435,0.3625,0.29,0.2175,0.145,0.0725,0,0.5075,0.435,0.3625,0.29,0.2175,0.145,0.0725,0,0.5075,0.435,0.3625,0.29,0.2175,0.145,0.0725,0,0.5075,0.435,0.3625,0.29,0.2175,0.145,0.0725,0,0.5075,0.435,0.3625,0.29,0.2175,0.145,0.0725,0],"SoftwareVersions":"syngo_MR_E11","SpacingBetweenSlices":3,"StationName":"MRC35056","TaskName":"rest","TotalReadoutTime":0.0426603,"TxRefAmp":214.177,"WipMemBlock":"40c0f4db-bb76-47a2-95bf-19b37b90d083||Sequence: R016 ve11c/master r/34fb20f; Nov 20 2017 15:15:15 by eja","acq_id":"AP","dataset":"MICs","modality":"bold","session_id":"01","subject_id":"sub-HC016","task_id":"rest"},"dummy_trs":1,"dvars_nstd":27.504420731461359,"dvars_std":1.1048093404441257,"dvars_vstd":0.9707955878223492,"efc":0.41684617920931838,"fber":8561.3515625,"fd_mean":0.11231056571865881,"fd_num":39,"fd_perc":5.5793991416309012,"fwhm_avg":2.2793522222222222,"fwhm_x":2.1120866666666669,"fwhm_y":2.4658633333333335,"fwhm_z":2.2601066666666667,"gcor":0.00663408,"gsr_x":-0.020496129989624023,"gsr_y":0.020612135529518127,"provenance":{"md5sum":"e830b8ed3867d6ff465b296c0b083a2d","settings":{"fd_thres":0.2,"hmc_fsl":false,"testing":false},"software":"mriqc","version":"0.15.2","webapi_port":[],"webapi_url":"https://mriqc.nimh.nih.gov/api/v1"},"size_t":699,"size_x":80,"size_y":80,"size_z":48,"snr":4.0103002597485862,"spacing_tr":0.60000002384185791,"spacing_x":3,"spacing_y":3,"spacing_z":3,"summary_bg_k":57.566218577751371,"summary_bg_mad":42.885178603398067,"summary_bg_mean":206.64259338378906,"summary_bg_median":67.989990234375,"summary_bg_n":214933,"summary_bg_p05":29.493562698364258,"summary_bg_p95":895.696142578125,"summary_bg_stdv":468.46578979492188,"summary_fg_k":2.7326409095555766,"summary_fg_mad":1359.4557435115739,"summary_fg_mean":6655.361328125,"summary_fg_median":6575.119140625,"summary_fg_n":44879,"summary_fg_p05":4471.6204589843746,"summary_fg_p95":9255.458203125,"summary_fg_stdv":1639.53955078125,"tsnr":46.877818488283083}