{"aor":0.044401666666666673,"aqi":0.0042635116666666665,"bids_meta":{"AcquisitionMatrixPE":80,"AcquisitionNumber":1,"AcquisitionTime":[],"BandwidthPerPixelPhaseEncode":23.148,"BaseResolution":80,"BodyPartExamined":"BRAIN","ConsistencyInfo":"N4_VE11C_LATEST_20160120","ConversionSoftware":"dcm2niix","ConversionSoftwareVersion":"v1.0.20200427","DerivedVendorReportedEchoSpacing":0.000540003,"DeviceSerialNumber":"167017","DwellTime":3E-6,"EchoTime":0.048,"EchoTrainLength":80,"EffectiveEchoSpacing":0.000540003,"FlipAngle":90,"ImageComments":"Unaliased_MB6_PE3_LB","ImageOrientationPatientDICOM":[1,0,0,0,0.838671,-0.544639],"ImageType":["ORIGINAL","PRIMARY","M","ND","NORM","MOSAIC"],"ImagingFrequency":123.25,"InPlanePhaseEncodingDirectionDICOM":"COL","InstitutionAddress":[],"InstitutionName":[],"InstitutionalDepartmentName":[],"Instructions":"eyes closed","MRAcquisitionType":"2D","MagneticFieldStrength":3,"Manufacturer":"Siemens","ManufacturersModelName":"Prisma_fit","Modality":"MR","PartialFourier":1,"PatientPosition":"HFS","PercentPhaseFOV":100,"PercentSampling":100,"PhaseEncodingDirection":"j-","PhaseEncodingSteps":80,"PhaseResolution":1,"PixelBandwidth":2085,"ProcedureStepDescription":[],"ProtocolName":[],"PulseSequenceDetails":[],"ReceiveCoilActiveElements":"HC1-7","ReceiveCoilName":"HeadNeck_64","ReconMatrixPE":80,"RepetitionTime":4.029,"SAR":0.154677,"ScanOptions":"FS","ScanningSequence":"EP","SequenceName":"epse2d1_80","SequenceVariant":"SK","SeriesDescription":[],"SeriesNumber":15,"ShimSetting":[330,-11540,-6461,471,-9,101,-102,18],"SliceThickness":3,"SliceTiming":[3.925,3.84,3.7575,3.675,3.59,3.5075,3.4225,3.34,3.2575,3.1725,3.09,3.005,2.9225,2.84,2.755,2.6725,2.5875,2.505,2.4225,2.3375,2.255,2.17,2.0875,2.0025,1.92,1.8375,1.7525,1.67,1.585,1.5025,1.42,1.335,1.2525,1.1675,1.085,1.0025,0.9175,0.835,0.75,0.6675,0.585,0.5,0.4175,0.3325,0.25,0.1675,0.0825,0],"SoftwareVersions":"syngo_MR_E11","SpacingBetweenSlices":3,"StationName":"MRC35056","TaskName":"rest","TotalReadoutTime":0.0426603,"TxRefAmp":214.177,"WipMemBlock":"eb8f09f3-3e92-443a-9026-79fdd9e688a2||Sequence: R016 ve11c/master r/34fb20f; Nov 20 2017 15:30:40 by eja","acq_id":"APse","dataset":"MICs","modality":"bold","session_id":"01","subject_id":"sub-HC016","task_id":"rest"},"dummy_trs":0,"dvars_nstd":77.70618515,"dvars_std":3.027972816,"dvars_vstd":4.09751668,"efc":0.46337098191136072,"fber":823.17144775390625,"fd_mean":0.18193083779782054,"fd_num":2,"fd_perc":33.333333333333336,"fwhm_avg":1.8237933333333334,"fwhm_x":1.8630066666666665,"fwhm_y":1.7457866666666666,"fwhm_z":1.8625866666666668,"gcor":0.00128775,"gsr_x":-0.031967692077159882,"gsr_y":0.0050832568667829037,"provenance":{"md5sum":"c29bb5f1fe1f364dfc716ab3c58bb8ba","settings":{"fd_thres":0.2,"hmc_fsl":false,"testing":false},"software":"mriqc","version":"0.15.2","webapi_port":[],"webapi_url":"https://mriqc.nimh.nih.gov/api/v1"},"size_t":6,"size_x":80,"size_y":80,"size_z":48,"snr":2.2929380643008703,"spacing_tr":4.0289998054504395,"spacing_x":3,"spacing_y":3,"spacing_z":3,"summary_bg_k":70.2027800309514,"summary_bg_mad":126.33844952134534,"summary_bg_mean":617.36468505859375,"summary_bg_median":290.36468505859375,"summary_bg_n":211557,"summary_bg_p05":152.6925018310547,"summary_bg_p95":2624.4451171874925,"summary_bg_stdv":1196.41796875,"summary_fg_k":24.1031382791054,"summary_fg_mad":2569.8600131096841,"summary_fg_mean":9604.2705078125,"summary_fg_median":8870.794921875,"summary_fg_n":47863,"summary_fg_p05":5572.76591796875,"summary_fg_p95":16371.82138671875,"summary_fg_stdv":3868.70556640625,"tsnr":66.521331787109375}