{"bids_meta":{"AcquisitionMatrixPE":320,"AcquisitionNumber":1,"AcquisitionTime":[],"BaseResolution":320,"BodyPartExamined":"BRAIN","ConsistencyInfo":"N4_VE11C_LATEST_20160120","ConversionSoftware":"dcm2niix","ConversionSoftwareVersion":"v1.0.20200427","DeviceSerialNumber":"167017","DwellTime":6.6E-6,"EchoTime":0.00314,"FlipAngle":9,"ImageOrientationPatientDICOM":[0.0165231,0.991357,0.130148,-0.0202337,0.130471,-0.991246],"ImageType":["ORIGINAL","PRIMARY","M","ND","NORM","FM","FIL"],"ImagingFrequency":123.25,"InPlanePhaseEncodingDirectionDICOM":"ROW","InstitutionAddress":[],"InstitutionName":[],"InstitutionalDepartmentName":[],"InversionTime":0.9,"MRAcquisitionType":"3D","MagneticFieldStrength":3,"Manufacturer":"Siemens","ManufacturersModelName":"Prisma_fit","Modality":"MR","ParallelReductionFactorInPlane":2,"PartialFourier":1,"PatientPosition":"HFS","PercentPhaseFOV":100,"PercentSampling":100,"PhaseEncodingSteps":319,"PhaseResolution":1,"PixelBandwidth":235,"ProcedureStepDescription":[],"ProtocolName":[],"PulseSequenceDetails":[],"ReceiveCoilActiveElements":"HC1-7","ReceiveCoilName":"HeadNeck_64","ReconMatrixPE":320,"RefLinesPE":32,"RepetitionTime":2.3,"SAR":0.0519685,"ScanOptions":"IR","ScanningSequence":"GR_IR","SequenceName":"_tfl3d1_16ns","SequenceVariant":"SK_SP_MP","SeriesDescription":[],"SeriesNumber":19,"ShimSetting":[320,-11605,-6421,411,48,-230,-24,2],"SliceThickness":0.8,"SoftwareVersions":"syngo_MR_E11","StationName":"MRC35056","TxRefAmp":235.22,"dataset":"MICs","modality":"T1w","run_id":1,"session_id":"01","subject_id":"sub-HC025"},"cjv":0.52395187518256658,"cnr":2.2791649775004994,"efc":0.68743846302689426,"fber":38.6960334777832,"fwhm_avg":3.2691666179522882,"fwhm_x":3.2480874515997251,"fwhm_y":3.2896374509805821,"fwhm_z":3.2697749512765562,"icvs_csf":0.20783986985655531,"icvs_gm":0.41686408121398794,"icvs_wm":0.37529604892945673,"inu_med":1.4700473546981812,"inu_range":0.62678456902503954,"provenance":{"md5sum":"59dde18f6da743bd5644a198c4cd725a","settings":{"testing":false},"software":"mriqc","version":"0.15.2","warnings":{"large_rot_frame":false,"small_air_mask":false},"webapi_port":[],"webapi_url":"https://mriqc.nimh.nih.gov/api/v1"},"qi_1":0,"qi_2":0.0048515566010057555,"rpve_csf":22.4452308795769,"rpve_gm":11.454482613576184,"rpve_wm":14.494392687687611,"size_x":224,"size_y":320,"size_z":320,"snr_csf":1.1703635861059978,"snr_gm":8.60367774275783,"snr_total":9.4089819981422611,"snr_wm":18.452904665562954,"snrd_csf":47.084256420172345,"snrd_gm":77.750082265107721,"snrd_total":75.603388411326463,"snrd_wm":101.97582654869933,"spacing_x":0.800000011920929,"spacing_y":0.800000011920929,"spacing_z":0.800000011920929,"summary_bg_k":2969.7219382355138,"summary_bg_mad":6.4247038748347576,"summary_bg_mean":126.00843048095703,"summary_bg_median":125.89876556396484,"summary_bg_n":7.653959E+6,"summary_bg_p05":115.1251220703125,"summary_bg_p95":137.51655578613281,"summary_bg_stdv":8.6438188552856445,"summary_csf_k":4.3947340509451962,"summary_csf_mad":130.38850361024586,"summary_csf_mean":596.45880126953125,"summary_csf_median":461.73959350585938,"summary_csf_n":156179,"summary_csf_p05":311.7158264160156,"summary_csf_p95":1645.5069213867189,"summary_csf_stdv":394.52536010742188,"summary_gm_k":1.1917179798291277,"summary_gm_mad":76.221083182543822,"summary_gm_mean":774.04681396484375,"summary_gm_median":762.4691162109375,"summary_gm_n":103373,"summary_gm_p05":650.2894409179687,"summary_gm_p95":942.6525756835938,"summary_gm_stdv":88.6208724975586,"summary_wm_k":1.7026152664580323,"summary_wm_mad":48.256150370159965,"summary_wm_mean":1003.3425903320312,"summary_wm_median":1000.0429077148438,"summary_wm_n":550475,"summary_wm_p05":921.1600463867187,"summary_wm_p95":1095.87587890625,"summary_wm_stdv":54.194286346435547,"tpm_overlap_csf":0.10334061086177826,"tpm_overlap_gm":0.36860278248786926,"tpm_overlap_wm":0.47089612483978271,"wm2max":0.38444656126161131}