{"Modality":"MR","MagneticFieldStrength":3,"ImagingFrequency":123.25,"Manufacturer":"Siemens","ManufacturersModelName":"Prisma_fit","InstitutionName":[],"InstitutionalDepartmentName":[],"InstitutionAddress":[],"DeviceSerialNumber":"167017","StationName":"MRC35056","BodyPartExamined":"BRAIN","PatientPosition":"HFS","ProcedureStepDescription":[],"SoftwareVersions":"syngo_MR_E11","MRAcquisitionType":"2D","SeriesDescription":[],"ProtocolName":[],"ScanningSequence":"EP","SequenceVariant":"SK_SS","ScanOptions":"PFP_FS","SequenceName":"ep_b5#1","ImageType":["ORIGINAL","PRIMARY","DIFFUSION","NONE","MB","ND","MOSAIC"],"SeriesNumber":10,"AcquisitionTime":[],"AcquisitionNumber":1,"ImageComments":"Unaliased_MB3_PE4_LB","SliceThickness":1.6,"SpacingBetweenSlices":1.6,"SAR":0.192289,"EchoTime":0.0644,"RepetitionTime":3.5,"FlipAngle":90,"PartialFourier":0.75,"BaseResolution":140,"ShimSetting":[341,-11571,-6382,504,52,65,109,30],"DiffusionScheme":"Monopolar","TxRefAmp":233.945,"PhaseResolution":1,"ReceiveCoilName":"HeadNeck_64","ReceiveCoilActiveElements":"HC1-7","PulseSequenceDetails":[],"WipMemBlock":"7d2e84e6-8f6f-40dc-ae5b-c5b27cf381fc||Sequence: R016 ve11c/master r/34fb20f; Nov 20 2017 15:22:30 by eja","RefLinesPE":24,"ConsistencyInfo":"N4_VE11C_LATEST_20160120","MultibandAccelerationFactor":3,"PercentPhaseFOV":100,"PercentSampling":100,"EchoTrainLength":52,"PhaseEncodingSteps":104,"AcquisitionMatrixPE":140,"ReconMatrixPE":140,"BandwidthPerPixelPhaseEncode":18.797,"ParallelReductionFactorInPlane":2,"EffectiveEchoSpacing":0.00038,"DerivedVendorReportedEchoSpacing":0.00076,"TotalReadoutTime":0.05282,"PixelBandwidth":1490,"DwellTime":2.4E-6,"PhaseEncodingDirection":"j-","SliceTiming":[0,1.795,0.1125,1.9075,0.225,2.02,0.3375,2.1325,0.45,2.245,0.56,2.3575,0.6725,2.47,0.785,2.5825,0.8975,2.695,1.01,2.805,1.1225,2.9175,1.235,3.03,1.3475,3.1425,1.46,3.255,1.5725,3.3675,1.6825,0,1.795,0.1125,1.9075,0.225,2.02,0.3375,2.1325,0.45,2.245,0.56,2.3575,0.6725,2.47,0.785,2.5825,0.8975,2.695,1.01,2.805,1.1225,2.9175,1.235,3.03,1.3475,3.1425,1.46,3.255,1.5725,3.3675,1.6825,0,1.795,0.1125,1.9075,0.225,2.02,0.3375,2.1325,0.45,2.245,0.56,2.3575,0.6725,2.47,0.785,2.5825,0.8975,2.695,1.01,2.805,1.1225,2.9175,1.235,3.03,1.3475,3.1425,1.46,3.255,1.5725,3.3675,1.6825],"ImageOrientationPatientDICOM":[1,0,-1.2E-14,0,1,-2.7E-14],"InPlanePhaseEncodingDirectionDICOM":"COL","ConversionSoftware":"dcm2niix","ConversionSoftwareVersion":"v1.0.20200427"}