{"aor":0.06883199999999999,"aqi":0.00294993,"bids_meta":{"AcquisitionMatrixPE":80,"AcquisitionNumber":1,"AcquisitionTime":[],"BandwidthPerPixelPhaseEncode":23.148,"BaseResolution":80,"BodyPartExamined":"BRAIN","ConsistencyInfo":"N4_VE11C_LATEST_20160120","ConversionSoftware":"dcm2niix","ConversionSoftwareVersion":"v1.0.20200427","DerivedVendorReportedEchoSpacing":0.000540003,"DeviceSerialNumber":"167017","DwellTime":3E-6,"EchoTime":0.048,"EchoTrainLength":80,"EffectiveEchoSpacing":0.000540003,"FlipAngle":90,"ImageComments":"Unaliased_MB6_PE3_LB","ImageOrientationPatientDICOM":[1,0,0,0,0.819152,-0.573576],"ImageType":["ORIGINAL","PRIMARY","M","ND","NORM","MOSAIC"],"ImagingFrequency":123.25,"InPlanePhaseEncodingDirectionDICOM":"COL","InstitutionAddress":[],"InstitutionName":[],"InstitutionalDepartmentName":[],"Instructions":"eyes closed","MRAcquisitionType":"2D","MagneticFieldStrength":3,"Manufacturer":"Siemens","ManufacturersModelName":"Prisma_fit","Modality":"MR","PartialFourier":1,"PatientPosition":"HFS","PercentPhaseFOV":100,"PercentSampling":100,"PhaseEncodingDirection":"j-","PhaseEncodingSteps":80,"PhaseResolution":1,"PixelBandwidth":2085,"ProcedureStepDescription":[],"ProtocolName":[],"PulseSequenceDetails":[],"ReceiveCoilActiveElements":"HC1-7","ReceiveCoilName":"HeadNeck_64","ReconMatrixPE":80,"RepetitionTime":4.029,"SAR":0.208773,"ScanOptions":"FS","ScanningSequence":"EP","SequenceName":"epse2d1_80","SequenceVariant":"SK","SeriesDescription":[],"SeriesNumber":16,"ShimSetting":[318,-11608,-6378,485,-34,-180,-50,35],"SliceThickness":3,"SliceTiming":[3.925,3.84,3.7575,3.675,3.59,3.5075,3.4225,3.34,3.2575,3.1725,3.09,3.005,2.9225,2.84,2.755,2.6725,2.5875,2.505,2.4225,2.3375,2.255,2.17,2.0875,2.0025,1.92,1.8375,1.7525,1.67,1.585,1.5025,1.42,1.335,1.2525,1.1675,1.085,1.0025,0.9175,0.835,0.75,0.6675,0.585,0.5,0.4175,0.3325,0.25,0.1675,0.0825,0],"SoftwareVersions":"syngo_MR_E11","SpacingBetweenSlices":3,"StationName":"MRC35056","TaskName":"rest","TotalReadoutTime":0.0426603,"TxRefAmp":227.308,"WipMemBlock":"e7671e16-7a35-4f26-92cf-063d7a1830db||Sequence: R016 ve11c/master r/34fb20f; Nov 20 2017 15:30:40 by eja","acq_id":"APse","dataset":"MICs","modality":"bold","session_id":"01","subject_id":"sub-HC031","task_id":"rest"},"dummy_trs":1,"dvars_nstd":35.4363212575,"dvars_std":1.8501215599999998,"dvars_vstd":2.79430109,"efc":0.47438231984105539,"fber":1108.2156982421875,"fd_mean":0.12405851271395926,"fd_num":0,"fd_perc":0,"fwhm_avg":1.84357,"fwhm_x":1.9602700000000002,"fwhm_y":1.67675,"fwhm_z":1.89369,"gcor":9.64388E-5,"gsr_x":-0.021494917571544647,"gsr_y":0.0076733636669814587,"provenance":{"md5sum":"c0c489048be087d7a8a7ed49414bd94c","settings":{"fd_thres":0.2,"hmc_fsl":false,"testing":false},"software":"mriqc","version":"0.15.2","webapi_port":[],"webapi_url":"https://mriqc.nimh.nih.gov/api/v1"},"size_t":5,"size_x":80,"size_y":80,"size_z":48,"snr":2.4501781365274566,"spacing_tr":4.0289998054504395,"spacing_x":3,"spacing_y":3,"spacing_z":3,"summary_bg_k":32.480070742209328,"summary_bg_mad":102.48495753370054,"summary_bg_mean":557.84893798828125,"summary_bg_median":253.84213256835938,"summary_bg_n":205344,"summary_bg_p05":150.23740310668944,"summary_bg_p95":2410.8773193359339,"summary_bg_stdv":955.6605224609375,"summary_fg_k":33.159879014926744,"summary_fg_mad":2199.3318021233849,"summary_fg_mean":9521.630859375,"summary_fg_median":8886.0068359375,"summary_fg_n":52837,"summary_fg_p05":5698.3550781250005,"summary_fg_p95":15209.502734374993,"summary_fg_stdv":3626.6435546875,"tsnr":89.519699096679688}