{"aor":0.04670333333333334,"aqi":0.005492258333333333,"bids_meta":{"AcquisitionMatrixPE":80,"AcquisitionNumber":1,"AcquisitionTime":[],"BandwidthPerPixelPhaseEncode":23.148,"BaseResolution":80,"BodyPartExamined":"BRAIN","ConsistencyInfo":"N4_VE11C_LATEST_20160120","ConversionSoftware":"dcm2niix","ConversionSoftwareVersion":"v1.0.20200427","DerivedVendorReportedEchoSpacing":0.000540003,"DeviceSerialNumber":"167017","DwellTime":3E-6,"EchoTime":0.048,"EchoTrainLength":80,"EffectiveEchoSpacing":0.000540003,"FlipAngle":90,"ImageComments":"Unaliased_MB6_PE3_LB","ImageOrientationPatientDICOM":[1,0,0,0,0.819152,-0.573576],"ImageType":["ORIGINAL","PRIMARY","M","ND","NORM","MOSAIC"],"ImagingFrequency":123.25,"InPlanePhaseEncodingDirectionDICOM":"COL","InstitutionAddress":[],"InstitutionName":[],"InstitutionalDepartmentName":[],"Instructions":"eyes closed","MRAcquisitionType":"2D","MagneticFieldStrength":3,"Manufacturer":"Siemens","ManufacturersModelName":"Prisma_fit","Modality":"MR","PartialFourier":1,"PatientPosition":"HFS","PercentPhaseFOV":100,"PercentSampling":100,"PhaseEncodingDirection":"j","PhaseEncodingSteps":80,"PhaseResolution":1,"PixelBandwidth":2085,"ProcedureStepDescription":[],"ProtocolName":[],"PulseSequenceDetails":[],"ReceiveCoilActiveElements":"HC1-7","ReceiveCoilName":"HeadNeck_64","ReconMatrixPE":80,"RepetitionTime":4.029,"SAR":0.208773,"ScanOptions":"FS","ScanningSequence":"EP","SequenceName":"epse2d1_80","SequenceVariant":"SK","SeriesDescription":[],"SeriesNumber":17,"ShimSetting":[318,-11608,-6378,485,-34,-180,-50,35],"SliceThickness":3,"SliceTiming":[3.925,3.84,3.7575,3.675,3.59,3.5075,3.4225,3.34,3.2575,3.1725,3.09,3.005,2.9225,2.8375,2.755,2.6725,2.5875,2.505,2.42,2.3375,2.255,2.17,2.0875,2.0025,1.92,1.8375,1.7525,1.67,1.585,1.5025,1.42,1.335,1.2525,1.1675,1.085,1.0025,0.9175,0.835,0.75,0.6675,0.5825,0.5,0.4175,0.3325,0.25,0.165,0.0825,0],"SoftwareVersions":"syngo_MR_E11","SpacingBetweenSlices":3,"StationName":"MRC35056","TaskName":"rest","TotalReadoutTime":0.0426603,"TxRefAmp":227.308,"WipMemBlock":"81a7e2c6-0e80-48ce-838f-9ea3a16e22e7||Sequence: R016 ve11c/master r/34fb20f; Nov 20 2017 15:30:40 by eja","acq_id":"PAse","dataset":"MICs","modality":"bold","session_id":"01","subject_id":"sub-HC031","task_id":"rest"},"dummy_trs":0,"dvars_nstd":77.83199462799999,"dvars_std":3.681413078,"dvars_vstd":3.8288851260000003,"efc":0.46595397140425271,"fber":1142.8348388671875,"fd_mean":0.049694108751027324,"fd_num":0,"fd_perc":0,"fwhm_avg":1.8478333333333332,"fwhm_x":2.0036666666666667,"fwhm_y":1.68061,"fwhm_z":1.8592233333333334,"gcor":0.00264435,"gsr_x":-0.021387545391917229,"gsr_y":0.0075285853818058968,"provenance":{"md5sum":"11ff51499a1e013bdab3607194f64254","settings":{"fd_thres":0.2,"hmc_fsl":false,"testing":false},"software":"mriqc","version":"0.15.2","webapi_port":[],"webapi_url":"https://mriqc.nimh.nih.gov/api/v1"},"size_t":6,"size_x":80,"size_y":80,"size_z":48,"snr":2.3689314034158082,"spacing_tr":4.0289998054504395,"spacing_x":3,"spacing_y":3,"spacing_z":3,"summary_bg_k":342.0930666166542,"summary_bg_mad":99.905538247326788,"summary_bg_mean":559.07177734375,"summary_bg_median":253.38351440429688,"summary_bg_n":206496,"summary_bg_p05":149.01173400878906,"summary_bg_p95":2436.345947265625,"summary_bg_stdv":1032.4599609375,"summary_fg_k":14.760127073626933,"summary_fg_mad":2455.1545253557806,"summary_fg_mean":9693.302734375,"summary_fg_median":9061.583984375,"summary_fg_n":51688,"summary_fg_p05":4892.95927734375,"summary_fg_p95":15837.843310546872,"summary_fg_stdv":3825.140869140625,"tsnr":83.104507446289062}