{"aor":0.00040167381974248929,"aqi":0.0049874603862660946,"bids_meta":{"AcquisitionMatrixPE":80,"AcquisitionNumber":1,"AcquisitionTime":[],"BandwidthPerPixelPhaseEncode":23.148,"BaseResolution":80,"BodyPartExamined":"BRAIN","ConsistencyInfo":"N4_VE11C_LATEST_20160120","ConversionSoftware":"dcm2niix","ConversionSoftwareVersion":"v1.0.20200427","DerivedVendorReportedEchoSpacing":0.000540003,"DeviceSerialNumber":"167017","DwellTime":2.6E-6,"EchoTime":0.03,"EchoTrainLength":80,"EffectiveEchoSpacing":0.000540003,"FlipAngle":50,"ImageComments":"Unaliased_MB6_PE3_LB","ImageOrientationPatientDICOM":[1,0,0,0,0.819152,-0.573576],"ImageType":["ORIGINAL","PRIMARY","M","MB","ND","NORM","MOSAIC"],"ImagingFrequency":123.25,"InPlanePhaseEncodingDirectionDICOM":"COL","InstitutionAddress":[],"InstitutionName":[],"InstitutionalDepartmentName":[],"Instructions":"eyes closed","MRAcquisitionType":"2D","MagneticFieldStrength":3,"Manufacturer":"Siemens","ManufacturersModelName":"Prisma_fit","Modality":"MR","MultibandAccelerationFactor":6,"PartialFourier":1,"PatientPosition":"HFS","PercentPhaseFOV":100,"PercentSampling":100,"PhaseEncodingDirection":"j-","PhaseEncodingSteps":80,"PhaseResolution":1,"PixelBandwidth":2405,"ProcedureStepDescription":[],"ProtocolName":[],"PulseSequenceDetails":[],"ReceiveCoilActiveElements":"HC1-7","ReceiveCoilName":"HeadNeck_64","ReconMatrixPE":80,"RepetitionTime":0.6,"SAR":0.0610908,"ScanOptions":"FS","ScanningSequence":"EP","SequenceName":"epfid2d1_80","SequenceVariant":"SK_SS","SeriesDescription":[],"SeriesNumber":15,"ShimSetting":[318,-11608,-6378,485,-34,-180,-50,35],"SliceThickness":3,"SliceTiming":[0.5075,0.435,0.3625,0.29,0.2175,0.145,0.0725,0,0.5075,0.435,0.3625,0.29,0.2175,0.145,0.0725,0,0.5075,0.435,0.3625,0.29,0.2175,0.145,0.0725,0,0.5075,0.435,0.3625,0.29,0.2175,0.145,0.0725,0,0.5075,0.435,0.3625,0.29,0.2175,0.145,0.0725,0,0.5075,0.435,0.3625,0.29,0.2175,0.145,0.0725,0],"SoftwareVersions":"syngo_MR_E11","SpacingBetweenSlices":3,"StationName":"MRC35056","TaskName":"rest","TotalReadoutTime":0.0426603,"TxRefAmp":227.308,"WipMemBlock":"7537e0f8-e933-4212-b6b3-c2be4c6c8a31||Sequence: R016 ve11c/master r/34fb20f; Nov 20 2017 15:15:15 by eja","acq_id":"AP","dataset":"MICs","modality":"bold","session_id":"01","subject_id":"sub-HC031","task_id":"rest"},"dummy_trs":1,"dvars_nstd":30.118070840057282,"dvars_std":1.1996129094842412,"dvars_vstd":0.99761810879656077,"efc":0.43009415811569052,"fber":9291.8349609375,"fd_mean":0.10160544609602222,"fd_num":21,"fd_perc":3.0042918454935621,"fwhm_avg":2.3475255555555559,"fwhm_x":2.2291466666666664,"fwhm_y":2.46986,"fwhm_z":2.34357,"gcor":0.0176982,"gsr_x":-0.014156372286379337,"gsr_y":0.018963299691677094,"provenance":{"md5sum":"1db49a647b0965887d092062159874f9","settings":{"fd_thres":0.2,"hmc_fsl":false,"testing":false},"software":"mriqc","version":"0.15.2","webapi_port":[],"webapi_url":"https://mriqc.nimh.nih.gov/api/v1"},"size_t":699,"size_x":80,"size_y":80,"size_z":48,"snr":4.2716283242437232,"spacing_tr":0.60000002384185791,"spacing_x":3,"spacing_y":3,"spacing_z":3,"summary_bg_k":51.316641013159206,"summary_bg_mad":41.374999295897744,"summary_bg_mean":193.73591613769531,"summary_bg_median":64.5164566040039,"summary_bg_n":209270,"summary_bg_p05":29.523605346679688,"summary_bg_p95":775.49735717773274,"summary_bg_stdv":443.17950439453125,"summary_fg_k":2.6305402259619681,"summary_fg_mad":1269.8560394186932,"summary_fg_mean":6551.58349609375,"summary_fg_median":6497.67236328125,"summary_fg_n":49395,"summary_fg_p05":4421.1563964843754,"summary_fg_p95":8940.73876953125,"summary_fg_stdv":1521.107666015625,"tsnr":58.286521340487525}