{"aor":0.051535,"aqi":0.0039079383333333337,"bids_meta":{"AcquisitionMatrixPE":80,"AcquisitionNumber":1,"AcquisitionTime":[],"BandwidthPerPixelPhaseEncode":23.148,"BaseResolution":80,"BodyPartExamined":"BRAIN","ConsistencyInfo":"N4_VE11C_LATEST_20160120","ConversionSoftware":"dcm2niix","ConversionSoftwareVersion":"v1.0.20200427","DerivedVendorReportedEchoSpacing":0.000540003,"DeviceSerialNumber":"167017","DwellTime":3E-6,"EchoTime":0.048,"EchoTrainLength":80,"EffectiveEchoSpacing":0.000540003,"FlipAngle":90,"ImageComments":"Unaliased_MB6_PE3_LB","ImageOrientationPatientDICOM":[1,0,0,0,0.898794,-0.438371],"ImageType":["ORIGINAL","PRIMARY","M","ND","NORM","MOSAIC"],"ImagingFrequency":123.25,"InPlanePhaseEncodingDirectionDICOM":"COL","InstitutionAddress":[],"InstitutionName":[],"InstitutionalDepartmentName":[],"Instructions":"eyes closed","MRAcquisitionType":"2D","MagneticFieldStrength":3,"Manufacturer":"Siemens","ManufacturersModelName":"Prisma_fit","Modality":"MR","PartialFourier":1,"PatientPosition":"HFS","PercentPhaseFOV":100,"PercentSampling":100,"PhaseEncodingDirection":"j-","PhaseEncodingSteps":80,"PhaseResolution":1,"PixelBandwidth":2085,"ProcedureStepDescription":[],"ProtocolName":[],"PulseSequenceDetails":[],"ReceiveCoilActiveElements":"HC1-7","ReceiveCoilName":"HeadNeck_64","ReconMatrixPE":80,"RepetitionTime":4.029,"SAR":0.141189,"ScanOptions":"FS","ScanningSequence":"EP","SequenceName":"epse2d1_80","SequenceVariant":"SK","SeriesDescription":[],"SeriesNumber":15,"ShimSetting":[316,-11602,-6428,675,69,14,-38,-9],"SliceThickness":3,"SliceTiming":[3.925,3.8425,3.7575,3.675,3.5925,3.5075,3.425,3.34,3.2575,3.175,3.09,3.0075,2.9225,2.84,2.7575,2.6725,2.59,2.505,2.4225,2.34,2.255,2.1725,2.0875,2.005,1.92,1.8375,1.755,1.67,1.5875,1.5025,1.42,1.3375,1.2525,1.17,1.085,1.0025,0.92,0.835,0.7525,0.6675,0.585,0.5025,0.4175,0.335,0.25,0.1675,0.0825,0],"SoftwareVersions":"syngo_MR_E11","SpacingBetweenSlices":3,"StationName":"MRC35056","TaskName":"rest","TotalReadoutTime":0.0426603,"TxRefAmp":212.889,"WipMemBlock":"fd248742-5e78-40d6-beef-93cede339e15||Sequence: R016 ve11c/master r/34fb20f; Nov 20 2017 15:30:40 by eja","acq_id":"APse","dataset":"MICs","modality":"bold","session_id":"01","subject_id":"sub-HC049","task_id":"rest"},"dummy_trs":0,"dvars_nstd":56.591153715999994,"dvars_std":2.8471505880000003,"dvars_vstd":4.660552214,"efc":0.46561849966076679,"fber":877.96844482421875,"fd_mean":0.091855473258900949,"fd_num":0,"fd_perc":0,"fwhm_avg":1.8364211111111111,"fwhm_x":1.8779733333333333,"fwhm_y":1.7850033333333333,"fwhm_z":1.8462866666666666,"gcor":0.00363491,"gsr_x":-0.030023347586393356,"gsr_y":0.0072010704316198826,"provenance":{"md5sum":"180d58ffe166ed220ac2f08e92269392","settings":{"fd_thres":0.2,"hmc_fsl":false,"testing":false},"software":"mriqc","version":"0.15.2","webapi_port":[],"webapi_url":"https://mriqc.nimh.nih.gov/api/v1"},"size_t":6,"size_x":80,"size_y":80,"size_z":48,"snr":2.310315807385666,"spacing_tr":4.0289998054504395,"spacing_x":3,"spacing_y":3,"spacing_z":3,"summary_bg_k":58.099132986655043,"summary_bg_mad":133.2450285267233,"summary_bg_mean":598.23565673828125,"summary_bg_median":303.4027099609375,"summary_bg_n":208885,"summary_bg_p05":153.39113769531249,"summary_bg_p95":2475.9392578124966,"summary_bg_stdv":1115.8074951171875,"summary_fg_k":28.018694571468458,"summary_fg_mad":2472.4520338562556,"summary_fg_mean":10333.2294921875,"summary_fg_median":9493.548828125,"summary_fg_n":50205,"summary_fg_p05":6097.93828125,"summary_fg_p95":17430.840624999997,"summary_fg_stdv":4109.15869140625,"tsnr":73.945762634277344}