{"aor":0.045558333333333333,"aqi":0.005821495,"bids_meta":{"AcquisitionMatrixPE":80,"AcquisitionNumber":1,"AcquisitionTime":[],"BandwidthPerPixelPhaseEncode":23.148,"BaseResolution":80,"BodyPartExamined":"BRAIN","ConsistencyInfo":"N4_VE11C_LATEST_20160120","ConversionSoftware":"dcm2niix","ConversionSoftwareVersion":"v1.0.20200427","DerivedVendorReportedEchoSpacing":0.000540003,"DeviceSerialNumber":"167017","DwellTime":3E-6,"EchoTime":0.048,"EchoTrainLength":80,"EffectiveEchoSpacing":0.000540003,"FlipAngle":90,"ImageComments":"Unaliased_MB6_PE3_LB","ImageOrientationPatientDICOM":[1,0,0,0,0.898794,-0.438371],"ImageType":["ORIGINAL","PRIMARY","M","ND","NORM","MOSAIC"],"ImagingFrequency":123.25,"InPlanePhaseEncodingDirectionDICOM":"COL","InstitutionAddress":[],"InstitutionName":[],"InstitutionalDepartmentName":[],"Instructions":"eyes closed","MRAcquisitionType":"2D","MagneticFieldStrength":3,"Manufacturer":"Siemens","ManufacturersModelName":"Prisma_fit","Modality":"MR","PartialFourier":1,"PatientPosition":"HFS","PercentPhaseFOV":100,"PercentSampling":100,"PhaseEncodingDirection":"j","PhaseEncodingSteps":80,"PhaseResolution":1,"PixelBandwidth":2085,"ProcedureStepDescription":[],"ProtocolName":[],"PulseSequenceDetails":[],"ReceiveCoilActiveElements":"HC1-7","ReceiveCoilName":"HeadNeck_64","ReconMatrixPE":80,"RepetitionTime":4.029,"SAR":0.141189,"ScanOptions":"FS","ScanningSequence":"EP","SequenceName":"epse2d1_80","SequenceVariant":"SK","SeriesDescription":[],"SeriesNumber":16,"ShimSetting":[316,-11602,-6428,675,69,14,-38,-9],"SliceThickness":3,"SliceTiming":[3.925,3.8425,3.76,3.675,3.5925,3.5075,3.425,3.3425,3.2575,3.175,3.09,3.0075,2.925,2.84,2.7575,2.6725,2.59,2.505,2.4225,2.34,2.255,2.1725,2.0875,2.005,1.9225,1.8375,1.755,1.67,1.5875,1.505,1.42,1.3375,1.2525,1.17,1.0875,1.0025,0.92,0.835,0.7525,0.6675,0.585,0.5025,0.4175,0.335,0.25,0.1675,0.085,0],"SoftwareVersions":"syngo_MR_E11","SpacingBetweenSlices":3,"StationName":"MRC35056","TaskName":"rest","TotalReadoutTime":0.0426603,"TxRefAmp":212.889,"WipMemBlock":"1f62441b-08a0-48fa-a293-cbed3502666d||Sequence: R016 ve11c/master r/34fb20f; Nov 20 2017 15:30:40 by eja","acq_id":"PAse","dataset":"MICs","modality":"bold","session_id":"01","subject_id":"sub-HC049","task_id":"rest"},"dummy_trs":0,"dvars_nstd":56.558644103999995,"dvars_std":2.6211421980000003,"dvars_vstd":5.248181248,"efc":0.45805917747582076,"fber":897.31427001953125,"fd_mean":0.059276281798666917,"fd_num":0,"fd_perc":0,"fwhm_avg":1.7719177777777777,"fwhm_x":1.8476033333333335,"fwhm_y":1.5751366666666666,"fwhm_z":1.8930133333333332,"gcor":0.00243684,"gsr_x":-0.031993377953767776,"gsr_y":0.0058738738298416138,"provenance":{"md5sum":"70db2c697353d9c85468698e824fc4bd","settings":{"fd_thres":0.2,"hmc_fsl":false,"testing":false},"software":"mriqc","version":"0.15.2","webapi_port":[],"webapi_url":"https://mriqc.nimh.nih.gov/api/v1"},"size_t":6,"size_x":80,"size_y":80,"size_z":48,"snr":2.31295159801422,"spacing_tr":4.0289998054504395,"spacing_x":3,"spacing_y":3,"spacing_z":3,"summary_bg_k":532.73107900136881,"summary_bg_mad":129.4669447117314,"summary_bg_mean":603.3538818359375,"summary_bg_median":303.19937133789062,"summary_bg_n":210766,"summary_bg_p05":153.12921524047852,"summary_bg_p95":2640.053955078125,"summary_bg_stdv":1311.59228515625,"summary_fg_k":18.644589635864346,"summary_fg_mad":2779.8321044518107,"summary_fg_mean":10598.72265625,"summary_fg_median":9635.955078125,"summary_fg_n":48502,"summary_fg_p05":6496.5501708984375,"summary_fg_p95":17812.311328125,"summary_fg_stdv":4166.04296875,"tsnr":74.407562255859375}