{"aor":0.00023125360230547549,"aqi":0.0046116424639769454,"bids_meta":{"AcquisitionMatrixPE":80,"AcquisitionNumber":1,"AcquisitionTime":[],"BandwidthPerPixelPhaseEncode":23.148,"BaseResolution":80,"BodyPartExamined":"BRAIN","ConsistencyInfo":"N4_VE11C_LATEST_20160120","ConversionSoftware":"dcm2niix","ConversionSoftwareVersion":"v1.0.20200427","DerivedVendorReportedEchoSpacing":0.000540003,"DeviceSerialNumber":"167017","DwellTime":2.6E-6,"EchoTime":0.03,"EchoTrainLength":80,"EffectiveEchoSpacing":0.000540003,"FlipAngle":50,"ImageComments":"Unaliased_MB6_PE3_LB","ImageOrientationPatientDICOM":[1,0,0,0,0.898794,-0.438371],"ImageType":["ORIGINAL","PRIMARY","M","MB","ND","NORM","MOSAIC"],"ImagingFrequency":123.25,"InPlanePhaseEncodingDirectionDICOM":"COL","InstitutionAddress":[],"InstitutionName":[],"InstitutionalDepartmentName":[],"Instructions":"eyes closed","MRAcquisitionType":"2D","MagneticFieldStrength":3,"Manufacturer":"Siemens","ManufacturersModelName":"Prisma_fit","Modality":"MR","MultibandAccelerationFactor":6,"PartialFourier":1,"PatientPosition":"HFS","PercentPhaseFOV":100,"PercentSampling":100,"PhaseEncodingDirection":"j-","PhaseEncodingSteps":80,"PhaseResolution":1,"PixelBandwidth":2405,"ProcedureStepDescription":[],"ProtocolName":[],"PulseSequenceDetails":[],"ReceiveCoilActiveElements":"HC1-7","ReceiveCoilName":"HeadNeck_64","ReconMatrixPE":80,"RepetitionTime":0.6,"SAR":0.0423479,"ScanOptions":"FS","ScanningSequence":"EP","SequenceName":"epfid2d1_80","SequenceVariant":"SK_SS","SeriesDescription":[],"SeriesNumber":14,"ShimSetting":[316,-11602,-6428,675,69,14,-38,-9],"SliceThickness":3,"SliceTiming":[0.5075,0.435,0.3625,0.29,0.2175,0.145,0.0725,0,0.5075,0.435,0.3625,0.29,0.2175,0.145,0.0725,0,0.5075,0.435,0.3625,0.29,0.2175,0.145,0.0725,0,0.5075,0.435,0.3625,0.29,0.2175,0.145,0.0725,0,0.5075,0.435,0.3625,0.29,0.2175,0.145,0.0725,0,0.5075,0.435,0.3625,0.29,0.2175,0.145,0.0725,0],"SoftwareVersions":"syngo_MR_E11","SpacingBetweenSlices":3,"StationName":"MRC35056","TaskName":"rest","TotalReadoutTime":0.0426603,"TxRefAmp":212.889,"WipMemBlock":"04e262cf-3371-43a0-aac8-47b75e44b935||Sequence: R016 ve11c/master r/34fb20f; Nov 20 2017 15:15:15 by eja","acq_id":"AP","dataset":"MICs","modality":"bold","session_id":"01","subject_id":"sub-HC049","task_id":"rest"},"dummy_trs":6,"dvars_nstd":28.941300517301595,"dvars_std":1.2013859454256866,"dvars_vstd":0.998006462207792,"efc":0.41714842798995044,"fber":9176.7421875,"fd_mean":0.098104493115732522,"fd_num":45,"fd_perc":6.4841498559077806,"fwhm_avg":2.2570044444444446,"fwhm_x":2.1037266666666667,"fwhm_y":2.4204833333333333,"fwhm_z":2.2468033333333333,"gcor":0.00726515,"gsr_x":-0.015914898365736008,"gsr_y":0.014477923512458801,"provenance":{"md5sum":"c0612170a255b9dd885407d006e581f1","settings":{"fd_thres":0.2,"hmc_fsl":false,"testing":false},"software":"mriqc","version":"0.15.2","webapi_port":[],"webapi_url":"https://mriqc.nimh.nih.gov/api/v1"},"size_t":694,"size_x":80,"size_y":80,"size_z":48,"snr":4.0285546142290931,"spacing_tr":0.60000002384185791,"spacing_x":3,"spacing_y":3,"spacing_z":3,"summary_bg_k":73.764040100081218,"summary_bg_mad":42.087529967965111,"summary_bg_mean":186.44961547851562,"summary_bg_median":70.0086441040039,"summary_bg_n":212256,"summary_bg_p05":30.422189712524414,"summary_bg_p95":743.21575927734375,"summary_bg_stdv":437.27633666992188,"summary_fg_k":2.9601526038871242,"summary_fg_mad":1378.7179895223146,"summary_fg_mean":7077.44921875,"summary_fg_median":6981.4970703125,"summary_fg_n":47245,"summary_fg_p05":4730.3777343750007,"summary_fg_p95":9846.7224609374971,"summary_fg_stdv":1732.984619140625,"tsnr":57.993436699267477}