{"bids_meta":{"AcquisitionMatrixPE":320,"AcquisitionNumber":1,"AcquisitionTime":[],"BaseResolution":320,"BodyPartExamined":"BRAIN","ConsistencyInfo":"N4_VE11C_LATEST_20160120","ConversionSoftware":"dcm2niix","ConversionSoftwareVersion":"v1.0.20200427","DeviceSerialNumber":"167017","DwellTime":6.6E-6,"EchoTime":0.00314,"FlipAngle":9,"ImageOrientationPatientDICOM":[0.0246989,0.999514,-0.0190222,0.00850896,-0.0192375,-0.999779],"ImageType":["ORIGINAL","PRIMARY","M","ND","NORM","FM","FIL"],"ImagingFrequency":123.25,"InPlanePhaseEncodingDirectionDICOM":"ROW","InstitutionAddress":[],"InstitutionName":[],"InstitutionalDepartmentName":[],"InversionTime":0.9,"MRAcquisitionType":"3D","MagneticFieldStrength":3,"Manufacturer":"Siemens","ManufacturersModelName":"Prisma_fit","Modality":"MR","ParallelReductionFactorInPlane":2,"PartialFourier":1,"PatientPosition":"HFS","PercentPhaseFOV":100,"PercentSampling":100,"PhaseEncodingSteps":319,"PhaseResolution":1,"PixelBandwidth":235,"ProcedureStepDescription":[],"ProtocolName":[],"PulseSequenceDetails":[],"ReceiveCoilActiveElements":"HC1-7","ReceiveCoilName":"HeadNeck_64","ReconMatrixPE":320,"RefLinesPE":32,"RepetitionTime":2.3,"SAR":0.0370309,"ScanOptions":"IR","ScanningSequence":"GR_IR","SequenceName":"_tfl3d1_16ns","SequenceVariant":"SK_SP_MP","SeriesDescription":[],"SeriesNumber":19,"ShimSetting":[323,-11573,-6487,504,55,-147,-7,-8],"SliceThickness":0.8,"SoftwareVersions":"syngo_MR_E11","StationName":"MRC35056","TxRefAmp":212.548,"dataset":"MICs","modality":"T1w","run_id":1,"session_id":"01","subject_id":"sub-HC041"},"cjv":0.49607623417563307,"cnr":2.3775699927331897,"efc":0.68850517590857863,"fber":21.53117561340332,"fwhm_avg":3.464112448380702,"fwhm_x":3.5172624475887053,"fwhm_y":3.5375999472856532,"fwhm_z":3.3374749502677474,"icvs_csf":0.2035038871495323,"icvs_gm":0.42698619892736461,"icvs_wm":0.36950991392310306,"inu_med":1.5795798301696777,"inu_range":0.56885513663291931,"provenance":{"md5sum":"ff3a674e88b7f47fcfa09abb557912ea","settings":{"testing":false},"software":"mriqc","version":"0.15.2","warnings":{"large_rot_frame":false,"small_air_mask":false},"webapi_port":[],"webapi_url":"https://mriqc.nimh.nih.gov/api/v1"},"qi_1":0.00012349350610244006,"qi_2":0.0039979563746313463,"rpve_csf":30.372616386878462,"rpve_gm":15.302152786254213,"rpve_wm":20.135857718606673,"size_x":224,"size_y":320,"size_z":320,"snr_csf":2.4989863215211332,"snr_gm":9.8424524917353988,"snr_total":9.3903933382760556,"snr_wm":15.829741201571638,"snrd_csf":32.953878977465671,"snrd_gm":62.099981538654966,"snrd_total":58.880088301826589,"snrd_wm":81.586404389359132,"spacing_x":0.800000011920929,"spacing_y":0.800000011920929,"spacing_z":0.800000011920929,"summary_bg_k":10804.106855504033,"summary_bg_mad":8.030136121803741,"summary_bg_mean":159.99131774902344,"summary_bg_median":159.92385864257812,"summary_bg_n":8.47973E+6,"summary_bg_p05":146.22640151977538,"summary_bg_p95":174.12501525878906,"summary_bg_stdv":10.975796699523926,"summary_csf_k":41.456348298889246,"summary_csf_mad":87.790972821915815,"summary_csf_mean":430.0931396484375,"summary_csf_median":403.92221069335938,"summary_csf_n":100871,"summary_csf_p05":292.58871459960938,"summary_csf_p95":616.95318603515625,"summary_csf_stdv":161.63362121582031,"summary_gm_k":1.0197575440622169,"summary_gm_mad":69.927172531682,"summary_gm_mean":769.5645751953125,"summary_gm_median":761.1717529296875,"summary_gm_n":73574,"summary_gm_p05":657.37518310546875,"summary_gm_p95":910.65330200195308,"summary_gm_stdv":77.335052490234375,"summary_wm_k":18.762320713958005,"summary_wm_mad":48.560109162393871,"summary_wm_mean":1006.7316284179688,"summary_wm_median":1000.0206909179688,"summary_wm_n":417233,"summary_wm_p05":925.79509277343755,"summary_wm_p95":1105.6738525390624,"summary_wm_stdv":63.173458099365234,"tpm_overlap_csf":0.13044793903827667,"tpm_overlap_gm":0.40662714838981628,"tpm_overlap_wm":0.48306500911712646,"wm2max":0.34427534618632438}