{"bids_meta":{"AcquisitionMatrixPE":320,"AcquisitionNumber":1,"AcquisitionTime":[],"BaseResolution":320,"BodyPartExamined":"BRAIN","ConsistencyInfo":"N4_VE11C_LATEST_20160120","ConversionSoftware":"dcm2niix","ConversionSoftwareVersion":"v1.0.20200427","DeviceSerialNumber":"167017","DwellTime":6.6E-6,"EchoTime":0.00314,"FlipAngle":9,"ImageOrientationPatientDICOM":[0.0246989,0.999514,-0.0190222,0.00850896,-0.0192375,-0.999779],"ImageType":["ORIGINAL","PRIMARY","M","ND","NORM","FM","FIL"],"ImagingFrequency":123.25,"InPlanePhaseEncodingDirectionDICOM":"ROW","InstitutionAddress":[],"InstitutionName":[],"InstitutionalDepartmentName":[],"InversionTime":0.9,"MRAcquisitionType":"3D","MagneticFieldStrength":3,"Manufacturer":"Siemens","ManufacturersModelName":"Prisma_fit","Modality":"MR","ParallelReductionFactorInPlane":2,"PartialFourier":1,"PatientPosition":"HFS","PercentPhaseFOV":100,"PercentSampling":100,"PhaseEncodingSteps":319,"PhaseResolution":1,"PixelBandwidth":235,"ProcedureStepDescription":[],"ProtocolName":[],"PulseSequenceDetails":[],"ReceiveCoilActiveElements":"HC1-7","ReceiveCoilName":"HeadNeck_64","ReconMatrixPE":320,"RefLinesPE":32,"RepetitionTime":2.3,"SAR":0.0370309,"ScanOptions":"IR","ScanningSequence":"GR_IR","SequenceName":"_tfl3d1_16ns","SequenceVariant":"SK_SP_MP","SeriesDescription":[],"SeriesNumber":7,"ShimSetting":[323,-11573,-6487,504,55,-147,-7,-8],"SliceThickness":0.8,"SoftwareVersions":"syngo_MR_E11","StationName":"MRC35056","TxRefAmp":212.548,"dataset":"MICs","modality":"T1w","run_id":2,"session_id":"01","subject_id":"sub-HC041"},"cjv":0.43999170288136896,"cnr":2.6057639182937411,"efc":0.68436484193872749,"fber":22.171064376831055,"fwhm_avg":3.9007791085405281,"fwhm_x":3.9547249410700061,"fwhm_y":4.04207493976839,"fwhm_z":3.7055374447831895,"icvs_csf":0.19282944488175541,"icvs_gm":0.42345207738528273,"icvs_wm":0.38371847773296186,"inu_med":1.6028273105621338,"inu_range":0.59478343129158007,"provenance":{"md5sum":"cfd10a612937025d1f52f53a0df5f935","settings":{"testing":false},"software":"mriqc","version":"0.15.2","warnings":{"large_rot_frame":false,"small_air_mask":false},"webapi_port":[],"webapi_url":"https://mriqc.nimh.nih.gov/api/v1"},"qi_1":0.00012693667337278949,"qi_2":0.0037209063286679452,"rpve_csf":36.923653038323856,"rpve_gm":17.899487885523275,"rpve_wm":22.569871910232351,"size_x":224,"size_y":320,"size_z":320,"snr_csf":3.3962476596607969,"snr_gm":10.683049407980894,"snr_total":9.9945482595016273,"snr_wm":15.90434771086319,"snrd_csf":29.8006565099915,"snrd_gm":62.087280371789667,"snrd_total":58.133371269453967,"snrd_wm":82.512176926580736,"spacing_x":0.800000011920929,"spacing_y":0.800000011920929,"spacing_z":0.800000011920929,"summary_bg_k":10703.791350957459,"summary_bg_mad":7.9399846044583917,"summary_bg_mean":158.47109985351562,"summary_bg_median":158.35617065429688,"summary_bg_n":8.754822E+6,"summary_bg_p05":144.86018524169921,"summary_bg_p95":172.4990379333496,"summary_bg_stdv":10.483716011047363,"summary_csf_k":35.10804811819775,"summary_csf_mad":87.588318545283542,"summary_csf_mean":378.76101684570312,"summary_csf_median":361.1717529296875,"summary_csf_n":66525,"summary_csf_p05":256.29486694335941,"summary_csf_p95":546.061181640625,"summary_csf_stdv":106.34355163574219,"summary_gm_k":1.8970673758214911,"summary_gm_mad":61.829779079622874,"summary_gm_mean":759.02850341796875,"summary_gm_median":752.472412109375,"summary_gm_n":61199,"summary_gm_p05":657.86541748046875,"summary_gm_p95":884.47646484374991,"summary_gm_stdv":70.435531616210938,"summary_wm_k":24.021893509403373,"summary_wm_mad":47.08637504797845,"summary_wm_mean":1005.4154663085938,"summary_wm_median":1000.0137939453125,"summary_wm_n":385399,"summary_wm_p05":924.8856201171875,"summary_wm_p95":1096.8571166992188,"summary_wm_stdv":62.876674652099609,"tpm_overlap_csf":0.13874463737010956,"tpm_overlap_gm":0.40231910347938538,"tpm_overlap_wm":0.45767390727996826,"wm2max":0.34113182605643216}