{"Modality":"MR","MagneticFieldStrength":3,"ImagingFrequency":123.25,"Manufacturer":"Siemens","ManufacturersModelName":"Prisma_fit","InstitutionName":[],"InstitutionalDepartmentName":[],"InstitutionAddress":[],"DeviceSerialNumber":"167017","StationName":"MRC35056","BodyPartExamined":"BRAIN","PatientPosition":"HFS","ProcedureStepDescription":[],"SoftwareVersions":"syngo_MR_E11","MRAcquisitionType":"2D","SeriesDescription":[],"ProtocolName":[],"ScanningSequence":"EP","SequenceVariant":"SK_SS","ScanOptions":"PFP_FS","SequenceName":"ep_b5#1","ImageType":["ORIGINAL","PRIMARY","DIFFUSION","NONE","MB","ND","MOSAIC"],"SeriesNumber":10,"AcquisitionTime":[],"AcquisitionNumber":1,"ImageComments":"Unaliased_MB3_PE4_LB","SliceThickness":1.6,"SpacingBetweenSlices":1.6,"SAR":0.201593,"EchoTime":0.0644,"RepetitionTime":3.5,"FlipAngle":90,"PartialFourier":0.75,"BaseResolution":140,"ShimSetting":[314,-11592,-6430,372,75,-73,63,-11],"DiffusionScheme":"Monopolar","TxRefAmp":253.806,"PhaseResolution":1,"ReceiveCoilName":"HeadNeck_64","ReceiveCoilActiveElements":"HC1-7","PulseSequenceDetails":[],"WipMemBlock":"5a5ccd96-c850-4801-994f-44bd4d9a9907||Sequence: R016 ve11c/master r/34fb20f; Nov 20 2017 15:22:30 by eja","RefLinesPE":24,"ConsistencyInfo":"N4_VE11C_LATEST_20160120","MultibandAccelerationFactor":3,"PercentPhaseFOV":100,"EchoTrainLength":52,"PhaseEncodingSteps":104,"AcquisitionMatrixPE":140,"ReconMatrixPE":140,"BandwidthPerPixelPhaseEncode":18.797,"ParallelReductionFactorInPlane":2,"EffectiveEchoSpacing":0.00038,"DerivedVendorReportedEchoSpacing":0.00076,"TotalReadoutTime":0.05282,"PixelBandwidth":1490,"DwellTime":2.4E-6,"PhaseEncodingDirection":"j-","SliceTiming":[0,1.7975,0.1125,1.91,0.225,2.02,0.3375,2.1325,0.45,2.245,0.5625,2.3575,0.675,2.47,0.7875,2.5825,0.8975,2.695,1.01,2.8075,1.1225,2.92,1.235,3.0325,1.3475,3.1425,1.46,3.255,1.5725,3.3675,1.685,0,1.7975,0.1125,1.91,0.225,2.02,0.3375,2.1325,0.45,2.245,0.5625,2.3575,0.675,2.47,0.7875,2.5825,0.8975,2.695,1.01,2.8075,1.1225,2.92,1.235,3.0325,1.3475,3.1425,1.46,3.255,1.5725,3.3675,1.685,0,1.7975,0.1125,1.91,0.225,2.02,0.3375,2.1325,0.45,2.245,0.5625,2.3575,0.675,2.47,0.7875,2.5825,0.8975,2.695,1.01,2.8075,1.1225,2.92,1.235,3.0325,1.3475,3.1425,1.46,3.255,1.5725,3.3675,1.685],"ImageOrientationPatientDICOM":[1,0,1.6E-14,0,1,3E-14],"InPlanePhaseEncodingDirectionDICOM":"COL","ConversionSoftware":"dcm2niix","ConversionSoftwareVersion":"v1.0.20190902"}