{"Modality":"MR","MagneticFieldStrength":3,"ImagingFrequency":123.25,"Manufacturer":"Siemens","ManufacturersModelName":"Prisma_fit","InstitutionName":[],"InstitutionalDepartmentName":[],"InstitutionAddress":[],"DeviceSerialNumber":"167017","StationName":"MRC35056","BodyPartExamined":"BRAIN","PatientPosition":"HFS","ProcedureStepDescription":[],"SoftwareVersions":"syngo_MR_E11","MRAcquisitionType":"2D","SeriesDescription":[],"ProtocolName":[],"ScanningSequence":"EP","SequenceVariant":"SK_SS","ScanOptions":"PFP_FS","SequenceName":"ep_b5#1","ImageType":["ORIGINAL","PRIMARY","DIFFUSION","NONE","MB","ND","MOSAIC"],"SeriesNumber":10,"AcquisitionTime":[],"AcquisitionNumber":1,"ImageComments":"Unaliased_MB3_PE4_LB","SliceThickness":1.6,"SpacingBetweenSlices":1.6,"SAR":0.221144,"EchoTime":0.0644,"RepetitionTime":3.5,"FlipAngle":90,"PartialFourier":0.75,"BaseResolution":140,"ShimSetting":[317,-11611,-6427,421,-44,-308,-14,13],"DiffusionScheme":"Monopolar","TxRefAmp":227.308,"PhaseResolution":1,"ReceiveCoilName":"HeadNeck_64","ReceiveCoilActiveElements":"HC1-7","PulseSequenceDetails":[],"WipMemBlock":"216a71bc-216f-4e15-a129-7641213ad824||Sequence: R016 ve11c/master r/34fb20f; Nov 20 2017 15:22:30 by eja","RefLinesPE":24,"ConsistencyInfo":"N4_VE11C_LATEST_20160120","MultibandAccelerationFactor":3,"PercentPhaseFOV":100,"EchoTrainLength":52,"PhaseEncodingSteps":104,"AcquisitionMatrixPE":140,"ReconMatrixPE":140,"BandwidthPerPixelPhaseEncode":18.797,"ParallelReductionFactorInPlane":2,"EffectiveEchoSpacing":0.00038,"DerivedVendorReportedEchoSpacing":0.00076,"TotalReadoutTime":0.05282,"PixelBandwidth":1490,"DwellTime":2.4E-6,"PhaseEncodingDirection":"j-","SliceTiming":[0,1.795,0.11,1.9075,0.2225,2.02,0.335,2.1325,0.4475,2.245,0.56,2.355,0.6725,2.4675,0.785,2.58,0.8975,2.6925,1.01,2.805,1.1225,2.9175,1.2325,3.03,1.345,3.1425,1.4575,3.255,1.57,3.3675,1.6825,0,1.795,0.11,1.9075,0.2225,2.02,0.335,2.1325,0.4475,2.245,0.56,2.355,0.6725,2.4675,0.785,2.58,0.8975,2.6925,1.01,2.805,1.1225,2.9175,1.2325,3.03,1.345,3.1425,1.4575,3.255,1.57,3.3675,1.6825,0,1.795,0.11,1.9075,0.2225,2.02,0.335,2.1325,0.4475,2.245,0.56,2.355,0.6725,2.4675,0.785,2.58,0.8975,2.6925,1.01,2.805,1.1225,2.9175,1.2325,3.03,1.345,3.1425,1.4575,3.255,1.57,3.3675,1.6825],"ImageOrientationPatientDICOM":[1,0,-1.7E-14,0,1,-4.9E-14],"InPlanePhaseEncodingDirectionDICOM":"COL","ConversionSoftware":"dcm2niix","ConversionSoftwareVersion":"v1.0.20190902"}