{"aor":0.053364999999999996,"aqi":0.011430206666666666,"bids_meta":{"AcquisitionMatrixPE":80,"AcquisitionNumber":1,"AcquisitionTime":[],"BandwidthPerPixelPhaseEncode":23.148,"BaseResolution":80,"BodyPartExamined":"BRAIN","ConsistencyInfo":"N4_VE11C_LATEST_20160120","ConversionSoftware":"dcm2niix","ConversionSoftwareVersion":"v1.0.20200427","DerivedVendorReportedEchoSpacing":0.000540003,"DeviceSerialNumber":"167017","DwellTime":3E-6,"EchoTime":0.048,"EchoTrainLength":80,"EffectiveEchoSpacing":0.000540003,"FlipAngle":90,"ImageComments":"Unaliased_MB6_PE3_LB","ImageOrientationPatientDICOM":[1,0,0,0,0.857167,-0.515038],"ImageType":["ORIGINAL","PRIMARY","M","ND","NORM","MOSAIC"],"ImagingFrequency":123.25,"InPlanePhaseEncodingDirectionDICOM":"COL","InstitutionAddress":[],"InstitutionName":[],"InstitutionalDepartmentName":[],"Instructions":"eyes closed","MRAcquisitionType":"2D","MagneticFieldStrength":3,"Manufacturer":"Siemens","ManufacturersModelName":"Prisma_fit","Modality":"MR","PartialFourier":1,"PatientPosition":"HFS","PercentPhaseFOV":100,"PercentSampling":100,"PhaseEncodingDirection":"j-","PhaseEncodingSteps":80,"PhaseResolution":1,"PixelBandwidth":2085,"ProcedureStepDescription":[],"ProtocolName":[],"PulseSequenceDetails":[],"ReceiveCoilActiveElements":"HC1-7","ReceiveCoilName":"HeadNeck_64","ReconMatrixPE":80,"RepetitionTime":4.029,"SAR":0.152367,"ScanOptions":"FS","ScanningSequence":"EP","SequenceName":"epse2d1_80","SequenceVariant":"SK","SeriesDescription":[],"SeriesNumber":16,"ShimSetting":[315,-11572,-6376,633,-64,34,20,13],"SliceThickness":3,"SliceTiming":[3.925,3.8425,3.76,3.675,3.5925,3.5075,3.425,3.34,3.2575,3.175,3.09,3.0075,2.9225,2.84,2.7575,2.6725,2.59,2.505,2.4225,2.34,2.255,2.1725,2.0875,2.005,1.9225,1.8375,1.755,1.67,1.5875,1.5025,1.42,1.3375,1.2525,1.17,1.085,1.0025,0.92,0.835,0.7525,0.6675,0.585,0.5025,0.4175,0.335,0.25,0.1675,0.085,0],"SoftwareVersions":"syngo_MR_E11","SpacingBetweenSlices":3,"StationName":"MRC35056","TaskName":"rest","TotalReadoutTime":0.0426603,"TxRefAmp":220.573,"WipMemBlock":"873ea9f5-7758-4c6c-893e-829adcea700a||Sequence: R016 ve11c/master r/34fb20f; Nov 20 2017 15:30:40 by eja","acq_id":"APse","dataset":"MICs","modality":"bold","session_id":"01","subject_id":"sub-HC002","task_id":"rest"},"dummy_trs":0,"dvars_nstd":97.40673980599999,"dvars_std":2.977449562,"dvars_vstd":4.6212870100000005,"efc":0.48899181271831405,"fber":1038.1212158203125,"fd_mean":0.61637538158400318,"fd_num":5,"fd_perc":83.333333333333329,"fwhm_avg":1.8618933333333334,"fwhm_x":1.8609633333333333,"fwhm_y":1.85021,"fwhm_z":1.8745066666666668,"gcor":0.00857843,"gsr_x":-0.027254972606897354,"gsr_y":0.019737616181373596,"provenance":{"md5sum":"d8712e3f38319c987bfa385631be376a","settings":{"fd_thres":0.2,"hmc_fsl":false,"testing":false},"software":"mriqc","version":"0.15.2","webapi_port":[],"webapi_url":"https://mriqc.nimh.nih.gov/api/v1"},"size_t":6,"size_x":80,"size_y":80,"size_z":48,"snr":2.6380011657688947,"spacing_tr":4.0289998054504395,"spacing_x":3,"spacing_y":3,"spacing_z":3,"summary_bg_k":52.650617699462927,"summary_bg_mad":100.37571743446533,"summary_bg_mean":616.89776611328125,"summary_bg_median":272.76498413085938,"summary_bg_n":203283,"summary_bg_p05":160.559130859375,"summary_bg_p95":2899.9031494140609,"summary_bg_stdv":1161.1494140625,"summary_fg_k":25.269282160437754,"summary_fg_mad":2391.8847652517998,"summary_fg_mean":9794.1171875,"summary_fg_median":9278.44921875,"summary_fg_n":54469,"summary_fg_p05":5993.85068359375,"summary_fg_p95":15444.406640625,"summary_fg_stdv":3517.19482421875,"tsnr":47.168251037597656}