{"aor":0.051828333333333337,"aqi":0.011058861666666664,"bids_meta":{"AcquisitionMatrixPE":80,"AcquisitionNumber":1,"AcquisitionTime":[],"BandwidthPerPixelPhaseEncode":23.148,"BaseResolution":80,"BodyPartExamined":"BRAIN","ConsistencyInfo":"N4_VE11C_LATEST_20160120","ConversionSoftware":"dcm2niix","ConversionSoftwareVersion":"v1.0.20200427","DerivedVendorReportedEchoSpacing":0.000540003,"DeviceSerialNumber":"167017","DwellTime":3E-6,"EchoTime":0.048,"EchoTrainLength":80,"EffectiveEchoSpacing":0.000540003,"FlipAngle":90,"ImageComments":"Unaliased_MB6_PE3_LB","ImageOrientationPatientDICOM":[1,0,0,0,0.857167,-0.515038],"ImageType":["ORIGINAL","PRIMARY","M","ND","NORM","MOSAIC"],"ImagingFrequency":123.25,"InPlanePhaseEncodingDirectionDICOM":"COL","InstitutionAddress":[],"InstitutionName":[],"InstitutionalDepartmentName":[],"Instructions":"eyes closed","MRAcquisitionType":"2D","MagneticFieldStrength":3,"Manufacturer":"Siemens","ManufacturersModelName":"Prisma_fit","Modality":"MR","PartialFourier":1,"PatientPosition":"HFS","PercentPhaseFOV":100,"PercentSampling":100,"PhaseEncodingDirection":"j","PhaseEncodingSteps":80,"PhaseResolution":1,"PixelBandwidth":2085,"ProcedureStepDescription":[],"ProtocolName":[],"PulseSequenceDetails":[],"ReceiveCoilActiveElements":"HC1-7","ReceiveCoilName":"HeadNeck_64","ReconMatrixPE":80,"RepetitionTime":4.029,"SAR":0.152367,"ScanOptions":"FS","ScanningSequence":"EP","SequenceName":"epse2d1_80","SequenceVariant":"SK","SeriesDescription":[],"SeriesNumber":17,"ShimSetting":[315,-11572,-6376,633,-64,34,20,13],"SliceThickness":3,"SliceTiming":[3.9275,3.8425,3.76,3.675,3.5925,3.51,3.425,3.3425,3.2575,3.175,3.09,3.0075,2.925,2.84,2.7575,2.6725,2.59,2.5075,2.4225,2.34,2.255,2.1725,2.09,2.005,1.9225,1.8375,1.755,1.6725,1.5875,1.505,1.42,1.3375,1.255,1.17,1.0875,1.0025,0.92,0.835,0.7525,0.67,0.585,0.5025,0.4175,0.335,0.2525,0.1675,0.085,0],"SoftwareVersions":"syngo_MR_E11","SpacingBetweenSlices":3,"StationName":"MRC35056","TaskName":"rest","TotalReadoutTime":0.0426603,"TxRefAmp":220.573,"WipMemBlock":"e7c6a0f0-7e1a-407e-a0df-0600eeb55159||Sequence: R016 ve11c/master r/34fb20f; Nov 20 2017 15:30:40 by eja","acq_id":"PAse","dataset":"MICs","modality":"bold","session_id":"01","subject_id":"sub-HC002","task_id":"rest"},"dummy_trs":0,"dvars_nstd":96.164103700000013,"dvars_std":2.780603172,"dvars_vstd":4.315655088,"efc":0.48867889633365963,"fber":987.01824951171875,"fd_mean":0.49344432333178451,"fd_num":4,"fd_perc":66.666666666666671,"fwhm_avg":1.8663788888888888,"fwhm_x":1.9061633333333334,"fwhm_y":1.7480466666666665,"fwhm_z":1.9449266666666667,"gcor":0.0111518,"gsr_x":-0.032451674342155457,"gsr_y":0.020921777933835983,"provenance":{"md5sum":"a3924d4295476e5b3662e6f85bf4cf5b","settings":{"fd_thres":0.2,"hmc_fsl":false,"testing":false},"software":"mriqc","version":"0.15.2","webapi_port":[],"webapi_url":"https://mriqc.nimh.nih.gov/api/v1"},"size_t":6,"size_x":80,"size_y":80,"size_z":48,"snr":2.4623333730247281,"spacing_tr":4.0289998054504395,"spacing_x":3,"spacing_y":3,"spacing_z":3,"summary_bg_k":87.862247700442978,"summary_bg_mad":96.120135984189034,"summary_bg_mean":601.9967041015625,"summary_bg_median":269.46978759765625,"summary_bg_n":202512,"summary_bg_p05":158.51106948852538,"summary_bg_p95":2804.3955322265583,"summary_bg_stdv":1118.6649169921875,"summary_fg_k":12.986107240538837,"summary_fg_mad":2571.7994131796922,"summary_fg_mean":9548.3154296875,"summary_fg_median":9022.47265625,"summary_fg_n":54877,"summary_fg_p05":5326.38203125,"summary_fg_p95":15572.703125,"summary_fg_stdv":3664.162841796875,"tsnr":41.659278869628906}