{"aor":0.0011864831038798497,"aqi":0.0059695336921151438,"bids_meta":{"AcquisitionMatrixPE":80,"AcquisitionNumber":1,"AcquisitionTime":[],"BandwidthPerPixelPhaseEncode":23.148,"BaseResolution":80,"BodyPartExamined":"BRAIN","ConsistencyInfo":"N4_VE11C_LATEST_20160120","ConversionSoftware":"dcm2niix","ConversionSoftwareVersion":"v1.0.20200427","DerivedVendorReportedEchoSpacing":0.000540003,"DeviceSerialNumber":"167017","DwellTime":2.6E-6,"EchoTime":0.03,"EchoTrainLength":80,"EffectiveEchoSpacing":0.000540003,"FlipAngle":50,"ImageComments":"Unaliased_MB6_PE3_LB","ImageOrientationPatientDICOM":[1,0,0,0,0.857167,-0.515038],"ImageType":["ORIGINAL","PRIMARY","M","MB","ND","NORM","MOSAIC"],"ImagingFrequency":123.25,"InPlanePhaseEncodingDirectionDICOM":"COL","InstitutionAddress":[],"InstitutionName":[],"InstitutionalDepartmentName":[],"Instructions":"eyes closed","MRAcquisitionType":"2D","MagneticFieldStrength":3,"Manufacturer":"Siemens","ManufacturersModelName":"Prisma_fit","Modality":"MR","MultibandAccelerationFactor":6,"PartialFourier":1,"PatientPosition":"HFS","PercentPhaseFOV":100,"PercentSampling":100,"PhaseEncodingDirection":"j-","PhaseEncodingSteps":80,"PhaseResolution":1,"PixelBandwidth":2405,"ProcedureStepDescription":[],"ProtocolName":[],"PulseSequenceDetails":[],"ReceiveCoilActiveElements":"HC1-7","ReceiveCoilName":"HeadNeck_64","ReconMatrixPE":80,"RepetitionTime":0.6,"SAR":0.0455351,"ScanOptions":"FS","ScanningSequence":"EP","SequenceName":"epfid2d1_80","SequenceVariant":"SK_SS","SeriesDescription":[],"SeriesNumber":15,"ShimSetting":[315,-11572,-6376,633,-64,34,20,13],"SliceThickness":3,"SliceTiming":[0.5075,0.435,0.3625,0.29,0.2175,0.145,0.0725,0,0.5075,0.435,0.3625,0.29,0.2175,0.145,0.0725,0,0.5075,0.435,0.3625,0.29,0.2175,0.145,0.0725,0,0.5075,0.435,0.3625,0.29,0.2175,0.145,0.0725,0,0.5075,0.435,0.3625,0.29,0.2175,0.145,0.0725,0,0.5075,0.435,0.3625,0.29,0.2175,0.145,0.0725,0],"SoftwareVersions":"syngo_MR_E11","SpacingBetweenSlices":3,"StationName":"MRC35056","TaskName":"rest","TotalReadoutTime":0.0426603,"TxRefAmp":220.573,"WipMemBlock":"873a190f-e9be-4a99-b808-01c62efb91dc||Sequence: R016 ve11c/master r/34fb20f; Nov 20 2017 15:15:15 by eja","acq_id":"AP","dataset":"MICs","modality":"bold","run_id":1,"session_id":"01","subject_id":"sub-HC002","task_id":"rest"},"dummy_trs":1,"dvars_nstd":37.976903418208046,"dvars_std":1.3919405998245611,"dvars_vstd":1.0135534977192968,"efc":0.44463190612668152,"fber":9030.1884765625,"fd_mean":0.11558603580670238,"fd_num":69,"fd_perc":8.6357947434292868,"fwhm_avg":2.3610077777777776,"fwhm_x":2.1963333333333335,"fwhm_y":2.5743333333333331,"fwhm_z":2.3123566666666666,"gcor":0.0137901,"gsr_x":-0.018496099859476089,"gsr_y":0.031488019973039627,"provenance":{"md5sum":"b07b71c14160606afd4980983f296acc","settings":{"fd_thres":0.2,"hmc_fsl":false,"testing":false},"software":"mriqc","version":"0.15.2","webapi_port":[],"webapi_url":"https://mriqc.nimh.nih.gov/api/v1"},"size_t":799,"size_x":80,"size_y":80,"size_z":48,"snr":4.0294695382623056,"spacing_tr":0.60000002384185791,"spacing_x":3,"spacing_y":3,"spacing_z":3,"summary_bg_k":38.321455079428155,"summary_bg_mad":40.601774708623878,"summary_bg_mean":227.38447570800781,"summary_bg_median":66.115142822265625,"summary_bg_n":206404,"summary_bg_p05":31.003755569458008,"summary_bg_p95":1036.8404235839839,"summary_bg_stdv":542.93328857421875,"summary_fg_k":2.7934764074934444,"summary_fg_mad":1368.8986455321731,"summary_fg_mean":6594.39453125,"summary_fg_median":6562.62451171875,"summary_fg_n":51853,"summary_fg_p05":4262.10908203125,"summary_fg_p95":9056.9208984374964,"summary_fg_stdv":1628.6414794921875,"tsnr":52.382477499544621}