{"aor":0.005487804878048781,"aqi":0.0054667478048780489,"bids_meta":{"AcquisitionMatrixPE":80,"AcquisitionNumber":1,"AcquisitionTime":[],"BandwidthPerPixelPhaseEncode":23.148,"BaseResolution":80,"BodyPartExamined":"BRAIN","ConsistencyInfo":"N4_VE11C_LATEST_20160120","ConversionSoftware":"dcm2niix","ConversionSoftwareVersion":"v1.0.20200427","DerivedVendorReportedEchoSpacing":0.000540003,"DeviceSerialNumber":"167017","DwellTime":2.6E-6,"EchoTime":0.03,"EchoTrainLength":80,"EffectiveEchoSpacing":0.000540003,"FlipAngle":50,"ImageComments":"Unaliased_MB6_PE3_LB","ImageOrientationPatientDICOM":[1,0,0,0,0.857167,-0.515038],"ImageType":["ORIGINAL","PRIMARY","M","MB","ND","NORM","MOSAIC"],"ImagingFrequency":123.25,"InPlanePhaseEncodingDirectionDICOM":"COL","InstitutionAddress":[],"InstitutionName":[],"InstitutionalDepartmentName":[],"Instructions":"eyes closed","MRAcquisitionType":"2D","MagneticFieldStrength":3,"Manufacturer":"Siemens","ManufacturersModelName":"Prisma_fit","Modality":"MR","MultibandAccelerationFactor":6,"PartialFourier":1,"PatientPosition":"HFS","PercentPhaseFOV":100,"PercentSampling":100,"PhaseEncodingDirection":"j-","PhaseEncodingSteps":80,"PhaseResolution":1,"PixelBandwidth":2405,"ProcedureStepDescription":[],"ProtocolName":[],"PulseSequenceDetails":[],"ReceiveCoilActiveElements":"HC1-7","ReceiveCoilName":"HeadNeck_64","ReconMatrixPE":80,"RepetitionTime":0.6,"SAR":0.0455351,"ScanOptions":"FS","ScanningSequence":"EP","SequenceName":"epfid2d1_80","SequenceVariant":"SK_SS","SeriesDescription":[],"SeriesNumber":14,"ShimSetting":[315,-11572,-6376,633,-64,34,20,13],"SliceThickness":3,"SliceTiming":[0.5075,0.435,0.3625,0.29,0.2175,0.145,0.0725,0,0.5075,0.435,0.3625,0.29,0.2175,0.145,0.0725,0,0.5075,0.435,0.3625,0.29,0.2175,0.145,0.0725,0,0.5075,0.435,0.3625,0.29,0.2175,0.145,0.0725,0,0.5075,0.435,0.3625,0.29,0.2175,0.145,0.0725,0,0.5075,0.435,0.3625,0.29,0.2175,0.145,0.0725,0],"SoftwareVersions":"syngo_MR_E11","SpacingBetweenSlices":3,"StationName":"MRC35056","TaskName":"rest","TotalReadoutTime":0.0426603,"TxRefAmp":220.573,"WipMemBlock":"6fe4c9a0-4277-4dc9-80ad-5423551a2c56||Sequence: R016 ve11c/master r/34fb20f; Nov 20 2017 15:15:15 by eja","acq_id":"AP","dataset":"MICs","modality":"bold","run_id":2,"session_id":"01","subject_id":"sub-HC002","task_id":"rest"},"dummy_trs":3,"dvars_nstd":38.001153134999996,"dvars_std":1.4057295712500002,"dvars_vstd":1.0653139095000002,"efc":0.44471219204845724,"fber":8862.4326171875,"fd_mean":0.10873352568053915,"fd_num":1,"fd_perc":2.4390243902439024,"fwhm_avg":2.33553,"fwhm_x":2.1727833333333333,"fwhm_y":2.5477066666666666,"fwhm_z":2.2861,"gcor":0.0114803,"gsr_x":-0.018750773742794991,"gsr_y":0.03157111257314682,"provenance":{"md5sum":"3be96134ddfabd6f0bc5066b2c67ea2c","settings":{"fd_thres":0.2,"hmc_fsl":false,"testing":false},"software":"mriqc","version":"0.15.2","webapi_port":[],"webapi_url":"https://mriqc.nimh.nih.gov/api/v1"},"size_t":41,"size_x":80,"size_y":80,"size_z":48,"snr":4.0234847531255031,"spacing_tr":0.60000002384185791,"spacing_x":3,"spacing_y":3,"spacing_z":3,"summary_bg_k":38.058189575457831,"summary_bg_mad":39.632484710320441,"summary_bg_mean":227.02436828613281,"summary_bg_median":66.658531188964844,"summary_bg_n":206492,"summary_bg_p05":31.975608825683594,"summary_bg_p95":1035.3206909179657,"summary_bg_stdv":543.30865478515625,"summary_fg_k":2.87204954433962,"summary_fg_mad":1368.0621480402378,"summary_fg_mean":6594.703125,"summary_fg_median":6560.21923828125,"summary_fg_n":51740,"summary_fg_p05":4296.1814453125,"summary_fg_p95":9072.58740234375,"summary_fg_stdv":1630.4661865234375,"tsnr":56.641251733526587}