{"aor":0.00037944206008583688,"aqi":0.0069881403004291845,"bids_meta":{"AcquisitionMatrixPE":80,"AcquisitionNumber":1,"AcquisitionTime":[],"BandwidthPerPixelPhaseEncode":23.148,"BaseResolution":80,"BodyPartExamined":"BRAIN","ConsistencyInfo":"N4_VE11C_LATEST_20160120","ConversionSoftware":"dcm2niix","ConversionSoftwareVersion":"v1.0.20200427","DerivedVendorReportedEchoSpacing":0.000540003,"DeviceSerialNumber":"167017","DwellTime":2.6E-6,"EchoTime":0.03,"EchoTrainLength":80,"EffectiveEchoSpacing":0.000540003,"FlipAngle":50,"ImageComments":"Unaliased_MB6_PE3_LB","ImageOrientationPatientDICOM":[1,0,0,0,0.829038,-0.559193],"ImageType":["ORIGINAL","PRIMARY","M","MB","ND","NORM","MOSAIC"],"ImagingFrequency":123.25,"InPlanePhaseEncodingDirectionDICOM":"COL","InstitutionAddress":[],"InstitutionName":[],"InstitutionalDepartmentName":[],"Instructions":"eyes closed","MRAcquisitionType":"2D","MagneticFieldStrength":3,"Manufacturer":"Siemens","ManufacturersModelName":"Prisma_fit","Modality":"MR","MultibandAccelerationFactor":6,"PartialFourier":1,"PatientPosition":"HFS","PercentPhaseFOV":100,"PercentSampling":100,"PhaseEncodingDirection":"j-","PhaseEncodingSteps":80,"PhaseResolution":1,"PixelBandwidth":2405,"ProcedureStepDescription":[],"ProtocolName":[],"PulseSequenceDetails":[],"ReceiveCoilActiveElements":"HC1-7","ReceiveCoilName":"HeadNeck_64","ReconMatrixPE":80,"RepetitionTime":0.6,"SAR":0.0562511,"ScanOptions":"FS","ScanningSequence":"EP","SequenceName":"epfid2d1_80","SequenceVariant":"SK_SS","SeriesDescription":[],"SeriesNumber":14,"ShimSetting":[313,-11607,-6402,467,52,-131,74,4],"SliceThickness":3,"SliceTiming":[0.5075,0.435,0.3625,0.29,0.2175,0.145,0.0725,0,0.5075,0.435,0.3625,0.29,0.2175,0.145,0.0725,0,0.5075,0.435,0.3625,0.29,0.2175,0.145,0.0725,0,0.5075,0.435,0.3625,0.29,0.2175,0.145,0.0725,0,0.5075,0.435,0.3625,0.29,0.2175,0.145,0.0725,0,0.5075,0.435,0.3625,0.29,0.2175,0.145,0.0725,0],"SoftwareVersions":"syngo_MR_E11","SpacingBetweenSlices":3,"StationName":"MRC35056","TaskName":"rest","TotalReadoutTime":0.0426603,"TxRefAmp":253.806,"WipMemBlock":"279b5e92-7756-4f82-9f62-c593ff16c48d||Sequence: R016 ve11c/master r/34fb20f; Nov 20 2017 15:15:15 by eja","acq_id":"AP","dataset":"MICs","modality":"bold","session_id":"01","subject_id":"sub-HC013","task_id":"rest"},"dummy_trs":1,"dvars_nstd":35.114350321432667,"dvars_std":1.2108903985816621,"dvars_vstd":0.98972095362464207,"efc":0.48005602099997957,"fber":5653.7919921875,"fd_mean":0.13034990941527222,"fd_num":76,"fd_perc":10.872675250357654,"fwhm_avg":2.2968766070632625,"fwhm_x":2.1806833333333331,"fwhm_y":2.4599933333333333,"fwhm_z":2.2499531545231219,"gcor":0.0139465,"gsr_x":-0.031076466664671898,"gsr_y":0.035899896174669266,"provenance":{"md5sum":"2bef9a88b3363348c50acb228e3b562b","settings":{"fd_thres":0.2,"hmc_fsl":false,"testing":false},"software":"mriqc","version":"0.15.2","webapi_port":[],"webapi_url":"https://mriqc.nimh.nih.gov/api/v1"},"size_t":699,"size_x":80,"size_y":80,"size_z":48,"snr":3.7848189757491597,"spacing_tr":0.60000002384185791,"spacing_x":3,"spacing_y":3,"spacing_z":3.0000002384185791,"summary_bg_k":44.7139918589631,"summary_bg_mad":49.977905787329732,"summary_bg_mean":252.64186096191406,"summary_bg_median":72.691703796386719,"summary_bg_n":197862,"summary_bg_p05":30.95000171661377,"summary_bg_p95":1156.4100219726552,"summary_bg_stdv":551.3006591796875,"summary_fg_k":2.7718792384202775,"summary_fg_mad":1305.0823206454913,"summary_fg_mean":5844.2998046875,"summary_fg_median":5768.4521484375,"summary_fg_n":58969,"summary_fg_p05":3689.8504394531251,"summary_fg_p95":8222.598828125,"summary_fg_stdv":1524.089599609375,"tsnr":44.2480224519968}