{"aor":0.04224166666666667,"aqi":0.00574669,"bids_meta":{"AcquisitionMatrixPE":80,"AcquisitionNumber":1,"AcquisitionTime":[],"BandwidthPerPixelPhaseEncode":23.148,"BaseResolution":80,"BodyPartExamined":"BRAIN","ConsistencyInfo":"N4_VE11C_LATEST_20160120","ConversionSoftware":"dcm2niix","ConversionSoftwareVersion":"v1.0.20200427","DerivedVendorReportedEchoSpacing":0.000540003,"DeviceSerialNumber":"167017","DwellTime":3E-6,"EchoTime":0.048,"EchoTrainLength":80,"EffectiveEchoSpacing":0.000540003,"FlipAngle":90,"ImageComments":"Unaliased_MB6_PE3_LB","ImageOrientationPatientDICOM":[1,0,0,0,0.829038,-0.559193],"ImageType":["ORIGINAL","PRIMARY","M","ND","NORM","MOSAIC"],"ImagingFrequency":123.25,"InPlanePhaseEncodingDirectionDICOM":"COL","InstitutionAddress":[],"InstitutionName":[],"InstitutionalDepartmentName":[],"Instructions":"eyes closed","MRAcquisitionType":"2D","MagneticFieldStrength":3,"Manufacturer":"Siemens","ManufacturersModelName":"Prisma_fit","Modality":"MR","PartialFourier":1,"PatientPosition":"HFS","PercentPhaseFOV":100,"PercentSampling":100,"PhaseEncodingDirection":"j","PhaseEncodingSteps":80,"PhaseResolution":1,"PixelBandwidth":2085,"ProcedureStepDescription":[],"ProtocolName":[],"PulseSequenceDetails":[],"ReceiveCoilActiveElements":"HC1-7","ReceiveCoilName":"HeadNeck_64","ReconMatrixPE":80,"RepetitionTime":4.029,"SAR":0.20417,"ScanOptions":"FS","ScanningSequence":"EP","SequenceName":"epse2d1_80","SequenceVariant":"SK","SeriesDescription":[],"SeriesNumber":16,"ShimSetting":[313,-11607,-6402,467,52,-131,74,4],"SliceThickness":3,"SliceTiming":[3.925,3.8425,3.7575,3.675,3.59,3.5075,3.4225,3.34,3.2575,3.1725,3.09,3.005,2.9225,2.84,2.755,2.6725,2.5875,2.505,2.4225,2.3375,2.255,2.17,2.0875,2.005,1.92,1.8375,1.7525,1.67,1.585,1.5025,1.42,1.335,1.2525,1.1675,1.085,1.0025,0.9175,0.835,0.75,0.6675,0.585,0.5,0.4175,0.3325,0.25,0.1675,0.0825,0],"SoftwareVersions":"syngo_MR_E11","SpacingBetweenSlices":3,"StationName":"MRC35056","TaskName":"rest","TotalReadoutTime":0.0426603,"TxRefAmp":253.806,"WipMemBlock":"c5650015-ae0b-40c5-a6a0-59a2a745bdcc||Sequence: R016 ve11c/master r/34fb20f; Nov 20 2017 15:30:40 by eja","acq_id":"PAse","dataset":"MICs","modality":"bold","session_id":"01","subject_id":"sub-HC013","task_id":"rest"},"dummy_trs":0,"dvars_nstd":82.31543579,"dvars_std":2.72602272,"dvars_vstd":3.9460839759999997,"efc":0.51276700858360369,"fber":843.15924072265625,"fd_mean":0.12614294645571003,"fd_num":0,"fd_perc":0,"fwhm_avg":1.8569010594888127,"fwhm_x":1.9858799999999999,"fwhm_y":1.6361466666666666,"fwhm_z":1.9486765117997715,"gcor":0.00112357,"gsr_x":-0.045378450304269791,"gsr_y":0.024160515516996384,"provenance":{"md5sum":"e0b06a19147d9a183da50b2a6637b81d","settings":{"fd_thres":0.2,"hmc_fsl":false,"testing":false},"software":"mriqc","version":"0.15.2","webapi_port":[],"webapi_url":"https://mriqc.nimh.nih.gov/api/v1"},"size_t":6,"size_x":80,"size_y":80,"size_z":48,"snr":2.2140518149716764,"spacing_tr":4.0289998054504395,"spacing_x":3,"spacing_y":3,"spacing_z":3.0000002384185791,"summary_bg_k":230.33994311568102,"summary_bg_mad":116.6194598927957,"summary_bg_mean":745.369384765625,"summary_bg_median":276.34884643554688,"summary_bg_n":195590,"summary_bg_p05":152.78324737548829,"summary_bg_p95":3559.4141235351517,"summary_bg_stdv":1526.9378662109375,"summary_fg_k":19.157081716443027,"summary_fg_mad":2523.9507431433904,"summary_fg_mean":9228.7041015625,"summary_fg_median":8551.1767578125,"summary_fg_n":60845,"summary_fg_p05":5089.9185546875005,"summary_fg_p95":15485.695703124993,"summary_fg_stdv":3862.197998046875,"tsnr":56.952358245849609}