{"aor":0.044075,"aqi":0.00515583,"bids_meta":{"AcquisitionMatrixPE":80,"AcquisitionNumber":1,"AcquisitionTime":[],"BandwidthPerPixelPhaseEncode":23.148,"BaseResolution":80,"BodyPartExamined":"BRAIN","ConsistencyInfo":"N4_VE11C_LATEST_20160120","ConversionSoftware":"dcm2niix","ConversionSoftwareVersion":"v1.0.20200427","DerivedVendorReportedEchoSpacing":0.000540003,"DeviceSerialNumber":"167017","DwellTime":3E-6,"EchoTime":0.048,"EchoTrainLength":80,"EffectiveEchoSpacing":0.000540003,"FlipAngle":90,"ImageComments":"Unaliased_MB6_PE3_LB","ImageOrientationPatientDICOM":[1,0,0,0,0.829038,-0.559193],"ImageType":["ORIGINAL","PRIMARY","M","ND","NORM","MOSAIC"],"ImagingFrequency":123.25,"InPlanePhaseEncodingDirectionDICOM":"COL","InstitutionAddress":[],"InstitutionName":[],"InstitutionalDepartmentName":[],"Instructions":"eyes closed","MRAcquisitionType":"2D","MagneticFieldStrength":3,"Manufacturer":"Siemens","ManufacturersModelName":"Prisma_fit","Modality":"MR","PartialFourier":1,"PatientPosition":"HFS","PercentPhaseFOV":100,"PercentSampling":100,"PhaseEncodingDirection":"j-","PhaseEncodingSteps":80,"PhaseResolution":1,"PixelBandwidth":2085,"ProcedureStepDescription":[],"ProtocolName":[],"PulseSequenceDetails":[],"ReceiveCoilActiveElements":"HC1-7","ReceiveCoilName":"HeadNeck_64","ReconMatrixPE":80,"RepetitionTime":4.029,"SAR":0.20417,"ScanOptions":"FS","ScanningSequence":"EP","SequenceName":"epse2d1_80","SequenceVariant":"SK","SeriesDescription":[],"SeriesNumber":15,"ShimSetting":[313,-11607,-6402,467,52,-131,74,4],"SliceThickness":3,"SliceTiming":[3.925,3.8425,3.7575,3.675,3.5925,3.5075,3.425,3.34,3.2575,3.175,3.09,3.0075,2.9225,2.84,2.7575,2.6725,2.59,2.505,2.4225,2.3375,2.255,2.1725,2.0875,2.005,1.92,1.8375,1.755,1.67,1.5875,1.5025,1.42,1.3375,1.2525,1.17,1.085,1.0025,0.92,0.835,0.7525,0.6675,0.585,0.5025,0.4175,0.335,0.25,0.1675,0.0825,0],"SoftwareVersions":"syngo_MR_E11","SpacingBetweenSlices":3,"StationName":"MRC35056","TaskName":"rest","TotalReadoutTime":0.0426603,"TxRefAmp":253.806,"WipMemBlock":"691ece7e-ba1c-4f8f-8e9f-066f7fc8224f||Sequence: R016 ve11c/master r/34fb20f; Nov 20 2017 15:30:40 by eja","acq_id":"APse","dataset":"MICs","modality":"bold","session_id":"01","subject_id":"sub-HC013","task_id":"rest"},"dummy_trs":0,"dvars_nstd":68.46544571,"dvars_std":2.8149771459999995,"dvars_vstd":5.1164718160000007,"efc":0.52497008521755539,"fber":817.4124755859375,"fd_mean":0.11614551156026157,"fd_num":1,"fd_perc":16.666666666666668,"fwhm_avg":1.8533199500446891,"fwhm_x":1.9014633333333333,"fwhm_y":1.7727466666666667,"fwhm_z":1.8857498501340668,"gcor":0.0019613,"gsr_x":-0.045317716896533966,"gsr_y":0.0279538594186306,"provenance":{"md5sum":"4c4e70cc808a76e0e11981e2e9d2b921","settings":{"fd_thres":0.2,"hmc_fsl":false,"testing":false},"software":"mriqc","version":"0.15.2","webapi_port":[],"webapi_url":"https://mriqc.nimh.nih.gov/api/v1"},"size_t":6,"size_x":80,"size_y":80,"size_z":48,"snr":2.4682498097302767,"spacing_tr":4.0289998054504395,"spacing_x":3,"spacing_y":3,"spacing_z":3.0000002384185791,"summary_bg_k":41.412847356939409,"summary_bg_mad":119.48105229732468,"summary_bg_mean":743.07281494140625,"summary_bg_median":277.51666259765625,"summary_bg_n":193821,"summary_bg_p05":154.02255249023438,"summary_bg_p95":3598.3544921875,"summary_bg_stdv":1456.78515625,"summary_fg_k":33.157712815391754,"summary_fg_mad":2321.5552703651692,"summary_fg_mean":9013.87890625,"summary_fg_median":8441.9072265625,"summary_fg_n":62587,"summary_fg_p05":5107.0196777343754,"summary_fg_p95":14611.85498046875,"summary_fg_stdv":3420.17236328125,"tsnr":63.267093658447266}