{"bids_meta":{"AcquisitionMatrixPE":320,"AcquisitionNumber":1,"AcquisitionTime":[],"BaseResolution":320,"BodyPartExamined":"BRAIN","ConsistencyInfo":"N4_VE11C_LATEST_20160120","ConversionSoftware":"dcm2niix","ConversionSoftwareVersion":"v1.0.20200427","DeviceSerialNumber":"167017","DwellTime":6.6E-6,"EchoTime":0.00314,"FlipAngle":9,"ImageOrientationPatientDICOM":[-0.00224625,0.986994,-0.160741,0.00514746,-0.160728,-0.986985],"ImageType":["ORIGINAL","PRIMARY","M","ND","NORM","FM","FIL"],"ImagingFrequency":123.25,"InPlanePhaseEncodingDirectionDICOM":"ROW","InstitutionAddress":[],"InstitutionName":[],"InstitutionalDepartmentName":[],"InversionTime":0.9,"MRAcquisitionType":"3D","MagneticFieldStrength":3,"Manufacturer":"Siemens","ManufacturersModelName":"Prisma_fit","Modality":"MR","ParallelReductionFactorInPlane":2,"PartialFourier":1,"PatientPosition":"HFS","PercentPhaseFOV":100,"PercentSampling":100,"PhaseEncodingSteps":319,"PhaseResolution":1,"PixelBandwidth":235,"ProcedureStepDescription":[],"ProtocolName":[],"PulseSequenceDetails":[],"ReceiveCoilActiveElements":"HC1-7","ReceiveCoilName":"HeadNeck_64","ReconMatrixPE":320,"RefLinesPE":32,"RepetitionTime":2.3,"SAR":0.0472886,"ScanOptions":"IR","ScanningSequence":"GR_IR","SequenceName":"_tfl3d1_16ns","SequenceVariant":"SK_SP_MP","SeriesDescription":[],"SeriesNumber":20,"ShimSetting":[312,-11564,-6440,338,0,-369,62,19],"SliceThickness":0.8,"SoftwareVersions":"syngo_MR_E11","StationName":"MRC35056","TxRefAmp":235.596,"dataset":"MICs","modality":"T1w","run_id":1,"session_id":"01","subject_id":"sub-HC018"},"cjv":0.55928294103466147,"cnr":2.1491116094214462,"efc":0.6890088880683094,"fber":37.981708526611328,"fwhm_avg":3.4728082815844572,"fwhm_x":3.4933374479452155,"fwhm_y":3.4830374480986976,"fwhm_z":3.4420499487094589,"icvs_csf":0.18158938003859998,"icvs_gm":0.42828347980044928,"icvs_wm":0.39012714016095079,"inu_med":1.3362177610397339,"inu_range":0.5747827053070067,"provenance":{"md5sum":"0f8ada4f45eb9940316916dc2706b899","settings":{"testing":false},"software":"mriqc","version":"0.15.2","warnings":{"large_rot_frame":false,"small_air_mask":false},"webapi_port":[],"webapi_url":"https://mriqc.nimh.nih.gov/api/v1"},"qi_1":0.00015450715881230067,"qi_2":0.004048051049248976,"rpve_csf":23.526847173337437,"rpve_gm":10.766595942498867,"rpve_wm":13.431772781881522,"size_x":224,"size_y":320,"size_z":320,"snr_csf":1.3887073990001373,"snr_gm":9.0096905168967076,"snr_total":8.76073588172855,"snr_wm":15.883809729288805,"snrd_csf":45.893360800552934,"snrd_gm":79.369943395590269,"snrd_total":76.062716107002288,"snrd_wm":102.92484412486365,"spacing_x":0.800000011920929,"spacing_y":0.800000011920929,"spacing_z":0.800000011920929,"summary_bg_k":38.771981848732352,"summary_bg_mad":6.3654210514461784,"summary_bg_mean":129.59547424316406,"summary_bg_median":129.52641296386719,"summary_bg_n":8.19702E+6,"summary_bg_p05":119.07743835449219,"summary_bg_p95":140.60139465332031,"summary_bg_stdv":7.1053128242492676,"summary_csf_k":11.130309791351635,"summary_csf_mad":106.84925243858237,"summary_csf_mean":528.37353515625,"summary_csf_median":445.90802001953125,"summary_csf_n":109659,"summary_csf_p05":311.1326873779297,"summary_csf_p95":1342.4327148437487,"summary_csf_stdv":321.09426879882812,"summary_gm_k":0.68406997220254384,"summary_gm_mad":75.550862642299577,"summary_gm_mean":785.47119140625,"summary_gm_median":771.17242431640625,"summary_gm_n":117478,"summary_gm_p05":668.68739929199216,"summary_gm_p95":949.87820129394527,"summary_gm_stdv":85.593299865722656,"summary_wm_k":5.3951779148743313,"summary_wm_mad":52.448637069651774,"summary_wm_mean":1004.2841796875,"summary_wm_median":1000.0360107421875,"summary_wm_n":611966,"summary_wm_p05":913.28721618652344,"summary_wm_p95":1104.49853515625,"summary_wm_stdv":62.959403991699219,"tpm_overlap_csf":0.11422503739595413,"tpm_overlap_gm":0.37584748864173889,"tpm_overlap_wm":0.47322279214859009,"wm2max":0.35200326846914964}