{"aor":0.04366,"aqi":0.0085198716666666664,"bids_meta":{"AcquisitionMatrixPE":80,"AcquisitionNumber":1,"AcquisitionTime":[],"BandwidthPerPixelPhaseEncode":23.148,"BaseResolution":80,"BodyPartExamined":"BRAIN","ConsistencyInfo":"N4_VE11C_LATEST_20160120","ConversionSoftware":"dcm2niix","ConversionSoftwareVersion":"v1.0.20200427","DerivedVendorReportedEchoSpacing":0.000540003,"DeviceSerialNumber":"167017","DwellTime":3E-6,"EchoTime":0.048,"EchoTrainLength":80,"EffectiveEchoSpacing":0.000540003,"FlipAngle":90,"ImageComments":"Unaliased_MB6_PE3_LB","ImageOrientationPatientDICOM":[1,0,0,0,0.766044,-0.642788],"ImageType":["ORIGINAL","PRIMARY","M","ND","NORM","MOSAIC"],"ImagingFrequency":123.25,"InPlanePhaseEncodingDirectionDICOM":"COL","InstitutionAddress":[],"InstitutionName":[],"InstitutionalDepartmentName":[],"Instructions":"eyes closed","MRAcquisitionType":"2D","MagneticFieldStrength":3,"Manufacturer":"Siemens","ManufacturersModelName":"Prisma_fit","Modality":"MR","PartialFourier":1,"PatientPosition":"HFS","PercentPhaseFOV":100,"PercentSampling":100,"PhaseEncodingDirection":"j","PhaseEncodingSteps":80,"PhaseResolution":1,"PixelBandwidth":2085,"ProcedureStepDescription":[],"ProtocolName":[],"PulseSequenceDetails":[],"ReceiveCoilActiveElements":"HC1-7","ReceiveCoilName":"HeadNeck_64","ReconMatrixPE":80,"RepetitionTime":4.029,"SAR":0.151218,"ScanOptions":"FS","ScanningSequence":"EP","SequenceName":"epse2d1_80","SequenceVariant":"SK","SeriesDescription":[],"SeriesNumber":16,"ShimSetting":[326,-11574,-6403,543,84,-187,-125,7],"SliceThickness":3,"SliceTiming":[3.925,3.84,3.7575,3.6725,3.59,3.5075,3.4225,3.34,3.255,3.1725,3.09,3.005,2.9225,2.8375,2.755,2.6725,2.5875,2.505,2.42,2.3375,2.255,2.17,2.0875,2.0025,1.92,1.8375,1.7525,1.67,1.585,1.5025,1.4175,1.335,1.2525,1.1675,1.085,1,0.9175,0.835,0.75,0.6675,0.5825,0.5,0.4175,0.3325,0.25,0.165,0.0825,0],"SoftwareVersions":"syngo_MR_E11","SpacingBetweenSlices":3,"StationName":"MRC35056","TaskName":"rest","TotalReadoutTime":0.0426603,"TxRefAmp":216.827,"WipMemBlock":"82543029-876c-4944-95d0-ca467f6ccc8a||Sequence: R016 ve11c/master r/34fb20f; Nov 20 2017 15:30:40 by eja","acq_id":"PAse","dataset":"MICs","modality":"bold","session_id":"01","subject_id":"sub-HC005","task_id":"rest"},"dummy_trs":0,"dvars_nstd":62.908788298000005,"dvars_std":2.575246072,"dvars_vstd":4.5963501440000005,"efc":0.46479406120480737,"fber":821.26934814453125,"fd_mean":0.17870489135763346,"fd_num":3,"fd_perc":50,"fwhm_avg":1.8241533333333333,"fwhm_x":1.9459533333333334,"fwhm_y":1.6084399999999999,"fwhm_z":1.9180666666666666,"gcor":0.00272817,"gsr_x":-0.042230073362588882,"gsr_y":0.011011293157935143,"provenance":{"md5sum":"96bd680b0b74b51d4910483deaf3dfe8","settings":{"fd_thres":0.2,"hmc_fsl":false,"testing":false},"software":"mriqc","version":"0.15.2","webapi_port":[],"webapi_url":"https://mriqc.nimh.nih.gov/api/v1"},"size_t":6,"size_x":80,"size_y":80,"size_z":48,"snr":2.2892849305544147,"spacing_tr":4.0289998054504395,"spacing_x":3,"spacing_y":3,"spacing_z":3,"summary_bg_k":525.61877410779823,"summary_bg_mad":96.907044485905629,"summary_bg_mean":583.88360595703125,"summary_bg_median":272.9769287109375,"summary_bg_n":210819,"summary_bg_p05":166.26123046875,"summary_bg_p95":2334.0559814453068,"summary_bg_stdv":1282.5152587890625,"summary_fg_k":14.705312220175081,"summary_fg_mad":2331.2233136406294,"summary_fg_mean":9034.3271484375,"summary_fg_median":8347.5341796875,"summary_fg_n":47953,"summary_fg_p05":4985.72978515625,"summary_fg_p95":15321.424218750002,"summary_fg_stdv":3646.31201171875,"tsnr":66.194931030273438}