{"aor":0.001093542857142857,"aqi":0.010684827671428572,"bids_meta":{"AcquisitionMatrixPE":80,"AcquisitionNumber":1,"AcquisitionTime":[],"BandwidthPerPixelPhaseEncode":23.148,"BaseResolution":80,"BodyPartExamined":"BRAIN","ConsistencyInfo":"N4_VE11C_LATEST_20160120","ConversionSoftware":"dcm2niix","ConversionSoftwareVersion":"v1.0.20200427","DerivedVendorReportedEchoSpacing":0.000540003,"DeviceSerialNumber":"167017","DwellTime":2.6E-6,"EchoTime":0.03,"EchoTrainLength":80,"EffectiveEchoSpacing":0.000540003,"FlipAngle":50,"ImageComments":"Unaliased_MB6_PE3_LB","ImageOrientationPatientDICOM":[1,0,0,0,0.766044,-0.642788],"ImageType":["ORIGINAL","PRIMARY","M","MB","ND","NORM","MOSAIC"],"ImagingFrequency":123.25,"InPlanePhaseEncodingDirectionDICOM":"COL","InstitutionAddress":[],"InstitutionName":[],"InstitutionalDepartmentName":[],"Instructions":"eyes closed","MRAcquisitionType":"2D","MagneticFieldStrength":3,"Manufacturer":"Siemens","ManufacturersModelName":"Prisma_fit","Modality":"MR","MultibandAccelerationFactor":6,"PartialFourier":1,"PatientPosition":"HFS","PercentPhaseFOV":100,"PercentSampling":100,"PhaseEncodingDirection":"j-","PhaseEncodingSteps":80,"PhaseResolution":1,"PixelBandwidth":2405,"ProcedureStepDescription":[],"ProtocolName":[],"PulseSequenceDetails":[],"ReceiveCoilActiveElements":"HC1-7","ReceiveCoilName":"HeadNeck_64","ReconMatrixPE":80,"RepetitionTime":0.6,"SAR":0.0450023,"ScanOptions":"FS","ScanningSequence":"EP","SequenceName":"epfid2d1_80","SequenceVariant":"SK_SS","SeriesDescription":[],"SeriesNumber":14,"ShimSetting":[326,-11574,-6403,543,84,-187,-125,7],"SliceThickness":3,"SliceTiming":[0.5075,0.435,0.3625,0.29,0.2175,0.145,0.0725,0,0.5075,0.435,0.3625,0.29,0.2175,0.145,0.0725,0,0.5075,0.435,0.3625,0.29,0.2175,0.145,0.0725,0,0.5075,0.435,0.3625,0.29,0.2175,0.145,0.0725,0,0.5075,0.435,0.3625,0.29,0.2175,0.145,0.0725,0,0.5075,0.435,0.3625,0.29,0.2175,0.145,0.0725,0],"SoftwareVersions":"syngo_MR_E11","SpacingBetweenSlices":3,"StationName":"MRC35056","TaskName":"rest","TotalReadoutTime":0.0426603,"TxRefAmp":216.827,"WipMemBlock":"eb3842ae-3cd4-45ec-968e-90a9f5875bac||Sequence: R016 ve11c/master r/34fb20f; Nov 20 2017 15:15:15 by eja","acq_id":"AP","dataset":"MICs","modality":"bold","session_id":"01","subject_id":"sub-HC005","task_id":"rest"},"dummy_trs":0,"dvars_nstd":35.269192833690951,"dvars_std":1.2365566456795427,"dvars_vstd":0.97579419339055684,"efc":0.41954783708159576,"fber":8148.08349609375,"fd_mean":0.12865316802530469,"fd_num":118,"fd_perc":16.857142857142858,"fwhm_avg":2.37725,"fwhm_x":2.25613,"fwhm_y":2.5804966666666664,"fwhm_z":2.2951233333333332,"gcor":0.0147551,"gsr_x":-0.021732643246650696,"gsr_y":0.021089667454361916,"provenance":{"md5sum":"1ee2417e86274192c1a3a8cbbb9eedcf","settings":{"fd_thres":0.2,"hmc_fsl":false,"testing":false},"software":"mriqc","version":"0.15.2","webapi_port":[],"webapi_url":"https://mriqc.nimh.nih.gov/api/v1"},"size_t":700,"size_x":80,"size_y":80,"size_z":48,"snr":4.1323217130970678,"spacing_tr":0.60000002384185791,"spacing_x":3,"spacing_y":3,"spacing_z":3,"summary_bg_k":75.169306028464248,"summary_bg_mad":37.725876265002995,"summary_bg_mean":196.84759521484375,"summary_bg_median":65.5442886352539,"summary_bg_n":215073,"summary_bg_p05":33.025142669677734,"summary_bg_p95":792.02684326171823,"summary_bg_stdv":472.21987915039062,"summary_fg_k":3.2552113129534845,"summary_fg_mad":1181.2919127054863,"summary_fg_mean":6192.56201171875,"summary_fg_median":6160.4912109375,"summary_fg_n":44852,"summary_fg_p05":3916.12314453125,"summary_fg_p95":8417.580810546875,"summary_fg_stdv":1490.7896728515625,"tsnr":42.865178674459457}