{"aor":0.062300000000000015,"aqi":0.014986206666666668,"bids_meta":{"AcquisitionMatrixPE":80,"AcquisitionNumber":1,"AcquisitionTime":[],"BandwidthPerPixelPhaseEncode":23.148,"BaseResolution":80,"BodyPartExamined":"BRAIN","ConsistencyInfo":"N4_VE11C_LATEST_20160120","ConversionSoftware":"dcm2niix","ConversionSoftwareVersion":"v1.0.20200427","DerivedVendorReportedEchoSpacing":0.000540003,"DeviceSerialNumber":"167017","DwellTime":3E-6,"EchoTime":0.048,"EchoTrainLength":80,"EffectiveEchoSpacing":0.000540003,"FlipAngle":90,"ImageComments":"Unaliased_MB6_PE3_LB","ImageOrientationPatientDICOM":[1,0,0,0,0.766044,-0.642788],"ImageType":["ORIGINAL","PRIMARY","M","ND","NORM","MOSAIC"],"ImagingFrequency":123.25,"InPlanePhaseEncodingDirectionDICOM":"COL","InstitutionAddress":[],"InstitutionName":[],"InstitutionalDepartmentName":[],"Instructions":"eyes closed","MRAcquisitionType":"2D","MagneticFieldStrength":3,"Manufacturer":"Siemens","ManufacturersModelName":"Prisma_fit","Modality":"MR","PartialFourier":1,"PatientPosition":"HFS","PercentPhaseFOV":100,"PercentSampling":100,"PhaseEncodingDirection":"j-","PhaseEncodingSteps":80,"PhaseResolution":1,"PixelBandwidth":2085,"ProcedureStepDescription":[],"ProtocolName":[],"PulseSequenceDetails":[],"ReceiveCoilActiveElements":"HC1-7","ReceiveCoilName":"HeadNeck_64","ReconMatrixPE":80,"RepetitionTime":4.029,"SAR":0.151218,"ScanOptions":"FS","ScanningSequence":"EP","SequenceName":"epse2d1_80","SequenceVariant":"SK","SeriesDescription":[],"SeriesNumber":15,"ShimSetting":[326,-11574,-6403,543,84,-187,-125,7],"SliceThickness":3,"SliceTiming":[3.925,3.8425,3.76,3.675,3.5925,3.5075,3.425,3.3425,3.2575,3.175,3.09,3.0075,2.9225,2.84,2.7575,2.6725,2.59,2.505,2.4225,2.34,2.255,2.1725,2.0875,2.005,1.9225,1.8375,1.755,1.67,1.5875,1.505,1.42,1.3375,1.2525,1.17,1.0875,1.0025,0.92,0.835,0.7525,0.6675,0.585,0.5025,0.4175,0.335,0.25,0.1675,0.085,0],"SoftwareVersions":"syngo_MR_E11","SpacingBetweenSlices":3,"StationName":"MRC35056","TaskName":"rest","TotalReadoutTime":0.0426603,"TxRefAmp":216.827,"WipMemBlock":"36ce6f87-5117-407e-b3a3-b91073bd1d83||Sequence: R016 ve11c/master r/34fb20f; Nov 20 2017 15:30:40 by eja","acq_id":"APse","dataset":"MICs","modality":"bold","session_id":"01","subject_id":"sub-HC005","task_id":"rest"},"dummy_trs":0,"dvars_nstd":94.111088562,"dvars_std":2.79737091,"dvars_vstd":4.79296107,"efc":0.47014389948344648,"fber":876.73974609375,"fd_mean":0.65986905077822222,"fd_num":5,"fd_perc":83.333333333333329,"fwhm_avg":1.793201111111111,"fwhm_x":1.8471833333333334,"fwhm_y":1.7134666666666665,"fwhm_z":1.8189533333333332,"gcor":0.010844,"gsr_x":-0.038763005286455154,"gsr_y":0.00716411741450429,"provenance":{"md5sum":"1163f31df116749117f16b0a7dffb458","settings":{"fd_thres":0.2,"hmc_fsl":false,"testing":false},"software":"mriqc","version":"0.15.2","webapi_port":[],"webapi_url":"https://mriqc.nimh.nih.gov/api/v1"},"size_t":6,"size_x":80,"size_y":80,"size_z":48,"snr":2.5264216120163159,"spacing_tr":4.0289998054504395,"spacing_x":3,"spacing_y":3,"spacing_z":3,"summary_bg_k":147.70788796715456,"summary_bg_mad":100.38906483602963,"summary_bg_mean":589.02655029296875,"summary_bg_median":275.95068359375,"summary_bg_n":211355,"summary_bg_p05":167.70567169189454,"summary_bg_p95":2358.7332031249985,"summary_bg_stdv":1185.4595947265625,"summary_fg_k":24.842159167460846,"summary_fg_mad":2119.1750000511029,"summary_fg_mean":9202.375,"summary_fg_median":8599.6953125,"summary_fg_n":47864,"summary_fg_p05":5479.160888671875,"summary_fg_p95":14777.147216796875,"summary_fg_stdv":3403.867919921875,"tsnr":39.063766479492188}