{"bids_meta":{"AcquisitionMatrixPE":320,"AcquisitionNumber":1,"AcquisitionTime":[],"BaseResolution":320,"BodyPartExamined":"BRAIN","ConsistencyInfo":"N4_VE11C_LATEST_20160120","ConversionSoftware":"dcm2niix","ConversionSoftwareVersion":"v1.0.20200427","DeviceSerialNumber":"167017","DwellTime":6.6E-6,"EchoTime":0.00314,"FlipAngle":9,"ImageOrientationPatientDICOM":[0.0151269,0.998694,-0.0487998,0.0445366,-0.0494299,-0.997784],"ImageType":["ORIGINAL","PRIMARY","M","ND","NORM","FM","FIL"],"ImagingFrequency":123.25,"InPlanePhaseEncodingDirectionDICOM":"ROW","InstitutionAddress":[],"InstitutionName":[],"InstitutionalDepartmentName":[],"InversionTime":0.9,"MRAcquisitionType":"3D","MagneticFieldStrength":3,"Manufacturer":"Siemens","ManufacturersModelName":"Prisma_fit","Modality":"MR","ParallelReductionFactorInPlane":2,"PartialFourier":1,"PatientPosition":"HFS","PercentPhaseFOV":100,"PercentSampling":100,"PhaseEncodingSteps":319,"PhaseResolution":1,"PixelBandwidth":235,"ProcedureStepDescription":[],"ProtocolName":[],"PulseSequenceDetails":[],"ReceiveCoilActiveElements":"HC1-7","ReceiveCoilName":"HeadNeck_64","ReconMatrixPE":320,"RefLinesPE":32,"RepetitionTime":2.3,"SAR":0.0434221,"ScanOptions":"IR","ScanningSequence":"GR_IR","SequenceName":"_tfl3d1_16ns","SequenceVariant":"SK_SP_MP","SeriesDescription":[],"SeriesNumber":20,"ShimSetting":[306,-11616,-6453,548,-17,-346,-38,7],"SliceThickness":0.8,"SoftwareVersions":"syngo_MR_E11","StationName":"MRC35056","TxRefAmp":217.635,"dataset":"MICs","modality":"T1w","run_id":1,"session_id":"01","subject_id":"sub-HC007"},"cjv":0.49608766648882874,"cnr":2.28079398178646,"efc":0.67479878642031033,"fber":27.991165161132812,"fwhm_avg":3.6468707789907242,"fwhm_x":3.712774944675342,"fwhm_y":3.7281249444466091,"fwhm_z":3.4997124478502206,"icvs_csf":0.25044583616645105,"icvs_gm":0.38701411383060635,"icvs_wm":0.36254005000294254,"inu_med":1.4974280595779419,"inu_range":0.5054392337799074,"provenance":{"md5sum":"d6595e7cc3a3b87cc127b8a8900c97a9","settings":{"testing":false},"software":"mriqc","version":"0.15.2","warnings":{"large_rot_frame":false,"small_air_mask":false},"webapi_port":[],"webapi_url":"https://mriqc.nimh.nih.gov/api/v1"},"qi_1":0,"qi_2":0.0036907114928417663,"rpve_csf":22.591071635703543,"rpve_gm":14.326715238869573,"rpve_wm":17.844481981188295,"size_x":224,"size_y":320,"size_z":320,"snr_csf":2.9170538293174646,"snr_gm":10.473323171569165,"snr_total":10.16336998931461,"snr_wm":17.099732967057204,"snrd_csf":39.950475432313453,"snrd_gm":72.401654217426412,"snrd_total":69.122717140196229,"snrd_wm":95.016021770848809,"spacing_x":0.800000011920929,"spacing_y":0.800000011920929,"spacing_z":0.800000011920929,"summary_bg_k":7663.9887446064677,"summary_bg_mad":6.8951092891184524,"summary_bg_mean":142.34921264648438,"summary_bg_median":141.59938049316406,"summary_bg_n":8.489333E+6,"summary_bg_p05":130.41738891601562,"summary_bg_p95":153.8863525390625,"summary_bg_stdv":46.649734497070312,"summary_csf_k":51.16636158159158,"summary_csf_mad":88.978461729563179,"summary_csf_mean":435.45101928710938,"summary_csf_median":420.46649169921875,"summary_csf_n":175598,"summary_csf_p05":295.52700042724609,"summary_csf_p95":590.49098510742181,"summary_csf_stdv":144.14039611816406,"summary_gm_k":0.87694919685329342,"summary_gm_mad":67.599657171441365,"summary_gm_mean":766.97613525390625,"summary_gm_median":762.00518798828125,"summary_gm_n":49854,"summary_gm_p05":657.06416931152341,"summary_gm_p95":893.94502258300781,"summary_gm_stdv":72.75604248046875,"summary_wm_k":2.8475079664800145,"summary_wm_mad":50.473809828712014,"summary_wm_mean":1004.1309204101562,"summary_wm_median":1000.0144653320312,"summary_wm_n":460799,"summary_wm_p05":917.30277709960933,"summary_wm_p95":1103.8292602539061,"summary_wm_stdv":58.481227874755859,"tpm_overlap_csf":0.1248256042599678,"tpm_overlap_gm":0.36977818608283997,"tpm_overlap_wm":0.467583030462265,"wm2max":0.34689530776257432}