{"bids_meta":{"AcquisitionMatrixPE":320,"AcquisitionNumber":1,"AcquisitionTime":[],"BaseResolution":320,"BodyPartExamined":"BRAIN","ConsistencyInfo":"N4_VE11C_LATEST_20160120","ConversionSoftware":"dcm2niix","ConversionSoftwareVersion":"v1.0.20200427","DeviceSerialNumber":"167017","DwellTime":6.6E-6,"EchoTime":0.00314,"FlipAngle":9,"ImageOrientationPatientDICOM":[0.00709104,0.997481,-0.0705769,0.0372513,-0.0707932,-0.996795],"ImageType":["ORIGINAL","PRIMARY","M","ND","NORM","FM","FIL"],"ImagingFrequency":123.25,"InPlanePhaseEncodingDirectionDICOM":"ROW","InstitutionAddress":[],"InstitutionName":[],"InstitutionalDepartmentName":[],"InversionTime":0.9,"MRAcquisitionType":"3D","MagneticFieldStrength":3,"Manufacturer":"Siemens","ManufacturersModelName":"Prisma_fit","Modality":"MR","ParallelReductionFactorInPlane":2,"PartialFourier":1,"PatientPosition":"HFS","PercentPhaseFOV":100,"PercentSampling":100,"PhaseEncodingSteps":319,"PhaseResolution":1,"PixelBandwidth":235,"ProcedureStepDescription":[],"ProtocolName":[],"PulseSequenceDetails":[],"ReceiveCoilActiveElements":"HC1-7","ReceiveCoilName":"HeadNeck_64","ReconMatrixPE":320,"RefLinesPE":32,"RepetitionTime":2.3,"SAR":0.0529647,"ScanOptions":"IR","ScanningSequence":"GR_IR","SequenceName":"_tfl3d1_16ns","SequenceVariant":"SK_SP_MP","SeriesDescription":[],"SeriesNumber":19,"ShimSetting":[325,-11584,-6450,366,58,-244,-26,-2],"SliceThickness":0.8,"SoftwareVersions":"syngo_MR_E11","StationName":"MRC35056","TxRefAmp":237.268,"dataset":"MICs","modality":"T1w","run_id":1,"session_id":"01","subject_id":"sub-HC004"},"cjv":0.8120664951599722,"cnr":1.4857818086663315,"efc":0.70952821671442978,"fber":29.129981994628906,"fwhm_avg":3.435279115477019,"fwhm_x":3.445312448660844,"fwhm_y":3.513124947650359,"fwhm_z":3.3473999501198537,"icvs_csf":0.20902956658681815,"icvs_gm":0.42690147622017904,"icvs_wm":0.36406895719300281,"inu_med":1.4657179117202759,"inu_range":0.73062287569046,"provenance":{"md5sum":"7e154518f80aa3742fe56becee02eae3","settings":{"testing":false},"software":"mriqc","version":"0.15.2","warnings":{"large_rot_frame":false,"small_air_mask":false},"webapi_port":[],"webapi_url":"https://mriqc.nimh.nih.gov/api/v1"},"qi_1":0,"qi_2":0.0043257210816559713,"rpve_csf":21.718943625431127,"rpve_gm":11.146461644403907,"rpve_wm":14.786863815130756,"size_x":224,"size_y":320,"size_z":320,"snr_csf":1.7560164839013852,"snr_gm":7.9037937843085277,"snr_total":7.4191578682212622,"snr_wm":12.597663336453872,"snrd_csf":41.846893306949148,"snrd_gm":71.517805554114787,"snrd_total":67.315398851264376,"snrd_wm":88.5814976927292,"spacing_x":0.800000011920929,"spacing_y":0.800000011920929,"spacing_z":0.800000011920929,"summary_bg_k":23.307039809406316,"summary_bg_mad":7.3962024156427919,"summary_bg_mean":150.84788513183594,"summary_bg_median":150.74644470214844,"summary_bg_n":8.287953E+6,"summary_bg_p05":138.79910278320312,"summary_bg_p95":163.82784118652341,"summary_bg_stdv":8.590174674987793,"summary_csf_k":17.444213932778005,"summary_csf_mad":109.39926219608563,"summary_csf_mean":523.3043212890625,"summary_csf_median":472.43307495117188,"summary_csf_n":150832,"summary_csf_p05":326.62923583984377,"summary_csf_p95":892.04995117187423,"summary_csf_stdv":269.03591918945312,"summary_gm_k":0.11655604695912958,"summary_gm_mad":96.06061562229803,"summary_gm_mean":824.86517333984375,"summary_gm_median":807.4046630859375,"summary_gm_n":102066,"summary_gm_p05":682.44129943847656,"summary_gm_p95":1015.3192443847656,"summary_gm_stdv":102.153564453125,"summary_wm_k":13.234443635499122,"summary_wm_mad":60.377174580565182,"summary_wm_mean":1010.7686767578125,"summary_wm_median":1000.0462646484375,"summary_wm_n":545040,"summary_wm_p05":912.45212707519534,"summary_wm_p95":1137.260858154297,"summary_wm_stdv":79.3833999633789,"tpm_overlap_csf":0.10899519175291061,"tpm_overlap_gm":0.36226564645767212,"tpm_overlap_wm":0.46559751033782959,"wm2max":0.369367549284439}