{"bids_meta":{"AcquisitionMatrixPE":320,"AcquisitionNumber":1,"AcquisitionTime":[],"BaseResolution":320,"BodyPartExamined":"BRAIN","ConsistencyInfo":"N4_VE11C_LATEST_20160120","ConversionSoftware":"dcm2niix","ConversionSoftwareVersion":"v1.0.20200427","DeviceSerialNumber":"167017","DwellTime":6.6E-6,"EchoTime":0.00314,"FlipAngle":9,"ImageOrientationPatientDICOM":[-0.011509,0.934607,0.355496,-0.0298355,0.35504,-0.934375],"ImageType":["ORIGINAL","PRIMARY","M","ND","NORM","FM","FIL"],"ImagingFrequency":123.25,"InPlanePhaseEncodingDirectionDICOM":"ROW","InstitutionAddress":[],"InstitutionName":[],"InstitutionalDepartmentName":[],"InversionTime":0.9,"MRAcquisitionType":"3D","MagneticFieldStrength":3,"Manufacturer":"Siemens","ManufacturersModelName":"Prisma_fit","Modality":"MR","ParallelReductionFactorInPlane":2,"PartialFourier":1,"PatientPosition":"HFS","PercentPhaseFOV":100,"PercentSampling":100,"PhaseEncodingSteps":319,"PhaseResolution":1,"PixelBandwidth":235,"ProcedureStepDescription":[],"ProtocolName":[],"PulseSequenceDetails":[],"ReceiveCoilActiveElements":"HC1-7","ReceiveCoilName":"HeadNeck_64","ReconMatrixPE":320,"RefLinesPE":32,"RepetitionTime":2.3,"SAR":0.0468511,"ScanOptions":"IR","ScanningSequence":"GR_IR","SequenceName":"_tfl3d1_16ns","SequenceVariant":"SK_SP_MP","SeriesDescription":[],"SeriesNumber":7,"ShimSetting":[323,-11647,-6442,553,61,-280,151,-28],"SliceThickness":0.8,"SoftwareVersions":"syngo_MR_E11","StationName":"MRC35056","TxRefAmp":216.773,"dataset":"MICs","modality":"T1w","run_id":2,"session_id":"01","subject_id":"sub-HC029"},"cjv":0.56790533449525593,"cnr":2.0877900323621184,"efc":0.6747787187819605,"fber":28.065227508544922,"fwhm_avg":3.4475624486273162,"fwhm_x":3.4621499484099454,"fwhm_y":3.4888624480118984,"fwhm_z":3.3916749494601048,"icvs_csf":0.22388527960237292,"icvs_gm":0.42333173688326264,"icvs_wm":0.35278298351436443,"inu_med":1.4993427991867065,"inu_range":0.5915657997131345,"provenance":{"md5sum":"335474ef084b452c5bec19a1985720d8","settings":{"testing":false},"software":"mriqc","version":"0.15.2","warnings":{"large_rot_frame":false,"small_air_mask":false},"webapi_port":[],"webapi_url":"https://mriqc.nimh.nih.gov/api/v1"},"qi_1":0,"qi_2":0.0043423738566653316,"rpve_csf":22.17785707194291,"rpve_gm":12.077855028677728,"rpve_wm":16.305206149545771,"size_x":224,"size_y":320,"size_z":320,"snr_csf":1.35170392034013,"snr_gm":9.3778353818397573,"snr_total":8.9490837337120723,"snr_wm":16.11771189895633,"snrd_csf":39.009283837194879,"snrd_gm":74.06279724301649,"snrd_total":69.2790788512684,"snrd_wm":94.765155473593822,"spacing_x":0.800000011920929,"spacing_y":0.800000011920929,"spacing_z":0.800000011920929,"summary_bg_k":17551.068483582734,"summary_bg_mad":6.9135015560197743,"summary_bg_mean":144.75833129882812,"summary_bg_median":144.56211853027344,"summary_bg_n":8.260205E+6,"summary_bg_p05":133.31886291503906,"summary_bg_p95":156.59159851074219,"summary_bg_stdv":12.414656639099121,"summary_csf_k":11.360530563881222,"summary_csf_mad":76.52945340410831,"summary_csf_mean":495.14935302734375,"summary_csf_median":411.6558837890625,"summary_csf_n":184978,"summary_csf_p05":305.84255218505859,"summary_csf_p95":1310.8610473632807,"summary_csf_stdv":304.54507446289062,"summary_gm_k":0.23432383400643575,"summary_gm_mad":79.537211167123672,"summary_gm_mean":790.364990234375,"summary_gm_median":781.56744384765625,"summary_gm_n":116085,"summary_gm_p05":667.22199707031245,"summary_gm_p95":941.981896972656,"summary_gm_stdv":83.341629028320312,"summary_wm_k":17.423692244576305,"summary_wm_mad":44.531456161425282,"summary_wm_mean":1005.3170776367188,"summary_wm_median":1000.0346069335938,"summary_wm_n":502379,"summary_wm_p05":925.85703735351569,"summary_wm_p95":1093.3562377929686,"summary_wm_stdv":62.045631408691406,"tpm_overlap_csf":0.10933694988489151,"tpm_overlap_gm":0.35439324378967285,"tpm_overlap_wm":0.46917441487312317,"wm2max":0.34365449565322431}