{"aor":0.003181508620689655,"aqi":0.0060867389080459773,"bids_meta":{"AcquisitionMatrixPE":80,"AcquisitionNumber":1,"AcquisitionTime":[],"BandwidthPerPixelPhaseEncode":23.148,"BaseResolution":80,"BodyPartExamined":"BRAIN","ConsistencyInfo":"N4_VE11C_LATEST_20160120","ConversionSoftware":"dcm2niix","ConversionSoftwareVersion":"v1.0.20200427","DerivedVendorReportedEchoSpacing":0.000540003,"DeviceSerialNumber":"167017","DwellTime":2.6E-6,"EchoTime":0.03,"EchoTrainLength":80,"EffectiveEchoSpacing":0.000540003,"FlipAngle":50,"ImageComments":"Unaliased_MB6_PE3_LB","ImageOrientationPatientDICOM":[1,0,0,0,0.829038,-0.559193],"ImageType":["ORIGINAL","PRIMARY","M","MB","ND","NORM","MOSAIC"],"ImagingFrequency":123.25,"InPlanePhaseEncodingDirectionDICOM":"COL","InstitutionAddress":[],"InstitutionName":[],"InstitutionalDepartmentName":[],"Instructions":"eyes closed","MRAcquisitionType":"2D","MagneticFieldStrength":3,"Manufacturer":"Siemens","ManufacturersModelName":"Prisma_fit","Modality":"MR","MultibandAccelerationFactor":6,"PartialFourier":1,"PatientPosition":"HFS","PercentPhaseFOV":100,"PercentSampling":100,"PhaseEncodingDirection":"j-","PhaseEncodingSteps":80,"PhaseResolution":1,"PixelBandwidth":2405,"ProcedureStepDescription":[],"ProtocolName":[],"PulseSequenceDetails":[],"ReceiveCoilActiveElements":"HC1-7","ReceiveCoilName":"HeadNeck_64","ReconMatrixPE":80,"RepetitionTime":0.6,"SAR":0.0406947,"ScanOptions":"FS","ScanningSequence":"EP","SequenceName":"epfid2d1_80","SequenceVariant":"SK_SS","SeriesDescription":[],"SeriesNumber":14,"ShimSetting":[307,-11562,-6390,483,13,91,-166,21],"SliceThickness":3,"SliceTiming":[0.5075,0.435,0.3625,0.29,0.2175,0.145,0.0725,0,0.5075,0.435,0.3625,0.29,0.2175,0.145,0.0725,0,0.5075,0.435,0.3625,0.29,0.2175,0.145,0.0725,0,0.5075,0.435,0.3625,0.29,0.2175,0.145,0.0725,0,0.5075,0.435,0.3625,0.29,0.2175,0.145,0.0725,0,0.5075,0.435,0.3625,0.29,0.2175,0.145,0.0725,0],"SoftwareVersions":"syngo_MR_E11","SpacingBetweenSlices":3,"StationName":"MRC35056","TaskName":"rest","TotalReadoutTime":0.0426603,"TxRefAmp":220.353,"WipMemBlock":"99ee7a56-ebe3-4418-8f80-c529f64b099d||Sequence: R016 ve11c/master r/34fb20f; Nov 20 2017 15:15:15 by eja","acq_id":"AP","dataset":"MICs","modality":"bold","session_id":"01","subject_id":"sub-HC039","task_id":"rest"},"dummy_trs":4,"dvars_nstd":34.893682485510773,"dvars_std":1.3277037014244619,"dvars_vstd":1.0869802762589909,"efc":0.45997568574747583,"fber":7814.9033203125,"fd_mean":0.11452252204457036,"fd_num":64,"fd_perc":9.1954022988505741,"fwhm_avg":2.2455854950510177,"fwhm_x":2.0921966666666667,"fwhm_y":2.3605899999999997,"fwhm_z":2.283969818486387,"gcor":0.014271,"gsr_x":-0.013620732352137566,"gsr_y":0.022228935733437538,"provenance":{"md5sum":"6238588a948b8751a49096c73aa6bab8","settings":{"fd_thres":0.2,"hmc_fsl":false,"testing":false},"software":"mriqc","version":"0.15.2","webapi_port":[],"webapi_url":"https://mriqc.nimh.nih.gov/api/v1"},"size_t":696,"size_x":80,"size_y":80,"size_z":48,"snr":3.8492601263244666,"spacing_tr":0.60000002384185791,"spacing_x":3,"spacing_y":3,"spacing_z":3.0000002384185791,"summary_bg_k":40.618936356556972,"summary_bg_mad":42.750488616849793,"summary_bg_mean":224.01678466796875,"summary_bg_median":70.399421691894531,"summary_bg_n":200467,"summary_bg_p05":34.011493682861328,"summary_bg_p95":1127.1589355468743,"summary_bg_stdv":510.51766967773438,"summary_fg_k":2.9375790239847221,"summary_fg_mad":1393.8491468807595,"summary_fg_mean":6578.50146484375,"summary_fg_median":6485.55615234375,"summary_fg_n":56870,"summary_fg_p05":4309.89794921875,"summary_fg_p95":9281.9296386718634,"summary_fg_stdv":1684.8690185546875,"tsnr":51.017202970571816}