{"aor":0.071022,"aqi":0.0059419259999999993,"bids_meta":{"AcquisitionMatrixPE":80,"AcquisitionNumber":1,"AcquisitionTime":[],"BandwidthPerPixelPhaseEncode":23.148,"BaseResolution":80,"BodyPartExamined":"BRAIN","ConsistencyInfo":"N4_VE11C_LATEST_20160120","ConversionSoftware":"dcm2niix","ConversionSoftwareVersion":"v1.0.20200427","DerivedVendorReportedEchoSpacing":0.000540003,"DeviceSerialNumber":"167017","DwellTime":3E-6,"EchoTime":0.048,"EchoTrainLength":80,"EffectiveEchoSpacing":0.000540003,"FlipAngle":90,"ImageComments":"Unaliased_MB6_PE3_LB","ImageOrientationPatientDICOM":[1,1.8E-14,2.7E-14,0,0.829038,-0.559193],"ImageType":["ORIGINAL","PRIMARY","M","ND","NORM","MOSAIC"],"ImagingFrequency":123.25,"InPlanePhaseEncodingDirectionDICOM":"ROW","InstitutionAddress":[],"InstitutionName":[],"InstitutionalDepartmentName":[],"Instructions":"eyes closed","MRAcquisitionType":"2D","MagneticFieldStrength":3,"Manufacturer":"Siemens","ManufacturersModelName":"Prisma_fit","Modality":"MR","PartialFourier":1,"PatientPosition":"HFS","PercentPhaseFOV":100,"PercentSampling":100,"PhaseEncodingDirection":"i","PhaseEncodingSteps":80,"PhaseResolution":1,"PixelBandwidth":2085,"ProcedureStepDescription":[],"ProtocolName":[],"PulseSequenceDetails":[],"ReceiveCoilActiveElements":"HC1-7","ReceiveCoilName":"HeadNeck_64","ReconMatrixPE":80,"RepetitionTime":4.029,"SAR":0.13405,"ScanOptions":"FS","ScanningSequence":"EP","SequenceName":"epse2d1_80","SequenceVariant":"SK","SeriesDescription":[],"SeriesNumber":16,"ShimSetting":[307,-11562,-6390,483,13,91,-166,21],"SliceThickness":3,"SliceTiming":[3.925,3.8425,3.7575,3.675,3.59,3.5075,3.425,3.34,3.2575,3.1725,3.09,3.0075,2.9225,2.84,2.755,2.6725,2.59,2.505,2.4225,2.3375,2.255,2.17,2.0875,2.005,1.92,1.8375,1.7525,1.67,1.5875,1.5025,1.42,1.335,1.2525,1.17,1.085,1.0025,0.9175,0.835,0.7525,0.6675,0.585,0.5,0.4175,0.3325,0.25,0.1675,0.0825,0],"SoftwareVersions":"syngo_MR_E11","SpacingBetweenSlices":3,"StationName":"MRC35056","TaskName":"rest","TotalReadoutTime":0.0426603,"TxRefAmp":220.353,"WipMemBlock":"d5f488a3-4966-4632-9695-b7d84d6c8713||Sequence: R016 ve11c/master r/34fb20f; Nov 20 2017 15:30:40 by eja","acq_id":"PAse","dataset":"MICs","modality":"bold","session_id":"01","subject_id":"sub-HC039","task_id":"rest"},"dummy_trs":1,"dvars_nstd":59.91409969,"dvars_std":2.144628555,"dvars_vstd":3.2661672225,"efc":0.50050320330191722,"fber":876.12567138671875,"fd_mean":0.089800536063818548,"fd_num":0,"fd_perc":0,"fwhm_avg":1.8350988888888891,"fwhm_x":1.6627066666666668,"fwhm_y":1.97205,"fwhm_z":1.87054,"gcor":0.00103813,"gsr_x":-0.025661421939730644,"gsr_y":0.012430751696228981,"provenance":{"md5sum":"9f29b9462ba0050293ab9a23089dbde1","settings":{"fd_thres":0.2,"hmc_fsl":false,"testing":false},"software":"mriqc","version":"0.15.2","webapi_port":[],"webapi_url":"https://mriqc.nimh.nih.gov/api/v1"},"size_t":5,"size_x":80,"size_y":80,"size_z":48,"snr":2.421205201966977,"spacing_tr":4.0289998054504395,"spacing_x":3,"spacing_y":3,"spacing_z":3,"summary_bg_k":53.144066227219113,"summary_bg_mad":96.593109076570258,"summary_bg_mean":594.3275146484375,"summary_bg_median":283.377197265625,"summary_bg_n":195472,"summary_bg_p05":170.44750213623047,"summary_bg_p95":2696.1791870117186,"summary_bg_stdv":1134.4259033203125,"summary_fg_k":11.384529586162786,"summary_fg_mad":2679.8013381682822,"summary_fg_mean":9504.3798828125,"summary_fg_median":8924.060546875,"summary_fg_n":61346,"summary_fg_p05":5090.79248046875,"summary_fg_p95":16065.129638671875,"summary_fg_stdv":3685.7626953125,"tsnr":77.129379272460938}