{"aor":0.048025000000000005,"aqi":0.0056577833333333336,"bids_meta":{"AcquisitionMatrixPE":80,"AcquisitionNumber":1,"AcquisitionTime":[],"BandwidthPerPixelPhaseEncode":23.148,"BaseResolution":80,"BodyPartExamined":"BRAIN","ConsistencyInfo":"N4_VE11C_LATEST_20160120","ConversionSoftware":"dcm2niix","ConversionSoftwareVersion":"v1.0.20200427","DerivedVendorReportedEchoSpacing":0.000540003,"DeviceSerialNumber":"167017","DwellTime":3E-6,"EchoTime":0.048,"EchoTrainLength":80,"EffectiveEchoSpacing":0.000540003,"FlipAngle":90,"ImageComments":"Unaliased_MB6_PE3_LB","ImageOrientationPatientDICOM":[1,0,0,0,0.829038,-0.559193],"ImageType":["ORIGINAL","PRIMARY","M","ND","NORM","MOSAIC"],"ImagingFrequency":123.25,"InPlanePhaseEncodingDirectionDICOM":"COL","InstitutionAddress":[],"InstitutionName":[],"InstitutionalDepartmentName":[],"Instructions":"eyes closed","MRAcquisitionType":"2D","MagneticFieldStrength":3,"Manufacturer":"Siemens","ManufacturersModelName":"Prisma_fit","Modality":"MR","PartialFourier":1,"PatientPosition":"HFS","PercentPhaseFOV":100,"PercentSampling":100,"PhaseEncodingDirection":"j-","PhaseEncodingSteps":80,"PhaseResolution":1,"PixelBandwidth":2085,"ProcedureStepDescription":[],"ProtocolName":[],"PulseSequenceDetails":[],"ReceiveCoilActiveElements":"HC1-7","ReceiveCoilName":"HeadNeck_64","ReconMatrixPE":80,"RepetitionTime":4.029,"SAR":0.13405,"ScanOptions":"FS","ScanningSequence":"EP","SequenceName":"epse2d1_80","SequenceVariant":"SK","SeriesDescription":[],"SeriesNumber":15,"ShimSetting":[307,-11562,-6390,483,13,91,-166,21],"SliceThickness":3,"SliceTiming":[3.925,3.8425,3.7575,3.675,3.59,3.5075,3.425,3.34,3.2575,3.1725,3.09,3.0075,2.9225,2.84,2.755,2.6725,2.5875,2.505,2.4225,2.3375,2.255,2.17,2.0875,2.005,1.92,1.8375,1.7525,1.67,1.5875,1.5025,1.42,1.335,1.2525,1.17,1.085,1.0025,0.9175,0.835,0.75,0.6675,0.585,0.5,0.4175,0.3325,0.25,0.1675,0.0825,0],"SoftwareVersions":"syngo_MR_E11","SpacingBetweenSlices":3,"StationName":"MRC35056","TaskName":"rest","TotalReadoutTime":0.0426603,"TxRefAmp":220.353,"WipMemBlock":"49803697-4c86-47f4-885c-e5515bbc4242||Sequence: R016 ve11c/master r/34fb20f; Nov 20 2017 15:30:40 by eja","acq_id":"APse","dataset":"MICs","modality":"bold","session_id":"01","subject_id":"sub-HC039","task_id":"rest"},"dummy_trs":0,"dvars_nstd":67.56384811400001,"dvars_std":2.849276256,"dvars_vstd":181.73117122600001,"efc":0.49258494761692639,"fber":957.63299560546875,"fd_mean":0.10563512870188536,"fd_num":0,"fd_perc":0,"fwhm_avg":1.8375899497776604,"fwhm_x":1.8662466666666668,"fwhm_y":1.7506933333333334,"fwhm_z":1.8958298493329806,"gcor":0.0029063,"gsr_x":-0.02706742100417614,"gsr_y":0.011524099856615067,"provenance":{"md5sum":"57abbe27752e54d9a1cde8069128a5e9","settings":{"fd_thres":0.2,"hmc_fsl":false,"testing":false},"software":"mriqc","version":"0.15.2","webapi_port":[],"webapi_url":"https://mriqc.nimh.nih.gov/api/v1"},"size_t":6,"size_x":80,"size_y":80,"size_z":48,"snr":2.4010905190513365,"spacing_tr":4.0289998054504395,"spacing_x":3,"spacing_y":3,"spacing_z":3.0000002384185791,"summary_bg_k":67.190508839113107,"summary_bg_mad":99.636226142373786,"summary_bg_mean":588.926513671875,"summary_bg_median":278.31732177734375,"summary_bg_n":197447,"summary_bg_p05":168.97755737304686,"summary_bg_p95":2615.6231933593635,"summary_bg_stdv":1175.5548095703125,"summary_fg_k":22.73079617292623,"summary_fg_mad":2579.2877126661288,"summary_fg_mean":9861.0302734375,"summary_fg_median":9152.2958984375,"summary_fg_n":59531,"summary_fg_p05":5929.329833984375,"summary_fg_p95":16551.314453125,"summary_fg_stdv":3811.692626953125,"tsnr":69.859344482421875}