{"bids_meta":{"AcquisitionMatrixPE":320,"AcquisitionNumber":1,"AcquisitionTime":[],"BaseResolution":320,"BodyPartExamined":"BRAIN","ConsistencyInfo":"N4_VE11C_LATEST_20160120","ConversionSoftware":"dcm2niix","ConversionSoftwareVersion":"v1.0.20200427","DeviceSerialNumber":"167017","DwellTime":6.6E-6,"EchoTime":0.00314,"FlipAngle":9,"ImageOrientationPatientDICOM":[-0.0138483,0.96583,0.258805,-0.0143487,0.258612,-0.965875],"ImageType":["ORIGINAL","PRIMARY","M","ND","NORM","FM","FIL"],"ImagingFrequency":123.25,"InPlanePhaseEncodingDirectionDICOM":"ROW","InstitutionAddress":[],"InstitutionName":[],"InstitutionalDepartmentName":[],"InversionTime":0.9,"MRAcquisitionType":"3D","MagneticFieldStrength":3,"Manufacturer":"Siemens","ManufacturersModelName":"Prisma_fit","Modality":"MR","ParallelReductionFactorInPlane":2,"PartialFourier":1,"PatientPosition":"HFS","PercentPhaseFOV":100,"PercentSampling":100,"PhaseEncodingSteps":319,"PhaseResolution":1,"PixelBandwidth":235,"ProcedureStepDescription":[],"ProtocolName":[],"PulseSequenceDetails":[],"ReceiveCoilActiveElements":"HC1-7","ReceiveCoilName":"HeadNeck_64","ReconMatrixPE":320,"RefLinesPE":32,"RepetitionTime":2.3,"SAR":0.0484596,"ScanOptions":"IR","ScanningSequence":"GR_IR","SequenceName":"_tfl3d1_16ns","SequenceVariant":"SK_SP_MP","SeriesDescription":[],"SeriesNumber":7,"ShimSetting":[310,-11601,-6419,370,72,-337,25,21],"SliceThickness":0.8,"SoftwareVersions":"syngo_MR_E11","StationName":"MRC35056","TxRefAmp":234.781,"dataset":"MICs","modality":"T1w","run_id":2,"session_id":"01","subject_id":"sub-HC038"},"cjv":0.86045342823889392,"cnr":1.5273957638787865,"efc":0.69837152414474868,"fber":34.339836120605469,"fwhm_avg":3.4703457816211518,"fwhm_x":3.4540499485306451,"fwhm_y":3.5514749470788995,"fwhm_z":3.4055124492539104,"icvs_csf":0.21159263031577785,"icvs_gm":0.43485462622827564,"icvs_wm":0.35355274345594651,"inu_med":1.4157679080963135,"inu_range":0.67978807687759368,"provenance":{"md5sum":"1568619e5643540a25388a2cbd07a47e","settings":{"testing":false},"software":"mriqc","version":"0.15.2","warnings":{"large_rot_frame":false,"small_air_mask":false},"webapi_port":[],"webapi_url":"https://mriqc.nimh.nih.gov/api/v1"},"qi_1":0,"qi_2":0.0048885210149691716,"rpve_csf":20.829943973772075,"rpve_gm":10.635999027710257,"rpve_wm":14.481232582526275,"size_x":224,"size_y":320,"size_z":320,"snr_csf":1.3858546968608292,"snr_gm":8.22486484670876,"snr_total":8.3336720352174467,"snr_wm":15.390296562082748,"snrd_csf":44.5069724021478,"snrd_gm":81.521192152237361,"snrd_total":75.222116048539547,"snrd_wm":99.638183591233513,"spacing_x":0.800000011920929,"spacing_y":0.800000011920929,"spacing_z":0.800000011920929,"summary_bg_k":20.549929724506857,"summary_bg_mad":6.5754503330106013,"summary_bg_mean":137.69944763183594,"summary_bg_median":137.59175109863281,"summary_bg_n":8.133113E+6,"summary_bg_p05":126.95321655273438,"summary_bg_p95":149.08432006835938,"summary_bg_stdv":7.3749251365661621,"summary_csf_k":16.084294044202156,"summary_csf_mad":95.5492065379545,"summary_csf_mean":525.9617919921875,"summary_csf_median":446.7060546875,"summary_csf_n":157935,"summary_csf_p05":322.82788696289066,"summary_csf_p95":1249.8059814453113,"summary_csf_stdv":322.33151245117188,"summary_gm_k":-0.18024195488753625,"summary_gm_mad":103.53737752433149,"summary_gm_mean":828.87457275390625,"summary_gm_median":818.2091064453125,"summary_gm_n":134666,"summary_gm_p05":683.71026611328125,"summary_gm_p95":1003.5900115966797,"summary_gm_stdv":99.479576110839844,"summary_wm_k":7.2152857664633885,"summary_wm_mad":52.924030792486192,"summary_wm_mean":1006.5996704101562,"summary_wm_median":1000.0451049804688,"summary_wm_n":520493,"summary_wm_p05":917.46575927734375,"summary_wm_p95":1113.5266357421874,"summary_wm_stdv":64.978874206542969,"tpm_overlap_csf":0.10785812884569168,"tpm_overlap_gm":0.35346591472625732,"tpm_overlap_wm":0.44853216409683228,"wm2max":0.39001015077367573}