{"bids_meta":{"AcquisitionMatrixPE":320,"AcquisitionNumber":1,"AcquisitionTime":[],"BaseResolution":320,"BodyPartExamined":"BRAIN","ConsistencyInfo":"N4_VE11C_LATEST_20160120","ConversionSoftware":"dcm2niix","ConversionSoftwareVersion":"v1.0.20200427","DeviceSerialNumber":"167017","DwellTime":6.6E-6,"EchoTime":0.00314,"FlipAngle":9,"ImageOrientationPatientDICOM":[-0.0138483,0.96583,0.258805,-0.0143487,0.258612,-0.965875],"ImageType":["ORIGINAL","PRIMARY","M","ND","NORM","FM","FIL"],"ImagingFrequency":123.25,"InPlanePhaseEncodingDirectionDICOM":"ROW","InstitutionAddress":[],"InstitutionName":[],"InstitutionalDepartmentName":[],"InversionTime":0.9,"MRAcquisitionType":"3D","MagneticFieldStrength":3,"Manufacturer":"Siemens","ManufacturersModelName":"Prisma_fit","Modality":"MR","ParallelReductionFactorInPlane":2,"PartialFourier":1,"PatientPosition":"HFS","PercentPhaseFOV":100,"PercentSampling":100,"PhaseEncodingSteps":319,"PhaseResolution":1,"PixelBandwidth":235,"ProcedureStepDescription":[],"ProtocolName":[],"PulseSequenceDetails":[],"ReceiveCoilActiveElements":"HC1-7","ReceiveCoilName":"HeadNeck_64","ReconMatrixPE":320,"RefLinesPE":32,"RepetitionTime":2.3,"SAR":0.0484596,"ScanOptions":"IR","ScanningSequence":"GR_IR","SequenceName":"_tfl3d1_16ns","SequenceVariant":"SK_SP_MP","SeriesDescription":[],"SeriesNumber":19,"ShimSetting":[310,-11601,-6419,370,72,-337,25,21],"SliceThickness":0.8,"SoftwareVersions":"syngo_MR_E11","StationName":"MRC35056","TxRefAmp":234.781,"dataset":"MICs","modality":"T1w","run_id":1,"session_id":"01","subject_id":"sub-HC038"},"cjv":0.77314149549466149,"cnr":1.6667481437090002,"efc":0.70212268067734551,"fber":32.7486457824707,"fwhm_avg":3.3761124496920041,"fwhm_x":3.4167499490864581,"fwhm_y":3.4003374493310239,"fwhm_z":3.3112499506585307,"icvs_csf":0.20498122452252449,"icvs_gm":0.438226317013497,"icvs_wm":0.3567924584639785,"inu_med":1.4152085781097412,"inu_range":0.67278425097465511,"provenance":{"md5sum":"c5020afeeac332b5c3c620304467cf5e","settings":{"testing":false},"software":"mriqc","version":"0.15.2","warnings":{"large_rot_frame":false,"small_air_mask":false},"webapi_port":[],"webapi_url":"https://mriqc.nimh.nih.gov/api/v1"},"qi_1":0,"qi_2":0.00478466247292047,"rpve_csf":21.589672168914685,"rpve_gm":10.640440212493635,"rpve_wm":14.447533144098784,"size_x":224,"size_y":320,"size_z":320,"snr_csf":1.3739746201677387,"snr_gm":8.3016197747423472,"snr_total":8.26294921184092,"snr_wm":15.11325324061268,"snrd_csf":43.705300683902109,"snrd_gm":78.4364640359754,"snrd_total":73.23020411094619,"snrd_wm":97.548847612961069,"spacing_x":0.800000011920929,"spacing_y":0.800000011920929,"spacing_z":0.800000011920929,"summary_bg_k":68.386741296724864,"summary_bg_mad":6.7162541081567628,"summary_bg_mean":140.35069274902344,"summary_bg_median":140.26365661621094,"summary_bg_n":7.89526E+6,"summary_bg_p05":129.3858787536621,"summary_bg_p95":151.99511795043946,"summary_bg_stdv":7.6580429077148438,"summary_csf_k":12.662130618756551,"summary_csf_mad":96.012859071955234,"summary_csf_mean":531.68865966796875,"summary_csf_median":448.05313110351562,"summary_csf_n":152748,"summary_csf_p05":321.64554290771486,"summary_csf_p95":1367.7967224121091,"summary_csf_stdv":326.09893798828125,"summary_gm_k":-0.058389192288190728,"summary_gm_mad":97.307805873552525,"summary_gm_mean":815.95184326171875,"summary_gm_median":804.106201171875,"summary_gm_n":128274,"summary_gm_p05":676.20819396972661,"summary_gm_p95":989.35614013671875,"summary_gm_stdv":96.8609848022461,"summary_wm_k":7.32192460004152,"summary_wm_mad":54.177057704085748,"summary_wm_mean":1006.9734497070312,"summary_wm_median":1000.0404052734375,"summary_wm_n":519281,"summary_wm_p05":916.3265380859375,"summary_wm_p95":1116.587890625,"summary_wm_stdv":66.1697006225586,"tpm_overlap_csf":0.10664638131856918,"tpm_overlap_gm":0.35067147016525269,"tpm_overlap_wm":0.44916006922721863,"wm2max":0.39166075078686785}