{"aor":0.00062886819484240684,"aqi":0.013224134054441261,"bids_meta":{"AcquisitionMatrixPE":80,"AcquisitionNumber":1,"AcquisitionTime":[],"BandwidthPerPixelPhaseEncode":23.148,"BaseResolution":80,"BodyPartExamined":"BRAIN","ConsistencyInfo":"N4_VE11C_LATEST_20160120","ConversionSoftware":"dcm2niix","ConversionSoftwareVersion":"v1.0.20200427","DerivedVendorReportedEchoSpacing":0.000540003,"DeviceSerialNumber":"167017","DwellTime":2.6E-6,"EchoTime":0.03,"EchoTrainLength":80,"EffectiveEchoSpacing":0.000540003,"FlipAngle":50,"ImageComments":"Unaliased_MB6_PE3_LB","ImageOrientationPatientDICOM":[1,0,0,0,0.785857,-0.618408],"ImageType":["ORIGINAL","PRIMARY","M","MB","ND","NORM","MOSAIC"],"ImagingFrequency":123.25,"InPlanePhaseEncodingDirectionDICOM":"COL","InstitutionAddress":[],"InstitutionName":[],"InstitutionalDepartmentName":[],"Instructions":"eyes closed","MRAcquisitionType":"2D","MagneticFieldStrength":3,"Manufacturer":"Siemens","ManufacturersModelName":"Prisma_fit","Modality":"MR","MultibandAccelerationFactor":6,"PartialFourier":1,"PatientPosition":"HFS","PercentPhaseFOV":100,"PercentSampling":100,"PhaseEncodingDirection":"j-","PhaseEncodingSteps":80,"PhaseResolution":1,"PixelBandwidth":2405,"ProcedureStepDescription":[],"ProtocolName":[],"PulseSequenceDetails":[],"ReceiveCoilActiveElements":"HC1-7","ReceiveCoilName":"HeadNeck_64","ReconMatrixPE":80,"RepetitionTime":0.6,"SAR":0.0509873,"ScanOptions":"FS","ScanningSequence":"EP","SequenceName":"epfid2d1_80","SequenceVariant":"SK_SS","SeriesDescription":[],"SeriesNumber":19,"ShimSetting":[323,-11597,-6442,511,4,-139,-47,19],"SliceThickness":3,"SliceTiming":[0.5075,0.435,0.3625,0.29,0.2175,0.145,0.0725,0,0.5075,0.435,0.3625,0.29,0.2175,0.145,0.0725,0,0.5075,0.435,0.3625,0.29,0.2175,0.145,0.0725,0,0.5075,0.435,0.3625,0.29,0.2175,0.145,0.0725,0,0.5075,0.435,0.3625,0.29,0.2175,0.145,0.0725,0,0.5075,0.435,0.3625,0.29,0.2175,0.145,0.0725,0],"SoftwareVersions":"syngo_MR_E11","SpacingBetweenSlices":3,"StationName":"MRC35056","TaskName":"rest","TotalReadoutTime":0.0426603,"TxRefAmp":225.124,"WipMemBlock":"6db84e11-37a0-44fe-9769-0cb4559a8713||Sequence: R016 ve11c/master r/34fb20f; Nov 20 2017 15:15:15 by eja","acq_id":"AP","dataset":"MICs","modality":"bold","session_id":"01","subject_id":"sub-HC026","task_id":"rest"},"dummy_trs":2,"dvars_nstd":35.158289081506489,"dvars_std":1.2072291165423243,"dvars_vstd":0.94652426604017159,"efc":0.4346153397027927,"fber":7325.232421875,"fd_mean":0.11607931923626229,"fd_num":57,"fd_perc":8.1661891117478511,"fwhm_avg":2.3780955555555554,"fwhm_x":2.20798,"fwhm_y":2.5172966666666667,"fwhm_z":2.40901,"gcor":0.0166704,"gsr_x":-0.022484118118882179,"gsr_y":0.019602030515670776,"provenance":{"md5sum":"d188b7af3691ee0a89453a7d6b7d6015","settings":{"fd_thres":0.2,"hmc_fsl":false,"testing":false},"software":"mriqc","version":"0.15.2","webapi_port":[],"webapi_url":"https://mriqc.nimh.nih.gov/api/v1"},"size_t":698,"size_x":80,"size_y":80,"size_z":48,"snr":4.185468376550685,"spacing_tr":0.60000002384185791,"spacing_x":3,"spacing_y":3,"spacing_z":3,"summary_bg_k":47.434700063739342,"summary_bg_mad":44.906068518931249,"summary_bg_mean":214.84109497070312,"summary_bg_median":70.88037109375,"summary_bg_n":211526,"summary_bg_p05":29.85386848449707,"summary_bg_p95":1020.7665100097656,"summary_bg_stdv":479.72903442382812,"summary_fg_k":3.0513651292698905,"summary_fg_mad":1145.2327536210755,"summary_fg_mean":6296.55517578125,"summary_fg_median":6286.7890625,"summary_fg_n":47728,"summary_fg_p05":3914.6319213867182,"summary_fg_p95":8532.7812011718761,"summary_fg_stdv":1502.0357666015625,"tsnr":41.406328523531556}