{"aor":0.051938333333333336,"aqi":0.010425778333333335,"bids_meta":{"AcquisitionMatrixPE":80,"AcquisitionNumber":1,"AcquisitionTime":[],"BandwidthPerPixelPhaseEncode":23.148,"BaseResolution":80,"BodyPartExamined":"BRAIN","ConsistencyInfo":"N4_VE11C_LATEST_20160120","ConversionSoftware":"dcm2niix","ConversionSoftwareVersion":"v1.0.20200427","DerivedVendorReportedEchoSpacing":0.000540003,"DeviceSerialNumber":"167017","DwellTime":3E-6,"EchoTime":0.048,"EchoTrainLength":80,"EffectiveEchoSpacing":0.000540003,"FlipAngle":90,"ImageComments":"Unaliased_MB6_PE3_LB","ImageOrientationPatientDICOM":[1,0,0,0,0.785857,-0.618408],"ImageType":["ORIGINAL","PRIMARY","M","ND","NORM","MOSAIC"],"ImagingFrequency":123.25,"InPlanePhaseEncodingDirectionDICOM":"COL","InstitutionAddress":[],"InstitutionName":[],"InstitutionalDepartmentName":[],"Instructions":"eyes closed","MRAcquisitionType":"2D","MagneticFieldStrength":3,"Manufacturer":"Siemens","ManufacturersModelName":"Prisma_fit","Modality":"MR","PartialFourier":1,"PatientPosition":"HFS","PercentPhaseFOV":100,"PercentSampling":100,"PhaseEncodingDirection":"j","PhaseEncodingSteps":80,"PhaseResolution":1,"PixelBandwidth":2085,"ProcedureStepDescription":[],"ProtocolName":[],"PulseSequenceDetails":[],"ReceiveCoilActiveElements":"HC1-7","ReceiveCoilName":"HeadNeck_64","ReconMatrixPE":80,"RepetitionTime":4.029,"SAR":0.17564,"ScanOptions":"FS","ScanningSequence":"EP","SequenceName":"epse2d1_80","SequenceVariant":"SK","SeriesDescription":[],"SeriesNumber":21,"ShimSetting":[322,-11598,-6442,509,1,-142,-45,15],"SliceThickness":3,"SliceTiming":[3.925,3.8425,3.7575,3.675,3.5925,3.5075,3.425,3.34,3.2575,3.175,3.09,3.0075,2.9225,2.84,2.7575,2.6725,2.59,2.505,2.4225,2.3375,2.255,2.1725,2.0875,2.005,1.92,1.8375,1.755,1.67,1.5875,1.5025,1.42,1.3375,1.2525,1.17,1.085,1.0025,0.92,0.835,0.7525,0.6675,0.585,0.5025,0.4175,0.335,0.25,0.1675,0.0825,0],"SoftwareVersions":"syngo_MR_E11","SpacingBetweenSlices":3,"StationName":"MRC35056","TaskName":"rest","TotalReadoutTime":0.0426603,"TxRefAmp":225.124,"WipMemBlock":"62bc8c2a-da1b-4296-a174-c7b0d57a12ca||Sequence: R016 ve11c/master r/34fb20f; Nov 20 2017 15:30:40 by eja","acq_id":"PAse","dataset":"MICs","modality":"bold","session_id":"01","subject_id":"sub-HC026","task_id":"rest"},"dummy_trs":0,"dvars_nstd":93.786865234,"dvars_std":2.935811996,"dvars_vstd":14.411759518,"efc":0.482193864624372,"fber":791.5458984375,"fd_mean":0.32053634166676404,"fd_num":4,"fd_perc":66.666666666666671,"fwhm_avg":1.8146155555555559,"fwhm_x":1.8685633333333334,"fwhm_y":1.65704,"fwhm_z":1.9182433333333335,"gcor":0.00895743,"gsr_x":-0.039936888962984085,"gsr_y":0.0086625562980771065,"provenance":{"md5sum":"e78c9514f7c89433f51031791ea1a444","settings":{"fd_thres":0.2,"hmc_fsl":false,"testing":false},"software":"mriqc","version":"0.15.2","webapi_port":[],"webapi_url":"https://mriqc.nimh.nih.gov/api/v1"},"size_t":6,"size_x":80,"size_y":80,"size_z":48,"snr":2.550638370032011,"spacing_tr":4.0289998054504395,"spacing_x":3,"spacing_y":3,"spacing_z":3,"summary_bg_k":191.14312480244234,"summary_bg_mad":117.18699593185286,"summary_bg_mean":628.50848388671875,"summary_bg_median":290.398681640625,"summary_bg_n":208026,"summary_bg_p05":152.57937240600586,"summary_bg_p95":2794.768310546875,"summary_bg_stdv":1241.0826416015625,"summary_fg_k":11.246391927465023,"summary_fg_mad":2283.264606720923,"summary_fg_mean":9145.5927734375,"summary_fg_median":8651.8388671875,"summary_fg_n":50319,"summary_fg_p05":5006.94072265625,"summary_fg_p95":14660.575878906247,"summary_fg_stdv":3391.9951171875,"tsnr":49.967880249023438}