{"aor":0.038523333333333333,"aqi":0.010241546666666669,"bids_meta":{"AcquisitionMatrixPE":80,"AcquisitionNumber":1,"AcquisitionTime":[],"BandwidthPerPixelPhaseEncode":23.148,"BaseResolution":80,"BodyPartExamined":"BRAIN","ConsistencyInfo":"N4_VE11C_LATEST_20160120","ConversionSoftware":"dcm2niix","ConversionSoftwareVersion":"v1.0.20200427","DerivedVendorReportedEchoSpacing":0.000540003,"DeviceSerialNumber":"167017","DwellTime":3E-6,"EchoTime":0.048,"EchoTrainLength":80,"EffectiveEchoSpacing":0.000540003,"FlipAngle":90,"ImageComments":"Unaliased_MB6_PE3_LB","ImageOrientationPatientDICOM":[1,0,0,0,0.785857,-0.618408],"ImageType":["ORIGINAL","PRIMARY","M","ND","NORM","MOSAIC"],"ImagingFrequency":123.25,"InPlanePhaseEncodingDirectionDICOM":"COL","InstitutionAddress":[],"InstitutionName":[],"InstitutionalDepartmentName":[],"Instructions":"eyes closed","MRAcquisitionType":"2D","MagneticFieldStrength":3,"Manufacturer":"Siemens","ManufacturersModelName":"Prisma_fit","Modality":"MR","PartialFourier":1,"PatientPosition":"HFS","PercentPhaseFOV":100,"PercentSampling":100,"PhaseEncodingDirection":"j-","PhaseEncodingSteps":80,"PhaseResolution":1,"PixelBandwidth":2085,"ProcedureStepDescription":[],"ProtocolName":[],"PulseSequenceDetails":[],"ReceiveCoilActiveElements":"HC1-7","ReceiveCoilName":"HeadNeck_64","ReconMatrixPE":80,"RepetitionTime":4.029,"SAR":0.17564,"ScanOptions":"FS","ScanningSequence":"EP","SequenceName":"epse2d1_80","SequenceVariant":"SK","SeriesDescription":[],"SeriesNumber":20,"ShimSetting":[323,-11597,-6442,511,4,-139,-47,19],"SliceThickness":3,"SliceTiming":[3.9275,3.8425,3.76,3.675,3.5925,3.5075,3.425,3.3425,3.2575,3.175,3.09,3.0075,2.925,2.84,2.7575,2.6725,2.59,2.5075,2.4225,2.34,2.255,2.1725,2.09,2.005,1.9225,1.8375,1.755,1.67,1.5875,1.505,1.42,1.3375,1.2525,1.17,1.0875,1.0025,0.92,0.835,0.7525,0.67,0.585,0.5025,0.4175,0.335,0.2525,0.1675,0.085,0],"SoftwareVersions":"syngo_MR_E11","SpacingBetweenSlices":3,"StationName":"MRC35056","TaskName":"rest","TotalReadoutTime":0.0426603,"TxRefAmp":225.124,"WipMemBlock":"7109fd58-6115-48e9-a000-ef5ea96f6077||Sequence: R016 ve11c/master r/34fb20f; Nov 20 2017 15:30:40 by eja","acq_id":"APse","dataset":"MICs","modality":"bold","session_id":"01","subject_id":"sub-HC026","task_id":"rest"},"dummy_trs":0,"dvars_nstd":88.12946167,"dvars_std":2.432034112,"dvars_vstd":4.266971206,"efc":0.48547708122312055,"fber":767.13763427734375,"fd_mean":0.72343477977844661,"fd_num":5,"fd_perc":83.333333333333329,"fwhm_avg":1.8263777777777779,"fwhm_x":1.8678066666666666,"fwhm_y":1.74282,"fwhm_z":1.8685066666666668,"gcor":0.00652788,"gsr_x":-0.039364129304885864,"gsr_y":0.009800884872674942,"provenance":{"md5sum":"cf6be7fb8a7f2c44cc056504ea1a7a79","settings":{"fd_thres":0.2,"hmc_fsl":false,"testing":false},"software":"mriqc","version":"0.15.2","webapi_port":[],"webapi_url":"https://mriqc.nimh.nih.gov/api/v1"},"size_t":6,"size_x":80,"size_y":80,"size_z":48,"snr":2.603627926144553,"spacing_tr":4.0289998054504395,"spacing_x":3,"spacing_y":3,"spacing_z":3,"summary_bg_k":50.637222738902778,"summary_bg_mad":123.35044138810224,"summary_bg_mean":624.493896484375,"summary_bg_median":294.45169067382812,"summary_bg_n":207486,"summary_bg_p05":153.96196365356445,"summary_bg_p95":2816.2841186523438,"summary_bg_stdv":1206.25048828125,"summary_fg_k":28.698352374099208,"summary_fg_mad":2067.2165972050079,"summary_fg_mean":9088.115234375,"summary_fg_median":8594.9638671875,"summary_fg_n":51014,"summary_fg_p05":5216.8525390625,"summary_fg_p95":14383.117431640625,"summary_fg_stdv":3301.11669921875,"tsnr":49.7963752746582}