{"bids_meta":{"AcquisitionMatrixPE":320,"AcquisitionNumber":1,"AcquisitionTime":[],"BaseResolution":320,"BodyPartExamined":"BRAIN","ConsistencyInfo":"N4_VE11C_LATEST_20160120","ConversionSoftware":"dcm2niix","ConversionSoftwareVersion":"v1.0.20200427","DeviceSerialNumber":"167017","DwellTime":6.6E-6,"EchoTime":0.00314,"FlipAngle":9,"ImageOrientationPatientDICOM":[0.0281129,0.994467,0.101216,-0.0582125,0.102713,-0.993006],"ImageType":["ORIGINAL","PRIMARY","M","ND","NORM","FM","FIL"],"ImagingFrequency":123.25,"InPlanePhaseEncodingDirectionDICOM":"ROW","InstitutionAddress":[],"InstitutionName":[],"InstitutionalDepartmentName":[],"InversionTime":0.9,"MRAcquisitionType":"3D","MagneticFieldStrength":3,"Manufacturer":"Siemens","ManufacturersModelName":"Prisma_fit","Modality":"MR","ParallelReductionFactorInPlane":2,"PartialFourier":1,"PatientPosition":"HFS","PercentPhaseFOV":100,"PercentSampling":100,"PhaseEncodingSteps":319,"PhaseResolution":1,"PixelBandwidth":235,"ProcedureStepDescription":[],"ProtocolName":[],"PulseSequenceDetails":[],"ReceiveCoilActiveElements":"HC1-7","ReceiveCoilName":"HeadNeck_64","ReconMatrixPE":320,"RefLinesPE":32,"RepetitionTime":2.3,"SAR":0.0429414,"ScanOptions":"IR","ScanningSequence":"GR_IR","SequenceName":"_tfl3d1_16ns","SequenceVariant":"SK_SP_MP","SeriesDescription":[],"SeriesNumber":7,"ShimSetting":[327,-11597,-6434,422,101,-363,-44,5],"SliceThickness":0.8,"SoftwareVersions":"syngo_MR_E11","StationName":"MRC35056","TxRefAmp":216.827,"dataset":"MICs","modality":"T1w","run_id":2,"session_id":"01","subject_id":"sub-HC005"},"cjv":0.58640964951957675,"cnr":2.0405791309083061,"efc":0.66957176817809083,"fber":29.280025482177734,"fwhm_avg":3.3745791163815197,"fwhm_x":3.3216124505041176,"fwhm_y":3.4670874483363709,"fwhm_z":3.3350374503040694,"icvs_csf":0.19406346878148364,"icvs_gm":0.4412249564738453,"icvs_wm":0.36471157474467109,"inu_med":1.5528665781021118,"inu_range":0.68557559251785261,"provenance":{"md5sum":"7b7962224333f0f84e290700c7fb98e9","settings":{"testing":false},"software":"mriqc","version":"0.15.2","warnings":{"large_rot_frame":false,"small_air_mask":false},"webapi_port":[],"webapi_url":"https://mriqc.nimh.nih.gov/api/v1"},"qi_1":0,"qi_2":0.0045333421198781258,"rpve_csf":26.486064424224327,"rpve_gm":12.523729265596245,"rpve_wm":16.860592849495248,"size_x":224,"size_y":320,"size_z":320,"snr_csf":1.2451415903579068,"snr_gm":8.5370015593879636,"snr_total":9.16493742367144,"snr_wm":17.712669121268448,"snrd_csf":40.061433100027422,"snrd_gm":69.566532486465391,"snrd_total":66.440565118785216,"snrd_wm":89.693729769862841,"spacing_x":0.800000011920929,"spacing_y":0.800000011920929,"spacing_z":0.800000011920929,"summary_bg_k":5958.3890372864244,"summary_bg_mad":7.3043541947087594,"summary_bg_mean":145.49946594238281,"summary_bg_median":145.18849182128906,"summary_bg_n":8.185209E+6,"summary_bg_p05":132.89420776367189,"summary_bg_p95":158.30162048339844,"summary_bg_stdv":25.529647827148438,"summary_csf_k":5.9225947566512342,"summary_csf_mad":109.63967378324472,"summary_csf_mean":558.4017333984375,"summary_csf_median":446.65951538085938,"summary_csf_n":97756,"summary_csf_p05":308.31487274169922,"summary_csf_p95":1572.6996765136719,"summary_csf_stdv":358.72003173828125,"summary_gm_k":0.3925203685935319,"summary_gm_mad":84.004382866265985,"summary_gm_mean":788.701904296875,"summary_gm_median":775.62261962890625,"summary_gm_n":118253,"summary_gm_p05":661.63094482421877,"summary_gm_p95":959.38861083984364,"summary_gm_stdv":90.853836059570312,"summary_wm_k":4.8690046881626889,"summary_wm_mad":47.589142255376956,"summary_wm_mean":1003.8593139648438,"summary_wm_median":1000.028076171875,"summary_wm_n":469728,"summary_wm_p05":921.61372985839853,"summary_wm_p95":1096.5023498535156,"summary_wm_stdv":56.458290100097656,"tpm_overlap_csf":0.11171248555183411,"tpm_overlap_gm":0.36260011792182922,"tpm_overlap_wm":0.48017677664756775,"wm2max":0.33469531519466333}