{"Modality":"MR","MagneticFieldStrength":3,"ImagingFrequency":123.25,"Manufacturer":"Siemens","ManufacturersModelName":"Prisma_fit","InstitutionName":[],"InstitutionalDepartmentName":[],"InstitutionAddress":[],"DeviceSerialNumber":"167017","StationName":"MRC35056","BodyPartExamined":"BRAIN","PatientPosition":"HFS","ProcedureStepDescription":[],"SoftwareVersions":"syngo_MR_E11","MRAcquisitionType":"2D","SeriesDescription":[],"ProtocolName":[],"ScanningSequence":"EP","SequenceVariant":"SK","ScanOptions":"FS","SequenceName":"epse2d1_80","ImageType":["ORIGINAL","PRIMARY","M","ND","NORM","MOSAIC"],"SeriesNumber":20,"AcquisitionTime":[],"AcquisitionNumber":1,"SliceThickness":3,"SpacingBetweenSlices":3,"SAR":0.17564,"EchoTime":0.048,"RepetitionTime":4.029,"FlipAngle":90,"PartialFourier":1,"BaseResolution":80,"ShimSetting":[323,-11597,-6442,511,4,-139,-47,19],"TxRefAmp":225.124,"PhaseResolution":1,"ReceiveCoilName":"HeadNeck_64","ReceiveCoilActiveElements":"HC1-7","PulseSequenceDetails":[],"WipMemBlock":"7109fd58-6115-48e9-a000-ef5ea96f6077||Sequence: R016 ve11c/master r/34fb20f; Nov 20 2017 15:30:40 by eja","ConsistencyInfo":"N4_VE11C_LATEST_20160120","PercentPhaseFOV":100,"EchoTrainLength":80,"PhaseEncodingSteps":80,"AcquisitionMatrixPE":80,"ReconMatrixPE":80,"BandwidthPerPixelPhaseEncode":23.148,"EffectiveEchoSpacing":0.000540003,"DerivedVendorReportedEchoSpacing":0.000540003,"TotalReadoutTime":0.0426603,"PixelBandwidth":2085,"DwellTime":3E-6,"PhaseEncodingDirection":"j-","SliceTiming":[3.9275,3.8425,3.76,3.675,3.5925,3.5075,3.425,3.3425,3.2575,3.175,3.09,3.0075,2.925,2.84,2.7575,2.6725,2.59,2.5075,2.4225,2.34,2.255,2.1725,2.09,2.005,1.9225,1.8375,1.755,1.67,1.5875,1.505,1.42,1.3375,1.2525,1.17,1.0875,1.0025,0.92,0.835,0.7525,0.67,0.585,0.5025,0.4175,0.335,0.2525,0.1675,0.085,0],"ImageOrientationPatientDICOM":[1,0,0,0,0.785857,-0.618408],"InPlanePhaseEncodingDirectionDICOM":"COL","ConversionSoftware":"dcm2niix","ConversionSoftwareVersion":"v1.0.20190902"}