{"aor":0.044875,"aqi":0.0058282033333333328,"bids_meta":{"AcquisitionMatrixPE":80,"AcquisitionNumber":1,"AcquisitionTime":[],"BandwidthPerPixelPhaseEncode":23.148,"BaseResolution":80,"BodyPartExamined":"BRAIN","ConsistencyInfo":"N4_VE11C_LATEST_20160120","ConversionSoftware":"dcm2niix","ConversionSoftwareVersion":"v1.0.20200427","DerivedVendorReportedEchoSpacing":0.000540003,"DeviceSerialNumber":"167017","DwellTime":3E-6,"EchoTime":0.048,"EchoTrainLength":80,"EffectiveEchoSpacing":0.000540003,"FlipAngle":90,"ImageComments":"Unaliased_MB6_PE3_LB","ImageOrientationPatientDICOM":[1,0.000294765,0.000510573,1.96532E-8,0.866019,-0.50001],"ImageType":["ORIGINAL","PRIMARY","M","ND","NORM","MOSAIC"],"ImagingFrequency":123.25,"InPlanePhaseEncodingDirectionDICOM":"COL","InstitutionAddress":[],"InstitutionName":[],"InstitutionalDepartmentName":[],"Instructions":"eyes closed","MRAcquisitionType":"2D","MagneticFieldStrength":3,"Manufacturer":"Siemens","ManufacturersModelName":"Prisma_fit","Modality":"MR","PartialFourier":1,"PatientPosition":"HFS","PercentPhaseFOV":100,"PercentSampling":100,"PhaseEncodingDirection":"j","PhaseEncodingSteps":80,"PhaseResolution":1,"PixelBandwidth":2085,"ProcedureStepDescription":[],"ProtocolName":[],"PulseSequenceDetails":[],"ReceiveCoilActiveElements":"HC1-7","ReceiveCoilName":"HeadNeck_64","ReconMatrixPE":80,"RepetitionTime":4.029,"SAR":0.158334,"ScanOptions":"FS","ScanningSequence":"EP","SequenceName":"epse2d1_80","SequenceVariant":"SK","SeriesDescription":[],"SeriesNumber":16,"ShimSetting":[326,-11604,-6386,671,60,-38,17,53],"SliceThickness":3,"SliceTiming":[3.925,3.84,3.7575,3.6725,3.59,3.5075,3.4225,3.34,3.255,3.1725,3.09,3.005,2.9225,2.8375,2.755,2.6725,2.5875,2.505,2.42,2.3375,2.255,2.17,2.0875,2.0025,1.92,1.8375,1.7525,1.67,1.585,1.5025,1.4175,1.335,1.2525,1.1675,1.085,1,0.9175,0.835,0.75,0.6675,0.5825,0.5,0.4175,0.3325,0.25,0.165,0.0825,0],"SoftwareVersions":"syngo_MR_E11","SpacingBetweenSlices":3,"StationName":"MRC35056","TaskName":"rest","TotalReadoutTime":0.0426603,"TxRefAmp":217.157,"WipMemBlock":"fb673fcd-02b6-489a-aa43-ab67b163b4b7||Sequence: R016 ve11c/master r/34fb20f; Nov 20 2017 15:30:40 by eja","acq_id":"PAse","dataset":"MICs","modality":"bold","session_id":"01","subject_id":"sub-HC008","task_id":"rest"},"dummy_trs":0,"dvars_nstd":76.216760256,"dvars_std":3.23499112,"dvars_vstd":4.037291576,"efc":0.47071353559365736,"fber":831.9693603515625,"fd_mean":0.12474705369951969,"fd_num":1,"fd_perc":16.666666666666668,"fwhm_avg":1.8114,"fwhm_x":1.88196,"fwhm_y":1.6536433333333334,"fwhm_z":1.8985966666666665,"gcor":0.00730133,"gsr_x":-0.030044300481677055,"gsr_y":0.00904297549277544,"provenance":{"md5sum":"c1260954dfeed87c0342971e1b887ae7","settings":{"fd_thres":0.2,"hmc_fsl":false,"testing":false},"software":"mriqc","version":"0.15.2","webapi_port":[],"webapi_url":"https://mriqc.nimh.nih.gov/api/v1"},"size_t":6,"size_x":80,"size_y":80,"size_z":48,"snr":2.3872238159718173,"spacing_tr":4.0289998054504395,"spacing_x":3,"spacing_y":3,"spacing_z":3,"summary_bg_k":572.98208214068939,"summary_bg_mad":108.39171435969671,"summary_bg_mean":568.90692138671875,"summary_bg_median":282.44989013671875,"summary_bg_n":207317,"summary_bg_p05":156.33308410644531,"summary_bg_p95":2427.4452148437476,"summary_bg_stdv":1224.4671630859375,"summary_fg_k":16.161137255597346,"summary_fg_mad":2247.552570568042,"summary_fg_mean":9170.3994140625,"summary_fg_median":8592.63671875,"summary_fg_n":51179,"summary_fg_p05":5117.1828613281259,"summary_fg_p95":15046.067871093748,"summary_fg_stdv":3599.391357421875,"tsnr":71.389785766601562}