{"aor":0.049264999999999996,"aqi":0.0058574766666666667,"bids_meta":{"AcquisitionMatrixPE":80,"AcquisitionNumber":1,"AcquisitionTime":[],"BandwidthPerPixelPhaseEncode":23.148,"BaseResolution":80,"BodyPartExamined":"BRAIN","ConsistencyInfo":"N4_VE11C_LATEST_20160120","ConversionSoftware":"dcm2niix","ConversionSoftwareVersion":"v1.0.20200427","DerivedVendorReportedEchoSpacing":0.000540003,"DeviceSerialNumber":"167017","DwellTime":3E-6,"EchoTime":0.048,"EchoTrainLength":80,"EffectiveEchoSpacing":0.000540003,"FlipAngle":90,"ImageComments":"Unaliased_MB6_PE3_LB","ImageOrientationPatientDICOM":[1,0.000294765,0.000510573,1.96532E-8,0.866019,-0.50001],"ImageType":["ORIGINAL","PRIMARY","M","ND","NORM","MOSAIC"],"ImagingFrequency":123.25,"InPlanePhaseEncodingDirectionDICOM":"COL","InstitutionAddress":[],"InstitutionName":[],"InstitutionalDepartmentName":[],"Instructions":"eyes closed","MRAcquisitionType":"2D","MagneticFieldStrength":3,"Manufacturer":"Siemens","ManufacturersModelName":"Prisma_fit","Modality":"MR","PartialFourier":1,"PatientPosition":"HFS","PercentPhaseFOV":100,"PercentSampling":100,"PhaseEncodingDirection":"j-","PhaseEncodingSteps":80,"PhaseResolution":1,"PixelBandwidth":2085,"ProcedureStepDescription":[],"ProtocolName":[],"PulseSequenceDetails":[],"ReceiveCoilActiveElements":"HC1-7","ReceiveCoilName":"HeadNeck_64","ReconMatrixPE":80,"RepetitionTime":4.029,"SAR":0.158334,"ScanOptions":"FS","ScanningSequence":"EP","SequenceName":"epse2d1_80","SequenceVariant":"SK","SeriesDescription":[],"SeriesNumber":15,"ShimSetting":[326,-11604,-6386,671,60,-38,17,53],"SliceThickness":3,"SliceTiming":[3.925,3.8425,3.7575,3.675,3.59,3.5075,3.425,3.34,3.2575,3.1725,3.09,3.0075,2.9225,2.84,2.755,2.6725,2.59,2.505,2.4225,2.3375,2.255,2.17,2.0875,2.005,1.92,1.8375,1.7525,1.67,1.5875,1.5025,1.42,1.335,1.2525,1.17,1.085,1.0025,0.9175,0.835,0.7525,0.6675,0.585,0.5,0.4175,0.3325,0.25,0.1675,0.0825,0],"SoftwareVersions":"syngo_MR_E11","SpacingBetweenSlices":3,"StationName":"MRC35056","TaskName":"rest","TotalReadoutTime":0.0426603,"TxRefAmp":217.157,"WipMemBlock":"c0e88f0d-824f-44fd-a887-947edcf59ad3||Sequence: R016 ve11c/master r/34fb20f; Nov 20 2017 15:30:40 by eja","acq_id":"APse","dataset":"MICs","modality":"bold","session_id":"01","subject_id":"sub-HC008","task_id":"rest"},"dummy_trs":0,"dvars_nstd":51.109582520000004,"dvars_std":2.7617202999999995,"dvars_vstd":4.155662108,"efc":0.47038541961634373,"fber":888.503173828125,"fd_mean":0.13826082090796674,"fd_num":1,"fd_perc":16.666666666666668,"fwhm_avg":1.8128666666666666,"fwhm_x":1.86764,"fwhm_y":1.7046400000000002,"fwhm_z":1.86632,"gcor":0.00605399,"gsr_x":-0.024845803156495094,"gsr_y":0.010883982293307781,"provenance":{"md5sum":"08bbbb22f2c40586879845b6cbb9d9c8","settings":{"fd_thres":0.2,"hmc_fsl":false,"testing":false},"software":"mriqc","version":"0.15.2","webapi_port":[],"webapi_url":"https://mriqc.nimh.nih.gov/api/v1"},"size_t":6,"size_x":80,"size_y":80,"size_z":48,"snr":2.5151643287448642,"spacing_tr":4.0289998054504395,"spacing_x":3,"spacing_y":3,"spacing_z":3,"summary_bg_k":47.438186237173682,"summary_bg_mad":114.62398942486031,"summary_bg_mean":573.380615234375,"summary_bg_median":284.53912353515625,"summary_bg_n":209178,"summary_bg_p05":157.74075622558595,"summary_bg_p95":2485.5015136718748,"summary_bg_stdv":1037.6175537109375,"summary_fg_k":41.82089311039293,"summary_fg_mad":2144.6412992906489,"summary_fg_mean":9529.4072265625,"summary_fg_median":8955.25390625,"summary_fg_n":49800,"summary_fg_p05":5910.7525390625005,"summary_fg_p95":15140.203027343745,"summary_fg_stdv":3560.46875,"tsnr":76.309532165527344}