{"aor":0.0022076361031518627,"aqi":0.0089281458452722048,"bids_meta":{"AcquisitionMatrixPE":80,"AcquisitionNumber":1,"AcquisitionTime":[],"BandwidthPerPixelPhaseEncode":23.148,"BaseResolution":80,"BodyPartExamined":"BRAIN","ConsistencyInfo":"N4_VE11C_LATEST_20160120","ConversionSoftware":"dcm2niix","ConversionSoftwareVersion":"v1.0.20200427","DerivedVendorReportedEchoSpacing":0.000540003,"DeviceSerialNumber":"167017","DwellTime":2.6E-6,"EchoTime":0.03,"EchoTrainLength":80,"EffectiveEchoSpacing":0.000540003,"FlipAngle":50,"ImageComments":"Unaliased_MB6_PE3_LB","ImageOrientationPatientDICOM":[1,0.000294765,0.000510573,1.96532E-8,0.866019,-0.50001],"ImageType":["ORIGINAL","PRIMARY","M","MB","ND","NORM","MOSAIC"],"ImagingFrequency":123.25,"InPlanePhaseEncodingDirectionDICOM":"COL","InstitutionAddress":[],"InstitutionName":[],"InstitutionalDepartmentName":[],"Instructions":"eyes closed","MRAcquisitionType":"2D","MagneticFieldStrength":3,"Manufacturer":"Siemens","ManufacturersModelName":"Prisma_fit","Modality":"MR","MultibandAccelerationFactor":6,"PartialFourier":1,"PatientPosition":"HFS","PercentPhaseFOV":100,"PercentSampling":100,"PhaseEncodingDirection":"j-","PhaseEncodingSteps":80,"PhaseResolution":1,"PixelBandwidth":2405,"ProcedureStepDescription":[],"ProtocolName":[],"PulseSequenceDetails":[],"ReceiveCoilActiveElements":"HC1-7","ReceiveCoilName":"HeadNeck_64","ReconMatrixPE":80,"RepetitionTime":0.6,"SAR":0.0474093,"ScanOptions":"FS","ScanningSequence":"EP","SequenceName":"epfid2d1_80","SequenceVariant":"SK_SS","SeriesDescription":[],"SeriesNumber":14,"ShimSetting":[326,-11604,-6386,671,60,-38,17,53],"SliceThickness":3,"SliceTiming":[0.5075,0.435,0.3625,0.29,0.2175,0.145,0.0725,0,0.5075,0.435,0.3625,0.29,0.2175,0.145,0.0725,0,0.5075,0.435,0.3625,0.29,0.2175,0.145,0.0725,0,0.5075,0.435,0.3625,0.29,0.2175,0.145,0.0725,0,0.5075,0.435,0.3625,0.29,0.2175,0.145,0.0725,0,0.5075,0.435,0.3625,0.29,0.2175,0.145,0.0725,0],"SoftwareVersions":"syngo_MR_E11","SpacingBetweenSlices":3,"StationName":"MRC35056","TaskName":"rest","TotalReadoutTime":0.0426603,"TxRefAmp":217.157,"WipMemBlock":"d6af26d9-ea12-4710-8f3e-cb2687268cb1||Sequence: R016 ve11c/master r/34fb20f; Nov 20 2017 15:15:15 by eja","acq_id":"AP","dataset":"MICs","modality":"bold","session_id":"01","subject_id":"sub-HC008","task_id":"rest"},"dummy_trs":2,"dvars_nstd":28.318200881750371,"dvars_std":1.1710457612051657,"dvars_vstd":1.0195629139167859,"efc":0.42093260364033486,"fber":8885.3779296875,"fd_mean":0.12057176530874976,"fd_num":119,"fd_perc":17.048710601719197,"fwhm_avg":2.3560277777777778,"fwhm_x":2.1841233333333334,"fwhm_y":2.5002333333333335,"fwhm_z":2.3837266666666665,"gcor":0.00735588,"gsr_x":-0.016888828948140144,"gsr_y":0.021115381270647049,"provenance":{"md5sum":"cc27bd094090231dbba146682e03e27a","settings":{"fd_thres":0.2,"hmc_fsl":false,"testing":false},"software":"mriqc","version":"0.15.2","webapi_port":[],"webapi_url":"https://mriqc.nimh.nih.gov/api/v1"},"size_t":698,"size_x":80,"size_y":80,"size_z":48,"snr":4.2928751176721347,"spacing_tr":0.60000002384185791,"spacing_x":3,"spacing_y":3,"spacing_z":3,"summary_bg_k":54.9976450573794,"summary_bg_mad":37.766003304875341,"summary_bg_mean":184.92050170898438,"summary_bg_median":65.186248779296875,"summary_bg_n":212963,"summary_bg_p05":30.743841552734374,"summary_bg_p95":785.34757690429672,"summary_bg_stdv":410.87875366210938,"summary_fg_k":3.2740386259614587,"summary_fg_mad":1185.4186577965952,"summary_fg_mean":6410.1845703125,"summary_fg_median":6367.47021484375,"summary_fg_n":46521,"summary_fg_p05":4258.67041015625,"summary_fg_p95":8656.69921875,"summary_fg_stdv":1483.248779296875,"tsnr":47.842054290231317}