{"bids_meta":{"AcquisitionMatrixPE":320,"AcquisitionNumber":1,"AcquisitionTime":[],"BaseResolution":320,"BodyPartExamined":"BRAIN","ConsistencyInfo":"N4_VE11C_LATEST_20160120","ConversionSoftware":"dcm2niix","ConversionSoftwareVersion":"v1.0.20200427","DeviceSerialNumber":"167017","DwellTime":6.6E-6,"EchoTime":0.00314,"FlipAngle":9,"ImageOrientationPatientDICOM":[-0.0273099,0.996249,0.0821118,-0.00605391,0.0819761,-0.996616],"ImageType":["ORIGINAL","PRIMARY","M","ND","NORM","FM","FIL"],"ImagingFrequency":123.25,"InPlanePhaseEncodingDirectionDICOM":"ROW","InstitutionAddress":[],"InstitutionName":[],"InstitutionalDepartmentName":[],"InversionTime":0.9,"MRAcquisitionType":"3D","MagneticFieldStrength":3,"Manufacturer":"Siemens","ManufacturersModelName":"Prisma_fit","Modality":"MR","ParallelReductionFactorInPlane":2,"PartialFourier":1,"PatientPosition":"HFS","PercentPhaseFOV":100,"PercentSampling":100,"PhaseEncodingSteps":319,"PhaseResolution":1,"PixelBandwidth":235,"ProcedureStepDescription":[],"ProtocolName":[],"PulseSequenceDetails":[],"ReceiveCoilActiveElements":"HC1-7","ReceiveCoilName":"HeadNeck_64","ReconMatrixPE":320,"RefLinesPE":32,"RepetitionTime":2.3,"SAR":0.0417683,"ScanOptions":"IR","ScanningSequence":"GR_IR","SequenceName":"_tfl3d1_16ns","SequenceVariant":"SK_SP_MP","SeriesDescription":[],"SeriesNumber":7,"ShimSetting":[327,-11611,-6461,439,56,-252,-76,-17],"SliceThickness":0.8,"SoftwareVersions":"syngo_MR_E11","StationName":"MRC35056","TxRefAmp":220.965,"dataset":"MICs","modality":"T1w","run_id":2,"session_id":"01","subject_id":"sub-HC019"},"cjv":0.64463270724154809,"cnr":1.8757409934227698,"efc":0.68721820024337577,"fber":26.856447219848633,"fwhm_avg":3.6445916123580191,"fwhm_x":3.5805374466458342,"fwhm_y":3.7189499445833269,"fwhm_z":3.634287445844897,"icvs_csf":0.23381416217430195,"icvs_gm":0.418490634197395,"icvs_wm":0.34769520362830303,"inu_med":1.4546265602111816,"inu_range":0.71957370638847351,"provenance":{"md5sum":"91db2b75e81a717bca150e5f148ff2dc","settings":{"testing":false},"software":"mriqc","version":"0.15.2","warnings":{"large_rot_frame":false,"small_air_mask":false},"webapi_port":[],"webapi_url":"https://mriqc.nimh.nih.gov/api/v1"},"qi_1":0,"qi_2":0.00432438724936941,"rpve_csf":18.915077255005929,"rpve_gm":10.884071538805113,"rpve_wm":14.849833931692462,"size_x":224,"size_y":320,"size_z":320,"snr_csf":1.7233738972345094,"snr_gm":8.5600005353106834,"snr_total":8.4913302641773161,"snr_wm":15.190616359986754,"snrd_csf":40.760776004340229,"snrd_gm":70.107111667709972,"snrd_total":66.638437935050874,"snrd_wm":89.047426133102448,"spacing_x":0.800000011920929,"spacing_y":0.800000011920929,"spacing_z":0.800000011920929,"summary_bg_k":7.1474144685555654,"summary_bg_mad":7.3574044602482438,"summary_bg_mean":150.08195495605469,"summary_bg_median":149.94943237304688,"summary_bg_n":8.470156E+6,"summary_bg_p05":137.7677001953125,"summary_bg_p95":163.03691864013672,"summary_bg_stdv":8.0966567993164062,"summary_csf_k":18.680998053750759,"summary_csf_mad":107.62315287945241,"summary_csf_mean":508.54519653320312,"summary_csf_median":457.75738525390625,"summary_csf_n":212382,"summary_csf_p05":311.36743621826173,"summary_csf_p95":837.91629943847477,"summary_csf_stdv":265.61636352539062,"summary_gm_k":0.61174195483159721,"summary_gm_mad":86.648163775437112,"summary_gm_mean":799.700439453125,"summary_gm_median":787.32672119140625,"summary_gm_n":126285,"summary_gm_p05":671.2453125,"summary_gm_p95":968.46274414062486,"summary_gm_stdv":91.97705078125,"summary_wm_k":14.261039140347123,"summary_wm_mad":50.469194794950795,"summary_wm_mean":1007.076416015625,"summary_wm_median":1000.0328979492188,"summary_wm_n":574962,"summary_wm_p05":922.0828918457031,"summary_wm_p95":1110.7520935058594,"summary_wm_stdv":65.832221984863281,"tpm_overlap_csf":0.10922638326883316,"tpm_overlap_gm":0.368344247341156,"tpm_overlap_wm":0.48449379205703735,"wm2max":0.323042491444282}