{"bids_meta":{"AcquisitionMatrixPE":320,"AcquisitionNumber":1,"AcquisitionTime":[],"BaseResolution":320,"BodyPartExamined":"BRAIN","ConsistencyInfo":"N4_VE11C_LATEST_20160120","ConversionSoftware":"dcm2niix","ConversionSoftwareVersion":"v1.0.20200427","DeviceSerialNumber":"167017","DwellTime":6.6E-6,"EchoTime":0.00314,"FlipAngle":9,"ImageOrientationPatientDICOM":[-0.0273099,0.996249,0.0821118,-0.00605391,0.0819761,-0.996616],"ImageType":["ORIGINAL","PRIMARY","M","ND","NORM","FM","FIL"],"ImagingFrequency":123.25,"InPlanePhaseEncodingDirectionDICOM":"ROW","InstitutionAddress":[],"InstitutionName":[],"InstitutionalDepartmentName":[],"InversionTime":0.9,"MRAcquisitionType":"3D","MagneticFieldStrength":3,"Manufacturer":"Siemens","ManufacturersModelName":"Prisma_fit","Modality":"MR","ParallelReductionFactorInPlane":2,"PartialFourier":1,"PatientPosition":"HFS","PercentPhaseFOV":100,"PercentSampling":100,"PhaseEncodingSteps":319,"PhaseResolution":1,"PixelBandwidth":235,"ProcedureStepDescription":[],"ProtocolName":[],"PulseSequenceDetails":[],"ReceiveCoilActiveElements":"HC1-7","ReceiveCoilName":"HeadNeck_64","ReconMatrixPE":320,"RefLinesPE":32,"RepetitionTime":2.3,"SAR":0.0417683,"ScanOptions":"IR","ScanningSequence":"GR_IR","SequenceName":"_tfl3d1_16ns","SequenceVariant":"SK_SP_MP","SeriesDescription":[],"SeriesNumber":19,"ShimSetting":[327,-11611,-6461,439,56,-252,-76,-17],"SliceThickness":0.8,"SoftwareVersions":"syngo_MR_E11","StationName":"MRC35056","TxRefAmp":220.965,"dataset":"MICs","modality":"T1w","run_id":1,"session_id":"01","subject_id":"sub-HC019"},"cjv":0.65516039790576774,"cnr":1.7937035843404503,"efc":0.693085650454803,"fber":25.985652923583984,"fwhm_avg":3.7461332775115976,"fwhm_x":3.6857749450776733,"fwhm_y":3.8484749426532545,"fwhm_z":3.7041499448038646,"icvs_csf":0.24289757958613853,"icvs_gm":0.40833853375534124,"icvs_wm":0.34876388665852021,"inu_med":1.4620500802993774,"inu_range":0.73007719516754133,"provenance":{"md5sum":"1f82733bff03fc63b3f62716fbeff528","settings":{"testing":false},"software":"mriqc","version":"0.15.2","warnings":{"large_rot_frame":false,"small_air_mask":false},"webapi_port":[],"webapi_url":"https://mriqc.nimh.nih.gov/api/v1"},"qi_1":0,"qi_2":0.0044579805309214173,"rpve_csf":18.337628107733416,"rpve_gm":11.035999677409107,"rpve_wm":14.767654469511005,"size_x":224,"size_y":320,"size_z":320,"snr_csf":2.2407724324236806,"snr_gm":7.8374610099494557,"snr_total":8.4015601556755826,"snr_wm":15.126447024653608,"snrd_csf":39.42426527771633,"snrd_gm":68.5320187031255,"snrd_total":65.109348067821742,"snrd_wm":87.3717602226234,"spacing_x":0.800000011920929,"spacing_y":0.800000011920929,"spacing_z":0.800000011920929,"summary_bg_k":2.1070030750958022,"summary_bg_mad":7.4984797079685945,"summary_bg_mean":152.01945495605469,"summary_bg_median":151.85140991210938,"summary_bg_n":8.55615E+6,"summary_bg_p05":139.47457885742188,"summary_bg_p95":165.17478942871094,"summary_bg_stdv":8.0587568283081055,"summary_csf_k":33.36320353161625,"summary_csf_mad":105.93778327074193,"summary_csf_mean":477.708984375,"summary_csf_median":451.2374267578125,"summary_csf_n":220462,"summary_csf_p05":305.25031585693358,"summary_csf_p95":659.78464660644534,"summary_csf_stdv":201.37538146972656,"summary_gm_k":0.53223869634253429,"summary_gm_mad":90.06681790220243,"summary_gm_mean":801.95904541015625,"summary_gm_median":784.3953857421875,"summary_gm_n":104949,"summary_gm_p05":666.66184082031248,"summary_gm_p95":993.66003417968727,"summary_gm_stdv":100.08236694335938,"summary_wm_k":15.207394932657948,"summary_wm_mad":51.207781178461708,"summary_wm_mean":1006.2808227539062,"summary_wm_median":1000.0289916992188,"summary_wm_n":572129,"summary_wm_p05":918.601318359375,"summary_wm_p95":1109.8511962890625,"summary_wm_stdv":66.111236572265625,"tpm_overlap_csf":0.11625640094280243,"tpm_overlap_gm":0.38334733247756958,"tpm_overlap_wm":0.49328422546386719,"wm2max":0.32739120201119037}