{"aor":0.042826666666666673,"aqi":0.0033685866666666674,"bids_meta":{"AcquisitionMatrixPE":80,"AcquisitionNumber":1,"AcquisitionTime":[],"BandwidthPerPixelPhaseEncode":23.148,"BaseResolution":80,"BodyPartExamined":"BRAIN","ConsistencyInfo":"N4_VE11C_LATEST_20160120","ConversionSoftware":"dcm2niix","ConversionSoftwareVersion":"v1.0.20200427","DerivedVendorReportedEchoSpacing":0.000540003,"DeviceSerialNumber":"167017","DwellTime":3E-6,"EchoTime":0.048,"EchoTrainLength":80,"EffectiveEchoSpacing":0.000540003,"FlipAngle":90,"ImageComments":"Unaliased_MB6_PE3_LB","ImageOrientationPatientDICOM":[1,0,0,0,0.788011,-0.615661],"ImageType":["ORIGINAL","PRIMARY","M","ND","NORM","MOSAIC"],"ImagingFrequency":123.25,"InPlanePhaseEncodingDirectionDICOM":"COL","InstitutionAddress":[],"InstitutionName":[],"InstitutionalDepartmentName":[],"Instructions":"eyes closed","MRAcquisitionType":"2D","MagneticFieldStrength":3,"Manufacturer":"Siemens","ManufacturersModelName":"Prisma_fit","Modality":"MR","PartialFourier":1,"PatientPosition":"HFS","PercentPhaseFOV":100,"PercentSampling":100,"PhaseEncodingDirection":"j-","PhaseEncodingSteps":80,"PhaseResolution":1,"PixelBandwidth":2085,"ProcedureStepDescription":[],"ProtocolName":[],"PulseSequenceDetails":[],"ReceiveCoilActiveElements":"HC1-7","ReceiveCoilName":"HeadNeck_64","ReconMatrixPE":80,"RepetitionTime":4.029,"SAR":0.173225,"ScanOptions":"FS","ScanningSequence":"EP","SequenceName":"epse2d1_80","SequenceVariant":"SK","SeriesDescription":[],"SeriesNumber":15,"ShimSetting":[323,-11527,-6407,521,28,-11,-203,44],"SliceThickness":3,"SliceTiming":[3.925,3.8425,3.76,3.675,3.5925,3.5075,3.425,3.3425,3.2575,3.175,3.09,3.0075,2.925,2.84,2.7575,2.6725,2.59,2.505,2.4225,2.34,2.255,2.1725,2.0875,2.005,1.9225,1.8375,1.755,1.67,1.5875,1.505,1.42,1.3375,1.2525,1.17,1.0875,1.0025,0.92,0.835,0.7525,0.6675,0.585,0.5025,0.4175,0.335,0.25,0.1675,0.085,0],"SoftwareVersions":"syngo_MR_E11","SpacingBetweenSlices":3,"StationName":"MRC35056","TaskName":"rest","TotalReadoutTime":0.0426603,"TxRefAmp":238.286,"WipMemBlock":"4f1b83f1-fe1c-4d91-9ba9-f02ce3eadd21||Sequence: R016 ve11c/master r/34fb20f; Nov 20 2017 15:30:40 by eja","acq_id":"APse","dataset":"MICs","modality":"bold","session_id":"01","subject_id":"sub-HC014","task_id":"rest"},"dummy_trs":0,"dvars_nstd":35.935109712,"dvars_std":2.12484629,"dvars_vstd":4.098848056,"efc":0.50201047299965762,"fber":846.845947265625,"fd_mean":0.14435437067645104,"fd_num":2,"fd_perc":33.333333333333336,"fwhm_avg":1.8043466666666665,"fwhm_x":1.8758266666666668,"fwhm_y":1.7224533333333334,"fwhm_z":1.81476,"gcor":0.000524429,"gsr_x":-0.034864131361246109,"gsr_y":0.011459538713097572,"provenance":{"md5sum":"aa84bc1eff55642f011a196bd36b8ab5","settings":{"fd_thres":0.2,"hmc_fsl":false,"testing":false},"software":"mriqc","version":"0.15.2","webapi_port":[],"webapi_url":"https://mriqc.nimh.nih.gov/api/v1"},"size_t":6,"size_x":80,"size_y":80,"size_z":48,"snr":2.6146832200681072,"spacing_tr":4.0289998054504395,"spacing_x":3,"spacing_y":3,"spacing_z":3,"summary_bg_k":43.191992723967189,"summary_bg_mad":132.06993686663057,"summary_bg_mean":704.594482421875,"summary_bg_median":286.25070190429688,"summary_bg_n":202858,"summary_bg_p05":149.04167022705079,"summary_bg_p95":3159.3447875976531,"summary_bg_stdv":1310.527099609375,"summary_fg_k":28.132882633565757,"summary_fg_mad":1911.5339532126814,"summary_fg_mean":9206.9453125,"summary_fg_median":8697.5146484375,"summary_fg_n":54881,"summary_fg_p05":5276.06640625,"summary_fg_p95":14646.0078125,"summary_fg_stdv":3326.382080078125,"tsnr":78.333282470703125}