{"aor":0.042743333333333335,"aqi":0.0042008866666666672,"bids_meta":{"AcquisitionMatrixPE":80,"AcquisitionNumber":1,"AcquisitionTime":[],"BandwidthPerPixelPhaseEncode":23.148,"BaseResolution":80,"BodyPartExamined":"BRAIN","ConsistencyInfo":"N4_VE11C_LATEST_20160120","ConversionSoftware":"dcm2niix","ConversionSoftwareVersion":"v1.0.20200427","DerivedVendorReportedEchoSpacing":0.000540003,"DeviceSerialNumber":"167017","DwellTime":3E-6,"EchoTime":0.048,"EchoTrainLength":80,"EffectiveEchoSpacing":0.000540003,"FlipAngle":90,"ImageComments":"Unaliased_MB6_PE3_LB","ImageOrientationPatientDICOM":[1,0,0,0,0.788011,-0.615661],"ImageType":["ORIGINAL","PRIMARY","M","ND","NORM","MOSAIC"],"ImagingFrequency":123.25,"InPlanePhaseEncodingDirectionDICOM":"COL","InstitutionAddress":[],"InstitutionName":[],"InstitutionalDepartmentName":[],"Instructions":"eyes closed","MRAcquisitionType":"2D","MagneticFieldStrength":3,"Manufacturer":"Siemens","ManufacturersModelName":"Prisma_fit","Modality":"MR","PartialFourier":1,"PatientPosition":"HFS","PercentPhaseFOV":100,"PercentSampling":100,"PhaseEncodingDirection":"j","PhaseEncodingSteps":80,"PhaseResolution":1,"PixelBandwidth":2085,"ProcedureStepDescription":[],"ProtocolName":[],"PulseSequenceDetails":[],"ReceiveCoilActiveElements":"HC1-7","ReceiveCoilName":"HeadNeck_64","ReconMatrixPE":80,"RepetitionTime":4.029,"SAR":0.173225,"ScanOptions":"FS","ScanningSequence":"EP","SequenceName":"epse2d1_80","SequenceVariant":"SK","SeriesDescription":[],"SeriesNumber":16,"ShimSetting":[323,-11527,-6407,521,28,-11,-203,44],"SliceThickness":3,"SliceTiming":[3.925,3.8425,3.7575,3.675,3.59,3.5075,3.425,3.34,3.2575,3.1725,3.09,3.0075,2.9225,2.84,2.755,2.6725,2.5875,2.505,2.4225,2.3375,2.255,2.17,2.0875,2.005,1.92,1.8375,1.7525,1.67,1.5875,1.5025,1.42,1.335,1.2525,1.17,1.085,1.0025,0.9175,0.835,0.7525,0.6675,0.585,0.5,0.4175,0.3325,0.25,0.1675,0.0825,0],"SoftwareVersions":"syngo_MR_E11","SpacingBetweenSlices":3,"StationName":"MRC35056","TaskName":"rest","TotalReadoutTime":0.0426603,"TxRefAmp":238.286,"WipMemBlock":"760fcb89-3b70-4ca8-871d-7e850701092b||Sequence: R016 ve11c/master r/34fb20f; Nov 20 2017 15:30:40 by eja","acq_id":"PAse","dataset":"MICs","modality":"bold","session_id":"01","subject_id":"sub-HC014","task_id":"rest"},"dummy_trs":0,"dvars_nstd":46.226326752000006,"dvars_std":2.39625604,"dvars_vstd":4.12187419,"efc":0.49132756480033607,"fber":882.52166748046875,"fd_mean":0.11168185457901351,"fd_num":0,"fd_perc":0,"fwhm_avg":1.8405944444444444,"fwhm_x":1.94216,"fwhm_y":1.6303366666666665,"fwhm_z":1.9492866666666666,"gcor":0.00145782,"gsr_x":-0.035721275955438614,"gsr_y":0.017500782385468483,"provenance":{"md5sum":"df4394f413e33542b15baca0152f83d3","settings":{"fd_thres":0.2,"hmc_fsl":false,"testing":false},"software":"mriqc","version":"0.15.2","webapi_port":[],"webapi_url":"https://mriqc.nimh.nih.gov/api/v1"},"size_t":6,"size_x":80,"size_y":80,"size_z":48,"snr":2.425961742041562,"spacing_tr":4.0289998054504395,"spacing_x":3,"spacing_y":3,"spacing_z":3,"summary_bg_k":263.12292804195869,"summary_bg_mad":125.21455306420182,"summary_bg_mean":708.4371337890625,"summary_bg_median":281.93539428710938,"summary_bg_n":204569,"summary_bg_p05":147.29596252441405,"summary_bg_p95":3102.1720703124938,"summary_bg_stdv":1396.1390380859375,"summary_fg_k":19.196847524707525,"summary_fg_mad":2108.4036922341379,"summary_fg_mean":9440.1513671875,"summary_fg_median":8832.4521484375,"summary_fg_n":53351,"summary_fg_p05":5266.4404296875,"summary_fg_p95":15320.87841796875,"summary_fg_stdv":3640.770263671875,"tsnr":73.4404296875}