{"aor":0.00082518571428571443,"aqi":0.0089434884428571428,"bids_meta":{"AcquisitionMatrixPE":80,"AcquisitionNumber":1,"AcquisitionTime":[],"BandwidthPerPixelPhaseEncode":23.148,"BaseResolution":80,"BodyPartExamined":"BRAIN","ConsistencyInfo":"N4_VE11C_LATEST_20160120","ConversionSoftware":"dcm2niix","ConversionSoftwareVersion":"v1.0.20200427","DerivedVendorReportedEchoSpacing":0.000540003,"DeviceSerialNumber":"167017","DwellTime":2.6E-6,"EchoTime":0.03,"EchoTrainLength":80,"EffectiveEchoSpacing":0.000540003,"FlipAngle":50,"ImageComments":"Unaliased_MB6_PE3_LB","ImageOrientationPatientDICOM":[1,0,0,0,0.788011,-0.615661],"ImageType":["ORIGINAL","PRIMARY","M","MB","ND","NORM","MOSAIC"],"ImagingFrequency":123.25,"InPlanePhaseEncodingDirectionDICOM":"COL","InstitutionAddress":[],"InstitutionName":[],"InstitutionalDepartmentName":[],"Instructions":"eyes closed","MRAcquisitionType":"2D","MagneticFieldStrength":3,"Manufacturer":"Siemens","ManufacturersModelName":"Prisma_fit","Modality":"MR","MultibandAccelerationFactor":6,"PartialFourier":1,"PatientPosition":"HFS","PercentPhaseFOV":100,"PercentSampling":100,"PhaseEncodingDirection":"j-","PhaseEncodingSteps":80,"PhaseResolution":1,"PixelBandwidth":2405,"ProcedureStepDescription":[],"ProtocolName":[],"PulseSequenceDetails":[],"ReceiveCoilActiveElements":"HC1-7","ReceiveCoilName":"HeadNeck_64","ReconMatrixPE":80,"RepetitionTime":0.6,"SAR":0.0512752,"ScanOptions":"FS","ScanningSequence":"EP","SequenceName":"epfid2d1_80","SequenceVariant":"SK_SS","SeriesDescription":[],"SeriesNumber":14,"ShimSetting":[323,-11527,-6407,521,28,-11,-203,44],"SliceThickness":3,"SliceTiming":[0.5075,0.435,0.3625,0.29,0.2175,0.145,0.0725,0,0.5075,0.435,0.3625,0.29,0.2175,0.145,0.0725,0,0.5075,0.435,0.3625,0.29,0.2175,0.145,0.0725,0,0.5075,0.435,0.3625,0.29,0.2175,0.145,0.0725,0,0.5075,0.435,0.3625,0.29,0.2175,0.145,0.0725,0,0.5075,0.435,0.3625,0.29,0.2175,0.145,0.0725,0],"SoftwareVersions":"syngo_MR_E11","SpacingBetweenSlices":3,"StationName":"MRC35056","TaskName":"rest","TotalReadoutTime":0.0426603,"TxRefAmp":238.286,"WipMemBlock":"7b0b76ad-e7ea-40cf-ba8a-894837453692||Sequence: R016 ve11c/master r/34fb20f; Nov 20 2017 15:15:15 by eja","acq_id":"AP","dataset":"MICs","modality":"bold","session_id":"01","subject_id":"sub-HC014","task_id":"rest"},"dummy_trs":0,"dvars_nstd":36.25777605575108,"dvars_std":1.273027885193132,"dvars_vstd":1.0093598278540774,"efc":0.45121702506194317,"fber":7085.32080078125,"fd_mean":0.16371475510663197,"fd_num":195,"fd_perc":27.857142857142858,"fwhm_avg":2.4085877777777775,"fwhm_x":2.2673333333333332,"fwhm_y":2.6181566666666667,"fwhm_z":2.3402733333333332,"gcor":0.0313761,"gsr_x":-0.020916653797030449,"gsr_y":0.025209849700331688,"provenance":{"md5sum":"0cdada63db9e597aefdf5fc137a1cfa2","settings":{"fd_thres":0.2,"hmc_fsl":false,"testing":false},"software":"mriqc","version":"0.15.2","webapi_port":[],"webapi_url":"https://mriqc.nimh.nih.gov/api/v1"},"size_t":700,"size_x":80,"size_y":80,"size_z":48,"snr":4.3446909624791186,"spacing_tr":0.60000002384185791,"spacing_x":3,"spacing_y":3,"spacing_z":3,"summary_bg_k":61.127506969952123,"summary_bg_mad":50.6499276612173,"summary_bg_mean":254.24017333984375,"summary_bg_median":73.938568115234375,"summary_bg_n":207543,"summary_bg_p05":30.627141952514648,"summary_bg_p95":1136.7517333984372,"summary_bg_stdv":570.5467529296875,"summary_fg_k":3.5694430684398837,"summary_fg_mad":1089.564225594394,"summary_fg_mean":6443.60595703125,"summary_fg_median":6457.22216796875,"summary_fg_n":50726,"summary_fg_p05":4058.862060546875,"summary_fg_p95":8620.30908203125,"summary_fg_stdv":1486.2181396484375,"tsnr":48.274990876321681}