{"aor":0.044411666666666662,"aqi":0.0063542916666666669,"bids_meta":{"AcquisitionMatrixPE":80,"AcquisitionNumber":1,"AcquisitionTime":[],"BandwidthPerPixelPhaseEncode":23.148,"BaseResolution":80,"BodyPartExamined":"BRAIN","ConsistencyInfo":"N4_VE11C_LATEST_20160120","ConversionSoftware":"dcm2niix","ConversionSoftwareVersion":"v1.0.20200427","DerivedVendorReportedEchoSpacing":0.000540003,"DeviceSerialNumber":"167017","DwellTime":3E-6,"EchoTime":0.048,"EchoTrainLength":80,"EffectiveEchoSpacing":0.000540003,"FlipAngle":90,"ImageComments":"Unaliased_MB6_PE3_LB","ImageOrientationPatientDICOM":[1,0,0,0,0.798635,-0.601815],"ImageType":["ORIGINAL","PRIMARY","M","ND","NORM","MOSAIC"],"ImagingFrequency":123.25,"InPlanePhaseEncodingDirectionDICOM":"COL","InstitutionAddress":[],"InstitutionName":[],"InstitutionalDepartmentName":[],"Instructions":"eyes closed","MRAcquisitionType":"2D","MagneticFieldStrength":3,"Manufacturer":"Siemens","ManufacturersModelName":"Prisma_fit","Modality":"MR","PartialFourier":1,"PatientPosition":"HFS","PercentPhaseFOV":100,"PercentSampling":100,"PhaseEncodingDirection":"j","PhaseEncodingSteps":80,"PhaseResolution":1,"PixelBandwidth":2085,"ProcedureStepDescription":[],"ProtocolName":[],"PulseSequenceDetails":[],"ReceiveCoilActiveElements":"HC1-7","ReceiveCoilName":"HeadNeck_64","ReconMatrixPE":80,"RepetitionTime":4.029,"SAR":0.154739,"ScanOptions":"FS","ScanningSequence":"EP","SequenceName":"epse2d1_80","SequenceVariant":"SK","SeriesDescription":[],"SeriesNumber":16,"ShimSetting":[315,-11539,-6408,453,-38,-115,-9,65],"SliceThickness":3,"SliceTiming":[3.925,3.8425,3.7575,3.675,3.5925,3.5075,3.425,3.34,3.2575,3.175,3.09,3.0075,2.9225,2.84,2.7575,2.6725,2.59,2.505,2.4225,2.3375,2.255,2.1725,2.0875,2.005,1.92,1.8375,1.755,1.67,1.5875,1.5025,1.42,1.3375,1.2525,1.17,1.085,1.0025,0.92,0.835,0.7525,0.6675,0.585,0.5,0.4175,0.335,0.25,0.1675,0.0825,0],"SoftwareVersions":"syngo_MR_E11","SpacingBetweenSlices":3,"StationName":"MRC35056","TaskName":"rest","TotalReadoutTime":0.0426603,"TxRefAmp":227.972,"WipMemBlock":"1cf34b46-abc1-4e48-af94-dac0049ced85||Sequence: R016 ve11c/master r/34fb20f; Nov 20 2017 15:30:40 by eja","acq_id":"PAse","dataset":"MICs","modality":"bold","session_id":"01","subject_id":"sub-HC030","task_id":"rest"},"dummy_trs":0,"dvars_nstd":82.300279236000009,"dvars_std":3.352617214,"dvars_vstd":4.03641095,"efc":0.51396282607763388,"fber":809.07666015625,"fd_mean":0.057579604928652738,"fd_num":0,"fd_perc":0,"fwhm_avg":1.8552466666666667,"fwhm_x":1.9432466666666668,"fwhm_y":1.75288,"fwhm_z":1.8696133333333333,"gcor":0.00706868,"gsr_x":-0.052612092345952988,"gsr_y":0.045262835919857025,"provenance":{"md5sum":"2c6d3eac48a353ccb9c1717c366deb58","settings":{"fd_thres":0.2,"hmc_fsl":false,"testing":false},"software":"mriqc","version":"0.15.2","webapi_port":[],"webapi_url":"https://mriqc.nimh.nih.gov/api/v1"},"size_t":6,"size_x":80,"size_y":80,"size_z":48,"snr":2.5323873608590826,"spacing_tr":4.0289998054504395,"spacing_x":3,"spacing_y":3,"spacing_z":3,"summary_bg_k":36.967202869965675,"summary_bg_mad":123.63657348129772,"summary_bg_mean":879.694091796875,"summary_bg_median":297.38330078125,"summary_bg_n":202209,"summary_bg_p05":165.80118408203126,"summary_bg_p95":4094.237402343741,"summary_bg_stdv":1694.9132080078125,"summary_fg_k":17.17688011180892,"summary_fg_mad":2415.5817872344965,"summary_fg_mean":9412.2724609375,"summary_fg_median":8977.53515625,"summary_fg_n":54998,"summary_fg_p05":4467.1147460937518,"summary_fg_p95":15028.898632812487,"summary_fg_stdv":3545.055419921875,"tsnr":73.1624526977539}