{"aor":0.00058665714285714287,"aqi":0.0064314433428571431,"bids_meta":{"AcquisitionMatrixPE":80,"AcquisitionNumber":1,"AcquisitionTime":[],"BandwidthPerPixelPhaseEncode":23.148,"BaseResolution":80,"BodyPartExamined":"BRAIN","ConsistencyInfo":"N4_VE11C_LATEST_20160120","ConversionSoftware":"dcm2niix","ConversionSoftwareVersion":"v1.0.20200427","DerivedVendorReportedEchoSpacing":0.000540003,"DeviceSerialNumber":"167017","DwellTime":2.6E-6,"EchoTime":0.03,"EchoTrainLength":80,"EffectiveEchoSpacing":0.000540003,"FlipAngle":50,"ImageComments":"Unaliased_MB6_PE3_LB","ImageOrientationPatientDICOM":[1,0,0,0,0.798635,-0.601815],"ImageType":["ORIGINAL","PRIMARY","M","MB","ND","NORM","MOSAIC"],"ImagingFrequency":123.25,"InPlanePhaseEncodingDirectionDICOM":"COL","InstitutionAddress":[],"InstitutionName":[],"InstitutionalDepartmentName":[],"Instructions":"eyes closed","MRAcquisitionType":"2D","MagneticFieldStrength":3,"Manufacturer":"Siemens","ManufacturersModelName":"Prisma_fit","Modality":"MR","MultibandAccelerationFactor":6,"PartialFourier":1,"PatientPosition":"HFS","PercentPhaseFOV":100,"PercentSampling":100,"PhaseEncodingDirection":"j-","PhaseEncodingSteps":80,"PhaseResolution":1,"PixelBandwidth":2405,"ProcedureStepDescription":[],"ProtocolName":[],"PulseSequenceDetails":[],"ReceiveCoilActiveElements":"HC1-7","ReceiveCoilName":"HeadNeck_64","ReconMatrixPE":80,"RepetitionTime":0.6,"SAR":0.0479114,"ScanOptions":"FS","ScanningSequence":"EP","SequenceName":"epfid2d1_80","SequenceVariant":"SK_SS","SeriesDescription":[],"SeriesNumber":14,"ShimSetting":[315,-11539,-6408,453,-38,-115,-9,65],"SliceThickness":3,"SliceTiming":[0.5075,0.435,0.3625,0.29,0.2175,0.145,0.0725,0,0.5075,0.435,0.3625,0.29,0.2175,0.145,0.0725,0,0.5075,0.435,0.3625,0.29,0.2175,0.145,0.0725,0,0.5075,0.435,0.3625,0.29,0.2175,0.145,0.0725,0,0.5075,0.435,0.3625,0.29,0.2175,0.145,0.0725,0,0.5075,0.435,0.3625,0.29,0.2175,0.145,0.0725,0],"SoftwareVersions":"syngo_MR_E11","SpacingBetweenSlices":3,"StationName":"MRC35056","TaskName":"rest","TotalReadoutTime":0.0426603,"TxRefAmp":227.972,"WipMemBlock":"df1bd733-dba5-42ce-a91c-c342daafb086||Sequence: R016 ve11c/master r/34fb20f; Nov 20 2017 15:15:15 by eja","acq_id":"AP","dataset":"MICs","modality":"bold","session_id":"01","subject_id":"sub-HC030","task_id":"rest"},"dummy_trs":0,"dvars_nstd":36.032763463404841,"dvars_std":1.2904863280829755,"dvars_vstd":0.99229414586552145,"efc":0.46664147408047479,"fber":6253.5302734375,"fd_mean":0.10163861714995764,"fd_num":34,"fd_perc":4.8571428571428568,"fwhm_avg":2.3874488888888887,"fwhm_x":2.2511533333333333,"fwhm_y":2.5265966666666668,"fwhm_z":2.3845966666666665,"gcor":0.0123992,"gsr_x":-0.032277591526508331,"gsr_y":0.053991541266441345,"provenance":{"md5sum":"5fb032a9f5dded304348bc41166e86d0","settings":{"fd_thres":0.2,"hmc_fsl":false,"testing":false},"software":"mriqc","version":"0.15.2","webapi_port":[],"webapi_url":"https://mriqc.nimh.nih.gov/api/v1"},"size_t":700,"size_x":80,"size_y":80,"size_z":48,"snr":4.2357025656277276,"spacing_tr":0.60000002384185791,"spacing_x":3,"spacing_y":3,"spacing_z":3,"summary_bg_k":24.653780480186867,"summary_bg_mad":58.228141126496723,"summary_bg_mean":345.41244506835938,"summary_bg_median":82.094284057617188,"summary_bg_n":207561,"summary_bg_p05":34.248569488525391,"summary_bg_p95":1910.1513671875,"summary_bg_stdv":722.5413818359375,"summary_fg_k":3.1493161477425193,"summary_fg_mad":1327.2764704574761,"summary_fg_mean":6816.67333984375,"summary_fg_median":6785.19287109375,"summary_fg_n":50753,"summary_fg_p05":4366.588671875,"summary_fg_p95":9249.2896484375,"summary_fg_stdv":1601.88916015625,"tsnr":50.404429069021717}