{"aor":0.043743333333333329,"aqi":0.005452335,"bids_meta":{"AcquisitionMatrixPE":80,"AcquisitionNumber":1,"AcquisitionTime":[],"BandwidthPerPixelPhaseEncode":23.148,"BaseResolution":80,"BodyPartExamined":"BRAIN","ConsistencyInfo":"N4_VE11C_LATEST_20160120","ConversionSoftware":"dcm2niix","ConversionSoftwareVersion":"v1.0.20200427","DerivedVendorReportedEchoSpacing":0.000540003,"DeviceSerialNumber":"167017","DwellTime":3E-6,"EchoTime":0.048,"EchoTrainLength":80,"EffectiveEchoSpacing":0.000540003,"FlipAngle":90,"ImageComments":"Unaliased_MB6_PE3_LB","ImageOrientationPatientDICOM":[1,0,0,0,0.798635,-0.601815],"ImageType":["ORIGINAL","PRIMARY","M","ND","NORM","MOSAIC"],"ImagingFrequency":123.25,"InPlanePhaseEncodingDirectionDICOM":"COL","InstitutionAddress":[],"InstitutionName":[],"InstitutionalDepartmentName":[],"Instructions":"eyes closed","MRAcquisitionType":"2D","MagneticFieldStrength":3,"Manufacturer":"Siemens","ManufacturersModelName":"Prisma_fit","Modality":"MR","PartialFourier":1,"PatientPosition":"HFS","PercentPhaseFOV":100,"PercentSampling":100,"PhaseEncodingDirection":"j-","PhaseEncodingSteps":80,"PhaseResolution":1,"PixelBandwidth":2085,"ProcedureStepDescription":[],"ProtocolName":[],"PulseSequenceDetails":[],"ReceiveCoilActiveElements":"HC1-7","ReceiveCoilName":"HeadNeck_64","ReconMatrixPE":80,"RepetitionTime":4.029,"SAR":0.154739,"ScanOptions":"FS","ScanningSequence":"EP","SequenceName":"epse2d1_80","SequenceVariant":"SK","SeriesDescription":[],"SeriesNumber":15,"ShimSetting":[315,-11539,-6408,453,-38,-115,-9,65],"SliceThickness":3,"SliceTiming":[3.925,3.8425,3.76,3.675,3.5925,3.5075,3.425,3.3425,3.2575,3.175,3.09,3.0075,2.925,2.84,2.7575,2.6725,2.59,2.5075,2.4225,2.34,2.255,2.1725,2.09,2.005,1.9225,1.8375,1.755,1.67,1.5875,1.505,1.42,1.3375,1.2525,1.17,1.0875,1.0025,0.92,0.835,0.7525,0.67,0.585,0.5025,0.4175,0.335,0.2525,0.1675,0.085,0],"SoftwareVersions":"syngo_MR_E11","SpacingBetweenSlices":3,"StationName":"MRC35056","TaskName":"rest","TotalReadoutTime":0.0426603,"TxRefAmp":227.972,"WipMemBlock":"b0bde518-7ea8-42df-b96f-372d9c0e75df||Sequence: R016 ve11c/master r/34fb20f; Nov 20 2017 15:30:40 by eja","acq_id":"APse","dataset":"MICs","modality":"bold","session_id":"01","subject_id":"sub-HC030","task_id":"rest"},"dummy_trs":0,"dvars_nstd":66.804551698,"dvars_std":3.055400372,"dvars_vstd":7.1187634000000006,"efc":0.50919604556786124,"fber":870.04046630859375,"fd_mean":0.064302347664588755,"fd_num":0,"fd_perc":0,"fwhm_avg":1.84899,"fwhm_x":1.89513,"fwhm_y":1.7695133333333333,"fwhm_z":1.8823266666666667,"gcor":0.00254797,"gsr_x":-0.048993963748216629,"gsr_y":0.052147168666124344,"provenance":{"md5sum":"13567512c9c75e34f49d19fdabdc3ef9","settings":{"fd_thres":0.2,"hmc_fsl":false,"testing":false},"software":"mriqc","version":"0.15.2","webapi_port":[],"webapi_url":"https://mriqc.nimh.nih.gov/api/v1"},"size_t":6,"size_x":80,"size_y":80,"size_z":48,"snr":2.7047510660679226,"spacing_tr":4.0289998054504395,"spacing_x":3,"spacing_y":3,"spacing_z":3,"summary_bg_k":34.772027456653994,"summary_bg_mad":129.25881573818629,"summary_bg_mean":889.52203369140625,"summary_bg_median":300.34255981445312,"summary_bg_n":204094,"summary_bg_p05":168.05620803833008,"summary_bg_p95":4383.1674560546835,"summary_bg_stdv":1789.811279296875,"summary_fg_k":25.328067469334883,"summary_fg_mad":2438.1769925294166,"summary_fg_mean":9828.916015625,"summary_fg_median":9386.205078125,"summary_fg_n":53985,"summary_fg_p05":5651.0982421875005,"summary_fg_p95":15156.098242187487,"summary_fg_stdv":3470.233642578125,"tsnr":76.215621948242188}