{"aor":0.042541666666666665,"aqi":0.00510491,"bids_meta":{"AcquisitionMatrixPE":80,"AcquisitionNumber":1,"AcquisitionTime":[],"BandwidthPerPixelPhaseEncode":23.148,"BaseResolution":80,"BodyPartExamined":"BRAIN","ConsistencyInfo":"N4_VE11C_LATEST_20160120","ConversionSoftware":"dcm2niix","ConversionSoftwareVersion":"v1.0.20200427","DerivedVendorReportedEchoSpacing":0.000540003,"DeviceSerialNumber":"167017","DwellTime":3E-6,"EchoTime":0.048,"EchoTrainLength":80,"EffectiveEchoSpacing":0.000540003,"FlipAngle":90,"ImageComments":"Unaliased_MB6_PE3_LB","ImageOrientationPatientDICOM":[1,0,0,0,0.882948,-0.469472],"ImageType":["ORIGINAL","PRIMARY","M","ND","NORM","MOSAIC"],"ImagingFrequency":123.25,"InPlanePhaseEncodingDirectionDICOM":"COL","InstitutionAddress":[],"InstitutionName":[],"InstitutionalDepartmentName":[],"Instructions":"eyes closed","MRAcquisitionType":"2D","MagneticFieldStrength":3,"Manufacturer":"Siemens","ManufacturersModelName":"Prisma_fit","Modality":"MR","PartialFourier":1,"PatientPosition":"HFS","PercentPhaseFOV":100,"PercentSampling":100,"PhaseEncodingDirection":"j-","PhaseEncodingSteps":80,"PhaseResolution":1,"PixelBandwidth":2085,"ProcedureStepDescription":[],"ProtocolName":[],"PulseSequenceDetails":[],"ReceiveCoilActiveElements":"HC1-7","ReceiveCoilName":"HeadNeck_64","ReconMatrixPE":80,"RepetitionTime":4.029,"SAR":0.164986,"ScanOptions":"FS","ScanningSequence":"EP","SequenceName":"epse2d1_80","SequenceVariant":"SK","SeriesDescription":[],"SeriesNumber":15,"ShimSetting":[326,-11623,-6394,793,75,-46,90,-23],"SliceThickness":3,"SliceTiming":[3.925,3.8425,3.7575,3.675,3.59,3.5075,3.425,3.34,3.2575,3.1725,3.09,3.0075,2.9225,2.84,2.755,2.6725,2.59,2.505,2.4225,2.3375,2.255,2.1725,2.0875,2.005,1.92,1.8375,1.755,1.67,1.5875,1.5025,1.42,1.335,1.2525,1.17,1.085,1.0025,0.9175,0.835,0.7525,0.6675,0.585,0.5,0.4175,0.335,0.25,0.1675,0.0825,0],"SoftwareVersions":"syngo_MR_E11","SpacingBetweenSlices":3,"StationName":"MRC35056","TaskName":"rest","TotalReadoutTime":0.0426603,"TxRefAmp":216.773,"WipMemBlock":"2f462e93-df0a-4558-a7ca-a37b33488001||Sequence: R016 ve11c/master r/34fb20f; Nov 20 2017 15:30:40 by eja","acq_id":"APse","dataset":"MICs","modality":"bold","session_id":"01","subject_id":"sub-HC029","task_id":"rest"},"dummy_trs":0,"dvars_nstd":55.675115204000008,"dvars_std":2.832673312,"dvars_vstd":5.1314766880000011,"efc":0.47031956633530403,"fber":883.156005859375,"fd_mean":0.081721923490416654,"fd_num":0,"fd_perc":0,"fwhm_avg":1.8632133333333334,"fwhm_x":1.8828233333333333,"fwhm_y":1.8196,"fwhm_z":1.8872166666666665,"gcor":0.00505332,"gsr_x":-0.033784873783588409,"gsr_y":0.019616544246673584,"provenance":{"md5sum":"0aac7c8a3c16c014ad158e17d3e29fb9","settings":{"fd_thres":0.2,"hmc_fsl":false,"testing":false},"software":"mriqc","version":"0.15.2","webapi_port":[],"webapi_url":"https://mriqc.nimh.nih.gov/api/v1"},"size_t":6,"size_x":80,"size_y":80,"size_z":48,"snr":2.3465462618106496,"spacing_tr":4.0289998054504395,"spacing_x":3,"spacing_y":3,"spacing_z":3,"summary_bg_k":112.9166698712904,"summary_bg_mad":117.91996057080661,"summary_bg_mean":632.530517578125,"summary_bg_median":299.75726318359375,"summary_bg_n":208318,"summary_bg_p05":164.88493652343749,"summary_bg_p95":2685.8703857421851,"summary_bg_stdv":1284.764404296875,"summary_fg_k":29.675428609742134,"summary_fg_mad":2315.6259473814434,"summary_fg_mean":10153.8251953125,"summary_fg_median":9366.46484375,"summary_fg_n":50302,"summary_fg_p05":5839.515405273437,"summary_fg_p95":17013.911230468748,"summary_fg_stdv":3991.556396484375,"tsnr":77.774223327636719}