{"aor":0.044678333333333341,"aqi":0.0058864949999999994,"bids_meta":{"AcquisitionMatrixPE":80,"AcquisitionNumber":1,"AcquisitionTime":[],"BandwidthPerPixelPhaseEncode":23.148,"BaseResolution":80,"BodyPartExamined":"BRAIN","ConsistencyInfo":"N4_VE11C_LATEST_20160120","ConversionSoftware":"dcm2niix","ConversionSoftwareVersion":"v1.0.20200427","DerivedVendorReportedEchoSpacing":0.000540003,"DeviceSerialNumber":"167017","DwellTime":3E-6,"EchoTime":0.048,"EchoTrainLength":80,"EffectiveEchoSpacing":0.000540003,"FlipAngle":90,"ImageComments":"Unaliased_MB6_PE3_LB","ImageOrientationPatientDICOM":[1,0,0,0,0.882948,-0.469472],"ImageType":["ORIGINAL","PRIMARY","M","ND","NORM","MOSAIC"],"ImagingFrequency":123.25,"InPlanePhaseEncodingDirectionDICOM":"COL","InstitutionAddress":[],"InstitutionName":[],"InstitutionalDepartmentName":[],"Instructions":"eyes closed","MRAcquisitionType":"2D","MagneticFieldStrength":3,"Manufacturer":"Siemens","ManufacturersModelName":"Prisma_fit","Modality":"MR","PartialFourier":1,"PatientPosition":"HFS","PercentPhaseFOV":100,"PercentSampling":100,"PhaseEncodingDirection":"j","PhaseEncodingSteps":80,"PhaseResolution":1,"PixelBandwidth":2085,"ProcedureStepDescription":[],"ProtocolName":[],"PulseSequenceDetails":[],"ReceiveCoilActiveElements":"HC1-7","ReceiveCoilName":"HeadNeck_64","ReconMatrixPE":80,"RepetitionTime":4.029,"SAR":0.164986,"ScanOptions":"FS","ScanningSequence":"EP","SequenceName":"epse2d1_80","SequenceVariant":"SK","SeriesDescription":[],"SeriesNumber":16,"ShimSetting":[326,-11623,-6394,793,75,-46,90,-23],"SliceThickness":3,"SliceTiming":[3.925,3.8425,3.7575,3.675,3.5925,3.5075,3.425,3.34,3.2575,3.175,3.09,3.0075,2.9225,2.84,2.755,2.6725,2.59,2.505,2.4225,2.3375,2.255,2.1725,2.0875,2.005,1.92,1.8375,1.755,1.67,1.5875,1.5025,1.42,1.3375,1.2525,1.17,1.085,1.0025,0.92,0.835,0.7525,0.6675,0.585,0.5,0.4175,0.335,0.25,0.1675,0.0825,0],"SoftwareVersions":"syngo_MR_E11","SpacingBetweenSlices":3,"StationName":"MRC35056","TaskName":"rest","TotalReadoutTime":0.0426603,"TxRefAmp":216.773,"WipMemBlock":"a6c10331-095a-491d-8725-e6c9d24b357f||Sequence: R016 ve11c/master r/34fb20f; Nov 20 2017 15:30:40 by eja","acq_id":"PAse","dataset":"MICs","modality":"bold","session_id":"01","subject_id":"sub-HC029","task_id":"rest"},"dummy_trs":0,"dvars_nstd":70.72794952400001,"dvars_std":2.914793874,"dvars_vstd":4.9603451739999995,"efc":0.47165768827253379,"fber":842.43511962890625,"fd_mean":0.093893949516714287,"fd_num":0,"fd_perc":0,"fwhm_avg":1.8718422222222222,"fwhm_x":1.9517866666666668,"fwhm_y":1.7380533333333332,"fwhm_z":1.9256866666666665,"gcor":0.00206236,"gsr_x":-0.035023186355829239,"gsr_y":0.013846089132130146,"provenance":{"md5sum":"8f9d9dff4fc925b96fdde49d1faf2e1d","settings":{"fd_thres":0.2,"hmc_fsl":false,"testing":false},"software":"mriqc","version":"0.15.2","webapi_port":[],"webapi_url":"https://mriqc.nimh.nih.gov/api/v1"},"size_t":6,"size_x":80,"size_y":80,"size_z":48,"snr":2.2159018600275071,"spacing_tr":4.0289998054504395,"spacing_x":3,"spacing_y":3,"spacing_z":3,"summary_bg_k":137.21555359175858,"summary_bg_mad":110.70366529235049,"summary_bg_mean":596.45391845703125,"summary_bg_median":296.01803588867188,"summary_bg_n":206739,"summary_bg_p05":164.26193389892578,"summary_bg_p95":2575.3016601562308,"summary_bg_stdv":1161.47998046875,"summary_fg_k":11.855332034616366,"summary_fg_mad":2556.0952677079918,"summary_fg_mean":9814.521484375,"summary_fg_median":9113.2802734375,"summary_fg_n":51492,"summary_fg_p05":3717.1854370117189,"summary_fg_p95":16859.312988281235,"summary_fg_stdv":4112.63330078125,"tsnr":70.349929809570312}