{"aor":0.00050154285714285713,"aqi":0.0061259982285714288,"bids_meta":{"AcquisitionMatrixPE":80,"AcquisitionNumber":1,"AcquisitionTime":[],"BandwidthPerPixelPhaseEncode":23.148,"BaseResolution":80,"BodyPartExamined":"BRAIN","ConsistencyInfo":"N4_VE11C_LATEST_20160120","ConversionSoftware":"dcm2niix","ConversionSoftwareVersion":"v1.0.20200427","DerivedVendorReportedEchoSpacing":0.000540003,"DeviceSerialNumber":"167017","DwellTime":2.6E-6,"EchoTime":0.03,"EchoTrainLength":80,"EffectiveEchoSpacing":0.000540003,"FlipAngle":50,"ImageComments":"Unaliased_MB6_PE3_LB","ImageOrientationPatientDICOM":[1,0,0,0,0.882948,-0.469472],"ImageType":["ORIGINAL","PRIMARY","M","MB","ND","NORM","MOSAIC"],"ImagingFrequency":123.25,"InPlanePhaseEncodingDirectionDICOM":"COL","InstitutionAddress":[],"InstitutionName":[],"InstitutionalDepartmentName":[],"Instructions":"eyes closed","MRAcquisitionType":"2D","MagneticFieldStrength":3,"Manufacturer":"Siemens","ManufacturersModelName":"Prisma_fit","Modality":"MR","MultibandAccelerationFactor":6,"PartialFourier":1,"PatientPosition":"HFS","PercentPhaseFOV":100,"PercentSampling":100,"PhaseEncodingDirection":"j-","PhaseEncodingSteps":80,"PhaseResolution":1,"PixelBandwidth":2405,"ProcedureStepDescription":[],"ProtocolName":[],"PulseSequenceDetails":[],"ReceiveCoilActiveElements":"HC1-7","ReceiveCoilName":"HeadNeck_64","ReconMatrixPE":80,"RepetitionTime":0.6,"SAR":0.0485301,"ScanOptions":"FS","ScanningSequence":"EP","SequenceName":"epfid2d1_80","SequenceVariant":"SK_SS","SeriesDescription":[],"SeriesNumber":14,"ShimSetting":[326,-11623,-6394,793,75,-46,90,-23],"SliceThickness":3,"SliceTiming":[0.5075,0.435,0.3625,0.29,0.2175,0.145,0.0725,0,0.5075,0.435,0.3625,0.29,0.2175,0.145,0.0725,0,0.5075,0.435,0.3625,0.29,0.2175,0.145,0.0725,0,0.5075,0.435,0.3625,0.29,0.2175,0.145,0.0725,0,0.5075,0.435,0.3625,0.29,0.2175,0.145,0.0725,0,0.5075,0.435,0.3625,0.29,0.2175,0.145,0.0725,0],"SoftwareVersions":"syngo_MR_E11","SpacingBetweenSlices":3,"StationName":"MRC35056","TaskName":"rest","TotalReadoutTime":0.0426603,"TxRefAmp":216.773,"WipMemBlock":"2d198f03-4161-4511-9349-a34c0b0f7506||Sequence: R016 ve11c/master r/34fb20f; Nov 20 2017 15:15:15 by eja","acq_id":"AP","dataset":"MICs","modality":"bold","session_id":"01","subject_id":"sub-HC029","task_id":"rest"},"dummy_trs":0,"dvars_nstd":30.273509823719575,"dvars_std":1.2249688618597998,"dvars_vstd":0.99352413340486367,"efc":0.42098618569060381,"fber":8663.4453125,"fd_mean":0.10556268962983634,"fd_num":48,"fd_perc":6.8571428571428568,"fwhm_avg":2.4349833333333333,"fwhm_x":2.2431733333333335,"fwhm_y":2.6524933333333336,"fwhm_z":2.4092833333333332,"gcor":0.0115319,"gsr_x":-0.018261237069964409,"gsr_y":0.023152317851781845,"provenance":{"md5sum":"69fb31556f1d54cfce2f974852b1adb7","settings":{"fd_thres":0.2,"hmc_fsl":false,"testing":false},"software":"mriqc","version":"0.15.2","webapi_port":[],"webapi_url":"https://mriqc.nimh.nih.gov/api/v1"},"size_t":700,"size_x":80,"size_y":80,"size_z":48,"snr":3.8108499011752559,"spacing_tr":0.60000002384185791,"spacing_x":3,"spacing_y":3,"spacing_z":3,"summary_bg_k":72.164396065722812,"summary_bg_mad":39.729502221521329,"summary_bg_mean":201.6737060546875,"summary_bg_median":69.3499984741211,"summary_bg_n":211961,"summary_bg_p05":33.068569183349609,"summary_bg_p95":870.7257080078125,"summary_bg_stdv":471.98348999023438,"summary_fg_k":3.6324839113988663,"summary_fg_mad":1270.3924692252911,"summary_fg_mean":6802.607421875,"summary_fg_median":6714.27685546875,"summary_fg_n":47257,"summary_fg_p05":4105.21767578125,"summary_fg_p95":9476.98203125,"summary_fg_stdv":1761.86572265625,"tsnr":55.041525876265951}