{"aor":0.046724999999999996,"aqi":0.011591441666666666,"bids_meta":{"AcquisitionMatrixPE":80,"AcquisitionNumber":1,"AcquisitionTime":[],"BandwidthPerPixelPhaseEncode":23.148,"BaseResolution":80,"BodyPartExamined":"BRAIN","ConsistencyInfo":"N4_VE11C_LATEST_20160120","ConversionSoftware":"dcm2niix","ConversionSoftwareVersion":"v1.0.20200427","DerivedVendorReportedEchoSpacing":0.000540003,"DeviceSerialNumber":"167017","DwellTime":3E-6,"EchoTime":0.048,"EchoTrainLength":80,"EffectiveEchoSpacing":0.000540003,"FlipAngle":90,"ImageComments":"Unaliased_MB6_PE3_LB","ImageOrientationPatientDICOM":[1,0,0,0,0.848048,-0.529919],"ImageType":["ORIGINAL","PRIMARY","M","ND","NORM","MOSAIC"],"ImagingFrequency":123.25,"InPlanePhaseEncodingDirectionDICOM":"COL","InstitutionAddress":[],"InstitutionName":[],"InstitutionalDepartmentName":[],"Instructions":"eyes closed","MRAcquisitionType":"2D","MagneticFieldStrength":3,"Manufacturer":"Siemens","ManufacturersModelName":"Prisma_fit","Modality":"MR","PartialFourier":1,"PatientPosition":"HFS","PercentPhaseFOV":100,"PercentSampling":100,"PhaseEncodingDirection":"j","PhaseEncodingSteps":80,"PhaseResolution":1,"PixelBandwidth":2085,"ProcedureStepDescription":[],"ProtocolName":[],"PulseSequenceDetails":[],"ReceiveCoilActiveElements":"HC1-7","ReceiveCoilName":"HeadNeck_64","ReconMatrixPE":80,"RepetitionTime":4.029,"SAR":0.185831,"ScanOptions":"FS","ScanningSequence":"EP","SequenceName":"epse2d1_80","SequenceVariant":"SK","SeriesDescription":[],"SeriesNumber":16,"ShimSetting":[306,-11581,-6406,477,22,-55,-165,-8],"SliceThickness":3,"SliceTiming":[3.9275,3.8425,3.76,3.675,3.5925,3.51,3.425,3.3425,3.2575,3.175,3.0925,3.0075,2.925,2.84,2.7575,2.6725,2.59,2.5075,2.4225,2.34,2.255,2.1725,2.09,2.005,1.9225,1.8375,1.755,1.6725,1.5875,1.505,1.42,1.3375,1.255,1.17,1.0875,1.0025,0.92,0.835,0.7525,0.67,0.585,0.5025,0.4175,0.335,0.2525,0.1675,0.085,0],"SoftwareVersions":"syngo_MR_E11","SpacingBetweenSlices":3,"StationName":"MRC35056","TaskName":"rest","TotalReadoutTime":0.0426603,"TxRefAmp":212.407,"WipMemBlock":"3af27c8c-9226-495f-bab5-22f8a371c9be||Sequence: R016 ve11c/master r/34fb20f; Nov 20 2017 15:30:40 by eja","acq_id":"PAse","dataset":"MICs","modality":"bold","session_id":"01","subject_id":"sub-HC047","task_id":"rest"},"dummy_trs":0,"dvars_nstd":108.06055908200001,"dvars_std":3.7376167300000005,"dvars_vstd":4.702176092,"efc":0.47681498675700557,"fber":911.99591064453125,"fd_mean":0.093267459476620337,"fd_num":0,"fd_perc":0,"fwhm_avg":1.8107544444444443,"fwhm_x":1.8911966666666666,"fwhm_y":1.6439233333333334,"fwhm_z":1.8971433333333334,"gcor":0.000766058,"gsr_x":-0.02501361258327961,"gsr_y":-0.0019382478203624487,"provenance":{"md5sum":"bfd32a4a95cce154520aac257ef630e1","settings":{"fd_thres":0.2,"hmc_fsl":false,"testing":false},"software":"mriqc","version":"0.15.2","webapi_port":[],"webapi_url":"https://mriqc.nimh.nih.gov/api/v1"},"size_t":6,"size_x":80,"size_y":80,"size_z":48,"snr":2.5372136905015257,"spacing_tr":4.0289998054504395,"spacing_x":3,"spacing_y":3,"spacing_z":3,"summary_bg_k":219.88112089722591,"summary_bg_mad":133.29484374408702,"summary_bg_mean":649.80523681640625,"summary_bg_median":305.36083984375,"summary_bg_n":206885,"summary_bg_p05":165.5529296875,"summary_bg_p95":2851.1251464843745,"summary_bg_stdv":1339.3360595703125,"summary_fg_k":12.671569185375334,"summary_fg_mad":2606.1055833617047,"summary_fg_mean":10322.5849609375,"summary_fg_median":9718.9833984375,"summary_fg_n":52006,"summary_fg_p05":6000.9051513671875,"summary_fg_p95":16674.88916015625,"summary_fg_stdv":3830.53662109375,"tsnr":70.2317886352539}