{"aor":0.00060223495702005738,"aqi":0.0073403898567335236,"bids_meta":{"AcquisitionMatrixPE":80,"AcquisitionNumber":1,"AcquisitionTime":[],"BandwidthPerPixelPhaseEncode":23.148,"BaseResolution":80,"BodyPartExamined":"BRAIN","ConsistencyInfo":"N4_VE11C_LATEST_20160120","ConversionSoftware":"dcm2niix","ConversionSoftwareVersion":"v1.0.20200427","DerivedVendorReportedEchoSpacing":0.000540003,"DeviceSerialNumber":"167017","DwellTime":2.6E-6,"EchoTime":0.03,"EchoTrainLength":80,"EffectiveEchoSpacing":0.000540003,"FlipAngle":50,"ImageComments":"Unaliased_MB6_PE3_LB","ImageOrientationPatientDICOM":[1,0,0,0,0.848048,-0.529919],"ImageType":["ORIGINAL","PRIMARY","M","MB","ND","NORM","MOSAIC"],"ImagingFrequency":123.25,"InPlanePhaseEncodingDirectionDICOM":"COL","InstitutionAddress":[],"InstitutionName":[],"InstitutionalDepartmentName":[],"Instructions":"eyes closed","MRAcquisitionType":"2D","MagneticFieldStrength":3,"Manufacturer":"Siemens","ManufacturersModelName":"Prisma_fit","Modality":"MR","MultibandAccelerationFactor":6,"PartialFourier":1,"PatientPosition":"HFS","PercentPhaseFOV":100,"PercentSampling":100,"PhaseEncodingDirection":"j-","PhaseEncodingSteps":80,"PhaseResolution":1,"PixelBandwidth":2405,"ProcedureStepDescription":[],"ProtocolName":[],"PulseSequenceDetails":[],"ReceiveCoilActiveElements":"HC1-7","ReceiveCoilName":"HeadNeck_64","ReconMatrixPE":80,"RepetitionTime":0.6,"SAR":0.0547349,"ScanOptions":"FS","ScanningSequence":"EP","SequenceName":"epfid2d1_80","SequenceVariant":"SK_SS","SeriesDescription":[],"SeriesNumber":14,"ShimSetting":[306,-11581,-6406,477,22,-55,-165,-8],"SliceThickness":3,"SliceTiming":[0.5075,0.435,0.3625,0.29,0.2175,0.145,0.0725,0,0.5075,0.435,0.3625,0.29,0.2175,0.145,0.0725,0,0.5075,0.435,0.3625,0.29,0.2175,0.145,0.0725,0,0.5075,0.435,0.3625,0.29,0.2175,0.145,0.0725,0,0.5075,0.435,0.3625,0.29,0.2175,0.145,0.0725,0,0.5075,0.435,0.3625,0.29,0.2175,0.145,0.0725,0],"SoftwareVersions":"syngo_MR_E11","SpacingBetweenSlices":3,"StationName":"MRC35056","TaskName":"rest","TotalReadoutTime":0.0426603,"TxRefAmp":212.407,"WipMemBlock":"b3544562-8880-4885-8490-cd11302f3617||Sequence: R016 ve11c/master r/34fb20f; Nov 20 2017 15:15:15 by eja","acq_id":"AP","dataset":"MICs","modality":"bold","session_id":"01","subject_id":"sub-HC047","task_id":"rest"},"dummy_trs":2,"dvars_nstd":38.305873838034422,"dvars_std":1.369220120243904,"dvars_vstd":1.0030939303586797,"efc":0.42768202459441074,"fber":8702.6826171875,"fd_mean":0.074149277906198227,"fd_num":4,"fd_perc":0.57306590257879653,"fwhm_avg":2.3211177777777778,"fwhm_x":2.18139,"fwhm_y":2.4115566666666668,"fwhm_z":2.3704066666666668,"gcor":0.0106457,"gsr_x":-0.013085979036986828,"gsr_y":0.0097633460536599159,"provenance":{"md5sum":"561990c817a7a4c3015ba6e2980503aa","settings":{"fd_thres":0.2,"hmc_fsl":false,"testing":false},"software":"mriqc","version":"0.15.2","webapi_port":[],"webapi_url":"https://mriqc.nimh.nih.gov/api/v1"},"size_t":698,"size_x":80,"size_y":80,"size_z":48,"snr":4.2277870273898941,"spacing_tr":0.60000002384185791,"spacing_x":3,"spacing_y":3,"spacing_z":3,"summary_bg_k":94.373288915892957,"summary_bg_mad":49.07243446667529,"summary_bg_mean":231.73532104492188,"summary_bg_median":74.9412612915039,"summary_bg_n":211507,"summary_bg_p05":32.924068450927734,"summary_bg_p95":946.994885253901,"summary_bg_stdv":624.8541259765625,"summary_fg_k":2.5768186876522012,"summary_fg_mad":1480.58825396855,"summary_fg_mean":7342.82666015625,"summary_fg_median":7279.69921875,"summary_fg_n":47911,"summary_fg_p05":4931.282470703125,"summary_fg_p95":10044.97314453125,"summary_fg_stdv":1721.8519287109375,"tsnr":55.742386492202058}