{"aor":0.047656666666666674,"aqi":0.00976439,"bids_meta":{"AcquisitionMatrixPE":80,"AcquisitionNumber":1,"AcquisitionTime":[],"BandwidthPerPixelPhaseEncode":23.148,"BaseResolution":80,"BodyPartExamined":"BRAIN","ConsistencyInfo":"N4_VE11C_LATEST_20160120","ConversionSoftware":"dcm2niix","ConversionSoftwareVersion":"v1.0.20200427","DerivedVendorReportedEchoSpacing":0.000540003,"DeviceSerialNumber":"167017","DwellTime":3E-6,"EchoTime":0.048,"EchoTrainLength":80,"EffectiveEchoSpacing":0.000540003,"FlipAngle":90,"ImageComments":"Unaliased_MB6_PE3_LB","ImageOrientationPatientDICOM":[1,0,0,0,0.848048,-0.529919],"ImageType":["ORIGINAL","PRIMARY","M","ND","NORM","MOSAIC"],"ImagingFrequency":123.25,"InPlanePhaseEncodingDirectionDICOM":"COL","InstitutionAddress":[],"InstitutionName":[],"InstitutionalDepartmentName":[],"Instructions":"eyes closed","MRAcquisitionType":"2D","MagneticFieldStrength":3,"Manufacturer":"Siemens","ManufacturersModelName":"Prisma_fit","Modality":"MR","PartialFourier":1,"PatientPosition":"HFS","PercentPhaseFOV":100,"PercentSampling":100,"PhaseEncodingDirection":"j-","PhaseEncodingSteps":80,"PhaseResolution":1,"PixelBandwidth":2085,"ProcedureStepDescription":[],"ProtocolName":[],"PulseSequenceDetails":[],"ReceiveCoilActiveElements":"HC1-7","ReceiveCoilName":"HeadNeck_64","ReconMatrixPE":80,"RepetitionTime":4.029,"SAR":0.185831,"ScanOptions":"FS","ScanningSequence":"EP","SequenceName":"epse2d1_80","SequenceVariant":"SK","SeriesDescription":[],"SeriesNumber":15,"ShimSetting":[306,-11581,-6406,477,22,-55,-165,-8],"SliceThickness":3,"SliceTiming":[3.9275,3.8425,3.76,3.675,3.5925,3.51,3.425,3.3425,3.2575,3.175,3.0925,3.0075,2.925,2.84,2.7575,2.675,2.59,2.5075,2.4225,2.34,2.255,2.1725,2.09,2.005,1.9225,1.8375,1.755,1.6725,1.5875,1.505,1.42,1.3375,1.255,1.17,1.0875,1.0025,0.92,0.8375,0.7525,0.67,0.585,0.5025,0.42,0.335,0.2525,0.1675,0.085,0],"SoftwareVersions":"syngo_MR_E11","SpacingBetweenSlices":3,"StationName":"MRC35056","TaskName":"rest","TotalReadoutTime":0.0426603,"TxRefAmp":212.407,"WipMemBlock":"658005c8-b48d-4e1a-9a0b-82db364d643a||Sequence: R016 ve11c/master r/34fb20f; Nov 20 2017 15:30:40 by eja","acq_id":"APse","dataset":"MICs","modality":"bold","session_id":"01","subject_id":"sub-HC047","task_id":"rest"},"dummy_trs":0,"dvars_nstd":106.06716918800001,"dvars_std":3.767783068,"dvars_vstd":4.291800786,"efc":0.47339438117965593,"fber":974.81744384765625,"fd_mean":0.092645601883171474,"fd_num":0,"fd_perc":0,"fwhm_avg":1.806961111111111,"fwhm_x":1.8398,"fwhm_y":1.7138266666666666,"fwhm_z":1.8672566666666668,"gcor":0.000287361,"gsr_x":-0.021271897479891777,"gsr_y":-0.0033237324096262455,"provenance":{"md5sum":"91058c35e7f8095c85beeaff05c11eaf","settings":{"fd_thres":0.2,"hmc_fsl":false,"testing":false},"software":"mriqc","version":"0.15.2","webapi_port":[],"webapi_url":"https://mriqc.nimh.nih.gov/api/v1"},"size_t":6,"size_x":80,"size_y":80,"size_z":48,"snr":2.6625865883426374,"spacing_tr":4.0289998054504395,"spacing_x":3,"spacing_y":3,"spacing_z":3,"summary_bg_k":219.32898802881087,"summary_bg_mad":138.2060540837449,"summary_bg_mean":660.78546142578125,"summary_bg_median":308.2669677734375,"summary_bg_n":208497,"summary_bg_p05":166.9021026611328,"summary_bg_p95":2867.7172851562491,"summary_bg_stdv":1363.748291015625,"summary_fg_k":25.577954850010475,"summary_fg_mad":2512.6647233257622,"summary_fg_mean":10792.2333984375,"summary_fg_median":10160.2021484375,"summary_fg_n":50473,"summary_fg_p05":6899.62197265625,"summary_fg_p95":16926.974999999995,"summary_fg_stdv":3815.87646484375,"tsnr":73.7749252319336}