{"aor":0.054936666666666661,"aqi":0.0053319733333333334,"bids_meta":{"AcquisitionMatrixPE":80,"AcquisitionNumber":1,"AcquisitionTime":[],"BandwidthPerPixelPhaseEncode":23.148,"BaseResolution":80,"BodyPartExamined":"BRAIN","ConsistencyInfo":"N4_VE11C_LATEST_20160120","ConversionSoftware":"dcm2niix","ConversionSoftwareVersion":"v1.0.20200427","DerivedVendorReportedEchoSpacing":0.000540003,"DeviceSerialNumber":"167017","DwellTime":3E-6,"EchoTime":0.048,"EchoTrainLength":80,"EffectiveEchoSpacing":0.000540003,"FlipAngle":90,"ImageComments":"Unaliased_MB6_PE3_LB","ImageOrientationPatientDICOM":[1,0,0,0,0.798635,-0.601815],"ImageType":["ORIGINAL","PRIMARY","M","ND","NORM","MOSAIC"],"ImagingFrequency":123.25,"InPlanePhaseEncodingDirectionDICOM":"COL","InstitutionAddress":[],"InstitutionName":[],"InstitutionalDepartmentName":[],"Instructions":"eyes closed","MRAcquisitionType":"2D","MagneticFieldStrength":3,"Manufacturer":"Siemens","ManufacturersModelName":"Prisma_fit","Modality":"MR","PartialFourier":1,"PatientPosition":"HFS","PercentPhaseFOV":100,"PercentSampling":100,"PhaseEncodingDirection":"j","PhaseEncodingSteps":80,"PhaseResolution":1,"PixelBandwidth":2085,"ProcedureStepDescription":[],"ProtocolName":[],"PulseSequenceDetails":[],"ReceiveCoilActiveElements":"HC1-7","ReceiveCoilName":"HeadNeck_64","ReconMatrixPE":80,"RepetitionTime":4.029,"SAR":0.152911,"ScanOptions":"FS","ScanningSequence":"EP","SequenceName":"epse2d1_80","SequenceVariant":"SK","SeriesDescription":[],"SeriesNumber":15,"ShimSetting":[308,-11607,-6428,715,-21,-207,-53,7],"SliceThickness":3,"SliceTiming":[3.925,3.8425,3.7575,3.675,3.59,3.5075,3.425,3.34,3.2575,3.1725,3.09,3.0075,2.9225,2.84,2.755,2.6725,2.59,2.505,2.4225,2.3375,2.255,2.1725,2.0875,2.005,1.92,1.8375,1.7525,1.67,1.5875,1.5025,1.42,1.335,1.2525,1.17,1.085,1.0025,0.9175,0.835,0.7525,0.6675,0.585,0.5,0.4175,0.335,0.25,0.1675,0.0825,0],"SoftwareVersions":"syngo_MR_E11","SpacingBetweenSlices":3,"StationName":"MRC35056","TaskName":"rest","TotalReadoutTime":0.0426603,"TxRefAmp":217.635,"WipMemBlock":"11a43bf8-6b42-483e-a61f-88e23ac5158a||Sequence: R016 ve11c/master r/34fb20f; Nov 20 2017 15:30:40 by eja","acq_id":"PAse","dataset":"MICs","modality":"bold","session_id":"01","subject_id":"sub-HC007","task_id":"rest"},"dummy_trs":0,"dvars_nstd":60.488935087999991,"dvars_std":2.207128838,"dvars_vstd":5.004388382,"efc":0.46863551421927235,"fber":879.2696533203125,"fd_mean":0.21709442119078273,"fd_num":2,"fd_perc":33.333333333333336,"fwhm_avg":1.7493344444444443,"fwhm_x":1.8719000000000001,"fwhm_y":1.5570733333333333,"fwhm_z":1.81903,"gcor":0.00587995,"gsr_x":-0.022198477759957314,"gsr_y":0.0059050670824944973,"provenance":{"md5sum":"e1352a487696aa9b95b38cf465a82621","settings":{"fd_thres":0.2,"hmc_fsl":false,"testing":false},"software":"mriqc","version":"0.15.2","webapi_port":[],"webapi_url":"https://mriqc.nimh.nih.gov/api/v1"},"size_t":6,"size_x":80,"size_y":80,"size_z":48,"snr":2.2121791830411888,"spacing_tr":4.0289998054504395,"spacing_x":3,"spacing_y":3,"spacing_z":3,"summary_bg_k":237.1873022921589,"summary_bg_mad":125.69053497761365,"summary_bg_mean":568.31500244140625,"summary_bg_median":288.15240478515625,"summary_bg_n":204775,"summary_bg_p05":150.00077514648439,"summary_bg_p95":2357.4644287109368,"summary_bg_stdv":998.49609375,"summary_fg_k":12.25028069919418,"summary_fg_mad":3247.9152518450328,"summary_fg_mean":10228.8525390625,"summary_fg_median":9272.873046875,"summary_fg_n":52919,"summary_fg_p05":5855.9160644531257,"summary_fg_p95":17385.928320312498,"summary_fg_stdv":4191.697265625,"tsnr":49.895557403564453}