{"aor":0.00098618364418938311,"aqi":0.0066922743328550922,"bids_meta":{"AcquisitionMatrixPE":80,"AcquisitionNumber":1,"AcquisitionTime":[],"BandwidthPerPixelPhaseEncode":23.148,"BaseResolution":80,"BodyPartExamined":"BRAIN","ConsistencyInfo":"N4_VE11C_LATEST_20160120","ConversionSoftware":"dcm2niix","ConversionSoftwareVersion":"v1.0.20200427","DerivedVendorReportedEchoSpacing":0.000540003,"DeviceSerialNumber":"167017","DwellTime":2.6E-6,"EchoTime":0.03,"EchoTrainLength":80,"EffectiveEchoSpacing":0.000540003,"FlipAngle":50,"ImageComments":"Unaliased_MB6_PE3_LB","ImageOrientationPatientDICOM":[1,0,0,0,0.798635,-0.601815],"ImageType":["ORIGINAL","PRIMARY","M","MB","ND","NORM","MOSAIC"],"ImagingFrequency":123.25,"InPlanePhaseEncodingDirectionDICOM":"COL","InstitutionAddress":[],"InstitutionName":[],"InstitutionalDepartmentName":[],"Instructions":"eyes closed","MRAcquisitionType":"2D","MagneticFieldStrength":3,"Manufacturer":"Siemens","ManufacturersModelName":"Prisma_fit","Modality":"MR","MultibandAccelerationFactor":6,"PartialFourier":1,"PatientPosition":"HFS","PercentPhaseFOV":100,"PercentSampling":100,"PhaseEncodingDirection":"j-","PhaseEncodingSteps":80,"PhaseResolution":1,"PixelBandwidth":2405,"ProcedureStepDescription":[],"ProtocolName":[],"PulseSequenceDetails":[],"ReceiveCoilActiveElements":"HC1-7","ReceiveCoilName":"HeadNeck_64","ReconMatrixPE":80,"RepetitionTime":0.6,"SAR":0.0472624,"ScanOptions":"FS","ScanningSequence":"EP","SequenceName":"epfid2d1_80","SequenceVariant":"SK_SS","SeriesDescription":[],"SeriesNumber":17,"ShimSetting":[308,-11607,-6428,715,-21,-207,-53,7],"SliceThickness":3,"SliceTiming":[0.5075,0.435,0.3625,0.29,0.2175,0.145,0.0725,0,0.5075,0.435,0.3625,0.29,0.2175,0.145,0.0725,0,0.5075,0.435,0.3625,0.29,0.2175,0.145,0.0725,0,0.5075,0.435,0.3625,0.29,0.2175,0.145,0.0725,0,0.5075,0.435,0.3625,0.29,0.2175,0.145,0.0725,0,0.5075,0.435,0.3625,0.29,0.2175,0.145,0.0725,0],"SoftwareVersions":"syngo_MR_E11","SpacingBetweenSlices":3,"StationName":"MRC35056","TaskName":"rest","TotalReadoutTime":0.0426603,"TxRefAmp":217.635,"WipMemBlock":"7b12e2e8-e559-4b66-9d4d-4ab2c24729ee||Sequence: R016 ve11c/master r/34fb20f; Nov 20 2017 15:15:15 by eja","acq_id":"AP","dataset":"MICs","modality":"bold","session_id":"01","subject_id":"sub-HC007","task_id":"rest"},"dummy_trs":3,"dvars_nstd":23.671788618419523,"dvars_std":1.0860099403017238,"dvars_vstd":1.0647356927155167,"efc":0.43490106415562552,"fber":7776.47265625,"fd_mean":0.093530727747561812,"fd_num":36,"fd_perc":5.1649928263988523,"fwhm_avg":2.2026177777777778,"fwhm_x":2.06833,"fwhm_y":2.3269966666666666,"fwhm_z":2.2125266666666668,"gcor":0.0323647,"gsr_x":-0.011303788982331753,"gsr_y":0.015650160610675812,"provenance":{"md5sum":"88caf5765d512d071005c37d35beb0e5","settings":{"fd_thres":0.2,"hmc_fsl":false,"testing":false},"software":"mriqc","version":"0.15.2","webapi_port":[],"webapi_url":"https://mriqc.nimh.nih.gov/api/v1"},"size_t":697,"size_x":80,"size_y":80,"size_z":48,"snr":3.7257488819445181,"spacing_tr":0.60000002384185791,"spacing_x":3,"spacing_y":3,"spacing_z":3,"summary_bg_k":90.860322409873532,"summary_bg_mad":46.794496785295969,"summary_bg_mean":187.00332641601562,"summary_bg_median":70.954086303710938,"summary_bg_n":206079,"summary_bg_p05":29.876613616943359,"summary_bg_p95":744.704437255859,"summary_bg_stdv":417.135498046875,"summary_fg_k":2.3086035582762117,"summary_fg_mad":1409.9673785189561,"summary_fg_mean":6732.0185546875,"summary_fg_median":6569.982421875,"summary_fg_n":52016,"summary_fg_p05":4446.8292236328125,"summary_fg_p95":9826.72412109375,"summary_fg_stdv":1763.3822021484375,"tsnr":48.326223742449656}