{"aor":0.068696000000000007,"aqi":0.002325476,"bids_meta":{"AcquisitionMatrixPE":80,"AcquisitionNumber":1,"AcquisitionTime":[],"BandwidthPerPixelPhaseEncode":23.148,"BaseResolution":80,"BodyPartExamined":"BRAIN","ConsistencyInfo":"N4_VE11C_LATEST_20160120","ConversionSoftware":"dcm2niix","ConversionSoftwareVersion":"v1.0.20200427","DerivedVendorReportedEchoSpacing":0.000540003,"DeviceSerialNumber":"167017","DwellTime":3E-6,"EchoTime":0.048,"EchoTrainLength":80,"EffectiveEchoSpacing":0.000540003,"FlipAngle":90,"ImageComments":"Unaliased_MB6_PE3_LB","ImageOrientationPatientDICOM":[1,0,0,0,0.798635,-0.601815],"ImageType":["ORIGINAL","PRIMARY","M","ND","NORM","MOSAIC"],"ImagingFrequency":123.25,"InPlanePhaseEncodingDirectionDICOM":"COL","InstitutionAddress":[],"InstitutionName":[],"InstitutionalDepartmentName":[],"Instructions":"eyes closed","MRAcquisitionType":"2D","MagneticFieldStrength":3,"Manufacturer":"Siemens","ManufacturersModelName":"Prisma_fit","Modality":"MR","PartialFourier":1,"PatientPosition":"HFS","PercentPhaseFOV":100,"PercentSampling":100,"PhaseEncodingDirection":"j-","PhaseEncodingSteps":80,"PhaseResolution":1,"PixelBandwidth":2085,"ProcedureStepDescription":[],"ProtocolName":[],"PulseSequenceDetails":[],"ReceiveCoilActiveElements":"HC1-7","ReceiveCoilName":"HeadNeck_64","ReconMatrixPE":80,"RepetitionTime":4.029,"SAR":0.152911,"ScanOptions":"FS","ScanningSequence":"EP","SequenceName":"epse2d1_80","SequenceVariant":"SK","SeriesDescription":[],"SeriesNumber":14,"ShimSetting":[308,-11607,-6428,715,-21,-207,-53,7],"SliceThickness":3,"SliceTiming":[3.9275,3.8425,3.76,3.675,3.5925,3.51,3.425,3.3425,3.2575,3.175,3.0925,3.0075,2.925,2.84,2.7575,2.675,2.59,2.5075,2.4225,2.34,2.255,2.1725,2.09,2.005,1.9225,1.8375,1.755,1.6725,1.5875,1.505,1.42,1.3375,1.255,1.17,1.0875,1.0025,0.92,0.8375,0.7525,0.67,0.585,0.5025,0.42,0.335,0.2525,0.1675,0.085,0],"SoftwareVersions":"syngo_MR_E11","SpacingBetweenSlices":3,"StationName":"MRC35056","TaskName":"rest","TotalReadoutTime":0.0426603,"TxRefAmp":217.635,"WipMemBlock":"c8f915b7-91ba-42c6-b3e9-1fbed2ed1c49||Sequence: R016 ve11c/master r/34fb20f; Nov 20 2017 15:30:40 by eja","acq_id":"APse","dataset":"MICs","modality":"bold","session_id":"01","subject_id":"sub-HC007","task_id":"rest"},"dummy_trs":1,"dvars_nstd":41.256390095,"dvars_std":1.8230489799999998,"dvars_vstd":3.2178832875,"efc":0.47236955910304218,"fber":822.85650634765625,"fd_mean":0.057398018797160333,"fd_num":0,"fd_perc":0,"fwhm_avg":1.8308655555555555,"fwhm_x":1.8997166666666667,"fwhm_y":1.7428533333333334,"fwhm_z":1.8500266666666667,"gcor":0.00126072,"gsr_x":-0.022433856502175331,"gsr_y":0.0066206725314259529,"provenance":{"md5sum":"b8ae7f80309e7fe268da152043e48a3f","settings":{"fd_thres":0.2,"hmc_fsl":false,"testing":false},"software":"mriqc","version":"0.15.2","webapi_port":[],"webapi_url":"https://mriqc.nimh.nih.gov/api/v1"},"size_t":5,"size_x":80,"size_y":80,"size_z":48,"snr":2.05750344179519,"spacing_tr":4.0289998054504395,"spacing_x":3,"spacing_y":3,"spacing_z":3,"summary_bg_k":52.777447282912888,"summary_bg_mad":131.71399107643941,"summary_bg_mean":571.1619873046875,"summary_bg_median":290.32550048828125,"summary_bg_n":202735,"summary_bg_p05":151.33317718505859,"summary_bg_p95":2267.7445800781229,"summary_bg_stdv":988.23504638671875,"summary_fg_k":23.511125463904932,"summary_fg_mad":2800.4857378961296,"summary_fg_mean":9924.814453125,"summary_fg_median":8901.359375,"summary_fg_n":54885,"summary_fg_p05":5590.58505859375,"summary_fg_p95":17545.874999999996,"summary_fg_stdv":4326.251953125,"tsnr":79.560630798339844}