{"bids_meta":{"AcquisitionMatrixPE":320,"AcquisitionNumber":1,"AcquisitionTime":[],"BaseResolution":320,"BodyPartExamined":"BRAIN","ConsistencyInfo":"N4_VE11C_LATEST_20160120","ConversionSoftware":"dcm2niix","ConversionSoftwareVersion":"v1.0.20200427","DeviceSerialNumber":"167017","DwellTime":6.6E-6,"EchoTime":0.00314,"FlipAngle":9,"ImageOrientationPatientDICOM":[0.020214,0.992578,0.119917,-0.0257525,0.120418,-0.992389],"ImageType":["ORIGINAL","PRIMARY","M","ND","NORM","FM","FIL"],"ImagingFrequency":123.25,"InPlanePhaseEncodingDirectionDICOM":"ROW","InstitutionAddress":[],"InstitutionName":[],"InstitutionalDepartmentName":[],"InversionTime":0.9,"MRAcquisitionType":"3D","MagneticFieldStrength":3,"Manufacturer":"Siemens","ManufacturersModelName":"Prisma_fit","Modality":"MR","ParallelReductionFactorInPlane":2,"PartialFourier":1,"PatientPosition":"HFS","PercentPhaseFOV":100,"PercentSampling":100,"PhaseEncodingSteps":319,"PhaseResolution":1,"PixelBandwidth":235,"ProcedureStepDescription":[],"ProtocolName":[],"PulseSequenceDetails":[],"ReceiveCoilActiveElements":"HC1-7","ReceiveCoilName":"HeadNeck_64","ReconMatrixPE":320,"RefLinesPE":32,"RepetitionTime":2.3,"SAR":0.0432677,"ScanOptions":"IR","ScanningSequence":"GR_IR","SequenceName":"_tfl3d1_16ns","SequenceVariant":"SK_SP_MP","SeriesDescription":[],"SeriesNumber":20,"ShimSetting":[317,-11605,-6426,462,-47,-198,66,21],"SliceThickness":0.8,"SoftwareVersions":"syngo_MR_E11","StationName":"MRC35056","TxRefAmp":220.573,"dataset":"MICs","modality":"T1w","run_id":1,"session_id":"01","subject_id":"sub-HC002"},"cjv":0.44589655407625356,"cnr":2.6707729927248196,"efc":0.694190718031367,"fber":31.670612335205078,"fwhm_avg":3.2594749514300383,"fwhm_x":3.2523499515362091,"fwhm_y":3.2506999515607964,"fwhm_z":3.27537495119311,"icvs_csf":0.18405261691907893,"icvs_gm":0.44168621120846752,"icvs_wm":0.37426117187245356,"inu_med":1.5254926681518555,"inu_range":0.65726025700569157,"provenance":{"md5sum":"6ed38392bbb8c11944f6271aea783f4a","settings":{"testing":false},"software":"mriqc","version":"0.15.2","warnings":{"large_rot_frame":false,"small_air_mask":false},"webapi_port":[],"webapi_url":"https://mriqc.nimh.nih.gov/api/v1"},"qi_1":0.00013550242249970457,"qi_2":0.005089291481059792,"rpve_csf":25.086500124389335,"rpve_gm":11.146010583492158,"rpve_wm":14.703966994276733,"size_x":224,"size_y":320,"size_z":320,"snr_csf":0.99485411118285738,"snr_gm":9.6499568295757889,"snr_total":9.20298786381949,"snr_wm":16.964152650699827,"snrd_csf":41.649168132158579,"snrd_gm":68.575085505059846,"snrd_total":67.64389025376839,"snrd_wm":92.707417124086746,"spacing_x":0.800000011920929,"spacing_y":0.800000011920929,"spacing_z":0.800000011920929,"summary_bg_k":42835.812217512874,"summary_bg_mad":7.0669966740092844,"summary_bg_mean":139.94366455078125,"summary_bg_median":139.81674194335938,"summary_bg_n":7.86305E+6,"summary_bg_p05":127.97751617431641,"summary_bg_p95":152.421639251709,"summary_bg_stdv":12.206320762634277,"summary_csf_k":2.925661562720876,"summary_csf_mad":127.47578387091124,"summary_csf_mean":619.48663330078125,"summary_csf_median":449.27215576171875,"summary_csf_n":120623,"summary_csf_p05":302.1149993896484,"summary_csf_p95":1773.9936279296862,"summary_csf_stdv":451.59414672851562,"summary_gm_k":1.5548031747732836,"summary_gm_mad":67.068385343753,"summary_gm_mean":747.791748046875,"summary_gm_median":739.72369384765625,"summary_gm_n":131879,"summary_gm_p05":638.258477783203,"summary_gm_p95":886.93969116210928,"summary_gm_stdv":76.655357360839844,"summary_wm_k":5.1876856862920686,"summary_wm_mad":49.006048110928759,"summary_wm_mean":1004.6234130859375,"summary_wm_median":1000.0406494140625,"summary_wm_n":540199,"summary_wm_p05":918.94430541992188,"summary_wm_p95":1101.8739379882811,"summary_wm_stdv":58.950172424316406,"tpm_overlap_csf":0.099412433803081512,"tpm_overlap_gm":0.37030768394470215,"tpm_overlap_wm":0.45965155959129333,"wm2max":0.36293048427350366}