{"bids_meta":{"AcquisitionMatrixPE":320,"AcquisitionNumber":1,"AcquisitionTime":[],"BaseResolution":320,"BodyPartExamined":"BRAIN","ConsistencyInfo":"N4_VE11C_LATEST_20160120","ConversionSoftware":"dcm2niix","ConversionSoftwareVersion":"v1.0.20200427","DeviceSerialNumber":"167017","DwellTime":6.6E-6,"EchoTime":0.00314,"FlipAngle":9,"ImageOrientationPatientDICOM":[-0.00285257,0.988358,0.152116,0.00923408,0.152137,-0.988316],"ImageType":["ORIGINAL","PRIMARY","M","ND","NORM","FM","FIL"],"ImagingFrequency":123.25,"InPlanePhaseEncodingDirectionDICOM":"ROW","InstitutionAddress":[],"InstitutionName":[],"InstitutionalDepartmentName":[],"InversionTime":0.9,"MRAcquisitionType":"3D","MagneticFieldStrength":3,"Manufacturer":"Siemens","ManufacturersModelName":"Prisma_fit","Modality":"MR","ParallelReductionFactorInPlane":2,"PartialFourier":1,"PatientPosition":"HFS","PercentPhaseFOV":100,"PercentSampling":100,"PhaseEncodingSteps":319,"PhaseResolution":1,"PixelBandwidth":235,"ProcedureStepDescription":[],"ProtocolName":[],"PulseSequenceDetails":[],"ReceiveCoilActiveElements":"HC1-7","ReceiveCoilName":"HeadNeck_64","ReconMatrixPE":320,"RefLinesPE":32,"RepetitionTime":2.3,"SAR":0.0502641,"ScanOptions":"IR","ScanningSequence":"GR_IR","SequenceName":"_tfl3d1_16ns","SequenceVariant":"SK_SP_MP","SeriesDescription":[],"SeriesNumber":19,"ShimSetting":[329,-11616,-6410,385,81,-250,87,4],"SliceThickness":0.8,"SoftwareVersions":"syngo_MR_E11","StationName":"MRC35056","TxRefAmp":231.279,"dataset":"MICs","modality":"T1w","run_id":1,"session_id":"01","subject_id":"sub-HC046"},"cjv":0.65781124162776361,"cnr":1.881813900101083,"efc":0.68139208840447263,"fber":37.012737274169922,"fwhm_avg":3.32454578379374,"fwhm_x":3.3137624506210912,"fwhm_y":3.397662449370884,"fwhm_z":3.2622124513892468,"icvs_csf":0.21348196638154809,"icvs_gm":0.41088429856360592,"icvs_wm":0.375633735054846,"inu_med":1.4856451749801636,"inu_range":0.67850751876831028,"provenance":{"md5sum":"5d58dc55dbfc7f17e6c6c4652445e220","settings":{"testing":false},"software":"mriqc","version":"0.15.2","warnings":{"large_rot_frame":false,"small_air_mask":false},"webapi_port":[],"webapi_url":"https://mriqc.nimh.nih.gov/api/v1"},"qi_1":0.00015725727302377213,"qi_2":0.003379240593803201,"rpve_csf":20.527416631280772,"rpve_gm":10.860777792311717,"rpve_wm":13.756006881767247,"size_x":224,"size_y":320,"size_z":320,"snr_csf":1.1194345287626881,"snr_gm":7.7411438484374182,"snr_total":8.57333144522269,"snr_wm":16.859415958467963,"snrd_csf":47.165290158134226,"snrd_gm":80.566698294861624,"snrd_total":77.031024204910466,"snrd_wm":103.36108416173553,"spacing_x":0.800000011920929,"spacing_y":0.800000011920929,"spacing_z":0.800000011920929,"summary_bg_k":16260.4354784599,"summary_bg_mad":6.3385678893159572,"summary_bg_mean":127.9344482421875,"summary_bg_median":127.77368927001953,"summary_bg_n":7.602308E+6,"summary_bg_p05":117.45614891052246,"summary_bg_p95":138.97633361816406,"summary_bg_stdv":8.7674579620361328,"summary_csf_k":4.6189769157108147,"summary_csf_mad":113.93108961331401,"summary_csf_mean":588.389404296875,"summary_csf_median":456.33306884765625,"summary_csf_n":171642,"summary_csf_p05":307.765641784668,"summary_csf_p95":1683.1830505371083,"summary_csf_stdv":407.64486694335938,"summary_gm_k":0.039372550683715257,"summary_gm_mad":96.493931096133124,"summary_gm_mean":797.2447509765625,"summary_gm_median":779.49798583984375,"summary_gm_n":111091,"summary_gm_p05":659.29022216796875,"summary_gm_p95":985.30770874023438,"summary_gm_stdv":100.69499969482422,"summary_wm_k":5.7455383779049445,"summary_wm_mad":48.579745678593561,"summary_wm_mean":1005.5869140625,"summary_wm_median":1000.0379638671875,"summary_wm_n":604228,"summary_wm_p05":922.59567871093759,"summary_wm_p95":1102.644354248047,"summary_wm_stdv":59.316238403320312,"tpm_overlap_csf":0.10322548449039459,"tpm_overlap_gm":0.34410235285758972,"tpm_overlap_wm":0.4665473997592926,"wm2max":0.34729918362683077}