{"bids_meta":{"AcquisitionMatrixPE":320,"AcquisitionNumber":1,"AcquisitionTime":[],"BaseResolution":320,"BodyPartExamined":"BRAIN","ConsistencyInfo":"N4_VE11C_LATEST_20160120","ConversionSoftware":"dcm2niix","ConversionSoftwareVersion":"v1.0.20200427","DeviceSerialNumber":"167017","DwellTime":6.6E-6,"EchoTime":0.00314,"FlipAngle":9,"ImageOrientationPatientDICOM":[-0.00285257,0.988358,0.152116,0.00923408,0.152137,-0.988316],"ImageType":["ORIGINAL","PRIMARY","M","ND","NORM","FM","FIL"],"ImagingFrequency":123.25,"InPlanePhaseEncodingDirectionDICOM":"ROW","InstitutionAddress":[],"InstitutionName":[],"InstitutionalDepartmentName":[],"InversionTime":0.9,"MRAcquisitionType":"3D","MagneticFieldStrength":3,"Manufacturer":"Siemens","ManufacturersModelName":"Prisma_fit","Modality":"MR","ParallelReductionFactorInPlane":2,"PartialFourier":1,"PatientPosition":"HFS","PercentPhaseFOV":100,"PercentSampling":100,"PhaseEncodingSteps":319,"PhaseResolution":1,"PixelBandwidth":235,"ProcedureStepDescription":[],"ProtocolName":[],"PulseSequenceDetails":[],"ReceiveCoilActiveElements":"HC1-7","ReceiveCoilName":"HeadNeck_64","ReconMatrixPE":320,"RefLinesPE":32,"RepetitionTime":2.3,"SAR":0.0502641,"ScanOptions":"IR","ScanningSequence":"GR_IR","SequenceName":"_tfl3d1_16ns","SequenceVariant":"SK_SP_MP","SeriesDescription":[],"SeriesNumber":7,"ShimSetting":[329,-11616,-6410,385,81,-250,87,4],"SliceThickness":0.8,"SoftwareVersions":"syngo_MR_E11","StationName":"MRC35056","TxRefAmp":231.279,"dataset":"MICs","modality":"T1w","run_id":2,"session_id":"01","subject_id":"sub-HC046"},"cjv":0.53968827137957021,"cnr":2.2063565111827965,"efc":0.67819469281789868,"fber":38.975749969482422,"fwhm_avg":3.3640166165389132,"fwhm_x":3.3864874495374044,"fwhm_y":3.4527874485494578,"fwhm_z":3.2527749515298763,"icvs_csf":0.21017315734831435,"icvs_gm":0.40390124357468915,"icvs_wm":0.38592559907699653,"inu_med":1.5039741992950439,"inu_range":0.62867065668106048,"provenance":{"md5sum":"269ea58b4505bd248f1ad92197868cf5","settings":{"testing":false},"software":"mriqc","version":"0.15.2","warnings":{"large_rot_frame":false,"small_air_mask":false},"webapi_port":[],"webapi_url":"https://mriqc.nimh.nih.gov/api/v1"},"qi_1":0.00014484331596128429,"qi_2":0.0038604424066431206,"rpve_csf":21.512141564022421,"rpve_gm":11.472681182864784,"rpve_wm":14.088320797721856,"size_x":224,"size_y":320,"size_z":320,"snr_csf":1.2497301042804709,"snr_gm":8.88105079000627,"snr_total":9.14558948356924,"snr_wm":17.305987556420984,"snrd_csf":47.788946513676485,"snrd_gm":81.336563267460448,"snrd_total":78.290219857814137,"snrd_wm":105.7451497923055,"spacing_x":0.800000011920929,"spacing_y":0.800000011920929,"spacing_z":0.800000011920929,"summary_bg_k":29391.853075155817,"summary_bg_mad":6.1956828244343445,"summary_bg_mean":124.34497833251953,"summary_bg_median":124.14225006103516,"summary_bg_n":7.623593E+6,"summary_bg_p05":114.07345581054688,"summary_bg_p95":135.14529418945312,"summary_bg_stdv":10.250061988830566,"summary_csf_k":8.7072759866236282,"summary_csf_mad":100.59588169213282,"summary_csf_mean":548.4874267578125,"summary_csf_median":451.94430541992188,"summary_csf_n":139698,"summary_csf_p05":307.8585525512695,"summary_csf_p95":1561.7541687011712,"summary_csf_stdv":361.63223266601562,"summary_gm_k":1.1017593995500699,"summary_gm_mad":76.9249210765585,"summary_gm_mean":780.56683349609375,"summary_gm_median":769.20709228515625,"summary_gm_n":76175,"summary_gm_p05":659.8841796875,"summary_gm_p95":941.39999389648449,"summary_gm_stdv":86.611602783203125,"summary_wm_k":5.1810359734060967,"summary_wm_mad":47.653571746317873,"summary_wm_mean":1005.4336547851562,"summary_wm_median":1000.041259765625,"summary_wm_n":593955,"summary_wm_p05":924.3625,"summary_wm_p95":1100.8129150390623,"summary_wm_stdv":57.785804748535156,"tpm_overlap_csf":0.11626168340444565,"tpm_overlap_gm":0.36099725961685181,"tpm_overlap_wm":0.46989554166793823,"wm2max":0.3560888333631666}