{"bids_meta":{"AcquisitionMatrixPE":320,"AcquisitionNumber":1,"AcquisitionTime":[],"BaseResolution":320,"BodyPartExamined":"BRAIN","ConsistencyInfo":"N4_VE11C_LATEST_20160120","ConversionSoftware":"dcm2niix","ConversionSoftwareVersion":"v1.0.20200427","DeviceSerialNumber":"167017","DwellTime":6.6E-6,"EchoTime":0.00314,"FlipAngle":9,"ImageOrientationPatientDICOM":[0.0188587,0.984726,0.173085,-0.0205654,0.173461,-0.984626],"ImageType":["ORIGINAL","PRIMARY","M","ND","NORM","FM","FIL"],"ImagingFrequency":123.25,"InPlanePhaseEncodingDirectionDICOM":"ROW","InstitutionAddress":[],"InstitutionName":[],"InstitutionalDepartmentName":[],"InversionTime":0.9,"MRAcquisitionType":"3D","MagneticFieldStrength":3,"Manufacturer":"Siemens","ManufacturersModelName":"Prisma_fit","Modality":"MR","ParallelReductionFactorInPlane":2,"PartialFourier":1,"PatientPosition":"HFS","PercentPhaseFOV":100,"PercentSampling":100,"PhaseEncodingSteps":319,"PhaseResolution":1,"PixelBandwidth":235,"ProcedureStepDescription":[],"ProtocolName":[],"PulseSequenceDetails":[],"ReceiveCoilActiveElements":"HC1-7","ReceiveCoilName":"HeadNeck_64","ReconMatrixPE":320,"RefLinesPE":32,"RepetitionTime":2.3,"SAR":0.0466685,"ScanOptions":"IR","ScanningSequence":"GR_IR","SequenceName":"_tfl3d1_16ns","SequenceVariant":"SK_SP_MP","SeriesDescription":[],"SeriesNumber":19,"ShimSetting":[316,-11616,-6446,315,74,-354,-15,12],"SliceThickness":0.8,"SoftwareVersions":"syngo_MR_E11","StationName":"MRC35056","TxRefAmp":227.753,"dataset":"MICs","modality":"T1w","run_id":1,"session_id":"01","subject_id":"sub-HC012"},"cjv":0.6774900325304134,"cnr":1.8305621649316646,"efc":0.71764511925052432,"fber":31.127019882202148,"fwhm_avg":3.706704111432471,"fwhm_x":3.6469749456558387,"fwhm_y":3.8416374427551414,"fwhm_z":3.6314999458864339,"icvs_csf":0.22811474734238513,"icvs_gm":0.40827625940174761,"icvs_wm":0.36360899325586732,"inu_med":1.4342833757400513,"inu_range":0.69604029655456556,"provenance":{"md5sum":"9bf4d6dbb4777dcf9d3bebfe38b0ff39","settings":{"testing":false},"software":"mriqc","version":"0.15.2","warnings":{"large_rot_frame":false,"small_air_mask":false},"webapi_port":[],"webapi_url":"https://mriqc.nimh.nih.gov/api/v1"},"qi_1":0,"qi_2":0.0050744357156150251,"rpve_csf":19.270001346336059,"rpve_gm":10.903083164417732,"rpve_wm":13.995411128444115,"size_x":224,"size_y":320,"size_z":320,"snr_csf":2.1487400089694475,"snr_gm":8.47442176643474,"snr_total":8.9589343840000311,"snr_wm":16.253641376595908,"snrd_csf":43.630167910682594,"snrd_gm":77.12847750443629,"snrd_total":72.6918004682673,"snrd_wm":97.316755989683017,"spacing_x":0.800000011920929,"spacing_y":0.800000011920929,"spacing_z":0.800000011920929,"summary_bg_k":14270.720531604018,"summary_bg_mad":6.7322257446048974,"summary_bg_mean":142.69444274902344,"summary_bg_median":142.47697448730469,"summary_bg_n":7.074786E+6,"summary_bg_p05":131.53004455566406,"summary_bg_p95":154.13339233398438,"summary_bg_stdv":17.634475708007812,"summary_csf_k":28.473233583820033,"summary_csf_mad":103.7712059015665,"summary_csf_mean":484.85525512695312,"summary_csf_median":448.3465576171875,"summary_csf_n":235632,"summary_csf_p05":320.25320739746093,"summary_csf_p95":683.7331024169921,"summary_csf_stdv":208.65512084960938,"summary_gm_k":0.31055146300645919,"summary_gm_mad":89.801905915222761,"summary_gm_mean":804.4139404296875,"summary_gm_median":792.57745361328125,"summary_gm_n":99648,"summary_gm_p05":669.87849121093745,"summary_gm_p95":973.41555480957015,"summary_gm_stdv":93.525375366210938,"summary_wm_k":4.8278449069471687,"summary_wm_mad":50.747544674352852,"summary_wm_mean":1006.2066040039062,"summary_wm_median":1000.0335693359375,"summary_wm_n":585749,"summary_wm_p05":920.593017578125,"summary_wm_p95":1111.9468017578124,"summary_wm_stdv":61.526687622070312,"tpm_overlap_csf":0.11333353072404861,"tpm_overlap_gm":0.3717668354511261,"tpm_overlap_wm":0.460984468460083,"wm2max":0.39736723685374203}