{"bids_meta":{"AcquisitionMatrixPE":320,"AcquisitionNumber":1,"AcquisitionTime":[],"BaseResolution":320,"BodyPartExamined":"BRAIN","ConsistencyInfo":"N4_VE11C_LATEST_20160120","ConversionSoftware":"dcm2niix","ConversionSoftwareVersion":"v1.0.20200427","DeviceSerialNumber":"167017","DwellTime":6.6E-6,"EchoTime":0.00314,"FlipAngle":9,"ImageOrientationPatientDICOM":[0.0188587,0.984726,0.173085,-0.0205654,0.173461,-0.984626],"ImageType":["ORIGINAL","PRIMARY","M","ND","NORM","FM","FIL"],"ImagingFrequency":123.25,"InPlanePhaseEncodingDirectionDICOM":"ROW","InstitutionAddress":[],"InstitutionName":[],"InstitutionalDepartmentName":[],"InversionTime":0.9,"MRAcquisitionType":"3D","MagneticFieldStrength":3,"Manufacturer":"Siemens","ManufacturersModelName":"Prisma_fit","Modality":"MR","ParallelReductionFactorInPlane":2,"PartialFourier":1,"PatientPosition":"HFS","PercentPhaseFOV":100,"PercentSampling":100,"PhaseEncodingSteps":319,"PhaseResolution":1,"PixelBandwidth":235,"ProcedureStepDescription":[],"ProtocolName":[],"PulseSequenceDetails":[],"ReceiveCoilActiveElements":"HC1-7","ReceiveCoilName":"HeadNeck_64","ReconMatrixPE":320,"RefLinesPE":32,"RepetitionTime":2.3,"SAR":0.0466685,"ScanOptions":"IR","ScanningSequence":"GR_IR","SequenceName":"_tfl3d1_16ns","SequenceVariant":"SK_SP_MP","SeriesDescription":[],"SeriesNumber":7,"ShimSetting":[316,-11616,-6446,315,74,-354,-15,12],"SliceThickness":0.8,"SoftwareVersions":"syngo_MR_E11","StationName":"MRC35056","TxRefAmp":227.753,"dataset":"MICs","modality":"T1w","run_id":2,"session_id":"01","subject_id":"sub-HC012"},"cjv":0.60585374138019954,"cnr":1.9819459916287929,"efc":0.70868152599709888,"fber":34.280899047851562,"fwhm_avg":3.5671416135121148,"fwhm_x":3.52279994750619,"fwhm_y":3.6521624455785391,"fwhm_z":3.5264624474516144,"icvs_csf":0.21165323170516837,"icvs_gm":0.41513834096661106,"icvs_wm":0.37320842732822057,"inu_med":1.4248223304748535,"inu_range":0.62347946763038653,"provenance":{"md5sum":"2a0404377fe22c09ccddea18aeffa806","settings":{"testing":false},"software":"mriqc","version":"0.15.2","warnings":{"large_rot_frame":false,"small_air_mask":false},"webapi_port":[],"webapi_url":"https://mriqc.nimh.nih.gov/api/v1"},"qi_1":0,"qi_2":0.0049395452813434017,"rpve_csf":21.060949935435175,"rpve_gm":11.116652520376809,"rpve_wm":14.083465993914531,"size_x":224,"size_y":320,"size_z":320,"snr_csf":1.7544170757214863,"snr_gm":8.8300876775675174,"snr_total":9.1425254259710886,"snr_wm":16.843071524624261,"snrd_csf":44.321821061281682,"snrd_gm":80.270465371742119,"snrd_total":75.5925841366872,"snrd_wm":102.18546597703781,"spacing_x":0.800000011920929,"spacing_y":0.800000011920929,"spacing_z":0.800000011920929,"summary_bg_k":16904.9859332516,"summary_bg_mad":6.41158270041561,"summary_bg_mean":136.10472106933594,"summary_bg_median":135.87931823730469,"summary_bg_n":7.134994E+6,"summary_bg_p05":125.45708694458007,"summary_bg_p95":146.98619155883787,"summary_bg_stdv":16.432651519775391,"summary_csf_k":20.495041747696195,"summary_csf_mad":86.566925607610983,"summary_csf_mean":486.31869506835938,"summary_csf_median":433.76162719726562,"summary_csf_n":198530,"summary_csf_p05":320.57135772705078,"summary_csf_p95":728.38348999023424,"summary_csf_stdv":247.23912048339844,"summary_gm_k":0.50534394559777551,"summary_gm_mad":81.1060511733634,"summary_gm_mean":797.87982177734375,"summary_gm_median":785.5780029296875,"summary_gm_n":97459,"summary_gm_p05":672.36090698242185,"summary_gm_p95":963.51913452148438,"summary_gm_stdv":88.965591430664062,"summary_wm_k":5.0008828136933907,"summary_wm_mad":48.833934498892766,"summary_wm_mean":1005.6837158203125,"summary_wm_median":1000.0521850585938,"summary_wm_n":586267,"summary_wm_p05":922.57539672851567,"summary_wm_p95":1105.9373901367185,"summary_wm_stdv":59.374641418457031,"tpm_overlap_csf":0.12384841591119766,"tpm_overlap_gm":0.38591992855072021,"tpm_overlap_wm":0.46905943751335144,"wm2max":0.39125031660268855}