{"aor":0.046021666666666676,"aqi":0.0050746516666666667,"bids_meta":{"AcquisitionMatrixPE":80,"AcquisitionNumber":1,"AcquisitionTime":[],"BandwidthPerPixelPhaseEncode":23.148,"BaseResolution":80,"BodyPartExamined":"BRAIN","ConsistencyInfo":"N4_VE11C_LATEST_20160120","ConversionSoftware":"dcm2niix","ConversionSoftwareVersion":"v1.0.20200427","DerivedVendorReportedEchoSpacing":0.000540003,"DeviceSerialNumber":"167017","DwellTime":3E-6,"EchoTime":0.048,"EchoTrainLength":80,"EffectiveEchoSpacing":0.000540003,"FlipAngle":90,"ImageComments":"Unaliased_MB6_PE3_LB","ImageOrientationPatientDICOM":[1,0,0,0,0.838671,-0.544639],"ImageType":["ORIGINAL","PRIMARY","M","ND","NORM","MOSAIC"],"ImagingFrequency":123.25,"InPlanePhaseEncodingDirectionDICOM":"COL","InstitutionAddress":[],"InstitutionName":[],"InstitutionalDepartmentName":[],"Instructions":"eyes closed","MRAcquisitionType":"2D","MagneticFieldStrength":3,"Manufacturer":"Siemens","ManufacturersModelName":"Prisma_fit","Modality":"MR","PartialFourier":1,"PatientPosition":"HFS","PercentPhaseFOV":100,"PercentSampling":100,"PhaseEncodingDirection":"j-","PhaseEncodingSteps":80,"PhaseResolution":1,"PixelBandwidth":2085,"ProcedureStepDescription":[],"ProtocolName":[],"PulseSequenceDetails":[],"ReceiveCoilActiveElements":"HC1-7","ReceiveCoilName":"HeadNeck_64","ReconMatrixPE":80,"RepetitionTime":4.029,"SAR":0.176955,"ScanOptions":"FS","ScanningSequence":"EP","SequenceName":"epse2d1_80","SequenceVariant":"SK","SeriesDescription":[],"SeriesNumber":15,"ShimSetting":[306,-11594,-6369,597,44,-158,26,54],"SliceThickness":3,"SliceTiming":[3.925,3.8425,3.76,3.675,3.5925,3.5075,3.425,3.34,3.2575,3.175,3.09,3.0075,2.9225,2.84,2.7575,2.6725,2.59,2.505,2.4225,2.34,2.255,2.1725,2.0875,2.005,1.9225,1.8375,1.755,1.67,1.5875,1.505,1.42,1.3375,1.2525,1.17,1.085,1.0025,0.92,0.835,0.7525,0.6675,0.585,0.5025,0.4175,0.335,0.25,0.1675,0.085,0],"SoftwareVersions":"syngo_MR_E11","SpacingBetweenSlices":3,"StationName":"MRC35056","TaskName":"rest","TotalReadoutTime":0.0426603,"TxRefAmp":217.896,"WipMemBlock":"67528fdf-5376-4e82-98bb-308dfaa9022d||Sequence: R016 ve11c/master r/34fb20f; Nov 20 2017 15:30:40 by eja","acq_id":"APse","dataset":"MICs","modality":"bold","session_id":"01","subject_id":"sub-HC040","task_id":"rest"},"dummy_trs":0,"dvars_nstd":73.339924622,"dvars_std":3.351484726,"dvars_vstd":4.6554708479999993,"efc":0.48547491981315527,"fber":1097.7618408203125,"fd_mean":0.10489286834577116,"fd_num":1,"fd_perc":16.666666666666668,"fwhm_avg":1.803098888888889,"fwhm_x":1.8324933333333335,"fwhm_y":1.7180833333333334,"fwhm_z":1.85872,"gcor":0.00105049,"gsr_x":-0.028528138995170593,"gsr_y":0.013081049546599388,"provenance":{"md5sum":"25eac8d7e53c75ae5dfec47f6be98530","settings":{"fd_thres":0.2,"hmc_fsl":false,"testing":false},"software":"mriqc","version":"0.15.2","webapi_port":[],"webapi_url":"https://mriqc.nimh.nih.gov/api/v1"},"size_t":6,"size_x":80,"size_y":80,"size_z":48,"snr":2.4973967936281865,"spacing_tr":4.0289998054504395,"spacing_x":3,"spacing_y":3,"spacing_z":3,"summary_bg_k":157.03772162158108,"summary_bg_mad":108.099519379011,"summary_bg_mean":611.37451171875,"summary_bg_median":280.59210205078125,"summary_bg_n":200087,"summary_bg_p05":164.99440917968749,"summary_bg_p95":2602.8030273437444,"summary_bg_stdv":1154.3572998046875,"summary_fg_k":21.87307642002542,"summary_fg_mad":2484.1115999359681,"summary_fg_mean":10564.6142578125,"summary_fg_median":9797.728515625,"summary_fg_n":57344,"summary_fg_p05":6559.6419189453118,"summary_fg_p95":17244.503027343748,"summary_fg_stdv":3923.142333984375,"tsnr":83.077301025390625}