{"aor":0.00058914163090128754,"aqi":0.0067143849785407722,"bids_meta":{"AcquisitionMatrixPE":80,"AcquisitionNumber":1,"AcquisitionTime":[],"BandwidthPerPixelPhaseEncode":23.148,"BaseResolution":80,"BodyPartExamined":"BRAIN","ConsistencyInfo":"N4_VE11C_LATEST_20160120","ConversionSoftware":"dcm2niix","ConversionSoftwareVersion":"v1.0.20200427","DerivedVendorReportedEchoSpacing":0.000540003,"DeviceSerialNumber":"167017","DwellTime":2.6E-6,"EchoTime":0.03,"EchoTrainLength":80,"EffectiveEchoSpacing":0.000540003,"FlipAngle":50,"ImageComments":"Unaliased_MB6_PE3_LB","ImageOrientationPatientDICOM":[1,0,0,0,0.838671,-0.544639],"ImageType":["ORIGINAL","PRIMARY","M","MB","ND","NORM","MOSAIC"],"ImagingFrequency":123.25,"InPlanePhaseEncodingDirectionDICOM":"COL","InstitutionAddress":[],"InstitutionName":[],"InstitutionalDepartmentName":[],"Instructions":"eyes closed","MRAcquisitionType":"2D","MagneticFieldStrength":3,"Manufacturer":"Siemens","ManufacturersModelName":"Prisma_fit","Modality":"MR","MultibandAccelerationFactor":6,"PartialFourier":1,"PatientPosition":"HFS","PercentPhaseFOV":100,"PercentSampling":100,"PhaseEncodingDirection":"j-","PhaseEncodingSteps":80,"PhaseResolution":1,"PixelBandwidth":2405,"ProcedureStepDescription":[],"ProtocolName":[],"PulseSequenceDetails":[],"ReceiveCoilActiveElements":"HC1-7","ReceiveCoilName":"HeadNeck_64","ReconMatrixPE":80,"RepetitionTime":0.6,"SAR":0.0527166,"ScanOptions":"FS","ScanningSequence":"EP","SequenceName":"epfid2d1_80","SequenceVariant":"SK_SS","SeriesDescription":[],"SeriesNumber":14,"ShimSetting":[306,-11594,-6369,597,44,-158,26,54],"SliceThickness":3,"SliceTiming":[0.5075,0.435,0.3625,0.29,0.2175,0.145,0.0725,0,0.5075,0.435,0.3625,0.29,0.2175,0.145,0.0725,0,0.5075,0.435,0.3625,0.29,0.2175,0.145,0.0725,0,0.5075,0.435,0.3625,0.29,0.2175,0.145,0.0725,0,0.5075,0.435,0.3625,0.29,0.2175,0.145,0.0725,0,0.5075,0.435,0.3625,0.29,0.2175,0.145,0.0725,0],"SoftwareVersions":"syngo_MR_E11","SpacingBetweenSlices":3,"StationName":"MRC35056","TaskName":"rest","TotalReadoutTime":0.0426603,"TxRefAmp":217.896,"WipMemBlock":"31583cb5-7a71-43f9-9faf-3ffe3a68542d||Sequence: R016 ve11c/master r/34fb20f; Nov 20 2017 15:15:15 by eja","acq_id":"AP","dataset":"MICs","modality":"bold","session_id":"01","subject_id":"sub-HC040","task_id":"rest"},"dummy_trs":1,"dvars_nstd":34.634409647578785,"dvars_std":1.3312117153438399,"dvars_vstd":0.99637826174785171,"efc":0.44407475041594768,"fber":8455.0341796875,"fd_mean":0.10394174620956202,"fd_num":40,"fd_perc":5.7224606580829755,"fwhm_avg":2.3403333333333336,"fwhm_x":2.1711166666666668,"fwhm_y":2.4782966666666666,"fwhm_z":2.371586666666667,"gcor":0.0209094,"gsr_x":-0.018621137365698814,"gsr_y":0.021607844159007072,"provenance":{"md5sum":"0d10fec2245895bb827e07257536d15f","settings":{"fd_thres":0.2,"hmc_fsl":false,"testing":false},"software":"mriqc","version":"0.15.2","webapi_port":[],"webapi_url":"https://mriqc.nimh.nih.gov/api/v1"},"size_t":699,"size_x":80,"size_y":80,"size_z":48,"snr":3.942964561860125,"spacing_tr":0.60000002384185791,"spacing_x":3,"spacing_y":3,"spacing_z":3,"summary_bg_k":97.087111702453029,"summary_bg_mad":45.672212196561688,"summary_bg_mean":207.73451232910156,"summary_bg_median":71.925613403320312,"summary_bg_n":203535,"summary_bg_p05":32.359085083007812,"summary_bg_p95":835.18097534179674,"summary_bg_stdv":475.20669555664062,"summary_fg_k":3.687078161128416,"summary_fg_mad":1433.6908238322071,"summary_fg_mean":7062.34521484375,"summary_fg_median":6930.6767578125,"summary_fg_n":54041,"summary_fg_p05":4756.107421875,"summary_fg_p95":9842.70703125,"summary_fg_stdv":1757.7161865234375,"tsnr":51.485014629550278}