{"aor":0.071476000000000012,"aqi":0.005054866,"bids_meta":{"AcquisitionMatrixPE":80,"AcquisitionNumber":1,"AcquisitionTime":[],"BandwidthPerPixelPhaseEncode":23.148,"BaseResolution":80,"BodyPartExamined":"BRAIN","ConsistencyInfo":"N4_VE11C_LATEST_20160120","ConversionSoftware":"dcm2niix","ConversionSoftwareVersion":"v1.0.20200427","DerivedVendorReportedEchoSpacing":0.000540003,"DeviceSerialNumber":"167017","DwellTime":3E-6,"EchoTime":0.048,"EchoTrainLength":80,"EffectiveEchoSpacing":0.000540003,"FlipAngle":90,"ImageComments":"Unaliased_MB6_PE3_LB","ImageOrientationPatientDICOM":[1,0,0,0,0.838671,-0.544639],"ImageType":["ORIGINAL","PRIMARY","M","ND","NORM","MOSAIC"],"ImagingFrequency":123.25,"InPlanePhaseEncodingDirectionDICOM":"COL","InstitutionAddress":[],"InstitutionName":[],"InstitutionalDepartmentName":[],"Instructions":"eyes closed","MRAcquisitionType":"2D","MagneticFieldStrength":3,"Manufacturer":"Siemens","ManufacturersModelName":"Prisma_fit","Modality":"MR","PartialFourier":1,"PatientPosition":"HFS","PercentPhaseFOV":100,"PercentSampling":100,"PhaseEncodingDirection":"j","PhaseEncodingSteps":80,"PhaseResolution":1,"PixelBandwidth":2085,"ProcedureStepDescription":[],"ProtocolName":[],"PulseSequenceDetails":[],"ReceiveCoilActiveElements":"HC1-7","ReceiveCoilName":"HeadNeck_64","ReconMatrixPE":80,"RepetitionTime":4.029,"SAR":0.176955,"ScanOptions":"FS","ScanningSequence":"EP","SequenceName":"epse2d1_80","SequenceVariant":"SK","SeriesDescription":[],"SeriesNumber":16,"ShimSetting":[306,-11594,-6369,597,44,-158,26,54],"SliceThickness":3,"SliceTiming":[3.925,3.84,3.7575,3.675,3.59,3.5075,3.4225,3.34,3.255,3.1725,3.09,3.005,2.9225,2.8375,2.755,2.6725,2.5875,2.505,2.42,2.3375,2.255,2.17,2.0875,2.0025,1.92,1.8375,1.7525,1.67,1.585,1.5025,1.42,1.335,1.2525,1.1675,1.085,1,0.9175,0.835,0.75,0.6675,0.5825,0.5,0.4175,0.3325,0.25,0.165,0.0825,0],"SoftwareVersions":"syngo_MR_E11","SpacingBetweenSlices":3,"StationName":"MRC35056","TaskName":"rest","TotalReadoutTime":0.0426603,"TxRefAmp":217.896,"WipMemBlock":"82ce7649-5e2f-4f31-948f-83de27a634f4||Sequence: R016 ve11c/master r/34fb20f; Nov 20 2017 15:30:40 by eja","acq_id":"PAse","dataset":"MICs","modality":"bold","session_id":"01","subject_id":"sub-HC040","task_id":"rest"},"dummy_trs":1,"dvars_nstd":69.1038627625,"dvars_std":2.5923750375,"dvars_vstd":3.05173415,"efc":0.48576580376074396,"fber":1023.5147094726562,"fd_mean":0.050571359154996935,"fd_num":0,"fd_perc":0,"fwhm_avg":1.787951111111111,"fwhm_x":1.8468200000000001,"fwhm_y":1.6335899999999999,"fwhm_z":1.8834433333333334,"gcor":0.00202022,"gsr_x":-0.030657807365059853,"gsr_y":0.0073936968110501766,"provenance":{"md5sum":"fdf3749f2c2f4288b3c2e01b27d40c81","settings":{"fd_thres":0.2,"hmc_fsl":false,"testing":false},"software":"mriqc","version":"0.15.2","webapi_port":[],"webapi_url":"https://mriqc.nimh.nih.gov/api/v1"},"size_t":5,"size_x":80,"size_y":80,"size_z":48,"snr":2.4379215619591905,"spacing_tr":4.0289998054504395,"spacing_x":3,"spacing_y":3,"spacing_z":3,"summary_bg_k":175.42985991616615,"summary_bg_mad":109.74357991101567,"summary_bg_mean":606.74700927734375,"summary_bg_median":279.958740234375,"summary_bg_n":200030,"summary_bg_p05":162.61574783325196,"summary_bg_p95":2633.6841796874978,"summary_bg_stdv":1127.6829833984375,"summary_fg_k":15.57629594708423,"summary_fg_mad":2612.908324107455,"summary_fg_mean":10392.8935546875,"summary_fg_median":9532.408203125,"summary_fg_n":56938,"summary_fg_p05":6604.8039306640621,"summary_fg_p95":17209.522070312469,"summary_fg_stdv":3910.02099609375,"tsnr":80.8947525024414}