{"bids_meta":{"AcquisitionMatrixPE":320,"AcquisitionNumber":1,"AcquisitionTime":[],"BaseResolution":320,"BodyPartExamined":"BRAIN","ConsistencyInfo":"N4_VE11C_LATEST_20160120","ConversionSoftware":"dcm2niix","ConversionSoftwareVersion":"v1.0.20200427","DeviceSerialNumber":"167017","DwellTime":6.6E-6,"EchoTime":0.00314,"FlipAngle":9,"ImageOrientationPatientDICOM":[0.0133313,0.989662,0.142801,0.00383208,0.142762,-0.98975],"ImageType":["ORIGINAL","PRIMARY","M","ND","NORM","FM","FIL"],"ImagingFrequency":123.25,"InPlanePhaseEncodingDirectionDICOM":"ROW","InstitutionAddress":[],"InstitutionName":[],"InstitutionalDepartmentName":[],"InversionTime":0.9,"MRAcquisitionType":"3D","MagneticFieldStrength":3,"Manufacturer":"Siemens","ManufacturersModelName":"Prisma_fit","Modality":"MR","ParallelReductionFactorInPlane":2,"PartialFourier":1,"PatientPosition":"HFS","PercentPhaseFOV":100,"PercentSampling":100,"PhaseEncodingSteps":319,"PhaseResolution":1,"PixelBandwidth":235,"ProcedureStepDescription":[],"ProtocolName":[],"PulseSequenceDetails":[],"ReceiveCoilActiveElements":"HC1-7","ReceiveCoilName":"HeadNeck_64","ReconMatrixPE":320,"RefLinesPE":32,"RepetitionTime":2.3,"SAR":0.0400934,"ScanOptions":"IR","ScanningSequence":"GR_IR","SequenceName":"_tfl3d1_16ns","SequenceVariant":"SK_SP_MP","SeriesDescription":[],"SeriesNumber":19,"ShimSetting":[317,-11621,-6473,500,69,-237,0,-1],"SliceThickness":0.8,"SoftwareVersions":"syngo_MR_E11","StationName":"MRC35056","TxRefAmp":212.889,"dataset":"MICs","modality":"T1w","run_id":1,"session_id":"01","subject_id":"sub-HC049"},"cjv":0.56470921111503736,"cnr":1.9426210700872519,"efc":0.68306222602780831,"fber":21.6270751953125,"fwhm_avg":3.719254111245462,"fwhm_x":3.6975499449022124,"fwhm_y":3.826862442975306,"fwhm_z":3.6333499458588672,"icvs_csf":0.23757583564249951,"icvs_gm":0.4083360429018828,"icvs_wm":0.35408812145561769,"inu_med":1.5329186916351318,"inu_range":0.63197249174118042,"provenance":{"md5sum":"64bb246774a3cee76d2903623e8c6d53","settings":{"testing":false},"software":"mriqc","version":"0.15.2","warnings":{"large_rot_frame":false,"small_air_mask":false},"webapi_port":[],"webapi_url":"https://mriqc.nimh.nih.gov/api/v1"},"qi_1":0,"qi_2":0.0036178868030671534,"rpve_csf":21.960439988469055,"rpve_gm":12.973853874151089,"rpve_wm":17.240006690335115,"size_x":224,"size_y":320,"size_z":320,"snr_csf":1.8683485179188752,"snr_gm":8.663001633689916,"snr_total":7.7019253533114354,"snr_wm":12.574425908325516,"snrd_csf":32.592324747678745,"snrd_gm":62.460617840930652,"snrd_total":58.793779175457189,"snrd_wm":81.328394937762184,"spacing_x":0.800000011920929,"spacing_y":0.800000011920929,"spacing_z":0.800000011920929,"summary_bg_k":5.9504366239943973,"summary_bg_mad":8.0555414302049524,"summary_bg_mean":161.16366577148438,"summary_bg_median":161.08023071289062,"summary_bg_n":8.492943E+6,"summary_bg_p05":147.54391479492188,"summary_bg_p95":175.20901489257812,"summary_bg_stdv":8.8442850112915039,"summary_csf_k":19.618140005135391,"summary_csf_mad":92.686211525125557,"summary_csf_mean":444.248779296875,"summary_csf_median":400.75445556640625,"summary_csf_n":163603,"summary_csf_p05":278.95594177246096,"summary_csf_p95":709.8352355957029,"summary_csf_stdv":214.4959716796875,"summary_gm_k":0.38433741496330542,"summary_gm_mad":81.760616795162733,"summary_gm_mean":774.78955078125,"summary_gm_median":768.0142822265625,"summary_gm_n":87096,"summary_gm_p05":637.19161987304688,"summary_gm_p95":933.273681640625,"summary_gm_stdv":88.654014587402344,"summary_wm_k":21.76096147110869,"summary_wm_mad":49.250644900273279,"summary_wm_mean":1010.0579833984375,"summary_wm_median":1000.0120239257812,"summary_wm_n":478727,"summary_wm_p05":920.42931518554678,"summary_wm_p95":1120.423046875,"summary_wm_stdv":79.5273666381836,"tpm_overlap_csf":0.10440726578235626,"tpm_overlap_gm":0.35363399982452393,"tpm_overlap_wm":0.46566292643547058,"wm2max":0.29136970545487134}