{"bids_meta":{"AcquisitionMatrixPE":320,"AcquisitionNumber":1,"AcquisitionTime":[],"BaseResolution":320,"BodyPartExamined":"BRAIN","ConsistencyInfo":"N4_VE11C_LATEST_20160120","ConversionSoftware":"dcm2niix","ConversionSoftwareVersion":"v1.0.20200427","DeviceSerialNumber":"167017","DwellTime":6.6E-6,"EchoTime":0.00314,"FlipAngle":9,"ImageOrientationPatientDICOM":[0.0133313,0.989662,0.142801,0.00383208,0.142762,-0.98975],"ImageType":["ORIGINAL","PRIMARY","M","ND","NORM","FM","FIL"],"ImagingFrequency":123.25,"InPlanePhaseEncodingDirectionDICOM":"ROW","InstitutionAddress":[],"InstitutionName":[],"InstitutionalDepartmentName":[],"InversionTime":0.9,"MRAcquisitionType":"3D","MagneticFieldStrength":3,"Manufacturer":"Siemens","ManufacturersModelName":"Prisma_fit","Modality":"MR","ParallelReductionFactorInPlane":2,"PartialFourier":1,"PatientPosition":"HFS","PercentPhaseFOV":100,"PercentSampling":100,"PhaseEncodingSteps":319,"PhaseResolution":1,"PixelBandwidth":235,"ProcedureStepDescription":[],"ProtocolName":[],"PulseSequenceDetails":[],"ReceiveCoilActiveElements":"HC1-7","ReceiveCoilName":"HeadNeck_64","ReconMatrixPE":320,"RefLinesPE":32,"RepetitionTime":2.3,"SAR":0.0400934,"ScanOptions":"IR","ScanningSequence":"GR_IR","SequenceName":"_tfl3d1_16ns","SequenceVariant":"SK_SP_MP","SeriesDescription":[],"SeriesNumber":7,"ShimSetting":[317,-11621,-6473,500,69,-237,0,-1],"SliceThickness":0.8,"SoftwareVersions":"syngo_MR_E11","StationName":"MRC35056","TxRefAmp":212.889,"dataset":"MICs","modality":"T1w","run_id":2,"session_id":"01","subject_id":"sub-HC049"},"cjv":0.51554705718571692,"cnr":2.1265981386839949,"efc":0.67713620911165273,"fber":23.120105743408203,"fwhm_avg":3.5309457807181412,"fwhm_x":3.5381499472774571,"fwhm_y":3.6254749459762134,"fwhm_z":3.4292124489007527,"icvs_csf":0.21757610735948651,"icvs_gm":0.41763532441056239,"icvs_wm":0.36478856822995109,"inu_med":1.5222880840301514,"inu_range":0.6033288419246674,"provenance":{"md5sum":"93ceffd94817682ef6eac4a323efb802","settings":{"testing":false},"software":"mriqc","version":"0.15.2","warnings":{"large_rot_frame":false,"small_air_mask":false},"webapi_port":[],"webapi_url":"https://mriqc.nimh.nih.gov/api/v1"},"qi_1":0,"qi_2":0.0036469537558931403,"rpve_csf":24.402681976747921,"rpve_gm":13.226916491062441,"rpve_wm":17.382658308587683,"size_x":224,"size_y":320,"size_z":320,"snr_csf":1.6515009908170681,"snr_gm":9.56589634947167,"snr_total":8.2821276398377783,"snr_wm":13.628985579224597,"snrd_csf":34.00757292601201,"snrd_gm":64.487007997851663,"snrd_total":60.823106167468445,"snrd_wm":83.974737578541664,"spacing_x":0.800000011920929,"spacing_y":0.800000011920929,"spacing_z":0.800000011920929,"summary_bg_k":908.27725752571632,"summary_bg_mad":7.8017145733379962,"summary_bg_mean":156.22193908691406,"summary_bg_median":156.13389587402344,"summary_bg_n":8.681277E+6,"summary_bg_p05":143.06052856445314,"summary_bg_p95":169.81345214843748,"summary_bg_stdv":8.9621095657348633,"summary_csf_k":15.757684342486197,"summary_csf_mad":86.86126974617568,"summary_csf_mean":462.80300903320312,"summary_csf_median":404.98037719726562,"summary_csf_n":135481,"summary_csf_p05":288.97589111328125,"summary_csf_p95":929.3775634765625,"summary_csf_stdv":245.21867370605469,"summary_gm_k":0.62562599208421288,"summary_gm_mad":72.004073460516921,"summary_gm_mean":776.5550537109375,"summary_gm_median":767.94580078125,"summary_gm_n":80392,"summary_gm_p05":658.53740539550779,"summary_gm_p95":925.2540405273437,"summary_gm_stdv":80.279045104980469,"summary_wm_k":23.571339318636635,"summary_wm_mad":47.639093209027777,"summary_wm_mean":1007.4927368164062,"summary_wm_median":1000.01611328125,"summary_wm_n":477906,"summary_wm_p05":921.19544982910156,"summary_wm_p95":1105.2241821289062,"summary_wm_stdv":73.374137878417969,"tpm_overlap_csf":0.113265760242939,"tpm_overlap_gm":0.36031988263130188,"tpm_overlap_wm":0.46568331122398376,"wm2max":0.29662933484156684}