{"aor":0.044188333333333329,"aqi":0.0030345316666666663,"bids_meta":{"AcquisitionMatrixPE":80,"AcquisitionNumber":1,"AcquisitionTime":[],"BandwidthPerPixelPhaseEncode":23.148,"BaseResolution":80,"BodyPartExamined":"BRAIN","ConsistencyInfo":"N4_VE11C_LATEST_20160120","ConversionSoftware":"dcm2niix","ConversionSoftwareVersion":"v1.0.20200427","DerivedVendorReportedEchoSpacing":0.000540003,"DeviceSerialNumber":"167017","DwellTime":3E-6,"EchoTime":0.048,"EchoTrainLength":80,"EffectiveEchoSpacing":0.000540003,"FlipAngle":90,"ImageComments":"Unaliased_MB6_PE3_LB","ImageOrientationPatientDICOM":[1,0,0,0,0.829038,-0.559193],"ImageType":["ORIGINAL","PRIMARY","M","ND","NORM","MOSAIC"],"ImagingFrequency":123.25,"InPlanePhaseEncodingDirectionDICOM":"COL","InstitutionAddress":[],"InstitutionName":[],"InstitutionalDepartmentName":[],"Instructions":"eyes closed","MRAcquisitionType":"2D","MagneticFieldStrength":3,"Manufacturer":"Siemens","ManufacturersModelName":"Prisma_fit","Modality":"MR","PartialFourier":1,"PatientPosition":"HFS","PercentPhaseFOV":100,"PercentSampling":100,"PhaseEncodingDirection":"j","PhaseEncodingSteps":80,"PhaseResolution":1,"PixelBandwidth":2085,"ProcedureStepDescription":[],"ProtocolName":[],"PulseSequenceDetails":[],"ReceiveCoilActiveElements":"HC1-7","ReceiveCoilName":"HeadNeck_64","ReconMatrixPE":80,"RepetitionTime":4.029,"SAR":0.172929,"ScanOptions":"FS","ScanningSequence":"EP","SequenceName":"epse2d1_80","SequenceVariant":"SK","SeriesDescription":[],"SeriesNumber":16,"ShimSetting":[333,-11549,-6433,580,58,-22,5,43],"SliceThickness":3,"SliceTiming":[3.925,3.84,3.7575,3.675,3.59,3.5075,3.4225,3.34,3.2575,3.1725,3.09,3.005,2.9225,2.84,2.755,2.6725,2.5875,2.505,2.4225,2.3375,2.255,2.17,2.0875,2.0025,1.92,1.8375,1.7525,1.67,1.585,1.5025,1.42,1.335,1.2525,1.1675,1.085,1.0025,0.9175,0.835,0.75,0.6675,0.585,0.5,0.4175,0.3325,0.25,0.1675,0.0825,0],"SoftwareVersions":"syngo_MR_E11","SpacingBetweenSlices":3,"StationName":"MRC35056","TaskName":"rest","TotalReadoutTime":0.0426603,"TxRefAmp":236.969,"WipMemBlock":"e6356ca2-2847-4d00-9d4d-90091d423cf9||Sequence: R016 ve11c/master r/34fb20f; Nov 20 2017 15:30:40 by eja","acq_id":"PAse","dataset":"MICs","modality":"bold","session_id":"01","subject_id":"sub-HC027","task_id":"rest"},"dummy_trs":0,"dvars_nstd":55.19535942,"dvars_std":2.909366514,"dvars_vstd":4.313759804,"efc":0.49308792863272338,"fber":868.72296142578125,"fd_mean":0.041946911199830732,"fd_num":0,"fd_perc":0,"fwhm_avg":1.7773866166755929,"fwhm_x":1.80361,"fwhm_y":1.6414499999999999,"fwhm_z":1.8870998500267784,"gcor":0.00111292,"gsr_x":-0.034117769449949265,"gsr_y":0.0173648651689291,"provenance":{"md5sum":"35b5c399dd5cefcf04c147fe8cb3af1c","settings":{"fd_thres":0.2,"hmc_fsl":false,"testing":false},"software":"mriqc","version":"0.15.2","webapi_port":[],"webapi_url":"https://mriqc.nimh.nih.gov/api/v1"},"size_t":6,"size_x":80,"size_y":80,"size_z":48,"snr":2.33012881009189,"spacing_tr":4.0289998054504395,"spacing_x":3,"spacing_y":3,"spacing_z":3.0000002384185791,"summary_bg_k":94.886072450994959,"summary_bg_mad":119.13766211368979,"summary_bg_mean":684.2451171875,"summary_bg_median":276.8333740234375,"summary_bg_n":203325,"summary_bg_p05":139.04549560546874,"summary_bg_p95":3145.1651855468754,"summary_bg_stdv":1231.0592041015625,"summary_fg_k":16.4783107618817,"summary_fg_mad":2522.58469315007,"summary_fg_mean":9427.8662109375,"summary_fg_median":8665.2060546875,"summary_fg_n":54592,"summary_fg_p05":5653.0468261718752,"summary_fg_p95":15652.108642578121,"summary_fg_stdv":3718.73291015625,"tsnr":78.6401596069336}