{"aor":0.0013678857142857142,"aqi":0.0073190283714285711,"bids_meta":{"AcquisitionMatrixPE":80,"AcquisitionNumber":1,"AcquisitionTime":[],"BandwidthPerPixelPhaseEncode":23.148,"BaseResolution":80,"BodyPartExamined":"BRAIN","ConsistencyInfo":"N4_VE11C_LATEST_20160120","ConversionSoftware":"dcm2niix","ConversionSoftwareVersion":"v1.0.20200427","DerivedVendorReportedEchoSpacing":0.000540003,"DeviceSerialNumber":"167017","DwellTime":2.6E-6,"EchoTime":0.03,"EchoTrainLength":80,"EffectiveEchoSpacing":0.000540003,"FlipAngle":50,"ImageComments":"Unaliased_MB6_PE3_LB","ImageOrientationPatientDICOM":[1,0,0,0,0.829038,-0.559193],"ImageType":["ORIGINAL","PRIMARY","M","MB","ND","NORM","MOSAIC"],"ImagingFrequency":123.25,"InPlanePhaseEncodingDirectionDICOM":"COL","InstitutionAddress":[],"InstitutionName":[],"InstitutionalDepartmentName":[],"Instructions":"eyes closed","MRAcquisitionType":"2D","MagneticFieldStrength":3,"Manufacturer":"Siemens","ManufacturersModelName":"Prisma_fit","Modality":"MR","MultibandAccelerationFactor":6,"PartialFourier":1,"PatientPosition":"HFS","PercentPhaseFOV":100,"PercentSampling":100,"PhaseEncodingDirection":"j-","PhaseEncodingSteps":80,"PhaseResolution":1,"PixelBandwidth":2405,"ProcedureStepDescription":[],"ProtocolName":[],"PulseSequenceDetails":[],"ReceiveCoilActiveElements":"HC1-7","ReceiveCoilName":"HeadNeck_64","ReconMatrixPE":80,"RepetitionTime":0.6,"SAR":0.0518293,"ScanOptions":"FS","ScanningSequence":"EP","SequenceName":"epfid2d1_80","SequenceVariant":"SK_SS","SeriesDescription":[],"SeriesNumber":14,"ShimSetting":[333,-11549,-6433,580,58,-22,5,43],"SliceThickness":3,"SliceTiming":[0.5075,0.435,0.3625,0.29,0.2175,0.145,0.0725,0,0.5075,0.435,0.3625,0.29,0.2175,0.145,0.0725,0,0.5075,0.435,0.3625,0.29,0.2175,0.145,0.0725,0,0.5075,0.435,0.3625,0.29,0.2175,0.145,0.0725,0,0.5075,0.435,0.3625,0.29,0.2175,0.145,0.0725,0,0.5075,0.435,0.3625,0.29,0.2175,0.145,0.0725,0],"SoftwareVersions":"syngo_MR_E11","SpacingBetweenSlices":3,"StationName":"MRC35056","TaskName":"rest","TotalReadoutTime":0.0426603,"TxRefAmp":236.969,"WipMemBlock":"ebe1c0cb-a73d-4b43-a9a0-f60dc12a0af2||Sequence: R016 ve11c/master r/34fb20f; Nov 20 2017 15:15:15 by eja","acq_id":"AP","dataset":"MICs","modality":"bold","session_id":"01","subject_id":"sub-HC027","task_id":"rest"},"dummy_trs":0,"dvars_nstd":34.926762333919875,"dvars_std":1.2918072987839782,"dvars_vstd":1.0044703138769671,"efc":0.45192736198860517,"fber":7301.7724609375,"fd_mean":0.11804273242145956,"fd_num":90,"fd_perc":12.857142857142858,"fwhm_avg":2.2718743838501911,"fwhm_x":2.08404,"fwhm_y":2.4442266666666668,"fwhm_z":2.2873564848839059,"gcor":0.0252119,"gsr_x":-0.019057424739003181,"gsr_y":0.027478506788611412,"provenance":{"md5sum":"c504d3cc07a83454b73a6de9b6bca99a","settings":{"fd_thres":0.2,"hmc_fsl":false,"testing":false},"software":"mriqc","version":"0.15.2","webapi_port":[],"webapi_url":"https://mriqc.nimh.nih.gov/api/v1"},"size_t":700,"size_x":80,"size_y":80,"size_z":48,"snr":3.8900245550259527,"spacing_tr":0.60000002384185791,"spacing_x":3,"spacing_y":3,"spacing_z":3.0000002384185791,"summary_bg_k":41.339840886475159,"summary_bg_mad":47.881699199494911,"summary_bg_mean":242.76712036132812,"summary_bg_median":71.580001831054688,"summary_bg_n":206027,"summary_bg_p05":29.151856803894042,"summary_bg_p95":1152.4244506835926,"summary_bg_stdv":519.21795654296875,"summary_fg_k":2.8889021943053752,"summary_fg_mad":1308.3783596595811,"summary_fg_mean":6451.984375,"summary_fg_median":6363.044921875,"summary_fg_n":52398,"summary_fg_p05":4124.2593994140625,"summary_fg_p95":9021.1184570312435,"summary_fg_stdv":1635.71826171875,"tsnr":47.758968879352324}