{"aor":0.051393333333333326,"aqi":0.0075569483333333331,"bids_meta":{"AcquisitionMatrixPE":80,"AcquisitionNumber":1,"AcquisitionTime":[],"BandwidthPerPixelPhaseEncode":23.148,"BaseResolution":80,"BodyPartExamined":"BRAIN","ConsistencyInfo":"N4_VE11C_LATEST_20160120","ConversionSoftware":"dcm2niix","ConversionSoftwareVersion":"v1.0.20200427","DerivedVendorReportedEchoSpacing":0.000540003,"DeviceSerialNumber":"167017","DwellTime":3E-6,"EchoTime":0.048,"EchoTrainLength":80,"EffectiveEchoSpacing":0.000540003,"FlipAngle":90,"ImageComments":"Unaliased_MB6_PE3_LB","ImageOrientationPatientDICOM":[1,0,0,0,0.829038,-0.559193],"ImageType":["ORIGINAL","PRIMARY","M","ND","NORM","MOSAIC"],"ImagingFrequency":123.25,"InPlanePhaseEncodingDirectionDICOM":"COL","InstitutionAddress":[],"InstitutionName":[],"InstitutionalDepartmentName":[],"Instructions":"eyes closed","MRAcquisitionType":"2D","MagneticFieldStrength":3,"Manufacturer":"Siemens","ManufacturersModelName":"Prisma_fit","Modality":"MR","PartialFourier":1,"PatientPosition":"HFS","PercentPhaseFOV":100,"PercentSampling":100,"PhaseEncodingDirection":"j-","PhaseEncodingSteps":80,"PhaseResolution":1,"PixelBandwidth":2085,"ProcedureStepDescription":[],"ProtocolName":[],"PulseSequenceDetails":[],"ReceiveCoilActiveElements":"HC1-7","ReceiveCoilName":"HeadNeck_64","ReconMatrixPE":80,"RepetitionTime":4.029,"SAR":0.172929,"ScanOptions":"FS","ScanningSequence":"EP","SequenceName":"epse2d1_80","SequenceVariant":"SK","SeriesDescription":[],"SeriesNumber":15,"ShimSetting":[333,-11549,-6433,580,58,-22,5,43],"SliceThickness":3,"SliceTiming":[3.925,3.8425,3.76,3.675,3.5925,3.5075,3.425,3.34,3.2575,3.175,3.09,3.0075,2.9225,2.84,2.7575,2.6725,2.59,2.505,2.4225,2.34,2.255,2.1725,2.0875,2.005,1.9225,1.8375,1.755,1.67,1.5875,1.5025,1.42,1.3375,1.2525,1.17,1.085,1.0025,0.92,0.835,0.7525,0.6675,0.585,0.5025,0.4175,0.335,0.25,0.1675,0.085,0],"SoftwareVersions":"syngo_MR_E11","SpacingBetweenSlices":3,"StationName":"MRC35056","TaskName":"rest","TotalReadoutTime":0.0426603,"TxRefAmp":236.969,"WipMemBlock":"fbd59a90-7d04-418f-8007-851ed83e6885||Sequence: R016 ve11c/master r/34fb20f; Nov 20 2017 15:30:40 by eja","acq_id":"APse","dataset":"MICs","modality":"bold","session_id":"01","subject_id":"sub-HC027","task_id":"rest"},"dummy_trs":0,"dvars_nstd":78.25071411,"dvars_std":2.615262986,"dvars_vstd":4.1856974580000008,"efc":0.49529936478028935,"fber":881.3060302734375,"fd_mean":0.41065023297782854,"fd_num":4,"fd_perc":66.666666666666671,"fwhm_avg":1.8023021733847411,"fwhm_x":1.80384,"fwhm_y":1.7595133333333333,"fwhm_z":1.8435531868208896,"gcor":0.00802536,"gsr_x":-0.03234437108039856,"gsr_y":0.014556854031980038,"provenance":{"md5sum":"866febc554b38b3e9a41e69f4e9330ab","settings":{"fd_thres":0.2,"hmc_fsl":false,"testing":false},"software":"mriqc","version":"0.15.2","webapi_port":[],"webapi_url":"https://mriqc.nimh.nih.gov/api/v1"},"size_t":6,"size_x":80,"size_y":80,"size_z":48,"snr":2.4701946418475109,"spacing_tr":4.0289998054504395,"spacing_x":3,"spacing_y":3,"spacing_z":3.0000002384185791,"summary_bg_k":56.151384627272208,"summary_bg_mad":123.04814536538524,"summary_bg_mean":676.0322265625,"summary_bg_median":278.549560546875,"summary_bg_n":202920,"summary_bg_p05":139.63960571289061,"summary_bg_p95":3124.4524169921865,"summary_bg_stdv":1279.779052734375,"summary_fg_k":20.813686717553907,"summary_fg_mad":2349.7464303227111,"summary_fg_mean":9394.408203125,"summary_fg_median":8691.6357421875,"summary_fg_n":55297,"summary_fg_p05":5479.1999023437493,"summary_fg_p95":15587.301171874991,"summary_fg_stdv":3518.57177734375,"tsnr":51.382728576660156}