{"aor":0.044451666666666667,"aqi":0.008525095,"bids_meta":{"AcquisitionMatrixPE":80,"AcquisitionNumber":1,"AcquisitionTime":[],"BandwidthPerPixelPhaseEncode":23.148,"BaseResolution":80,"BodyPartExamined":"BRAIN","ConsistencyInfo":"N4_VE11C_LATEST_20160120","ConversionSoftware":"dcm2niix","ConversionSoftwareVersion":"v1.0.20200427","DerivedVendorReportedEchoSpacing":0.000540003,"DeviceSerialNumber":"167017","DwellTime":3E-6,"EchoTime":0.048,"EchoTrainLength":80,"EffectiveEchoSpacing":0.000540003,"FlipAngle":90,"ImageComments":"Unaliased_MB6_PE3_LB","ImageOrientationPatientDICOM":[1,0,0,0,0.819152,-0.573576],"ImageType":["ORIGINAL","PRIMARY","M","ND","NORM","MOSAIC"],"ImagingFrequency":123.25,"InPlanePhaseEncodingDirectionDICOM":"COL","InstitutionAddress":[],"InstitutionName":[],"InstitutionalDepartmentName":[],"Instructions":"eyes closed","MRAcquisitionType":"2D","MagneticFieldStrength":3,"Manufacturer":"Siemens","ManufacturersModelName":"Prisma_fit","Modality":"MR","PartialFourier":1,"PatientPosition":"HFS","PercentPhaseFOV":100,"PercentSampling":100,"PhaseEncodingDirection":"j-","PhaseEncodingSteps":80,"PhaseResolution":1,"PixelBandwidth":2085,"ProcedureStepDescription":[],"ProtocolName":[],"PulseSequenceDetails":[],"ReceiveCoilActiveElements":"HC1-7","ReceiveCoilName":"HeadNeck_64","ReconMatrixPE":80,"RepetitionTime":4.029,"SAR":0.174014,"ScanOptions":"FS","ScanningSequence":"EP","SequenceName":"epse2d1_80","SequenceVariant":"SK","SeriesDescription":[],"SeriesNumber":15,"ShimSetting":[316,-11583,-6443,668,30,-163,-117,6],"SliceThickness":3,"SliceTiming":[3.925,3.8425,3.7575,3.675,3.59,3.5075,3.425,3.34,3.2575,3.1725,3.09,3.0075,2.9225,2.84,2.755,2.6725,2.5875,2.505,2.4225,2.3375,2.255,2.17,2.0875,2.005,1.92,1.8375,1.7525,1.67,1.5875,1.5025,1.42,1.335,1.2525,1.17,1.085,1.0025,0.9175,0.835,0.7525,0.6675,0.585,0.5,0.4175,0.3325,0.25,0.1675,0.0825,0],"SoftwareVersions":"syngo_MR_E11","SpacingBetweenSlices":3,"StationName":"MRC35056","TaskName":"rest","TotalReadoutTime":0.0426603,"TxRefAmp":217.883,"WipMemBlock":"b0951a0b-f746-41db-a4af-821d41c65d36||Sequence: R016 ve11c/master r/34fb20f; Nov 20 2017 15:30:40 by eja","acq_id":"APse","dataset":"MICs","modality":"bold","session_id":"01","subject_id":"sub-HC045","task_id":"rest"},"dummy_trs":0,"dvars_nstd":71.016976164,"dvars_std":2.567429684,"dvars_vstd":4.4656257619999993,"efc":0.48358877586536764,"fber":943.6568603515625,"fd_mean":0.40385753155768844,"fd_num":4,"fd_perc":66.666666666666671,"fwhm_avg":1.8171166666666665,"fwhm_x":1.8676866666666667,"fwhm_y":1.7339166666666666,"fwhm_z":1.8497466666666667,"gcor":0.00943137,"gsr_x":-0.031961191445589066,"gsr_y":0.0048021995462477207,"provenance":{"md5sum":"802f3c16ef9c74c7f101d67e856f56bc","settings":{"fd_thres":0.2,"hmc_fsl":false,"testing":false},"software":"mriqc","version":"0.15.2","webapi_port":[],"webapi_url":"https://mriqc.nimh.nih.gov/api/v1"},"size_t":6,"size_x":80,"size_y":80,"size_z":48,"snr":2.6079886761122615,"spacing_tr":4.0289998054504395,"spacing_x":3,"spacing_y":3,"spacing_z":3,"summary_bg_k":104.86998228696446,"summary_bg_mad":143.12780660836711,"summary_bg_mean":723.946533203125,"summary_bg_median":316.56112670898438,"summary_bg_n":205721,"summary_bg_p05":160.66055297851562,"summary_bg_p95":3291.3359375,"summary_bg_stdv":1429.655517578125,"summary_fg_k":23.433791456182266,"summary_fg_mad":2735.2215592804382,"summary_fg_mean":11027.1201171875,"summary_fg_median":10352.90234375,"summary_fg_n":52585,"summary_fg_p05":6825.819921875,"summary_fg_p95":17542.8828125,"summary_fg_stdv":3969.650634765625,"tsnr":59.749385833740234}