{"aor":0.00036446197991391683,"aqi":0.0072795517073170734,"bids_meta":{"AcquisitionMatrixPE":80,"AcquisitionNumber":1,"AcquisitionTime":[],"BandwidthPerPixelPhaseEncode":23.148,"BaseResolution":80,"BodyPartExamined":"BRAIN","ConsistencyInfo":"N4_VE11C_LATEST_20160120","ConversionSoftware":"dcm2niix","ConversionSoftwareVersion":"v1.0.20200427","DerivedVendorReportedEchoSpacing":0.000540003,"DeviceSerialNumber":"167017","DwellTime":2.6E-6,"EchoTime":0.03,"EchoTrainLength":80,"EffectiveEchoSpacing":0.000540003,"FlipAngle":50,"ImageComments":"Unaliased_MB6_PE3_LB","ImageOrientationPatientDICOM":[1,0,0,0,0.819152,-0.573576],"ImageType":["ORIGINAL","PRIMARY","M","MB","ND","NORM","MOSAIC"],"ImagingFrequency":123.25,"InPlanePhaseEncodingDirectionDICOM":"COL","InstitutionAddress":[],"InstitutionName":[],"InstitutionalDepartmentName":[],"Instructions":"eyes closed","MRAcquisitionType":"2D","MagneticFieldStrength":3,"Manufacturer":"Siemens","ManufacturersModelName":"Prisma_fit","Modality":"MR","MultibandAccelerationFactor":6,"PartialFourier":1,"PatientPosition":"HFS","PercentPhaseFOV":100,"PercentSampling":100,"PhaseEncodingDirection":"j-","PhaseEncodingSteps":80,"PhaseResolution":1,"PixelBandwidth":2405,"ProcedureStepDescription":[],"ProtocolName":[],"PulseSequenceDetails":[],"ReceiveCoilActiveElements":"HC1-7","ReceiveCoilName":"HeadNeck_64","ReconMatrixPE":80,"RepetitionTime":0.6,"SAR":0.0514709,"ScanOptions":"FS","ScanningSequence":"EP","SequenceName":"epfid2d1_80","SequenceVariant":"SK_SS","SeriesDescription":[],"SeriesNumber":14,"ShimSetting":[316,-11583,-6443,668,30,-163,-117,6],"SliceThickness":3,"SliceTiming":[0.5075,0.435,0.3625,0.29,0.2175,0.145,0.0725,0,0.5075,0.435,0.3625,0.29,0.2175,0.145,0.0725,0,0.5075,0.435,0.3625,0.29,0.2175,0.145,0.0725,0,0.5075,0.435,0.3625,0.29,0.2175,0.145,0.0725,0,0.5075,0.435,0.3625,0.29,0.2175,0.145,0.0725,0,0.5075,0.435,0.3625,0.29,0.2175,0.145,0.0725,0],"SoftwareVersions":"syngo_MR_E11","SpacingBetweenSlices":3,"StationName":"MRC35056","TaskName":"rest","TotalReadoutTime":0.0426603,"TxRefAmp":217.883,"WipMemBlock":"c3766469-0c7a-467e-81c5-ffbe027116ce||Sequence: R016 ve11c/master r/34fb20f; Nov 20 2017 15:15:15 by eja","acq_id":"AP","dataset":"MICs","modality":"bold","session_id":"01","subject_id":"sub-HC045","task_id":"rest"},"dummy_trs":3,"dvars_nstd":34.426827386738474,"dvars_std":1.28048131926724,"dvars_vstd":0.99785965251436681,"efc":0.4337684156109039,"fber":8687.37109375,"fd_mean":0.1135379715823677,"fd_num":50,"fd_perc":7.1736011477761839,"fwhm_avg":2.3264866666666673,"fwhm_x":2.1854333333333336,"fwhm_y":2.48095,"fwhm_z":2.3130766666666669,"gcor":0.0169722,"gsr_x":-0.019418817013502121,"gsr_y":0.016995007172226906,"provenance":{"md5sum":"37d7195571e4f2a0c351dec72c1b15e6","settings":{"fd_thres":0.2,"hmc_fsl":false,"testing":false},"software":"mriqc","version":"0.15.2","webapi_port":[],"webapi_url":"https://mriqc.nimh.nih.gov/api/v1"},"size_t":697,"size_x":80,"size_y":80,"size_z":48,"snr":4.330550265190066,"spacing_tr":0.60000002384185791,"spacing_x":3,"spacing_y":3,"spacing_z":3,"summary_bg_k":62.382126727379969,"summary_bg_mad":48.319641018448479,"summary_bg_mean":231.90744018554688,"summary_bg_median":76.398849487304688,"summary_bg_n":209371,"summary_bg_p05":32.578193664550781,"summary_bg_p95":969.45623779296875,"summary_bg_stdv":545.740234375,"summary_fg_k":3.0849707879704988,"summary_fg_mad":1446.3704028640068,"summary_fg_mean":7504.85791015625,"summary_fg_median":7457.68310546875,"summary_fg_n":49471,"summary_fg_p05":5132.1865234375,"summary_fg_p95":10159.66552734375,"summary_fg_stdv":1722.0924072265625,"tsnr":52.426166233839467}