{"aor":0.045825000000000005,"aqi":0.0075709533333333323,"bids_meta":{"AcquisitionMatrixPE":80,"AcquisitionNumber":1,"AcquisitionTime":[],"BandwidthPerPixelPhaseEncode":23.148,"BaseResolution":80,"BodyPartExamined":"BRAIN","ConsistencyInfo":"N4_VE11C_LATEST_20160120","ConversionSoftware":"dcm2niix","ConversionSoftwareVersion":"v1.0.20200427","DerivedVendorReportedEchoSpacing":0.000540003,"DeviceSerialNumber":"167017","DwellTime":3E-6,"EchoTime":0.048,"EchoTrainLength":80,"EffectiveEchoSpacing":0.000540003,"FlipAngle":90,"ImageComments":"Unaliased_MB6_PE3_LB","ImageOrientationPatientDICOM":[1,0,0,0,0.819152,-0.573576],"ImageType":["ORIGINAL","PRIMARY","M","ND","NORM","MOSAIC"],"ImagingFrequency":123.25,"InPlanePhaseEncodingDirectionDICOM":"COL","InstitutionAddress":[],"InstitutionName":[],"InstitutionalDepartmentName":[],"Instructions":"eyes closed","MRAcquisitionType":"2D","MagneticFieldStrength":3,"Manufacturer":"Siemens","ManufacturersModelName":"Prisma_fit","Modality":"MR","PartialFourier":1,"PatientPosition":"HFS","PercentPhaseFOV":100,"PercentSampling":100,"PhaseEncodingDirection":"j","PhaseEncodingSteps":80,"PhaseResolution":1,"PixelBandwidth":2085,"ProcedureStepDescription":[],"ProtocolName":[],"PulseSequenceDetails":[],"ReceiveCoilActiveElements":"HC1-7","ReceiveCoilName":"HeadNeck_64","ReconMatrixPE":80,"RepetitionTime":4.029,"SAR":0.174014,"ScanOptions":"FS","ScanningSequence":"EP","SequenceName":"epse2d1_80","SequenceVariant":"SK","SeriesDescription":[],"SeriesNumber":16,"ShimSetting":[316,-11583,-6443,668,30,-163,-117,6],"SliceThickness":3,"SliceTiming":[3.925,3.8425,3.7575,3.675,3.59,3.5075,3.425,3.34,3.2575,3.1725,3.09,3.0075,2.9225,2.84,2.755,2.6725,2.59,2.505,2.4225,2.3375,2.255,2.17,2.0875,2.005,1.92,1.8375,1.7525,1.67,1.5875,1.5025,1.42,1.335,1.2525,1.17,1.085,1.0025,0.9175,0.835,0.7525,0.6675,0.585,0.5,0.4175,0.3325,0.25,0.1675,0.0825,0],"SoftwareVersions":"syngo_MR_E11","SpacingBetweenSlices":3,"StationName":"MRC35056","TaskName":"rest","TotalReadoutTime":0.0426603,"TxRefAmp":217.883,"WipMemBlock":"14e252e6-77c8-497c-85a9-bc356a0b4bd4||Sequence: R016 ve11c/master r/34fb20f; Nov 20 2017 15:30:40 by eja","acq_id":"PAse","dataset":"MICs","modality":"bold","session_id":"01","subject_id":"sub-HC045","task_id":"rest"},"dummy_trs":0,"dvars_nstd":61.712340545999993,"dvars_std":2.77569511,"dvars_vstd":4.646840382,"efc":0.4835783522915027,"fber":923.2398681640625,"fd_mean":0.09305144261781248,"fd_num":0,"fd_perc":0,"fwhm_avg":1.7760833333333332,"fwhm_x":1.8514666666666668,"fwhm_y":1.6433933333333333,"fwhm_z":1.8333899999999999,"gcor":0.00151561,"gsr_x":-0.0355525016784668,"gsr_y":0.0047374307177960873,"provenance":{"md5sum":"76e20c88f87a2320323c285e100b52aa","settings":{"fd_thres":0.2,"hmc_fsl":false,"testing":false},"software":"mriqc","version":"0.15.2","webapi_port":[],"webapi_url":"https://mriqc.nimh.nih.gov/api/v1"},"size_t":6,"size_x":80,"size_y":80,"size_z":48,"snr":2.462570603778679,"spacing_tr":4.0289998054504395,"spacing_x":3,"spacing_y":3,"spacing_z":3,"summary_bg_k":387.13109274703123,"summary_bg_mad":131.47972155627136,"summary_bg_mean":704.57159423828125,"summary_bg_median":311.09140014648438,"summary_bg_n":204416,"summary_bg_p05":159.16202926635742,"summary_bg_p95":3110.107421875,"summary_bg_stdv":1537.1304931640625,"summary_fg_k":13.866087025751902,"summary_fg_mad":2895.6770530904446,"summary_fg_mean":10715.4189453125,"summary_fg_median":10054.5556640625,"summary_fg_n":53527,"summary_fg_p05":6216.0833496093765,"summary_fg_p95":17494.660546875,"summary_fg_stdv":4082.9130859375,"tsnr":70.279373168945312}