{"aor":0.000606065808297568,"aqi":0.0063536797997138777,"bids_meta":{"AcquisitionMatrixPE":80,"AcquisitionNumber":1,"AcquisitionTime":[],"BandwidthPerPixelPhaseEncode":23.148,"BaseResolution":80,"BodyPartExamined":"BRAIN","ConsistencyInfo":"N4_VE11C_LATEST_20160120","ConversionSoftware":"dcm2niix","ConversionSoftwareVersion":"v1.0.20200427","DerivedVendorReportedEchoSpacing":0.000540003,"DeviceSerialNumber":"167017","DwellTime":2.6E-6,"EchoTime":0.03,"EchoTrainLength":80,"EffectiveEchoSpacing":0.000540003,"FlipAngle":50,"ImageComments":"Unaliased_MB6_PE3_LB","ImageOrientationPatientDICOM":[1,0,0,0,0.819152,-0.573576],"ImageType":["ORIGINAL","PRIMARY","M","MB","ND","NORM","MOSAIC"],"ImagingFrequency":123.25,"InPlanePhaseEncodingDirectionDICOM":"COL","InstitutionAddress":[],"InstitutionName":[],"InstitutionalDepartmentName":[],"Instructions":"eyes closed","MRAcquisitionType":"2D","MagneticFieldStrength":3,"Manufacturer":"Siemens","ManufacturersModelName":"Prisma_fit","Modality":"MR","MultibandAccelerationFactor":6,"PartialFourier":1,"PatientPosition":"HFS","PercentPhaseFOV":100,"PercentSampling":100,"PhaseEncodingDirection":"j-","PhaseEncodingSteps":80,"PhaseResolution":1,"PixelBandwidth":2405,"ProcedureStepDescription":[],"ProtocolName":[],"PulseSequenceDetails":[],"ReceiveCoilActiveElements":"HC1-7","ReceiveCoilName":"HeadNeck_64","ReconMatrixPE":80,"RepetitionTime":0.6,"SAR":0.0586524,"ScanOptions":"FS","ScanningSequence":"EP","SequenceName":"epfid2d1_80","SequenceVariant":"SK_SS","SeriesDescription":[],"SeriesNumber":14,"ShimSetting":[324,-11569,-6391,370,-27,-116,-13,8],"SliceThickness":3,"SliceTiming":[0.5075,0.435,0.3625,0.29,0.2175,0.145,0.0725,0,0.5075,0.435,0.3625,0.29,0.2175,0.145,0.0725,0,0.5075,0.435,0.3625,0.29,0.2175,0.145,0.0725,0,0.5075,0.435,0.3625,0.29,0.2175,0.145,0.0725,0,0.5075,0.435,0.3625,0.29,0.2175,0.145,0.0725,0,0.5075,0.435,0.3625,0.29,0.2175,0.145,0.0725,0],"SoftwareVersions":"syngo_MR_E11","SpacingBetweenSlices":3,"StationName":"MRC35056","TaskName":"rest","TotalReadoutTime":0.0426603,"TxRefAmp":258.701,"WipMemBlock":"f30cd386-edf7-43d2-becf-8e888a3ef66d||Sequence: R016 ve11c/master r/34fb20f; Nov 20 2017 15:15:15 by eja","acq_id":"AP","dataset":"MICs","modality":"bold","session_id":"01","subject_id":"sub-HC021","task_id":"rest"},"dummy_trs":1,"dvars_nstd":34.859422604398283,"dvars_std":1.2451540214040113,"dvars_vstd":1.0054776475644689,"efc":0.46057896315795316,"fber":6576.078125,"fd_mean":0.1039593401273788,"fd_num":39,"fd_perc":5.5793991416309012,"fwhm_avg":2.2532988888888887,"fwhm_x":2.1257333333333333,"fwhm_y":2.3994633333333333,"fwhm_z":2.2347,"gcor":0.0138888,"gsr_x":-0.0096591850742697716,"gsr_y":0.034483570605516434,"provenance":{"md5sum":"44a4b19fb7bbc36111b9dfda23c3e748","settings":{"fd_thres":0.2,"hmc_fsl":false,"testing":false},"software":"mriqc","version":"0.15.2","webapi_port":[],"webapi_url":"https://mriqc.nimh.nih.gov/api/v1"},"size_t":699,"size_x":80,"size_y":80,"size_z":48,"snr":3.8362332544978397,"spacing_tr":0.60000002384185791,"spacing_x":3,"spacing_y":3,"spacing_z":3,"summary_bg_k":25.431984975704964,"summary_bg_mad":46.166413878676664,"summary_bg_mean":239.29560852050781,"summary_bg_median":67.937057495117188,"summary_bg_n":203930,"summary_bg_p05":29.799715042114258,"summary_bg_p95":1156.4189514160144,"summary_bg_stdv":509.41769409179688,"summary_fg_k":2.5736352981060477,"summary_fg_mad":1186.4158670524505,"summary_fg_mean":5841.5732421875,"summary_fg_median":5759.43505859375,"summary_fg_n":53460,"summary_fg_p05":3620.7708374023437,"summary_fg_p95":8271.4986328124978,"summary_fg_stdv":1501.3115234375,"tsnr":47.478954216465354}