{"aor":0.053173333333333343,"aqi":0.0036096150000000005,"bids_meta":{"AcquisitionMatrixPE":80,"AcquisitionNumber":1,"AcquisitionTime":[],"BandwidthPerPixelPhaseEncode":23.148,"BaseResolution":80,"BodyPartExamined":"BRAIN","ConsistencyInfo":"N4_VE11C_LATEST_20160120","ConversionSoftware":"dcm2niix","ConversionSoftwareVersion":"v1.0.20200427","DerivedVendorReportedEchoSpacing":0.000540003,"DeviceSerialNumber":"167017","DwellTime":3E-6,"EchoTime":0.048,"EchoTrainLength":80,"EffectiveEchoSpacing":0.000540003,"FlipAngle":90,"ImageComments":"Unaliased_MB6_PE3_LB","ImageOrientationPatientDICOM":[1,0,0,0,0.819152,-0.573576],"ImageType":["ORIGINAL","PRIMARY","M","ND","NORM","MOSAIC"],"ImagingFrequency":123.25,"InPlanePhaseEncodingDirectionDICOM":"COL","InstitutionAddress":[],"InstitutionName":[],"InstitutionalDepartmentName":[],"Instructions":"eyes closed","MRAcquisitionType":"2D","MagneticFieldStrength":3,"Manufacturer":"Siemens","ManufacturersModelName":"Prisma_fit","Modality":"MR","PartialFourier":1,"PatientPosition":"HFS","PercentPhaseFOV":100,"PercentSampling":100,"PhaseEncodingDirection":"j-","PhaseEncodingSteps":80,"PhaseResolution":1,"PixelBandwidth":2085,"ProcedureStepDescription":[],"ProtocolName":[],"PulseSequenceDetails":[],"ReceiveCoilActiveElements":"HC1-7","ReceiveCoilName":"HeadNeck_64","ReconMatrixPE":80,"RepetitionTime":4.029,"SAR":0.196931,"ScanOptions":"FS","ScanningSequence":"EP","SequenceName":"epse2d1_80","SequenceVariant":"SK","SeriesDescription":[],"SeriesNumber":15,"ShimSetting":[324,-11569,-6391,370,-27,-116,-13,8],"SliceThickness":3,"SliceTiming":[3.9275,3.8425,3.76,3.675,3.5925,3.51,3.425,3.3425,3.2575,3.175,3.09,3.0075,2.925,2.84,2.7575,2.6725,2.59,2.5075,2.4225,2.34,2.255,2.1725,2.09,2.005,1.9225,1.8375,1.755,1.6725,1.5875,1.505,1.42,1.3375,1.255,1.17,1.0875,1.0025,0.92,0.835,0.7525,0.67,0.585,0.5025,0.4175,0.335,0.2525,0.1675,0.085,0],"SoftwareVersions":"syngo_MR_E11","SpacingBetweenSlices":3,"StationName":"MRC35056","TaskName":"rest","TotalReadoutTime":0.0426603,"TxRefAmp":258.701,"WipMemBlock":"031b36f4-43c3-4290-94a2-206f51fabebb||Sequence: R016 ve11c/master r/34fb20f; Nov 20 2017 15:30:40 by eja","acq_id":"APse","dataset":"MICs","modality":"bold","session_id":"01","subject_id":"sub-HC021","task_id":"rest"},"dummy_trs":0,"dvars_nstd":47.548449708,"dvars_std":2.27009325,"dvars_vstd":5.040575076,"efc":0.50477505579108628,"fber":830.42333984375,"fd_mean":0.2152378209234897,"fd_num":2,"fd_perc":33.333333333333336,"fwhm_avg":1.7634166666666669,"fwhm_x":1.8070633333333335,"fwhm_y":1.70749,"fwhm_z":1.7756966666666667,"gcor":0.00158187,"gsr_x":-0.022427437826991081,"gsr_y":0.034479040652513504,"provenance":{"md5sum":"2702d1883fe4e94346bd5b2bbe30de04","settings":{"fd_thres":0.2,"hmc_fsl":false,"testing":false},"software":"mriqc","version":"0.15.2","webapi_port":[],"webapi_url":"https://mriqc.nimh.nih.gov/api/v1"},"size_t":6,"size_x":80,"size_y":80,"size_z":48,"snr":2.3238625029008175,"spacing_tr":4.0289998054504395,"spacing_x":3,"spacing_y":3,"spacing_z":3,"summary_bg_k":27.733953800876993,"summary_bg_mad":106.3254461066842,"summary_bg_mean":670.20489501953125,"summary_bg_median":256.91876220703125,"summary_bg_n":200023,"summary_bg_p05":150.6556106567383,"summary_bg_p95":3401.42287597656,"summary_bg_stdv":1244.6988525390625,"summary_fg_k":16.220299580823777,"summary_fg_mad":2178.8374325892569,"summary_fg_mean":8536.4365234375,"summary_fg_median":7817.1611328125,"summary_fg_n":57173,"summary_fg_p05":4676.5048828125,"summary_fg_p95":14488.140624999998,"summary_fg_stdv":3363.836181640625,"tsnr":61.471710205078125}