{"aor":0.053896666666666669,"aqi":0.0052476966666666668,"bids_meta":{"AcquisitionMatrixPE":80,"AcquisitionNumber":1,"AcquisitionTime":[],"BandwidthPerPixelPhaseEncode":23.148,"BaseResolution":80,"BodyPartExamined":"BRAIN","ConsistencyInfo":"N4_VE11C_LATEST_20160120","ConversionSoftware":"dcm2niix","ConversionSoftwareVersion":"v1.0.20200427","DerivedVendorReportedEchoSpacing":0.000540003,"DeviceSerialNumber":"167017","DwellTime":3E-6,"EchoTime":0.048,"EchoTrainLength":80,"EffectiveEchoSpacing":0.000540003,"FlipAngle":90,"ImageComments":"Unaliased_MB6_PE3_LB","ImageOrientationPatientDICOM":[1,0,0,0,0.819152,-0.573576],"ImageType":["ORIGINAL","PRIMARY","M","ND","NORM","MOSAIC"],"ImagingFrequency":123.25,"InPlanePhaseEncodingDirectionDICOM":"COL","InstitutionAddress":[],"InstitutionName":[],"InstitutionalDepartmentName":[],"Instructions":"eyes closed","MRAcquisitionType":"2D","MagneticFieldStrength":3,"Manufacturer":"Siemens","ManufacturersModelName":"Prisma_fit","Modality":"MR","PartialFourier":1,"PatientPosition":"HFS","PercentPhaseFOV":100,"PercentSampling":100,"PhaseEncodingDirection":"j","PhaseEncodingSteps":80,"PhaseResolution":1,"PixelBandwidth":2085,"ProcedureStepDescription":[],"ProtocolName":[],"PulseSequenceDetails":[],"ReceiveCoilActiveElements":"HC1-7","ReceiveCoilName":"HeadNeck_64","ReconMatrixPE":80,"RepetitionTime":4.029,"SAR":0.196931,"ScanOptions":"FS","ScanningSequence":"EP","SequenceName":"epse2d1_80","SequenceVariant":"SK","SeriesDescription":[],"SeriesNumber":16,"ShimSetting":[324,-11569,-6391,370,-27,-116,-13,8],"SliceThickness":3,"SliceTiming":[3.925,3.8425,3.76,3.675,3.5925,3.5075,3.425,3.3425,3.2575,3.175,3.09,3.0075,2.925,2.84,2.7575,2.6725,2.59,2.5075,2.4225,2.34,2.255,2.1725,2.0875,2.005,1.9225,1.8375,1.755,1.67,1.5875,1.505,1.42,1.3375,1.2525,1.17,1.0875,1.0025,0.92,0.835,0.7525,0.67,0.585,0.5025,0.4175,0.335,0.2525,0.1675,0.085,0],"SoftwareVersions":"syngo_MR_E11","SpacingBetweenSlices":3,"StationName":"MRC35056","TaskName":"rest","TotalReadoutTime":0.0426603,"TxRefAmp":258.701,"WipMemBlock":"d2aa51fc-b28a-4881-88d3-4ad4e7924999||Sequence: R016 ve11c/master r/34fb20f; Nov 20 2017 15:30:40 by eja","acq_id":"PAse","dataset":"MICs","modality":"bold","session_id":"01","subject_id":"sub-HC021","task_id":"rest"},"dummy_trs":0,"dvars_nstd":62.955373381999991,"dvars_std":2.442195726,"dvars_vstd":6.858042052,"efc":0.500253839342533,"fber":836.7567138671875,"fd_mean":0.26736501546025093,"fd_num":2,"fd_perc":33.333333333333336,"fwhm_avg":1.7890988888888888,"fwhm_x":1.8893033333333333,"fwhm_y":1.6532733333333332,"fwhm_z":1.8247200000000001,"gcor":0.00152088,"gsr_x":-0.021605405956506729,"gsr_y":0.027632543817162514,"provenance":{"md5sum":"3fc4abf150bc4400e2f620cb80ef30b5","settings":{"fd_thres":0.2,"hmc_fsl":false,"testing":false},"software":"mriqc","version":"0.15.2","webapi_port":[],"webapi_url":"https://mriqc.nimh.nih.gov/api/v1"},"size_t":6,"size_x":80,"size_y":80,"size_z":48,"snr":2.187388123651687,"spacing_tr":4.0289998054504395,"spacing_x":3,"spacing_y":3,"spacing_z":3,"summary_bg_k":35.468924519476836,"summary_bg_mad":101.89528516848969,"summary_bg_mean":665.9443359375,"summary_bg_median":255.58580017089844,"summary_bg_n":200738,"summary_bg_p05":150.2872283935547,"summary_bg_p95":3148.5422363281241,"summary_bg_stdv":1176.963623046875,"summary_fg_k":9.3427433150392556,"summary_fg_mad":2325.3768802828895,"summary_fg_mean":8621.130859375,"summary_fg_median":7858.1650390625,"summary_fg_n":56239,"summary_fg_p05":4201.9315917968752,"summary_fg_p95":14949.074609374999,"summary_fg_stdv":3592.455810546875,"tsnr":51.668601989746094}