{"aor":0.044181666666666668,"aqi":0.004766505,"bids_meta":{"AcquisitionMatrixPE":80,"AcquisitionNumber":1,"AcquisitionTime":[],"BandwidthPerPixelPhaseEncode":23.148,"BaseResolution":80,"BodyPartExamined":"BRAIN","ConsistencyInfo":"N4_VE11C_LATEST_20160120","ConversionSoftware":"dcm2niix","ConversionSoftwareVersion":"v1.0.20200427","DerivedVendorReportedEchoSpacing":0.000540003,"DeviceSerialNumber":"167017","DwellTime":3E-6,"EchoTime":0.048,"EchoTrainLength":80,"EffectiveEchoSpacing":0.000540003,"FlipAngle":90,"ImageComments":"Unaliased_MB6_PE3_LB","ImageOrientationPatientDICOM":[1,0,0,0,0.75471,-0.656059],"ImageType":["ORIGINAL","PRIMARY","M","ND","NORM","MOSAIC"],"ImagingFrequency":123.25,"InPlanePhaseEncodingDirectionDICOM":"COL","InstitutionAddress":[],"InstitutionName":[],"InstitutionalDepartmentName":[],"Instructions":"eyes closed","MRAcquisitionType":"2D","MagneticFieldStrength":3,"Manufacturer":"Siemens","ManufacturersModelName":"Prisma_fit","Modality":"MR","PartialFourier":1,"PatientPosition":"HFS","PercentPhaseFOV":100,"PercentSampling":100,"PhaseEncodingDirection":"j","PhaseEncodingSteps":80,"PhaseResolution":1,"PixelBandwidth":2085,"ProcedureStepDescription":[],"ProtocolName":[],"PulseSequenceDetails":[],"ReceiveCoilActiveElements":"HC1-7","ReceiveCoilName":"HeadNeck_64","ReconMatrixPE":80,"RepetitionTime":4.029,"SAR":0.186515,"ScanOptions":"FS","ScanningSequence":"EP","SequenceName":"epse2d1_80","SequenceVariant":"SK","SeriesDescription":[],"SeriesNumber":16,"ShimSetting":[326,-11567,-6418,457,75,-45,-72,11],"SliceThickness":3,"SliceTiming":[3.925,3.8425,3.7575,3.675,3.59,3.5075,3.425,3.34,3.2575,3.1725,3.09,3.0075,2.9225,2.84,2.755,2.6725,2.5875,2.505,2.4225,2.3375,2.255,2.17,2.0875,2.005,1.92,1.8375,1.7525,1.67,1.5875,1.5025,1.42,1.335,1.2525,1.17,1.085,1.0025,0.9175,0.835,0.7525,0.6675,0.585,0.5,0.4175,0.3325,0.25,0.1675,0.0825,0],"SoftwareVersions":"syngo_MR_E11","SpacingBetweenSlices":3,"StationName":"MRC35056","TaskName":"rest","TotalReadoutTime":0.0426603,"TxRefAmp":237.268,"WipMemBlock":"d3cb2653-3093-4753-b0a6-03b77d6c0a77||Sequence: R016 ve11c/master r/34fb20f; Nov 20 2017 15:30:40 by eja","acq_id":"PAse","dataset":"MICs","modality":"bold","session_id":"01","subject_id":"sub-HC004","task_id":"rest"},"dummy_trs":0,"dvars_nstd":65.461969758,"dvars_std":2.664115384,"dvars_vstd":4.141866254,"efc":0.48914346003039588,"fber":773.09051513671875,"fd_mean":0.079683508452688373,"fd_num":0,"fd_perc":0,"fwhm_avg":1.8150577777777777,"fwhm_x":1.9162533333333334,"fwhm_y":1.65533,"fwhm_z":1.87359,"gcor":0.000353939,"gsr_x":-0.026580752804875374,"gsr_y":0.0091639067977666855,"provenance":{"md5sum":"b0ad6fa2a58390dff407c11eaa4440ae","settings":{"fd_thres":0.2,"hmc_fsl":false,"testing":false},"software":"mriqc","version":"0.15.2","webapi_port":[],"webapi_url":"https://mriqc.nimh.nih.gov/api/v1"},"size_t":6,"size_x":80,"size_y":80,"size_z":48,"snr":2.2458943098032655,"spacing_tr":4.0289998054504395,"spacing_x":3,"spacing_y":3,"spacing_z":3,"summary_bg_k":130.6898844934839,"summary_bg_mad":120.20812371914707,"summary_bg_mean":599.97119140625,"summary_bg_median":279.63674926757812,"summary_bg_n":202406,"summary_bg_p05":143.22500228881836,"summary_bg_p95":2626.4554443359375,"summary_bg_stdv":1136.7139892578125,"summary_fg_k":20.29060749912324,"summary_fg_mad":2253.4902187107095,"summary_fg_mean":8886.16796875,"summary_fg_median":8225.109375,"summary_fg_n":55451,"summary_fg_p05":4203.50390625,"summary_fg_p95":15051.26171875,"summary_fg_stdv":3662.25390625,"tsnr":66.049163818359375}