{"aor":0.043686666666666672,"aqi":0.0054337883333333325,"bids_meta":{"AcquisitionMatrixPE":80,"AcquisitionNumber":1,"AcquisitionTime":[],"BandwidthPerPixelPhaseEncode":23.148,"BaseResolution":80,"BodyPartExamined":"BRAIN","ConsistencyInfo":"N4_VE11C_LATEST_20160120","ConversionSoftware":"dcm2niix","ConversionSoftwareVersion":"v1.0.20200427","DerivedVendorReportedEchoSpacing":0.000540003,"DeviceSerialNumber":"167017","DwellTime":3E-6,"EchoTime":0.048,"EchoTrainLength":80,"EffectiveEchoSpacing":0.000540003,"FlipAngle":90,"ImageComments":"Unaliased_MB6_PE3_LB","ImageOrientationPatientDICOM":[1,0,0,0,0.75471,-0.656059],"ImageType":["ORIGINAL","PRIMARY","M","ND","NORM","MOSAIC"],"ImagingFrequency":123.25,"InPlanePhaseEncodingDirectionDICOM":"COL","InstitutionAddress":[],"InstitutionName":[],"InstitutionalDepartmentName":[],"Instructions":"eyes closed","MRAcquisitionType":"2D","MagneticFieldStrength":3,"Manufacturer":"Siemens","ManufacturersModelName":"Prisma_fit","Modality":"MR","PartialFourier":1,"PatientPosition":"HFS","PercentPhaseFOV":100,"PercentSampling":100,"PhaseEncodingDirection":"j-","PhaseEncodingSteps":80,"PhaseResolution":1,"PixelBandwidth":2085,"ProcedureStepDescription":[],"ProtocolName":[],"PulseSequenceDetails":[],"ReceiveCoilActiveElements":"HC1-7","ReceiveCoilName":"HeadNeck_64","ReconMatrixPE":80,"RepetitionTime":4.029,"SAR":0.186515,"ScanOptions":"FS","ScanningSequence":"EP","SequenceName":"epse2d1_80","SequenceVariant":"SK","SeriesDescription":[],"SeriesNumber":15,"ShimSetting":[326,-11567,-6418,457,75,-45,-72,11],"SliceThickness":3,"SliceTiming":[3.925,3.8425,3.76,3.675,3.5925,3.5075,3.425,3.34,3.2575,3.175,3.09,3.0075,2.9225,2.84,2.7575,2.6725,2.59,2.505,2.4225,2.34,2.255,2.1725,2.0875,2.005,1.9225,1.8375,1.755,1.67,1.5875,1.5025,1.42,1.3375,1.2525,1.17,1.085,1.0025,0.92,0.835,0.7525,0.6675,0.585,0.5025,0.4175,0.335,0.25,0.1675,0.085,0],"SoftwareVersions":"syngo_MR_E11","SpacingBetweenSlices":3,"StationName":"MRC35056","TaskName":"rest","TotalReadoutTime":0.0426603,"TxRefAmp":237.268,"WipMemBlock":"c5e60fc2-ee7f-4b64-812a-0b617bfd057c||Sequence: R016 ve11c/master r/34fb20f; Nov 20 2017 15:30:40 by eja","acq_id":"APse","dataset":"MICs","modality":"bold","session_id":"01","subject_id":"sub-HC004","task_id":"rest"},"dummy_trs":0,"dvars_nstd":61.895107270000004,"dvars_std":2.627133654,"dvars_vstd":4.604790116,"efc":0.49397194530853294,"fber":745.555419921875,"fd_mean":0.10385449010218584,"fd_num":0,"fd_perc":0,"fwhm_avg":1.81931,"fwhm_x":1.8801866666666667,"fwhm_y":1.7503633333333333,"fwhm_z":1.82738,"gcor":0.0012685,"gsr_x":-0.029271304607391357,"gsr_y":0.00958208367228508,"provenance":{"md5sum":"d64823a1d845111935e56e44bcceebd9","settings":{"fd_thres":0.2,"hmc_fsl":false,"testing":false},"software":"mriqc","version":"0.15.2","webapi_port":[],"webapi_url":"https://mriqc.nimh.nih.gov/api/v1"},"size_t":6,"size_x":80,"size_y":80,"size_z":48,"snr":2.3731164007854435,"spacing_tr":4.0289998054504395,"spacing_x":3,"spacing_y":3,"spacing_z":3,"summary_bg_k":63.270726961243852,"summary_bg_mad":125.02065377808714,"summary_bg_mean":615.46990966796875,"summary_bg_median":283.22222900390625,"summary_bg_n":201514,"summary_bg_p05":144.41827621459962,"summary_bg_p95":2686.9778442382812,"summary_bg_stdv":1231.248291015625,"summary_fg_k":25.844799275368519,"summary_fg_mad":2118.0449502156112,"summary_fg_mean":8803.4296875,"summary_fg_median":8146.556640625,"summary_fg_n":56015,"summary_fg_p05":4932.566650390625,"summary_fg_p95":14575.262695312487,"summary_fg_stdv":3432.821044921875,"tsnr":70.527236938476562}