{"aor":0.00053365119196988715,"aqi":0.0094328642534504386,"bids_meta":{"AcquisitionMatrixPE":80,"AcquisitionNumber":1,"AcquisitionTime":[],"BandwidthPerPixelPhaseEncode":23.148,"BaseResolution":80,"BodyPartExamined":"BRAIN","ConsistencyInfo":"N4_VE11C_LATEST_20160120","ConversionSoftware":"dcm2niix","ConversionSoftwareVersion":"v1.0.20200427","DerivedVendorReportedEchoSpacing":0.000540003,"DeviceSerialNumber":"167017","DwellTime":2.6E-6,"EchoTime":0.03,"EchoTrainLength":80,"EffectiveEchoSpacing":0.000540003,"FlipAngle":50,"ImageComments":"Unaliased_MB6_PE3_LB","ImageOrientationPatientDICOM":[1,0,0,0,0.75471,-0.656059],"ImageType":["ORIGINAL","PRIMARY","M","MB","ND","NORM","MOSAIC"],"ImagingFrequency":123.25,"InPlanePhaseEncodingDirectionDICOM":"COL","InstitutionAddress":[],"InstitutionName":[],"InstitutionalDepartmentName":[],"Instructions":"eyes closed","MRAcquisitionType":"2D","MagneticFieldStrength":3,"Manufacturer":"Siemens","ManufacturersModelName":"Prisma_fit","Modality":"MR","MultibandAccelerationFactor":6,"PartialFourier":1,"PatientPosition":"HFS","PercentPhaseFOV":100,"PercentSampling":100,"PhaseEncodingDirection":"j-","PhaseEncodingSteps":80,"PhaseResolution":1,"PixelBandwidth":2405,"ProcedureStepDescription":[],"ProtocolName":[],"PulseSequenceDetails":[],"ReceiveCoilActiveElements":"HC1-7","ReceiveCoilName":"HeadNeck_64","ReconMatrixPE":80,"RepetitionTime":0.6,"SAR":0.0558345,"ScanOptions":"FS","ScanningSequence":"EP","SequenceName":"epfid2d1_80","SequenceVariant":"SK_SS","SeriesDescription":[],"SeriesNumber":14,"ShimSetting":[326,-11567,-6418,457,75,-45,-72,11],"SliceThickness":3,"SliceTiming":[0.5075,0.435,0.3625,0.29,0.2175,0.145,0.0725,0,0.5075,0.435,0.3625,0.29,0.2175,0.145,0.0725,0,0.5075,0.435,0.3625,0.29,0.2175,0.145,0.0725,0,0.5075,0.435,0.3625,0.29,0.2175,0.145,0.0725,0,0.5075,0.435,0.3625,0.29,0.2175,0.145,0.0725,0,0.5075,0.435,0.3625,0.29,0.2175,0.145,0.0725,0],"SoftwareVersions":"syngo_MR_E11","SpacingBetweenSlices":3,"StationName":"MRC35056","TaskName":"rest","TotalReadoutTime":0.0426603,"TxRefAmp":237.268,"WipMemBlock":"98705d57-7cfd-4734-9b48-753f44207b15||Sequence: R016 ve11c/master r/34fb20f; Nov 20 2017 15:15:15 by eja","acq_id":"AP","dataset":"MICs","modality":"bold","session_id":"01","subject_id":"sub-HC004","task_id":"rest"},"dummy_trs":3,"dvars_nstd":32.780659246670865,"dvars_std":1.2289394120854265,"dvars_vstd":0.99290906863065542,"efc":0.45265150404988425,"fber":6439.13671875,"fd_mean":0.099800765295982544,"fd_num":19,"fd_perc":2.3839397741530739,"fwhm_avg":2.2828088888888889,"fwhm_x":2.12479,"fwhm_y":2.4762,"fwhm_z":2.2474366666666667,"gcor":0.00798697,"gsr_x":-0.012700821273028851,"gsr_y":0.018309988081455231,"provenance":{"md5sum":"f2f0748a329020580bdf20ac15e85fbe","settings":{"fd_thres":0.2,"hmc_fsl":false,"testing":false},"software":"mriqc","version":"0.15.2","webapi_port":[],"webapi_url":"https://mriqc.nimh.nih.gov/api/v1"},"size_t":797,"size_x":80,"size_y":80,"size_z":48,"snr":3.90361717437656,"spacing_tr":0.60000002384185791,"spacing_x":3,"spacing_y":3,"spacing_z":3,"summary_bg_k":51.139760665775839,"summary_bg_mad":46.730808188255438,"summary_bg_mean":221.45616149902344,"summary_bg_median":71.34002685546875,"summary_bg_n":205318,"summary_bg_p05":29.893162345886232,"summary_bg_p95":1074.9367309570307,"summary_bg_stdv":495.57626342773438,"summary_fg_k":3.3940092476031056,"summary_fg_mad":1148.4513324606633,"summary_fg_mean":5987.98388671875,"summary_fg_median":5937.99853515625,"summary_fg_n":52601,"summary_fg_p05":3613.217041015625,"summary_fg_p95":8306.751953125,"summary_fg_stdv":1521.138427734375,"tsnr":44.97550640150439}