{"aor":0.056343333333333329,"aqi":0.007268116666666667,"bids_meta":{"AcquisitionMatrixPE":80,"AcquisitionNumber":1,"AcquisitionTime":[],"BandwidthPerPixelPhaseEncode":23.148,"BaseResolution":80,"BodyPartExamined":"BRAIN","ConsistencyInfo":"N4_VE11C_LATEST_20160120","ConversionSoftware":"dcm2niix","ConversionSoftwareVersion":"v1.0.20200427","DerivedVendorReportedEchoSpacing":0.000540003,"DeviceSerialNumber":"167017","DwellTime":3E-6,"EchoTime":0.048,"EchoTrainLength":80,"EffectiveEchoSpacing":0.000540003,"FlipAngle":90,"ImageComments":"Unaliased_MB6_PE3_LB","ImageOrientationPatientDICOM":[1,0,0,0,0.819152,-0.573576],"ImageType":["ORIGINAL","PRIMARY","M","ND","NORM","MOSAIC"],"ImagingFrequency":123.25,"InPlanePhaseEncodingDirectionDICOM":"COL","InstitutionAddress":[],"InstitutionName":[],"InstitutionalDepartmentName":[],"Instructions":"eyes closed","MRAcquisitionType":"2D","MagneticFieldStrength":3,"Manufacturer":"Siemens","ManufacturersModelName":"Prisma_fit","Modality":"MR","PartialFourier":1,"PatientPosition":"HFS","PercentPhaseFOV":100,"PercentSampling":100,"PhaseEncodingDirection":"j-","PhaseEncodingSteps":80,"PhaseResolution":1,"PixelBandwidth":2085,"ProcedureStepDescription":[],"ProtocolName":[],"PulseSequenceDetails":[],"ReceiveCoilActiveElements":"HC1-7","ReceiveCoilName":"HeadNeck_64","ReconMatrixPE":80,"RepetitionTime":4.029,"SAR":0.156683,"ScanOptions":"FS","ScanningSequence":"EP","SequenceName":"epse2d1_80","SequenceVariant":"SK","SeriesDescription":[],"SeriesNumber":15,"ShimSetting":[314,-11609,-6441,523,10,-172,-54,54],"SliceThickness":3,"SliceTiming":[3.9275,3.8425,3.76,3.675,3.5925,3.51,3.425,3.3425,3.2575,3.175,3.0925,3.0075,2.925,2.84,2.7575,2.675,2.59,2.5075,2.4225,2.34,2.2575,2.1725,2.09,2.005,1.9225,1.8375,1.755,1.6725,1.5875,1.505,1.42,1.3375,1.255,1.17,1.0875,1.0025,0.92,0.8375,0.7525,0.67,0.585,0.5025,0.42,0.335,0.2525,0.1675,0.085,0],"SoftwareVersions":"syngo_MR_E11","SpacingBetweenSlices":3,"StationName":"MRC35056","TaskName":"rest","TotalReadoutTime":0.0426603,"TxRefAmp":220.38,"WipMemBlock":"c5b44bd6-a1f8-4aa1-85c8-0eaacf1fa273||Sequence: R016 ve11c/master r/34fb20f; Nov 20 2017 15:30:40 by eja","acq_id":"APse","dataset":"MICs","modality":"bold","session_id":"01","subject_id":"sub-HC034","task_id":"rest"},"dummy_trs":0,"dvars_nstd":61.081637572,"dvars_std":2.913681506,"dvars_vstd":4.553528834,"efc":0.49469326359227672,"fber":824.272705078125,"fd_mean":0.24786105373056566,"fd_num":2,"fd_perc":33.333333333333336,"fwhm_avg":1.754728888888889,"fwhm_x":1.80544,"fwhm_y":1.6989266666666667,"fwhm_z":1.7598200000000002,"gcor":0.00243439,"gsr_x":-0.025512238964438438,"gsr_y":0.0076911915093660355,"provenance":{"md5sum":"b61cb5b91c5f3f80234a5a35af6708d9","settings":{"fd_thres":0.2,"hmc_fsl":false,"testing":false},"software":"mriqc","version":"0.15.2","webapi_port":[],"webapi_url":"https://mriqc.nimh.nih.gov/api/v1"},"size_t":6,"size_x":80,"size_y":80,"size_z":48,"snr":2.6322401968959954,"spacing_tr":4.0289998054504395,"spacing_x":3,"spacing_y":3,"spacing_z":3,"summary_bg_k":40.701832248438627,"summary_bg_mad":134.38548481089236,"summary_bg_mean":661.794921875,"summary_bg_median":290.15167236328125,"summary_bg_n":204605,"summary_bg_p05":150.09982910156251,"summary_bg_p95":2932.4606445312488,"summary_bg_stdv":1173.34814453125,"summary_fg_k":22.756100712735019,"summary_fg_mad":2044.65867414361,"summary_fg_mean":9424.62109375,"summary_fg_median":8748.923828125,"summary_fg_n":53566,"summary_fg_p05":5905.83984375,"summary_fg_p95":14999.638427734375,"summary_fg_stdv":3323.724853515625,"tsnr":67.786018371582031}