{"aor":0.044884999999999987,"aqi":0.0072328249999999992,"bids_meta":{"AcquisitionMatrixPE":80,"AcquisitionNumber":1,"AcquisitionTime":[],"BandwidthPerPixelPhaseEncode":23.148,"BaseResolution":80,"BodyPartExamined":"BRAIN","ConsistencyInfo":"N4_VE11C_LATEST_20160120","ConversionSoftware":"dcm2niix","ConversionSoftwareVersion":"v1.0.20200427","DerivedVendorReportedEchoSpacing":0.000540003,"DeviceSerialNumber":"167017","DwellTime":3E-6,"EchoTime":0.048,"EchoTrainLength":80,"EffectiveEchoSpacing":0.000540003,"FlipAngle":90,"ImageComments":"Unaliased_MB6_PE3_LB","ImageOrientationPatientDICOM":[1,0,0,0,0.819152,-0.573576],"ImageType":["ORIGINAL","PRIMARY","M","ND","NORM","MOSAIC"],"ImagingFrequency":123.25,"InPlanePhaseEncodingDirectionDICOM":"COL","InstitutionAddress":[],"InstitutionName":[],"InstitutionalDepartmentName":[],"Instructions":"eyes closed","MRAcquisitionType":"2D","MagneticFieldStrength":3,"Manufacturer":"Siemens","ManufacturersModelName":"Prisma_fit","Modality":"MR","PartialFourier":1,"PatientPosition":"HFS","PercentPhaseFOV":100,"PercentSampling":100,"PhaseEncodingDirection":"j","PhaseEncodingSteps":80,"PhaseResolution":1,"PixelBandwidth":2085,"ProcedureStepDescription":[],"ProtocolName":[],"PulseSequenceDetails":[],"ReceiveCoilActiveElements":"HC1-7","ReceiveCoilName":"HeadNeck_64","ReconMatrixPE":80,"RepetitionTime":4.029,"SAR":0.156683,"ScanOptions":"FS","ScanningSequence":"EP","SequenceName":"epse2d1_80","SequenceVariant":"SK","SeriesDescription":[],"SeriesNumber":16,"ShimSetting":[314,-11609,-6441,523,10,-172,-54,54],"SliceThickness":3,"SliceTiming":[3.925,3.8425,3.7575,3.675,3.59,3.5075,3.4225,3.34,3.2575,3.1725,3.09,3.005,2.9225,2.84,2.755,2.6725,2.5875,2.505,2.4225,2.3375,2.255,2.17,2.0875,2.005,1.92,1.8375,1.7525,1.67,1.5875,1.5025,1.42,1.335,1.2525,1.1675,1.085,1.0025,0.9175,0.835,0.75,0.6675,0.585,0.5,0.4175,0.3325,0.25,0.1675,0.0825,0],"SoftwareVersions":"syngo_MR_E11","SpacingBetweenSlices":3,"StationName":"MRC35056","TaskName":"rest","TotalReadoutTime":0.0426603,"TxRefAmp":220.38,"WipMemBlock":"e295dc2a-cc09-477a-bf62-855777b6eeaa||Sequence: R016 ve11c/master r/34fb20f; Nov 20 2017 15:30:40 by eja","acq_id":"PAse","dataset":"MICs","modality":"bold","session_id":"01","subject_id":"sub-HC034","task_id":"rest"},"dummy_trs":0,"dvars_nstd":59.032563782,"dvars_std":2.782733392,"dvars_vstd":3.7913456440000006,"efc":0.48954074112659929,"fber":842.1082763671875,"fd_mean":0.12120063558526417,"fd_num":0,"fd_perc":0,"fwhm_avg":1.7546255555555554,"fwhm_x":1.84208,"fwhm_y":1.5825033333333334,"fwhm_z":1.8392933333333332,"gcor":0.00367813,"gsr_x":-0.027926692739129066,"gsr_y":0.0075241993181407452,"provenance":{"md5sum":"86a5c72d80c39f79797c9734d4a76094","settings":{"fd_thres":0.2,"hmc_fsl":false,"testing":false},"software":"mriqc","version":"0.15.2","webapi_port":[],"webapi_url":"https://mriqc.nimh.nih.gov/api/v1"},"size_t":6,"size_x":80,"size_y":80,"size_z":48,"snr":2.5648103785838865,"spacing_tr":4.0289998054504395,"spacing_x":3,"spacing_y":3,"spacing_z":3,"summary_bg_k":442.99620730732931,"summary_bg_mad":130.67577815052437,"summary_bg_mean":670.1873779296875,"summary_bg_median":287.06356811523438,"summary_bg_n":204858,"summary_bg_p05":148.16821899414063,"summary_bg_p95":2863.7977050781242,"summary_bg_stdv":1344.6649169921875,"summary_fg_k":13.419902561551748,"summary_fg_mad":2183.0593740630484,"summary_fg_mean":9469.28515625,"summary_fg_median":8795.34375,"summary_fg_n":53000,"summary_fg_p05":5894.1342041015623,"summary_fg_p95":15260.18144531249,"summary_fg_stdv":3429.205078125,"tsnr":75.434188842773438}