{"aor":0.00063617478510028642,"aqi":0.0073996695415472777,"bids_meta":{"AcquisitionMatrixPE":80,"AcquisitionNumber":1,"AcquisitionTime":[],"BandwidthPerPixelPhaseEncode":23.148,"BaseResolution":80,"BodyPartExamined":"BRAIN","ConsistencyInfo":"N4_VE11C_LATEST_20160120","ConversionSoftware":"dcm2niix","ConversionSoftwareVersion":"v1.0.20200427","DerivedVendorReportedEchoSpacing":0.000540003,"DeviceSerialNumber":"167017","DwellTime":2.6E-6,"EchoTime":0.03,"EchoTrainLength":80,"EffectiveEchoSpacing":0.000540003,"FlipAngle":50,"ImageComments":"Unaliased_MB6_PE3_LB","ImageOrientationPatientDICOM":[1,0,0,0,0.819152,-0.573576],"ImageType":["ORIGINAL","PRIMARY","M","MB","ND","NORM","MOSAIC"],"ImagingFrequency":123.25,"InPlanePhaseEncodingDirectionDICOM":"COL","InstitutionAddress":[],"InstitutionName":[],"InstitutionalDepartmentName":[],"Instructions":"eyes closed","MRAcquisitionType":"2D","MagneticFieldStrength":3,"Manufacturer":"Siemens","ManufacturersModelName":"Prisma_fit","Modality":"MR","MultibandAccelerationFactor":6,"PartialFourier":1,"PatientPosition":"HFS","PercentPhaseFOV":100,"PercentSampling":100,"PhaseEncodingDirection":"j-","PhaseEncodingSteps":80,"PhaseResolution":1,"PixelBandwidth":2405,"ProcedureStepDescription":[],"ProtocolName":[],"PulseSequenceDetails":[],"ReceiveCoilActiveElements":"HC1-7","ReceiveCoilName":"HeadNeck_64","ReconMatrixPE":80,"RepetitionTime":0.6,"SAR":0.0469103,"ScanOptions":"FS","ScanningSequence":"EP","SequenceName":"epfid2d1_80","SequenceVariant":"SK_SS","SeriesDescription":[],"SeriesNumber":14,"ShimSetting":[314,-11609,-6441,523,10,-172,-54,54],"SliceThickness":3,"SliceTiming":[0.5075,0.435,0.3625,0.29,0.2175,0.145,0.0725,0,0.5075,0.435,0.3625,0.29,0.2175,0.145,0.0725,0,0.5075,0.435,0.3625,0.29,0.2175,0.145,0.0725,0,0.5075,0.435,0.3625,0.29,0.2175,0.145,0.0725,0,0.5075,0.435,0.3625,0.29,0.2175,0.145,0.0725,0,0.5075,0.435,0.3625,0.29,0.2175,0.145,0.0725,0],"SoftwareVersions":"syngo_MR_E11","SpacingBetweenSlices":3,"StationName":"MRC35056","TaskName":"rest","TotalReadoutTime":0.0426603,"TxRefAmp":220.38,"WipMemBlock":"08246a74-ff80-4c79-a4e3-28c602ee008a||Sequence: R016 ve11c/master r/34fb20f; Nov 20 2017 15:15:15 by eja","acq_id":"AP","dataset":"MICs","modality":"bold","session_id":"01","subject_id":"sub-HC034","task_id":"rest"},"dummy_trs":2,"dvars_nstd":33.1095982828264,"dvars_std":1.2540457338020088,"dvars_vstd":1.0109400861262543,"efc":0.44093390798330084,"fber":7188.89306640625,"fd_mean":0.090684727353417,"fd_num":18,"fd_perc":2.5787965616045847,"fwhm_avg":2.2884711111111113,"fwhm_x":2.15743,"fwhm_y":2.4469866666666666,"fwhm_z":2.2609966666666668,"gcor":0.0133523,"gsr_x":-0.011419934220612049,"gsr_y":0.021078668534755707,"provenance":{"md5sum":"7c453b62ad4181bb52e0f9afd6544138","settings":{"fd_thres":0.2,"hmc_fsl":false,"testing":false},"software":"mriqc","version":"0.15.2","webapi_port":[],"webapi_url":"https://mriqc.nimh.nih.gov/api/v1"},"size_t":698,"size_x":80,"size_y":80,"size_z":48,"snr":4.4780639937797426,"spacing_tr":0.60000002384185791,"spacing_x":3,"spacing_y":3,"spacing_z":3,"summary_bg_k":53.406921727413007,"summary_bg_mad":50.826916468231431,"summary_bg_mean":217.26126098632812,"summary_bg_median":73.067337036132812,"summary_bg_n":208635,"summary_bg_p05":29.78180637359619,"summary_bg_p95":951.51350708007715,"summary_bg_stdv":458.35330200195312,"summary_fg_k":3.6110535834911675,"summary_fg_mad":1113.7155116845672,"summary_fg_mean":6478.73974609375,"summary_fg_median":6416.16015625,"summary_fg_n":49978,"summary_fg_p05":4512.98623046875,"summary_fg_p95":8700.1845214843743,"summary_fg_stdv":1432.783447265625,"tsnr":51.508742191828787}