{"aor":0.042026666666666664,"aqi":0.0057428066666666659,"bids_meta":{"AcquisitionMatrixPE":80,"AcquisitionNumber":1,"AcquisitionTime":[],"BandwidthPerPixelPhaseEncode":23.148,"BaseResolution":80,"BodyPartExamined":"BRAIN","ConsistencyInfo":"N4_VE11C_LATEST_20160120","ConversionSoftware":"dcm2niix","ConversionSoftwareVersion":"v1.0.20200427","DerivedVendorReportedEchoSpacing":0.000540003,"DeviceSerialNumber":"167017","DwellTime":3E-6,"EchoTime":0.048,"EchoTrainLength":80,"EffectiveEchoSpacing":0.000540003,"FlipAngle":90,"ImageComments":"Unaliased_MB6_PE3_LB","ImageOrientationPatientDICOM":[1,0,0,0,0.71934,-0.694658],"ImageType":["ORIGINAL","PRIMARY","M","ND","NORM","MOSAIC"],"ImagingFrequency":123.25,"InPlanePhaseEncodingDirectionDICOM":"COL","InstitutionAddress":[],"InstitutionName":[],"InstitutionalDepartmentName":[],"Instructions":"eyes closed","MRAcquisitionType":"2D","MagneticFieldStrength":3,"Manufacturer":"Siemens","ManufacturersModelName":"Prisma_fit","Modality":"MR","PartialFourier":1,"PatientPosition":"HFS","PercentPhaseFOV":100,"PercentSampling":100,"PhaseEncodingDirection":"j-","PhaseEncodingSteps":80,"PhaseResolution":1,"PixelBandwidth":2085,"ProcedureStepDescription":[],"ProtocolName":[],"PulseSequenceDetails":[],"ReceiveCoilActiveElements":"HC1-7","ReceiveCoilName":"HeadNeck_64","ReconMatrixPE":80,"RepetitionTime":4.029,"SAR":0.166527,"ScanOptions":"FS","ScanningSequence":"EP","SequenceName":"epse2d1_80","SequenceVariant":"SK","SeriesDescription":[],"SeriesNumber":16,"ShimSetting":[311,-11551,-6419,390,-16,-224,26,10],"SliceThickness":3,"SliceTiming":[3.925,3.8425,3.7575,3.675,3.5925,3.5075,3.425,3.34,3.2575,3.175,3.09,3.0075,2.9225,2.84,2.7575,2.6725,2.59,2.505,2.4225,2.34,2.255,2.1725,2.0875,2.005,1.9225,1.8375,1.755,1.67,1.5875,1.5025,1.42,1.3375,1.2525,1.17,1.085,1.0025,0.92,0.835,0.7525,0.6675,0.585,0.5025,0.4175,0.335,0.25,0.1675,0.085,0],"SoftwareVersions":"syngo_MR_E11","SpacingBetweenSlices":3,"StationName":"MRC35056","TaskName":"rest","TotalReadoutTime":0.0426603,"TxRefAmp":235.596,"WipMemBlock":"ea35908c-b289-472b-9a4e-48a18da369aa||Sequence: R016 ve11c/master r/34fb20f; Nov 20 2017 15:30:40 by eja","acq_id":"APse","dataset":"MICs","modality":"bold","session_id":"01","subject_id":"sub-HC018","task_id":"rest"},"dummy_trs":0,"dvars_nstd":60.159140776,"dvars_std":2.40778947,"dvars_vstd":15.836516476,"efc":0.52039702979128588,"fber":778.94818115234375,"fd_mean":0.31155951928262554,"fd_num":5,"fd_perc":83.333333333333329,"fwhm_avg":1.7829177777777778,"fwhm_x":1.8320966666666667,"fwhm_y":1.7015766666666667,"fwhm_z":1.81508,"gcor":0.00451962,"gsr_x":-0.030080564320087433,"gsr_y":0.020592896267771721,"provenance":{"md5sum":"76075d68130add179ca240181ea4db94","settings":{"fd_thres":0.2,"hmc_fsl":false,"testing":false},"software":"mriqc","version":"0.15.2","webapi_port":[],"webapi_url":"https://mriqc.nimh.nih.gov/api/v1"},"size_t":6,"size_x":80,"size_y":80,"size_z":48,"snr":2.5925542114301039,"spacing_tr":4.0289998054504395,"spacing_x":3,"spacing_y":3,"spacing_z":3,"summary_bg_k":64.220632320872255,"summary_bg_mad":147.45227422434394,"summary_bg_mean":694.83587646484375,"summary_bg_median":288.62921142578125,"summary_bg_n":194726,"summary_bg_p05":140.87414169311523,"summary_bg_p95":3253.213134765625,"summary_bg_stdv":1216.764404296875,"summary_fg_k":21.898777874669353,"summary_fg_mad":2245.3648635835088,"summary_fg_mean":9136.99609375,"summary_fg_median":8533.6591796875,"summary_fg_n":61946,"summary_fg_p05":5576.05029296875,"summary_fg_p95":14756.847900390625,"summary_fg_stdv":3291.576416015625,"tsnr":59.411224365234375}