{"aor":0.00091860431654676271,"aqi":0.0085184273237410065,"bids_meta":{"AcquisitionMatrixPE":80,"AcquisitionNumber":1,"AcquisitionTime":[],"BandwidthPerPixelPhaseEncode":23.148,"BaseResolution":80,"BodyPartExamined":"BRAIN","ConsistencyInfo":"N4_VE11C_LATEST_20160120","ConversionSoftware":"dcm2niix","ConversionSoftwareVersion":"v1.0.20200427","DerivedVendorReportedEchoSpacing":0.000540003,"DeviceSerialNumber":"167017","DwellTime":2.6E-6,"EchoTime":0.03,"EchoTrainLength":80,"EffectiveEchoSpacing":0.000540003,"FlipAngle":50,"ImageComments":"Unaliased_MB6_PE3_LB","ImageOrientationPatientDICOM":[1,0,0,0,0.71934,-0.694658],"ImageType":["ORIGINAL","PRIMARY","M","MB","ND","NORM","MOSAIC"],"ImagingFrequency":123.25,"InPlanePhaseEncodingDirectionDICOM":"COL","InstitutionAddress":[],"InstitutionName":[],"InstitutionalDepartmentName":[],"Instructions":"eyes closed","MRAcquisitionType":"2D","MagneticFieldStrength":3,"Manufacturer":"Siemens","ManufacturersModelName":"Prisma_fit","Modality":"MR","MultibandAccelerationFactor":6,"PartialFourier":1,"PatientPosition":"HFS","PercentPhaseFOV":100,"PercentSampling":100,"PhaseEncodingDirection":"j-","PhaseEncodingSteps":80,"PhaseResolution":1,"PixelBandwidth":2405,"ProcedureStepDescription":[],"ProtocolName":[],"PulseSequenceDetails":[],"ReceiveCoilActiveElements":"HC1-7","ReceiveCoilName":"HeadNeck_64","ReconMatrixPE":80,"RepetitionTime":0.6,"SAR":0.0493965,"ScanOptions":"FS","ScanningSequence":"EP","SequenceName":"epfid2d1_80","SequenceVariant":"SK_SS","SeriesDescription":[],"SeriesNumber":15,"ShimSetting":[311,-11551,-6419,390,-16,-224,26,10],"SliceThickness":3,"SliceTiming":[0.5075,0.435,0.3625,0.29,0.2175,0.145,0.0725,0,0.5075,0.435,0.3625,0.29,0.2175,0.145,0.0725,0,0.5075,0.435,0.3625,0.29,0.2175,0.145,0.0725,0,0.5075,0.435,0.3625,0.29,0.2175,0.145,0.0725,0,0.5075,0.435,0.3625,0.29,0.2175,0.145,0.0725,0,0.5075,0.435,0.3625,0.29,0.2175,0.145,0.0725,0],"SoftwareVersions":"syngo_MR_E11","SpacingBetweenSlices":3,"StationName":"MRC35056","TaskName":"rest","TotalReadoutTime":0.0426603,"TxRefAmp":235.596,"WipMemBlock":"e506b6fa-c563-49ab-bd30-a97afd8dd972||Sequence: R016 ve11c/master r/34fb20f; Nov 20 2017 15:15:15 by eja","acq_id":"AP","dataset":"MICs","modality":"bold","session_id":"01","subject_id":"sub-HC018","task_id":"rest"},"dummy_trs":5,"dvars_nstd":33.716208570533126,"dvars_std":1.2529340372334288,"dvars_vstd":1.0445437408645528,"efc":0.47946874499553571,"fber":5352.50732421875,"fd_mean":0.099841912723420079,"fd_num":53,"fd_perc":7.6258992805755392,"fwhm_avg":2.2437622222222218,"fwhm_x":2.1274033333333331,"fwhm_y":2.3599233333333332,"fwhm_z":2.24396,"gcor":0.00984908,"gsr_x":-0.0156874842941761,"gsr_y":0.022464919835329056,"provenance":{"md5sum":"6aff4b903e380bc763de512edb224dab","settings":{"fd_thres":0.2,"hmc_fsl":false,"testing":false},"software":"mriqc","version":"0.15.2","webapi_port":[],"webapi_url":"https://mriqc.nimh.nih.gov/api/v1"},"size_t":695,"size_x":80,"size_y":80,"size_z":48,"snr":4.1456865773242395,"spacing_tr":0.60000002384185791,"spacing_x":3,"spacing_y":3,"spacing_z":3,"summary_bg_k":35.667552498438781,"summary_bg_mad":61.05761493209193,"summary_bg_mean":258.69223022460938,"summary_bg_median":80.664749145507812,"summary_bg_n":198343,"summary_bg_p05":28.733956336975098,"summary_bg_p95":1221.2712036132809,"summary_bg_stdv":519.63623046875,"summary_fg_k":3.0142468010652355,"summary_fg_mad":1221.5172708951216,"summary_fg_mean":6221.70703125,"summary_fg_median":6160.9091796875,"summary_fg_n":58637,"summary_fg_p05":4125.498828125,"summary_fg_p95":8522.6544921875,"summary_fg_stdv":1486.08837890625,"tsnr":45.300594022963196}