{"aor":0.04268333333333333,"aqi":0.0053556950000000006,"bids_meta":{"AcquisitionMatrixPE":80,"AcquisitionNumber":1,"AcquisitionTime":[],"BandwidthPerPixelPhaseEncode":23.148,"BaseResolution":80,"BodyPartExamined":"BRAIN","ConsistencyInfo":"N4_VE11C_LATEST_20160120","ConversionSoftware":"dcm2niix","ConversionSoftwareVersion":"v1.0.20200427","DerivedVendorReportedEchoSpacing":0.000540003,"DeviceSerialNumber":"167017","DwellTime":3E-6,"EchoTime":0.048,"EchoTrainLength":80,"EffectiveEchoSpacing":0.000540003,"FlipAngle":90,"ImageComments":"Unaliased_MB6_PE3_LB","ImageOrientationPatientDICOM":[1,0,0,0,0.71934,-0.694658],"ImageType":["ORIGINAL","PRIMARY","M","ND","NORM","MOSAIC"],"ImagingFrequency":123.25,"InPlanePhaseEncodingDirectionDICOM":"COL","InstitutionAddress":[],"InstitutionName":[],"InstitutionalDepartmentName":[],"Instructions":"eyes closed","MRAcquisitionType":"2D","MagneticFieldStrength":3,"Manufacturer":"Siemens","ManufacturersModelName":"Prisma_fit","Modality":"MR","PartialFourier":1,"PatientPosition":"HFS","PercentPhaseFOV":100,"PercentSampling":100,"PhaseEncodingDirection":"j","PhaseEncodingSteps":80,"PhaseResolution":1,"PixelBandwidth":2085,"ProcedureStepDescription":[],"ProtocolName":[],"PulseSequenceDetails":[],"ReceiveCoilActiveElements":"HC1-7","ReceiveCoilName":"HeadNeck_64","ReconMatrixPE":80,"RepetitionTime":4.029,"SAR":0.166527,"ScanOptions":"FS","ScanningSequence":"EP","SequenceName":"epse2d1_80","SequenceVariant":"SK","SeriesDescription":[],"SeriesNumber":17,"ShimSetting":[311,-11551,-6419,390,-16,-224,26,10],"SliceThickness":3,"SliceTiming":[3.925,3.8425,3.7575,3.675,3.5925,3.5075,3.425,3.34,3.2575,3.175,3.09,3.0075,2.9225,2.84,2.7575,2.6725,2.59,2.505,2.4225,2.34,2.255,2.1725,2.0875,2.005,1.92,1.8375,1.755,1.67,1.5875,1.5025,1.42,1.3375,1.2525,1.17,1.085,1.0025,0.92,0.835,0.7525,0.6675,0.585,0.5025,0.4175,0.335,0.25,0.1675,0.0825,0],"SoftwareVersions":"syngo_MR_E11","SpacingBetweenSlices":3,"StationName":"MRC35056","TaskName":"rest","TotalReadoutTime":0.0426603,"TxRefAmp":235.596,"WipMemBlock":"2952f141-1db3-4315-90c7-d6abfb35ef40||Sequence: R016 ve11c/master r/34fb20f; Nov 20 2017 15:30:40 by eja","acq_id":"PAse","dataset":"MICs","modality":"bold","session_id":"01","subject_id":"sub-HC018","task_id":"rest"},"dummy_trs":0,"dvars_nstd":61.240545654,"dvars_std":2.415067366,"dvars_vstd":4.123236798,"efc":0.51903638735667568,"fber":787.28680419921875,"fd_mean":0.19741478414486976,"fd_num":3,"fd_perc":50,"fwhm_avg":1.7831933333333332,"fwhm_x":1.8182633333333333,"fwhm_y":1.6674266666666666,"fwhm_z":1.8638899999999998,"gcor":0.00439261,"gsr_x":-0.028674144297838211,"gsr_y":0.015242327004671097,"provenance":{"md5sum":"d038ad80ba5597171785850138772173","settings":{"fd_thres":0.2,"hmc_fsl":false,"testing":false},"software":"mriqc","version":"0.15.2","webapi_port":[],"webapi_url":"https://mriqc.nimh.nih.gov/api/v1"},"size_t":6,"size_x":80,"size_y":80,"size_z":48,"snr":2.5189192317213984,"spacing_tr":4.0289998054504395,"spacing_x":3,"spacing_y":3,"spacing_z":3,"summary_bg_k":146.71041610913375,"summary_bg_mad":138.51064631198523,"summary_bg_mean":683.10894775390625,"summary_bg_median":285.57693481445312,"summary_bg_n":194176,"summary_bg_p05":139.19186782836914,"summary_bg_p95":3064.3068237304688,"summary_bg_stdv":1212.9752197265625,"summary_fg_k":8.8692884315267158,"summary_fg_mad":2553.5376340956968,"summary_fg_mean":9057.4775390625,"summary_fg_median":8554.951171875,"summary_fg_n":62303,"summary_fg_p05":5143.9015136718754,"summary_fg_p95":14847.233691406242,"summary_fg_stdv":3396.251220703125,"tsnr":64.744461059570312}