{"aor":0.04497166666666666,"aqi":0.0050569483333333335,"bids_meta":{"AcquisitionMatrixPE":80,"AcquisitionNumber":1,"AcquisitionTime":[],"BandwidthPerPixelPhaseEncode":23.148,"BaseResolution":80,"BodyPartExamined":"BRAIN","ConsistencyInfo":"N4_VE11C_LATEST_20160120","ConversionSoftware":"dcm2niix","ConversionSoftwareVersion":"v1.0.20200427","DerivedVendorReportedEchoSpacing":0.000540003,"DeviceSerialNumber":"167017","DwellTime":3E-6,"EchoTime":0.048,"EchoTrainLength":80,"EffectiveEchoSpacing":0.000540003,"FlipAngle":90,"ImageComments":"Unaliased_MB6_PE3_LB","ImageOrientationPatientDICOM":[1,0,0,0,0.731354,-0.681998],"ImageType":["ORIGINAL","PRIMARY","M","ND","NORM","MOSAIC"],"ImagingFrequency":123.25,"InPlanePhaseEncodingDirectionDICOM":"COL","InstitutionAddress":[],"InstitutionName":[],"InstitutionalDepartmentName":[],"Instructions":"eyes closed","MRAcquisitionType":"2D","MagneticFieldStrength":3,"Manufacturer":"Siemens","ManufacturersModelName":"Prisma_fit","Modality":"MR","PartialFourier":1,"PatientPosition":"HFS","PercentPhaseFOV":100,"PercentSampling":100,"PhaseEncodingDirection":"j","PhaseEncodingSteps":80,"PhaseResolution":1,"PixelBandwidth":2085,"ProcedureStepDescription":[],"ProtocolName":[],"PulseSequenceDetails":[],"ReceiveCoilActiveElements":"HC1-7","ReceiveCoilName":"HeadNeck_64","ReconMatrixPE":80,"RepetitionTime":4.029,"SAR":0.174767,"ScanOptions":"FS","ScanningSequence":"EP","SequenceName":"epse2d1_80","SequenceVariant":"SK","SeriesDescription":[],"SeriesNumber":16,"ShimSetting":[348,-11578,-6452,507,59,-169,-130,53],"SliceThickness":3,"SliceTiming":[3.925,3.8425,3.7575,3.675,3.59,3.5075,3.425,3.34,3.2575,3.1725,3.09,3.0075,2.9225,2.84,2.755,2.6725,2.59,2.505,2.4225,2.3375,2.255,2.1725,2.0875,2.005,1.92,1.8375,1.755,1.67,1.5875,1.5025,1.42,1.335,1.2525,1.17,1.085,1.0025,0.9175,0.835,0.7525,0.6675,0.585,0.5,0.4175,0.335,0.25,0.1675,0.0825,0],"SoftwareVersions":"syngo_MR_E11","SpacingBetweenSlices":3,"StationName":"MRC35056","TaskName":"rest","TotalReadoutTime":0.0426603,"TxRefAmp":222.82,"WipMemBlock":"13f7fb8a-b145-4922-9feb-f140ec10c266||Sequence: R016 ve11c/master r/34fb20f; Nov 20 2017 15:30:40 by eja","acq_id":"PAse","dataset":"MICs","modality":"bold","session_id":"01","subject_id":"sub-HC009","task_id":"rest"},"dummy_trs":0,"dvars_nstd":69.687438202,"dvars_std":3.0672260280000003,"dvars_vstd":4.808142948,"efc":0.48563524762654936,"fber":784.6826171875,"fd_mean":0.06207509190774245,"fd_num":0,"fd_perc":0,"fwhm_avg":1.8574044444444446,"fwhm_x":2.0356033333333334,"fwhm_y":1.63609,"fwhm_z":1.90052,"gcor":0.00410606,"gsr_x":-0.038703497499227524,"gsr_y":0.0081201381981372833,"provenance":{"md5sum":"e133459eb969766c2345dbf97f2058ae","settings":{"fd_thres":0.2,"hmc_fsl":false,"testing":false},"software":"mriqc","version":"0.15.2","webapi_port":[],"webapi_url":"https://mriqc.nimh.nih.gov/api/v1"},"size_t":6,"size_x":80,"size_y":80,"size_z":48,"snr":2.1113712210578655,"spacing_tr":4.0289998054504395,"spacing_x":3,"spacing_y":3,"spacing_z":3,"summary_bg_k":237.11804287491779,"summary_bg_mad":160.15081109090775,"summary_bg_mean":726.1336669921875,"summary_bg_median":291.30160522460938,"summary_bg_n":205813,"summary_bg_p05":136.61886596679688,"summary_bg_p95":3277.8360351562487,"summary_bg_stdv":1435.0576171875,"summary_fg_k":17.650352036298081,"summary_fg_mad":2301.9006559938671,"summary_fg_mean":9157.669921875,"summary_fg_median":8599.310546875,"summary_fg_n":51680,"summary_fg_p05":2454.3216674804689,"summary_fg_p95":15522.264941406249,"summary_fg_stdv":4072.81640625,"tsnr":73.268463134765625}