{"aor":0.00044952789699570815,"aqi":0.0060073484549356213,"bids_meta":{"AcquisitionMatrixPE":80,"AcquisitionNumber":1,"AcquisitionTime":[],"BandwidthPerPixelPhaseEncode":23.148,"BaseResolution":80,"BodyPartExamined":"BRAIN","ConsistencyInfo":"N4_VE11C_LATEST_20160120","ConversionSoftware":"dcm2niix","ConversionSoftwareVersion":"v1.0.20200427","DerivedVendorReportedEchoSpacing":0.000540003,"DeviceSerialNumber":"167017","DwellTime":2.6E-6,"EchoTime":0.03,"EchoTrainLength":80,"EffectiveEchoSpacing":0.000540003,"FlipAngle":50,"ImageComments":"Unaliased_MB6_PE3_LB","ImageOrientationPatientDICOM":[1,0,0,0,0.731354,-0.681998],"ImageType":["ORIGINAL","PRIMARY","M","MB","ND","NORM","MOSAIC"],"ImagingFrequency":123.25,"InPlanePhaseEncodingDirectionDICOM":"COL","InstitutionAddress":[],"InstitutionName":[],"InstitutionalDepartmentName":[],"Instructions":"eyes closed","MRAcquisitionType":"2D","MagneticFieldStrength":3,"Manufacturer":"Siemens","ManufacturersModelName":"Prisma_fit","Modality":"MR","MultibandAccelerationFactor":6,"PartialFourier":1,"PatientPosition":"HFS","PercentPhaseFOV":100,"PercentSampling":100,"PhaseEncodingDirection":"j-","PhaseEncodingSteps":80,"PhaseResolution":1,"PixelBandwidth":2405,"ProcedureStepDescription":[],"ProtocolName":[],"PulseSequenceDetails":[],"ReceiveCoilActiveElements":"HC1-7","ReceiveCoilName":"HeadNeck_64","ReconMatrixPE":80,"RepetitionTime":0.6,"SAR":0.0528,"ScanOptions":"FS","ScanningSequence":"EP","SequenceName":"epfid2d1_80","SequenceVariant":"SK_SS","SeriesDescription":[],"SeriesNumber":14,"ShimSetting":[348,-11578,-6452,507,59,-169,-130,53],"SliceThickness":3,"SliceTiming":[0.5075,0.435,0.3625,0.29,0.2175,0.145,0.0725,0,0.5075,0.435,0.3625,0.29,0.2175,0.145,0.0725,0,0.5075,0.435,0.3625,0.29,0.2175,0.145,0.0725,0,0.5075,0.435,0.3625,0.29,0.2175,0.145,0.0725,0,0.5075,0.435,0.3625,0.29,0.2175,0.145,0.0725,0,0.5075,0.435,0.3625,0.29,0.2175,0.145,0.0725,0],"SoftwareVersions":"syngo_MR_E11","SpacingBetweenSlices":3,"StationName":"MRC35056","TaskName":"rest","TotalReadoutTime":0.0426603,"TxRefAmp":222.82,"WipMemBlock":"bc13ef58-aff8-451b-9bac-629666fc452c||Sequence: R016 ve11c/master r/34fb20f; Nov 20 2017 15:15:15 by eja","acq_id":"AP","dataset":"MICs","modality":"bold","session_id":"01","subject_id":"sub-HC009","task_id":"rest"},"dummy_trs":1,"dvars_nstd":32.556402900644677,"dvars_std":1.2652310769914046,"dvars_vstd":1.0126327299283675,"efc":0.44006024515845416,"fber":6203.62109375,"fd_mean":0.078715500645374747,"fd_num":5,"fd_perc":0.71530758226037194,"fwhm_avg":2.398468888888889,"fwhm_x":2.3266466666666665,"fwhm_y":2.4825533333333332,"fwhm_z":2.3862066666666668,"gcor":0.0117735,"gsr_x":-0.015853080898523331,"gsr_y":0.012931514531373978,"provenance":{"md5sum":"91ba85daa8efa3f346b6554bd1506644","settings":{"fd_thres":0.2,"hmc_fsl":false,"testing":false},"software":"mriqc","version":"0.15.2","webapi_port":[],"webapi_url":"https://mriqc.nimh.nih.gov/api/v1"},"size_t":699,"size_x":80,"size_y":80,"size_z":48,"snr":4.1451390287204344,"spacing_tr":0.60000002384185791,"spacing_x":3,"spacing_y":3,"spacing_z":3,"summary_bg_k":63.189092665712209,"summary_bg_mad":60.504591364396639,"summary_bg_mean":260.66561889648438,"summary_bg_median":79.565093994140625,"summary_bg_n":212646,"summary_bg_p05":28.02861213684082,"summary_bg_p95":1246.76611328125,"summary_bg_stdv":588.60491943359375,"summary_fg_k":2.911118617963945,"summary_fg_mad":1153.6531089455618,"summary_fg_mean":6441.09521484375,"summary_fg_median":6491.02880859375,"summary_fg_n":46710,"summary_fg_p05":3584.1076538085945,"summary_fg_p95":8683.83701171875,"summary_fg_stdv":1565.9207763671875,"tsnr":54.753047925420105}