{"aor":0.047943333333333331,"aqi":0.004681785,"bids_meta":{"AcquisitionMatrixPE":80,"AcquisitionNumber":1,"AcquisitionTime":[],"BandwidthPerPixelPhaseEncode":23.148,"BaseResolution":80,"BodyPartExamined":"BRAIN","ConsistencyInfo":"N4_VE11C_LATEST_20160120","ConversionSoftware":"dcm2niix","ConversionSoftwareVersion":"v1.0.20200427","DerivedVendorReportedEchoSpacing":0.000540003,"DeviceSerialNumber":"167017","DwellTime":3E-6,"EchoTime":0.048,"EchoTrainLength":80,"EffectiveEchoSpacing":0.000540003,"FlipAngle":90,"ImageComments":"Unaliased_MB6_PE3_LB","ImageOrientationPatientDICOM":[1,0,0,0,0.731354,-0.681998],"ImageType":["ORIGINAL","PRIMARY","M","ND","NORM","MOSAIC"],"ImagingFrequency":123.25,"InPlanePhaseEncodingDirectionDICOM":"COL","InstitutionAddress":[],"InstitutionName":[],"InstitutionalDepartmentName":[],"Instructions":"eyes closed","MRAcquisitionType":"2D","MagneticFieldStrength":3,"Manufacturer":"Siemens","ManufacturersModelName":"Prisma_fit","Modality":"MR","PartialFourier":1,"PatientPosition":"HFS","PercentPhaseFOV":100,"PercentSampling":100,"PhaseEncodingDirection":"j-","PhaseEncodingSteps":80,"PhaseResolution":1,"PixelBandwidth":2085,"ProcedureStepDescription":[],"ProtocolName":[],"PulseSequenceDetails":[],"ReceiveCoilActiveElements":"HC1-7","ReceiveCoilName":"HeadNeck_64","ReconMatrixPE":80,"RepetitionTime":4.029,"SAR":0.174767,"ScanOptions":"FS","ScanningSequence":"EP","SequenceName":"epse2d1_80","SequenceVariant":"SK","SeriesDescription":[],"SeriesNumber":15,"ShimSetting":[348,-11578,-6452,507,59,-169,-130,53],"SliceThickness":3,"SliceTiming":[3.925,3.8425,3.7575,3.675,3.59,3.5075,3.4225,3.34,3.2575,3.1725,3.09,3.005,2.9225,2.84,2.755,2.6725,2.5875,2.505,2.4225,2.3375,2.255,2.17,2.0875,2.005,1.92,1.8375,1.7525,1.67,1.585,1.5025,1.42,1.335,1.2525,1.1675,1.085,1.0025,0.9175,0.835,0.75,0.6675,0.585,0.5,0.4175,0.3325,0.25,0.1675,0.0825,0],"SoftwareVersions":"syngo_MR_E11","SpacingBetweenSlices":3,"StationName":"MRC35056","TaskName":"rest","TotalReadoutTime":0.0426603,"TxRefAmp":222.82,"WipMemBlock":"ccbd1d43-7284-40ce-8028-4c61955b6573||Sequence: R016 ve11c/master r/34fb20f; Nov 20 2017 15:30:40 by eja","acq_id":"APse","dataset":"MICs","modality":"bold","session_id":"01","subject_id":"sub-HC009","task_id":"rest"},"dummy_trs":0,"dvars_nstd":55.103488160000005,"dvars_std":2.6929462899999996,"dvars_vstd":4.9037358300000005,"efc":0.48712257657428726,"fber":799.89227294921875,"fd_mean":0.160699946471233,"fd_num":1,"fd_perc":16.666666666666668,"fwhm_avg":1.82133,"fwhm_x":1.92412,"fwhm_y":1.6542899999999998,"fwhm_z":1.88558,"gcor":0.00535206,"gsr_x":-0.033640336245298386,"gsr_y":0.014850825071334839,"provenance":{"md5sum":"88fc3605e4922a5da7a3be51d9770846","settings":{"fd_thres":0.2,"hmc_fsl":false,"testing":false},"software":"mriqc","version":"0.15.2","webapi_port":[],"webapi_url":"https://mriqc.nimh.nih.gov/api/v1"},"size_t":6,"size_x":80,"size_y":80,"size_z":48,"snr":2.3742399944557322,"spacing_tr":4.0289998054504395,"spacing_x":3,"spacing_y":3,"spacing_z":3,"summary_bg_k":80.976632694349092,"summary_bg_mad":171.83936817927224,"summary_bg_mean":738.766357421875,"summary_bg_median":299.31231689453125,"summary_bg_n":207954,"summary_bg_p05":137.3745002746582,"summary_bg_p95":3482.5155883789021,"summary_bg_stdv":1465.9105224609375,"summary_fg_k":29.210161407536397,"summary_fg_mad":2213.7987565836465,"summary_fg_mean":9519.796875,"summary_fg_median":8937.64453125,"summary_fg_n":50343,"summary_fg_p05":4872.6411621093757,"summary_fg_p95":15436.512109374997,"summary_fg_stdv":3764.385986328125,"tsnr":69.476425170898438}