{"aor":0.042891666666666668,"aqi":0.007002601666666667,"bids_meta":{"AcquisitionMatrixPE":80,"AcquisitionNumber":1,"AcquisitionTime":[],"BandwidthPerPixelPhaseEncode":23.148,"BaseResolution":80,"BodyPartExamined":"BRAIN","ConsistencyInfo":"N4_VE11C_LATEST_20160120","ConversionSoftware":"dcm2niix","ConversionSoftwareVersion":"v1.0.20200427","DerivedVendorReportedEchoSpacing":0.000540003,"DeviceSerialNumber":"167017","DwellTime":3E-6,"EchoTime":0.048,"EchoTrainLength":80,"EffectiveEchoSpacing":0.000540003,"FlipAngle":90,"ImageComments":"Unaliased_MB6_PE3_LB","ImageOrientationPatientDICOM":[1,0,0,0,0.798635,-0.601815],"ImageType":["ORIGINAL","PRIMARY","M","ND","NORM","MOSAIC"],"ImagingFrequency":123.25,"InPlanePhaseEncodingDirectionDICOM":"COL","InstitutionAddress":[],"InstitutionName":[],"InstitutionalDepartmentName":[],"Instructions":"eyes closed","MRAcquisitionType":"2D","MagneticFieldStrength":3,"Manufacturer":"Siemens","ManufacturersModelName":"Prisma_fit","Modality":"MR","PartialFourier":1,"PatientPosition":"HFS","PercentPhaseFOV":100,"PercentSampling":100,"PhaseEncodingDirection":"j","PhaseEncodingSteps":80,"PhaseResolution":1,"PixelBandwidth":2085,"ProcedureStepDescription":[],"ProtocolName":[],"PulseSequenceDetails":[],"ReceiveCoilActiveElements":"HC1-7","ReceiveCoilName":"HeadNeck_64","ReconMatrixPE":80,"RepetitionTime":4.029,"SAR":0.176552,"ScanOptions":"FS","ScanningSequence":"EP","SequenceName":"epse2d1_80","SequenceVariant":"SK","SeriesDescription":[],"SeriesNumber":16,"ShimSetting":[297,-11614,-6441,435,55,-372,-42,58],"SliceThickness":3,"SliceTiming":[3.9275,3.8425,3.76,3.675,3.5925,3.51,3.425,3.3425,3.2575,3.175,3.0925,3.0075,2.925,2.84,2.7575,2.675,2.59,2.5075,2.4225,2.34,2.255,2.1725,2.09,2.005,1.9225,1.8375,1.755,1.6725,1.5875,1.505,1.42,1.3375,1.255,1.17,1.0875,1.0025,0.92,0.8375,0.7525,0.67,0.585,0.5025,0.42,0.335,0.2525,0.1675,0.085,0],"SoftwareVersions":"syngo_MR_E11","SpacingBetweenSlices":3,"StationName":"MRC35056","TaskName":"rest","TotalReadoutTime":0.0426603,"TxRefAmp":222.664,"WipMemBlock":"3ca644c6-75c3-4ed4-8271-e9ed5e6c8887||Sequence: R016 ve11c/master r/34fb20f; Nov 20 2017 15:30:40 by eja","acq_id":"PAse","dataset":"MICs","modality":"bold","session_id":"01","subject_id":"sub-HC035","task_id":"rest"},"dummy_trs":0,"dvars_nstd":54.250780488,"dvars_std":2.6301681759999997,"dvars_vstd":3.601353978,"efc":0.45180130298159643,"fber":856.7156982421875,"fd_mean":0.05474873969045474,"fd_num":0,"fd_perc":0,"fwhm_avg":1.8639166666666667,"fwhm_x":1.9921233333333335,"fwhm_y":1.6496233333333334,"fwhm_z":1.9500033333333333,"gcor":0.00242093,"gsr_x":-0.025756768882274628,"gsr_y":0.0014503501588478684,"provenance":{"md5sum":"7c80291415066ca923651fa6e70d7334","settings":{"fd_thres":0.2,"hmc_fsl":false,"testing":false},"software":"mriqc","version":"0.15.2","webapi_port":[],"webapi_url":"https://mriqc.nimh.nih.gov/api/v1"},"size_t":6,"size_x":80,"size_y":80,"size_z":48,"snr":2.1799301123404202,"spacing_tr":4.0289998054504395,"spacing_x":3,"spacing_y":3,"spacing_z":3,"summary_bg_k":394.47176341233148,"summary_bg_mad":137.79323478926111,"summary_bg_mean":624.37646484375,"summary_bg_median":309.53173828125,"summary_bg_n":215451,"summary_bg_p05":154.62874603271484,"summary_bg_p95":2586.6165771484375,"summary_bg_stdv":1143.6304931640625,"summary_fg_k":22.268310061329124,"summary_fg_mad":2605.9484912321072,"summary_fg_mean":10215.458984375,"summary_fg_median":9603.38671875,"summary_fg_n":44893,"summary_fg_p05":3255.1775878906246,"summary_fg_p95":17077.95859375,"summary_fg_stdv":4405.3154296875,"tsnr":67.912353515625}