{"aor":0.044809999999999996,"aqi":0.003433028333333333,"bids_meta":{"AcquisitionMatrixPE":80,"AcquisitionNumber":1,"AcquisitionTime":[],"BandwidthPerPixelPhaseEncode":23.148,"BaseResolution":80,"BodyPartExamined":"BRAIN","ConsistencyInfo":"N4_VE11C_LATEST_20160120","ConversionSoftware":"dcm2niix","ConversionSoftwareVersion":"v1.0.20200427","DerivedVendorReportedEchoSpacing":0.000540003,"DeviceSerialNumber":"167017","DwellTime":3E-6,"EchoTime":0.048,"EchoTrainLength":80,"EffectiveEchoSpacing":0.000540003,"FlipAngle":90,"ImageComments":"Unaliased_MB6_PE3_LB","ImageOrientationPatientDICOM":[1,0,0,0,0.798635,-0.601815],"ImageType":["ORIGINAL","PRIMARY","M","ND","NORM","MOSAIC"],"ImagingFrequency":123.25,"InPlanePhaseEncodingDirectionDICOM":"COL","InstitutionAddress":[],"InstitutionName":[],"InstitutionalDepartmentName":[],"Instructions":"eyes closed","MRAcquisitionType":"2D","MagneticFieldStrength":3,"Manufacturer":"Siemens","ManufacturersModelName":"Prisma_fit","Modality":"MR","PartialFourier":1,"PatientPosition":"HFS","PercentPhaseFOV":100,"PercentSampling":100,"PhaseEncodingDirection":"j-","PhaseEncodingSteps":80,"PhaseResolution":1,"PixelBandwidth":2085,"ProcedureStepDescription":[],"ProtocolName":[],"PulseSequenceDetails":[],"ReceiveCoilActiveElements":"HC1-7","ReceiveCoilName":"HeadNeck_64","ReconMatrixPE":80,"RepetitionTime":4.029,"SAR":0.176552,"ScanOptions":"FS","ScanningSequence":"EP","SequenceName":"epse2d1_80","SequenceVariant":"SK","SeriesDescription":[],"SeriesNumber":15,"ShimSetting":[297,-11614,-6441,435,55,-372,-42,58],"SliceThickness":3,"SliceTiming":[3.9275,3.8425,3.76,3.675,3.5925,3.51,3.425,3.3425,3.2575,3.175,3.09,3.0075,2.925,2.84,2.7575,2.6725,2.59,2.5075,2.4225,2.34,2.255,2.1725,2.09,2.005,1.9225,1.8375,1.755,1.6725,1.5875,1.505,1.42,1.3375,1.2525,1.17,1.0875,1.0025,0.92,0.835,0.7525,0.67,0.585,0.5025,0.4175,0.335,0.2525,0.1675,0.085,0],"SoftwareVersions":"syngo_MR_E11","SpacingBetweenSlices":3,"StationName":"MRC35056","TaskName":"rest","TotalReadoutTime":0.0426603,"TxRefAmp":222.664,"WipMemBlock":"0b822d32-9fcb-4bef-9d8a-790875bc292d||Sequence: R016 ve11c/master r/34fb20f; Nov 20 2017 15:30:40 by eja","acq_id":"APse","dataset":"MICs","modality":"bold","session_id":"01","subject_id":"sub-HC035","task_id":"rest"},"dummy_trs":0,"dvars_nstd":30.44814644,"dvars_std":2.189044736,"dvars_vstd":5.359270286,"efc":0.45732910896786261,"fber":861.76300048828125,"fd_mean":0.051339506914424772,"fd_num":0,"fd_perc":0,"fwhm_avg":1.8443866666666668,"fwhm_x":1.93836,"fwhm_y":1.6965000000000001,"fwhm_z":1.8982999999999999,"gcor":0.00160397,"gsr_x":-0.023705381900072098,"gsr_y":0.0026899625081568956,"provenance":{"md5sum":"886731443470b31b3e59d167300a1838","settings":{"fd_thres":0.2,"hmc_fsl":false,"testing":false},"software":"mriqc","version":"0.15.2","webapi_port":[],"webapi_url":"https://mriqc.nimh.nih.gov/api/v1"},"size_t":6,"size_x":80,"size_y":80,"size_z":48,"snr":2.4190191557712621,"spacing_tr":4.0289998054504395,"spacing_x":3,"spacing_y":3,"spacing_z":3,"summary_bg_k":96.733509437358066,"summary_bg_mad":148.9273883243448,"summary_bg_mean":630.81884765625,"summary_bg_median":312.13320922851562,"summary_bg_n":216404,"summary_bg_p05":155.84550476074219,"summary_bg_p95":2558.7080078124909,"summary_bg_stdv":1085.4381103515625,"summary_fg_k":29.46873296097408,"summary_fg_mad":2243.4783101746098,"summary_fg_mean":10328.123046875,"summary_fg_median":9646.412109375,"summary_fg_n":44238,"summary_fg_p05":5661.4466064453127,"summary_fg_p95":16800.292285156251,"summary_fg_stdv":3987.69189453125,"tsnr":92.263191223144531}