{"aor":0.0014022910662824207,"aqi":0.008319508717579251,"bids_meta":{"AcquisitionMatrixPE":80,"AcquisitionNumber":1,"AcquisitionTime":[],"BandwidthPerPixelPhaseEncode":23.148,"BaseResolution":80,"BodyPartExamined":"BRAIN","ConsistencyInfo":"N4_VE11C_LATEST_20160120","ConversionSoftware":"dcm2niix","ConversionSoftwareVersion":"v1.0.20200427","DerivedVendorReportedEchoSpacing":0.000540003,"DeviceSerialNumber":"167017","DwellTime":2.6E-6,"EchoTime":0.03,"EchoTrainLength":80,"EffectiveEchoSpacing":0.000540003,"FlipAngle":50,"ImageComments":"Unaliased_MB6_PE3_LB","ImageOrientationPatientDICOM":[1,0,0,0,0.798635,-0.601815],"ImageType":["ORIGINAL","PRIMARY","M","MB","ND","NORM","MOSAIC"],"ImagingFrequency":123.25,"InPlanePhaseEncodingDirectionDICOM":"COL","InstitutionAddress":[],"InstitutionName":[],"InstitutionalDepartmentName":[],"Instructions":"eyes closed","MRAcquisitionType":"2D","MagneticFieldStrength":3,"Manufacturer":"Siemens","ManufacturersModelName":"Prisma_fit","Modality":"MR","MultibandAccelerationFactor":6,"PartialFourier":1,"PatientPosition":"HFS","PercentPhaseFOV":100,"PercentSampling":100,"PhaseEncodingDirection":"j-","PhaseEncodingSteps":80,"PhaseResolution":1,"PixelBandwidth":2405,"ProcedureStepDescription":[],"ProtocolName":[],"PulseSequenceDetails":[],"ReceiveCoilActiveElements":"HC1-7","ReceiveCoilName":"HeadNeck_64","ReconMatrixPE":80,"RepetitionTime":0.6,"SAR":0.0528291,"ScanOptions":"FS","ScanningSequence":"EP","SequenceName":"epfid2d1_80","SequenceVariant":"SK_SS","SeriesDescription":[],"SeriesNumber":14,"ShimSetting":[297,-11614,-6441,435,55,-372,-42,58],"SliceThickness":3,"SliceTiming":[0.5075,0.435,0.3625,0.29,0.2175,0.145,0.0725,0,0.5075,0.435,0.3625,0.29,0.2175,0.145,0.0725,0,0.5075,0.435,0.3625,0.29,0.2175,0.145,0.0725,0,0.5075,0.435,0.3625,0.29,0.2175,0.145,0.0725,0,0.5075,0.435,0.3625,0.29,0.2175,0.145,0.0725,0,0.5075,0.435,0.3625,0.29,0.2175,0.145,0.0725,0],"SoftwareVersions":"syngo_MR_E11","SpacingBetweenSlices":3,"StationName":"MRC35056","TaskName":"rest","TotalReadoutTime":0.0426603,"TxRefAmp":222.664,"WipMemBlock":"7d2398c8-d022-4bed-83ce-01c61a9dd386||Sequence: R016 ve11c/master r/34fb20f; Nov 20 2017 15:15:15 by eja","acq_id":"AP","dataset":"MICs","modality":"bold","session_id":"01","subject_id":"sub-HC035","task_id":"rest"},"dummy_trs":6,"dvars_nstd":26.728842340331916,"dvars_std":1.099074528917749,"dvars_vstd":1.0092447462770568,"efc":0.39872781156064313,"fber":9125.5107421875,"fd_mean":0.17917448360811306,"fd_num":258,"fd_perc":37.175792507204612,"fwhm_avg":2.32253,"fwhm_x":2.19728,"fwhm_y":2.4240366666666664,"fwhm_z":2.3462733333333334,"gcor":0.0122045,"gsr_x":-0.012934766709804535,"gsr_y":0.010655107907950878,"provenance":{"md5sum":"1bedcb7c0274932c7978332c6c021e2a","settings":{"fd_thres":0.2,"hmc_fsl":false,"testing":false},"software":"mriqc","version":"0.15.2","webapi_port":[],"webapi_url":"https://mriqc.nimh.nih.gov/api/v1"},"size_t":694,"size_x":80,"size_y":80,"size_z":48,"snr":4.3710537651568488,"spacing_tr":0.60000002384185791,"spacing_x":3,"spacing_y":3,"spacing_z":3,"summary_bg_k":97.54488564773996,"summary_bg_mad":45.432999613271917,"summary_bg_mean":197.70980834960938,"summary_bg_median":72.511528015136719,"summary_bg_n":220803,"summary_bg_p05":30.533284378051761,"summary_bg_p95":779.79620361328125,"summary_bg_stdv":444.27581787109375,"summary_fg_k":3.2825034802145003,"summary_fg_mad":1247.8066749796094,"summary_fg_mean":7177.12646484375,"summary_fg_median":7150.03125,"summary_fg_n":40599,"summary_fg_p05":4709.98974609375,"summary_fg_p95":9651.9916015624985,"summary_fg_stdv":1635.7481689453125,"tsnr":48.754629653412849}