{"aor":0.048283333333333338,"aqi":0.0042017,"bids_meta":{"AcquisitionMatrixPE":80,"AcquisitionNumber":1,"AcquisitionTime":[],"BandwidthPerPixelPhaseEncode":23.148,"BaseResolution":80,"BodyPartExamined":"BRAIN","ConsistencyInfo":"N4_VE11C_LATEST_20160120","ConversionSoftware":"dcm2niix","ConversionSoftwareVersion":"v1.0.20200427","DerivedVendorReportedEchoSpacing":0.000540003,"DeviceSerialNumber":"167017","DwellTime":3E-6,"EchoTime":0.048,"EchoTrainLength":80,"EffectiveEchoSpacing":0.000540003,"FlipAngle":90,"ImageComments":"Unaliased_MB6_PE3_LB","ImageOrientationPatientDICOM":[1,0,0,0,0.75471,-0.656059],"ImageType":["ORIGINAL","PRIMARY","M","ND","NORM","MOSAIC"],"ImagingFrequency":123.25,"InPlanePhaseEncodingDirectionDICOM":"COL","InstitutionAddress":[],"InstitutionName":[],"InstitutionalDepartmentName":[],"Instructions":"eyes closed","MRAcquisitionType":"2D","MagneticFieldStrength":3,"Manufacturer":"Siemens","ManufacturersModelName":"Prisma_fit","Modality":"MR","PartialFourier":1,"PatientPosition":"HFS","PercentPhaseFOV":100,"PercentSampling":100,"PhaseEncodingDirection":"j-","PhaseEncodingSteps":80,"PhaseResolution":1,"PixelBandwidth":2085,"ProcedureStepDescription":[],"ProtocolName":[],"PulseSequenceDetails":[],"ReceiveCoilActiveElements":"HC1-7","ReceiveCoilName":"HeadNeck_64","ReconMatrixPE":80,"RepetitionTime":4.029,"SAR":0.147087,"ScanOptions":"FS","ScanningSequence":"EP","SequenceName":"epse2d1_80","SequenceVariant":"SK","SeriesDescription":[],"SeriesNumber":15,"ShimSetting":[330,-11601,-6438,515,64,-109,-103,-2],"SliceThickness":3,"SliceTiming":[3.925,3.8425,3.7575,3.675,3.5925,3.5075,3.425,3.34,3.2575,3.175,3.09,3.0075,2.9225,2.84,2.7575,2.6725,2.59,2.505,2.4225,2.3375,2.255,2.1725,2.0875,2.005,1.92,1.8375,1.755,1.67,1.5875,1.5025,1.42,1.3375,1.2525,1.17,1.085,1.0025,0.92,0.835,0.7525,0.6675,0.585,0.5,0.4175,0.335,0.25,0.1675,0.0825,0],"SoftwareVersions":"syngo_MR_E11","SpacingBetweenSlices":3,"StationName":"MRC35056","TaskName":"rest","TotalReadoutTime":0.0426603,"TxRefAmp":220.965,"WipMemBlock":"41f8238f-e680-4fab-a8d0-7e6b99fed232||Sequence: R016 ve11c/master r/34fb20f; Nov 20 2017 15:30:40 by eja","acq_id":"APse","dataset":"MICs","modality":"bold","session_id":"01","subject_id":"sub-HC019","task_id":"rest"},"dummy_trs":0,"dvars_nstd":58.287891388000006,"dvars_std":2.7303056260000003,"dvars_vstd":4.337771986,"efc":0.49382360983430112,"fber":844.86614990234375,"fd_mean":0.1237544104850293,"fd_num":1,"fd_perc":16.666666666666668,"fwhm_avg":1.8488144444444445,"fwhm_x":1.8809766666666665,"fwhm_y":1.76898,"fwhm_z":1.8964866666666669,"gcor":0.00489267,"gsr_x":-0.029562724754214287,"gsr_y":0.022648978978395462,"provenance":{"md5sum":"69c386e104737c5fcbf7676dc78e7aae","settings":{"fd_thres":0.2,"hmc_fsl":false,"testing":false},"software":"mriqc","version":"0.15.2","webapi_port":[],"webapi_url":"https://mriqc.nimh.nih.gov/api/v1"},"size_t":6,"size_x":80,"size_y":80,"size_z":48,"snr":2.4065171690497871,"spacing_tr":4.0289998054504395,"spacing_x":3,"spacing_y":3,"spacing_z":3,"summary_bg_k":72.279701524551115,"summary_bg_mad":110.51173418239868,"summary_bg_mean":610.2442626953125,"summary_bg_median":290.4293212890625,"summary_bg_n":198457,"summary_bg_p05":166.82546997070312,"summary_bg_p95":2637.2588867187442,"summary_bg_stdv":1135.6240234375,"summary_fg_k":30.908299401649892,"summary_fg_mad":2446.0294272286992,"summary_fg_mean":9626.3798828125,"summary_fg_median":8965.625,"summary_fg_n":58564,"summary_fg_p05":5654.1313232421871,"summary_fg_p95":15880.557861328125,"summary_fg_stdv":3725.528564453125,"tsnr":72.53936767578125}