{"aor":0.045525,"aqi":0.00546524,"bids_meta":{"AcquisitionMatrixPE":80,"AcquisitionNumber":1,"AcquisitionTime":[],"BandwidthPerPixelPhaseEncode":23.148,"BaseResolution":80,"BodyPartExamined":"BRAIN","ConsistencyInfo":"N4_VE11C_LATEST_20160120","ConversionSoftware":"dcm2niix","ConversionSoftwareVersion":"v1.0.20200427","DerivedVendorReportedEchoSpacing":0.000540003,"DeviceSerialNumber":"167017","DwellTime":3E-6,"EchoTime":0.048,"EchoTrainLength":80,"EffectiveEchoSpacing":0.000540003,"FlipAngle":90,"ImageComments":"Unaliased_MB6_PE3_LB","ImageOrientationPatientDICOM":[1,0,0,0,0.75471,-0.656059],"ImageType":["ORIGINAL","PRIMARY","M","ND","NORM","MOSAIC"],"ImagingFrequency":123.25,"InPlanePhaseEncodingDirectionDICOM":"COL","InstitutionAddress":[],"InstitutionName":[],"InstitutionalDepartmentName":[],"Instructions":"eyes closed","MRAcquisitionType":"2D","MagneticFieldStrength":3,"Manufacturer":"Siemens","ManufacturersModelName":"Prisma_fit","Modality":"MR","PartialFourier":1,"PatientPosition":"HFS","PercentPhaseFOV":100,"PercentSampling":100,"PhaseEncodingDirection":"j","PhaseEncodingSteps":80,"PhaseResolution":1,"PixelBandwidth":2085,"ProcedureStepDescription":[],"ProtocolName":[],"PulseSequenceDetails":[],"ReceiveCoilActiveElements":"HC1-7","ReceiveCoilName":"HeadNeck_64","ReconMatrixPE":80,"RepetitionTime":4.029,"SAR":0.147087,"ScanOptions":"FS","ScanningSequence":"EP","SequenceName":"epse2d1_80","SequenceVariant":"SK","SeriesDescription":[],"SeriesNumber":16,"ShimSetting":[330,-11601,-6438,515,64,-109,-103,-2],"SliceThickness":3,"SliceTiming":[3.925,3.8425,3.7575,3.675,3.59,3.5075,3.425,3.34,3.2575,3.1725,3.09,3.0075,2.9225,2.84,2.755,2.6725,2.59,2.505,2.4225,2.3375,2.255,2.17,2.0875,2.005,1.92,1.8375,1.7525,1.67,1.5875,1.5025,1.42,1.335,1.2525,1.17,1.085,1.0025,0.9175,0.835,0.7525,0.6675,0.585,0.5,0.4175,0.335,0.25,0.1675,0.0825,0],"SoftwareVersions":"syngo_MR_E11","SpacingBetweenSlices":3,"StationName":"MRC35056","TaskName":"rest","TotalReadoutTime":0.0426603,"TxRefAmp":220.965,"WipMemBlock":"ec805b72-fcdb-4311-ab8a-7990017e1347||Sequence: R016 ve11c/master r/34fb20f; Nov 20 2017 15:30:40 by eja","acq_id":"PAse","dataset":"MICs","modality":"bold","session_id":"01","subject_id":"sub-HC019","task_id":"rest"},"dummy_trs":0,"dvars_nstd":54.344573212,"dvars_std":2.411853768,"dvars_vstd":4.519258736,"efc":0.48779268338643378,"fber":887.2628173828125,"fd_mean":0.13247547325890097,"fd_num":1,"fd_perc":16.666666666666668,"fwhm_avg":1.8062011111111109,"fwhm_x":1.9017799999999998,"fwhm_y":1.6075566666666665,"fwhm_z":1.9092666666666667,"gcor":0.00368487,"gsr_x":-0.028916433453559875,"gsr_y":0.0062482831999659538,"provenance":{"md5sum":"68c020ce1d70b82b59464615ab8036b9","settings":{"fd_thres":0.2,"hmc_fsl":false,"testing":false},"software":"mriqc","version":"0.15.2","webapi_port":[],"webapi_url":"https://mriqc.nimh.nih.gov/api/v1"},"size_t":6,"size_x":80,"size_y":80,"size_z":48,"snr":2.2975921664841024,"spacing_tr":4.0289998054504395,"spacing_x":3,"spacing_y":3,"spacing_z":3,"summary_bg_k":49.7993262027137,"summary_bg_mad":108.69281137854438,"summary_bg_mean":616.7376708984375,"summary_bg_median":289.4774169921875,"summary_bg_n":200572,"summary_bg_p05":165.12252960205078,"summary_bg_p95":2780.2527954101552,"summary_bg_stdv":1065.15234375,"summary_fg_k":13.688057283755739,"summary_fg_mad":2771.6969763119396,"summary_fg_mean":9960.9072265625,"summary_fg_median":9234.3984375,"summary_fg_n":56204,"summary_fg_p05":5699.6987548828129,"summary_fg_p95":16796.043066406248,"summary_fg_stdv":4019.127685546875,"tsnr":67.709037780761719}