{"aor":0.0015971000000000002,"aqi":0.0099906357285714283,"bids_meta":{"AcquisitionMatrixPE":80,"AcquisitionNumber":1,"AcquisitionTime":[],"BandwidthPerPixelPhaseEncode":23.148,"BaseResolution":80,"BodyPartExamined":"BRAIN","ConsistencyInfo":"N4_VE11C_LATEST_20160120","ConversionSoftware":"dcm2niix","ConversionSoftwareVersion":"v1.0.20200427","DerivedVendorReportedEchoSpacing":0.000540003,"DeviceSerialNumber":"167017","DwellTime":2.6E-6,"EchoTime":0.03,"EchoTrainLength":80,"EffectiveEchoSpacing":0.000540003,"FlipAngle":50,"ImageComments":"Unaliased_MB6_PE3_LB","ImageOrientationPatientDICOM":[1,0,0,0,0.75471,-0.656059],"ImageType":["ORIGINAL","PRIMARY","M","MB","ND","NORM","MOSAIC"],"ImagingFrequency":123.25,"InPlanePhaseEncodingDirectionDICOM":"COL","InstitutionAddress":[],"InstitutionName":[],"InstitutionalDepartmentName":[],"Instructions":"eyes closed","MRAcquisitionType":"2D","MagneticFieldStrength":3,"Manufacturer":"Siemens","ManufacturersModelName":"Prisma_fit","Modality":"MR","MultibandAccelerationFactor":6,"PartialFourier":1,"PatientPosition":"HFS","PercentPhaseFOV":100,"PercentSampling":100,"PhaseEncodingDirection":"j-","PhaseEncodingSteps":80,"PhaseResolution":1,"PixelBandwidth":2405,"ProcedureStepDescription":[],"ProtocolName":[],"PulseSequenceDetails":[],"ReceiveCoilActiveElements":"HC1-7","ReceiveCoilName":"HeadNeck_64","ReconMatrixPE":80,"RepetitionTime":0.6,"SAR":0.0440616,"ScanOptions":"FS","ScanningSequence":"EP","SequenceName":"epfid2d1_80","SequenceVariant":"SK_SS","SeriesDescription":[],"SeriesNumber":14,"ShimSetting":[330,-11601,-6438,515,64,-109,-103,-2],"SliceThickness":3,"SliceTiming":[0.5075,0.435,0.3625,0.29,0.2175,0.145,0.0725,0,0.5075,0.435,0.3625,0.29,0.2175,0.145,0.0725,0,0.5075,0.435,0.3625,0.29,0.2175,0.145,0.0725,0,0.5075,0.435,0.3625,0.29,0.2175,0.145,0.0725,0,0.5075,0.435,0.3625,0.29,0.2175,0.145,0.0725,0,0.5075,0.435,0.3625,0.29,0.2175,0.145,0.0725,0],"SoftwareVersions":"syngo_MR_E11","SpacingBetweenSlices":3,"StationName":"MRC35056","TaskName":"rest","TotalReadoutTime":0.0426603,"TxRefAmp":220.965,"WipMemBlock":"bae3a7fd-538a-4c40-b185-b743dc828378||Sequence: R016 ve11c/master r/34fb20f; Nov 20 2017 15:15:15 by eja","acq_id":"AP","dataset":"MICs","modality":"bold","session_id":"01","subject_id":"sub-HC019","task_id":"rest"},"dummy_trs":0,"dvars_nstd":32.520844441917021,"dvars_std":1.2268869559227455,"dvars_vstd":1.041566153075822,"efc":0.45029427731401339,"fber":7566.73974609375,"fd_mean":0.11061783445599176,"fd_num":66,"fd_perc":9.4285714285714288,"fwhm_avg":2.4121944444444448,"fwhm_x":2.2532666666666668,"fwhm_y":2.5666433333333334,"fwhm_z":2.4166733333333332,"gcor":0.0280291,"gsr_x":-0.014936748892068863,"gsr_y":0.018696805462241173,"provenance":{"md5sum":"05fdaa5dfd81dd635fe5d3d2d6d82249","settings":{"fd_thres":0.2,"hmc_fsl":false,"testing":false},"software":"mriqc","version":"0.15.2","webapi_port":[],"webapi_url":"https://mriqc.nimh.nih.gov/api/v1"},"size_t":700,"size_x":80,"size_y":80,"size_z":48,"snr":3.8802793819003303,"spacing_tr":0.60000002384185791,"spacing_x":3,"spacing_y":3,"spacing_z":3,"summary_bg_k":55.922751128856433,"summary_bg_mad":42.72436220942339,"summary_bg_mean":203.18769836425781,"summary_bg_median":71.80999755859375,"summary_bg_n":202260,"summary_bg_p05":33.692784500122073,"summary_bg_p95":881.02583923339841,"summary_bg_stdv":438.48861694335938,"summary_fg_k":3.1214455527116858,"summary_fg_mad":1349.2697305645606,"summary_fg_mean":6610.58642578125,"summary_fg_median":6531.7265625,"summary_fg_n":55172,"summary_fg_p05":4193.021484375,"summary_fg_p95":9145.1946777343746,"summary_fg_stdv":1683.2982177734375,"tsnr":43.004428935237229}