{"bids_meta":{"AcquisitionMatrixPE":320,"AcquisitionNumber":1,"AcquisitionTime":[],"BaseResolution":320,"BodyPartExamined":"BRAIN","ConsistencyInfo":"N4_VE11C_LATEST_20160120","ConversionSoftware":"dcm2niix","ConversionSoftwareVersion":"v1.0.20200427","DeviceSerialNumber":"167017","DwellTime":6.6E-6,"EchoTime":0.00314,"FlipAngle":9,"ImageOrientationPatientDICOM":[-0.00714502,0.972183,0.234115,0.00731636,0.234166,-0.972169],"ImageType":["ORIGINAL","PRIMARY","M","ND","NORM","FM","FIL"],"ImagingFrequency":123.25,"InPlanePhaseEncodingDirectionDICOM":"ROW","InstitutionAddress":[],"InstitutionName":[],"InstitutionalDepartmentName":[],"InversionTime":0.9,"MRAcquisitionType":"3D","MagneticFieldStrength":3,"Manufacturer":"Siemens","ManufacturersModelName":"Prisma_fit","Modality":"MR","ParallelReductionFactorInPlane":2,"PartialFourier":1,"PatientPosition":"HFS","PercentPhaseFOV":100,"PercentSampling":100,"PhaseEncodingSteps":319,"PhaseResolution":1,"PixelBandwidth":235,"ProcedureStepDescription":[],"ProtocolName":[],"PulseSequenceDetails":[],"ReceiveCoilActiveElements":"HC1-7","ReceiveCoilName":"HeadNeck_64","ReconMatrixPE":320,"RefLinesPE":32,"RepetitionTime":2.3,"SAR":0.04043,"ScanOptions":"IR","ScanningSequence":"GR_IR","SequenceName":"_tfl3d1_16ns","SequenceVariant":"SK_SP_MP","SeriesDescription":[],"SeriesNumber":19,"ShimSetting":[321,-11620,-6470,362,79,-263,-109,19],"SliceThickness":0.8,"SoftwareVersions":"syngo_MR_E11","StationName":"MRC35056","TxRefAmp":213.963,"dataset":"MICs","modality":"T1w","run_id":1,"session_id":"01","subject_id":"sub-HC011"},"cjv":0.53333046741257206,"cnr":2.274173027012762,"efc":0.68826782916435469,"fber":20.899711608886719,"fwhm_avg":3.2793041178012277,"fwhm_x":3.36997494978346,"fwhm_y":3.2847749510530386,"fwhm_z":3.1831624525671836,"icvs_csf":0.23041352738250215,"icvs_gm":0.42126464218593357,"icvs_wm":0.34832183043156428,"inu_med":1.431408166885376,"inu_range":0.5129753053188324,"provenance":{"md5sum":"34466da28dbc5ec6ab9a0f8ed2d4bdf5","settings":{"testing":false},"software":"mriqc","version":"0.15.2","warnings":{"large_rot_frame":false,"small_air_mask":false},"webapi_port":[],"webapi_url":"https://mriqc.nimh.nih.gov/api/v1"},"qi_1":0,"qi_2":0.0045617446512764993,"rpve_csf":23.873631297080241,"rpve_gm":13.186837315190431,"rpve_wm":17.574304892700418,"size_x":224,"size_y":320,"size_z":320,"snr_csf":2.0627929612442641,"snr_gm":9.5247939773351131,"snr_total":8.4761363926738387,"snr_wm":13.840822239442138,"snrd_csf":33.277061545057961,"snrd_gm":62.894643595288066,"snrd_total":59.8168617564637,"snrd_wm":83.278880129045078,"spacing_x":0.800000011920929,"spacing_y":0.800000011920929,"spacing_z":0.800000011920929,"summary_bg_k":14.946576833592967,"summary_bg_mad":7.8669584820014808,"summary_bg_mean":163.73075866699219,"summary_bg_median":163.66026306152344,"summary_bg_n":7.930524E+6,"summary_bg_p05":150.76493835449219,"summary_bg_p95":177.35556030273438,"summary_bg_stdv":8.7935457229614258,"summary_csf_k":25.009824955709572,"summary_csf_mad":72.852380009429325,"summary_csf_mean":435.80023193359375,"summary_csf_median":399.59506225585938,"summary_csf_n":171825,"summary_csf_p05":291.9703430175781,"summary_csf_p95":638.44699707031214,"summary_csf_stdv":193.71498107910156,"summary_gm_k":0.194523735629899,"summary_gm_mad":75.6656502957526,"summary_gm_mean":762.83343505859375,"summary_gm_median":755.24664306640625,"summary_gm_n":106193,"summary_gm_p05":643.8067626953125,"summary_gm_p95":905.95368652343745,"summary_gm_stdv":79.292327880859375,"summary_wm_k":13.341267114582983,"summary_wm_mad":54.881076579816558,"summary_wm_mean":1008.2322387695312,"summary_wm_median":1000.0230712890625,"summary_wm_n":426519,"summary_wm_p05":916.78179931640625,"summary_wm_p95":1120.5457275390625,"summary_wm_stdv":72.251625061035156,"tpm_overlap_csf":0.10670507699251175,"tpm_overlap_gm":0.3393198549747467,"tpm_overlap_wm":0.42413613200187683,"wm2max":0.31248972805982572}