{
	"Modality": "MR",
	"MagneticFieldStrength": 3,
	"ImagingFrequency": 123.25,
	"Manufacturer": "Siemens",
	"ManufacturersModelName": "Achieva",
	"ProcedureStepDescription": "MIC",
	"ManufacturersModelName": "Prisma_fit",
	"InstitutionName": "",
	"InstitutionalDepartmentName": "",
	"InstitutionAddress": "",
	"DeviceSerialNumber": "",
 	"StationName": "",
 	"BodyPartExamined": "BRAIN",
  	"PatientPosition": "HFS",
  	"ProcedureStepDescription": "",
  	"SoftwareVersions": "syngo_MR_E11",
  	"MRAcquisitionType": "2D",
  	"SeriesDescription": "rsfmri-3mm-bold_AP",
  	"ProtocolName": "rsfmri-3mm-bold_AP",
  	"ScanningSequence": "EP",
  	"SequenceVariant": "SK_SS",
  	"ScanOptions": "FS",
  	"SequenceName": "epfid2d1_80",
  	"ImageType": ["ORIGINAL", "PRIMARY", "M", "MB", "ND", "NORM", "MOSAIC"],
  	"SeriesNumber": 14,
  	"AcquisitionTime": "11:38:45.850000",
  	"AcquisitionNumber": 1,
  	"ImageComments": "Unaliased_MB6_PE3_LB",
  	"SliceThickness": 3,
  	"SpacingBetweenSlices": 3,
  	"SAR": 0.0695604,
  	"EchoTime": 0.03,
  	"RepetitionTime": 0.6,
  	"FlipAngle": 50,
  	"PartialFourier": 1,
  	"BaseResolution": 80,
	"TaskName": "rest",
	"Instructions": "eyes closed"
}
