{"bids_meta":{"AcquisitionMatrixPE":320,"AcquisitionNumber":1,"AcquisitionTime":[],"BaseResolution":320,"BodyPartExamined":"BRAIN","ConsistencyInfo":"N4_VE11C_LATEST_20160120","ConversionSoftware":"dcm2niix","ConversionSoftwareVersion":"v1.0.20200427","DeviceSerialNumber":"167017","DwellTime":6.6E-6,"EchoTime":0.00314,"FlipAngle":9,"ImageOrientationPatientDICOM":[0.0158178,0.990338,0.137768,-0.0158431,0.138016,-0.990303],"ImageType":["ORIGINAL","PRIMARY","M","ND","NORM","FM","FIL"],"ImagingFrequency":123.25,"InPlanePhaseEncodingDirectionDICOM":"ROW","InstitutionAddress":[],"InstitutionName":[],"InstitutionalDepartmentName":[],"InversionTime":0.9,"MRAcquisitionType":"3D","MagneticFieldStrength":3,"Manufacturer":"Siemens","ManufacturersModelName":"Prisma_fit","Modality":"MR","ParallelReductionFactorInPlane":2,"PartialFourier":1,"PatientPosition":"HFS","PercentPhaseFOV":100,"PercentSampling":100,"PhaseEncodingSteps":319,"PhaseResolution":1,"PixelBandwidth":235,"ProcedureStepDescription":[],"ProtocolName":[],"PulseSequenceDetails":[],"ReceiveCoilActiveElements":"HC1-7","ReceiveCoilName":"HeadNeck_64","ReconMatrixPE":320,"RefLinesPE":32,"RepetitionTime":2.3,"SAR":0.038066,"ScanOptions":"IR","ScanningSequence":"GR_IR","SequenceName":"_tfl3d1_16ns","SequenceVariant":"SK_SP_MP","SeriesDescription":[],"SeriesNumber":19,"ShimSetting":[308,-11588,-6422,349,14,-137,-126,16],"SliceThickness":0.8,"SoftwareVersions":"syngo_MR_E11","StationName":"MRC35056","TxRefAmp":220.353,"dataset":"MICs","modality":"T1w","run_id":1,"session_id":"01","subject_id":"sub-HC039"},"cjv":0.87135976709743079,"cnr":1.4504093023115068,"efc":0.73566465539285064,"fber":21.776920318603516,"fwhm_avg":3.356741616647319,"fwhm_x":3.3343124503148727,"fwhm_y":3.4484374486142779,"fwhm_z":3.2874749510128063,"icvs_csf":0.21362399466384457,"icvs_gm":0.42563661280599629,"icvs_wm":0.36073939253015908,"inu_med":1.4724953174591064,"inu_range":0.705592930316925,"provenance":{"md5sum":"57274079b010efb41595521151f63f82","settings":{"testing":false},"software":"mriqc","version":"0.15.2","warnings":{"large_rot_frame":false,"small_air_mask":false},"webapi_port":[],"webapi_url":"https://mriqc.nimh.nih.gov/api/v1"},"qi_1":0,"qi_2":0.0045177577992359741,"rpve_csf":20.324481689456615,"rpve_gm":10.582615726797805,"rpve_wm":14.134899365140713,"size_x":224,"size_y":320,"size_z":320,"snr_csf":1.5863427474886918,"snr_gm":7.5427903472345337,"snr_total":7.3398779826301661,"snr_wm":12.890500853167273,"snrd_csf":34.703860891504412,"snrd_gm":62.3089185327613,"snrd_total":58.052872199550244,"snrd_wm":77.145837174385008,"spacing_x":0.800000011920929,"spacing_y":0.800000011920929,"spacing_z":0.800000011920929,"summary_bg_k":28.529088472646606,"summary_bg_mad":8.4925444065061111,"summary_bg_mean":167.56893920898438,"summary_bg_median":167.548095703125,"summary_bg_n":7.864824E+6,"summary_bg_p05":153.37910461425781,"summary_bg_p95":182.44259414672851,"summary_bg_stdv":9.927363395690918,"summary_csf_k":19.565650071458322,"summary_csf_mad":104.12586219703026,"summary_csf_mean":508.0413818359375,"summary_csf_median":449.86676025390625,"summary_csf_n":161404,"summary_csf_p05":314.65373687744142,"summary_csf_p95":840.58208923339862,"summary_csf_stdv":283.58648681640625,"summary_gm_k":-0.24628550152065287,"summary_gm_mad":110.96599828987539,"summary_gm_mean":820.89208984375,"summary_gm_median":807.71160888671875,"summary_gm_n":108898,"summary_gm_p05":664.78372802734373,"summary_gm_p95":1010.8429382324219,"summary_gm_stdv":107.08343505859375,"summary_wm_k":15.299100043248131,"summary_wm_mad":56.623704278966443,"summary_wm_mean":1008.9854736328125,"summary_wm_median":1000.0428466796875,"summary_wm_n":547080,"summary_wm_p05":912.31395568847654,"summary_wm_p95":1126.7030578613283,"summary_wm_stdv":77.579757690429688,"tpm_overlap_csf":0.10577932745218277,"tpm_overlap_gm":0.35351252555847168,"tpm_overlap_wm":0.45229423046112061,"wm2max":0.42398190632429317}