{"bids_meta":{"AcquisitionMatrixPE":320,"AcquisitionNumber":1,"AcquisitionTime":[],"BaseResolution":320,"BodyPartExamined":"BRAIN","ConsistencyInfo":"N4_VE11C_LATEST_20160120","ConversionSoftware":"dcm2niix","ConversionSoftwareVersion":"v1.0.20200427","DeviceSerialNumber":"167017","DwellTime":6.6E-6,"EchoTime":0.00314,"FlipAngle":9,"ImageOrientationPatientDICOM":[-0.051664,0.997553,0.0471063,-0.000188254,0.0471596,-0.998887],"ImageType":["ORIGINAL","PRIMARY","M","ND","NORM","FM","FIL"],"ImagingFrequency":123.25,"InPlanePhaseEncodingDirectionDICOM":"ROW","InstitutionAddress":[],"InstitutionName":[],"InstitutionalDepartmentName":[],"InversionTime":0.9,"MRAcquisitionType":"3D","MagneticFieldStrength":3,"Manufacturer":"Siemens","ManufacturersModelName":"Prisma_fit","Modality":"MR","ParallelReductionFactorInPlane":2,"PartialFourier":1,"PatientPosition":"HFS","PercentPhaseFOV":100,"PercentSampling":100,"PhaseEncodingSteps":319,"PhaseResolution":1,"PixelBandwidth":235,"ProcedureStepDescription":[],"ProtocolName":[],"PulseSequenceDetails":[],"ReceiveCoilActiveElements":"HC1-7","ReceiveCoilName":"HeadNeck_64","ReconMatrixPE":320,"RefLinesPE":32,"RepetitionTime":2.3,"SAR":0.0597947,"ScanOptions":"IR","ScanningSequence":"GR_IR","SequenceName":"_tfl3d1_16ns","SequenceVariant":"SK_SP_MP","SeriesDescription":[],"SeriesNumber":7,"ShimSetting":[301,-11589,-6447,462,-33,-210,6,13],"SliceThickness":0.8,"SoftwareVersions":"syngo_MR_E11","StationName":"MRC35056","TxRefAmp":244.173,"dataset":"MICs","modality":"T1w","run_id":2,"session_id":"01","subject_id":"sub-HC020"},"cjv":0.45361004801422306,"cnr":2.5139063031179689,"efc":0.6929312691986248,"fber":43.084800720214844,"fwhm_avg":3.6197874460609634,"fwhm_x":3.5776499466888616,"fwhm_y":3.694499944947661,"fwhm_z":3.5872124465463688,"icvs_csf":0.21038042216455488,"icvs_gm":0.41124448475325215,"icvs_wm":0.37837509308219297,"inu_med":1.411156177520752,"inu_range":0.65197947025299041,"provenance":{"md5sum":"d675f0d2134347f9aa73382e0b1d9228","settings":{"testing":false},"software":"mriqc","version":"0.15.2","warnings":{"large_rot_frame":false,"small_air_mask":false},"webapi_port":[],"webapi_url":"https://mriqc.nimh.nih.gov/api/v1"},"qi_1":0,"qi_2":0.0040235199180914489,"rpve_csf":18.458651383482636,"rpve_gm":9.8221971946885454,"rpve_wm":12.341624477934804,"size_x":224,"size_y":320,"size_z":320,"snr_csf":1.3344835300462654,"snr_gm":9.2156292167077662,"snr_total":9.3576337967281358,"snr_wm":17.522788643430371,"snrd_csf":49.01390979467805,"snrd_gm":80.977491617591042,"snrd_total":79.339510643590913,"snrd_wm":108.02713051850361,"spacing_x":0.800000011920929,"spacing_y":0.800000011920929,"spacing_z":0.800000011920929,"summary_bg_k":16.901100279279056,"summary_bg_mad":6.0647199301025436,"summary_bg_mean":119.253173828125,"summary_bg_median":119.13087463378906,"summary_bg_n":7.253148E+6,"summary_bg_p05":109.14347839355469,"summary_bg_p95":129.95790100097656,"summary_bg_stdv":6.9326448440551758,"summary_csf_k":10.8216120981071,"summary_csf_mad":123.220994215643,"summary_csf_mean":539.3204345703125,"summary_csf_median":453.73092651367188,"summary_csf_n":178249,"summary_csf_p05":304.39249877929689,"summary_csf_p95":1407.1083007812501,"summary_csf_stdv":340.00393676757812,"summary_gm_k":1.7411306629514911,"summary_gm_mad":66.101219052774724,"summary_gm_mean":761.68701171875,"summary_gm_median":749.623779296875,"summary_gm_n":118671,"summary_gm_p05":651.1112060546875,"summary_gm_p95":918.245849609375,"summary_gm_stdv":81.342315673828125,"summary_wm_k":6.7138908194764344,"summary_wm_mad":47.4843538417399,"summary_wm_mean":1003.9317626953125,"summary_wm_median":1000.02734375,"summary_wm_n":683349,"summary_wm_p05":921.83892822265625,"summary_wm_p95":1095.1371337890625,"summary_wm_stdv":57.070060729980469,"tpm_overlap_csf":0.10559433698654175,"tpm_overlap_gm":0.37579727172851562,"tpm_overlap_wm":0.45854189991950989,"wm2max":0.3618223731801522}