{"bids_meta":{"AcquisitionMatrixPE":320,"AcquisitionNumber":1,"AcquisitionTime":[],"BaseResolution":320,"BodyPartExamined":"BRAIN","ConsistencyInfo":"N4_VE11C_LATEST_20160120","ConversionSoftware":"dcm2niix","ConversionSoftwareVersion":"v1.0.20200427","DeviceSerialNumber":"167017","DwellTime":6.6E-6,"EchoTime":0.00314,"FlipAngle":9,"ImageOrientationPatientDICOM":[-0.051664,0.997553,0.0471063,-0.000188254,0.0471596,-0.998887],"ImageType":["ORIGINAL","PRIMARY","M","ND","NORM","FM","FIL"],"ImagingFrequency":123.25,"InPlanePhaseEncodingDirectionDICOM":"ROW","InstitutionAddress":[],"InstitutionName":[],"InstitutionalDepartmentName":[],"InversionTime":0.9,"MRAcquisitionType":"3D","MagneticFieldStrength":3,"Manufacturer":"Siemens","ManufacturersModelName":"Prisma_fit","Modality":"MR","ParallelReductionFactorInPlane":2,"PartialFourier":1,"PatientPosition":"HFS","PercentPhaseFOV":100,"PercentSampling":100,"PhaseEncodingSteps":319,"PhaseResolution":1,"PixelBandwidth":235,"ProcedureStepDescription":[],"ProtocolName":[],"PulseSequenceDetails":[],"ReceiveCoilActiveElements":"HC1-7","ReceiveCoilName":"HeadNeck_64","ReconMatrixPE":320,"RefLinesPE":32,"RepetitionTime":2.3,"SAR":0.0597947,"ScanOptions":"IR","ScanningSequence":"GR_IR","SequenceName":"_tfl3d1_16ns","SequenceVariant":"SK_SP_MP","SeriesDescription":[],"SeriesNumber":19,"ShimSetting":[301,-11589,-6447,462,-33,-210,6,13],"SliceThickness":0.8,"SoftwareVersions":"syngo_MR_E11","StationName":"MRC35056","TxRefAmp":244.173,"dataset":"MICs","modality":"T1w","run_id":1,"session_id":"01","subject_id":"sub-HC020"},"cjv":0.45460664415792379,"cnr":2.5397936836422286,"efc":0.69424038182699543,"fber":41.9575309753418,"fwhm_avg":3.570870780123212,"fwhm_x":3.5645999468833214,"fwhm_y":3.6241499459959572,"fwhm_z":3.5238624474903579,"icvs_csf":0.20663008355172438,"icvs_gm":0.41428310703933707,"icvs_wm":0.37908680940893857,"inu_med":1.3961930274963379,"inu_range":0.62983787059783936,"provenance":{"md5sum":"f700a3ab8c9a361f138b0ee72937b32a","settings":{"testing":false},"software":"mriqc","version":"0.15.2","warnings":{"large_rot_frame":false,"small_air_mask":false},"webapi_port":[],"webapi_url":"https://mriqc.nimh.nih.gov/api/v1"},"qi_1":0,"qi_2":0.0041243270793603409,"rpve_csf":18.717897130212659,"rpve_gm":9.7887343885452012,"rpve_wm":12.387780001667464,"size_x":224,"size_y":320,"size_z":320,"snr_csf":1.3315562157386158,"snr_gm":9.2394361106931218,"snr_total":9.3680243674619614,"snr_wm":17.533080775954144,"snrd_csf":48.564009523791448,"snrd_gm":80.261160218042377,"snrd_total":78.714857151009824,"snrd_wm":107.31940171119567,"spacing_x":0.800000011920929,"spacing_y":0.800000011920929,"spacing_z":0.800000011920929,"summary_bg_k":19.959066443634097,"summary_bg_mad":6.1047225450450568,"summary_bg_mean":121.23857879638672,"summary_bg_median":121.15511322021484,"summary_bg_n":7.30436E+6,"summary_bg_p05":111.08042907714844,"summary_bg_p95":131.98263549804688,"summary_bg_stdv":7.0694122314453125,"summary_csf_k":10.306039476442978,"summary_csf_mad":112.96019057444065,"summary_csf_mean":537.720703125,"summary_csf_median":452.53143310546875,"summary_csf_n":172247,"summary_csf_p05":307.2529357910156,"summary_csf_p95":1474.9490356445292,"summary_csf_stdv":339.85055541992188,"summary_gm_k":1.2989253697925838,"summary_gm_mad":67.373882480573968,"summary_gm_mean":759.5400390625,"summary_gm_median":747.893310546875,"summary_gm_n":121851,"summary_gm_p05":648.5037841796875,"summary_gm_p95":915.59490966796875,"summary_gm_stdv":80.945442199707031,"summary_wm_k":7.6305532574791393,"summary_wm_mad":47.2485346656275,"summary_wm_mean":1003.9027099609375,"summary_wm_median":1000.0286865234375,"summary_wm_n":681065,"summary_wm_p05":921.8459594726562,"summary_wm_p95":1094.6674560546876,"summary_wm_stdv":57.036636352539062,"tpm_overlap_csf":0.10893372446298599,"tpm_overlap_gm":0.37617042660713196,"tpm_overlap_wm":0.45988729596138,"wm2max":0.35420204619942613}