{"aor":0.00073799713876967089,"aqi":0.010686585393419171,"bids_meta":{"AcquisitionMatrixPE":80,"AcquisitionNumber":1,"AcquisitionTime":[],"BandwidthPerPixelPhaseEncode":23.148,"BaseResolution":80,"BodyPartExamined":"BRAIN","ConsistencyInfo":"N4_VE11C_LATEST_20160120","ConversionSoftware":"dcm2niix","ConversionSoftwareVersion":"v1.0.20200427","DerivedVendorReportedEchoSpacing":0.000540003,"DeviceSerialNumber":"167017","DwellTime":2.6E-6,"EchoTime":0.03,"EchoTrainLength":80,"EffectiveEchoSpacing":0.000540003,"FlipAngle":50,"ImageComments":"Unaliased_MB6_PE3_LB","ImageOrientationPatientDICOM":[1,0,0,0,0.71934,-0.694658],"ImageType":["ORIGINAL","PRIMARY","M","MB","ND","NORM","MOSAIC"],"ImagingFrequency":123.25,"InPlanePhaseEncodingDirectionDICOM":"COL","InstitutionAddress":[],"InstitutionName":[],"InstitutionalDepartmentName":[],"Instructions":"eyes closed","MRAcquisitionType":"2D","MagneticFieldStrength":3,"Manufacturer":"Siemens","ManufacturersModelName":"Prisma_fit","Modality":"MR","MultibandAccelerationFactor":6,"PartialFourier":1,"PatientPosition":"HFS","PercentPhaseFOV":100,"PercentSampling":100,"PhaseEncodingDirection":"j-","PhaseEncodingSteps":80,"PhaseResolution":1,"PixelBandwidth":2405,"ProcedureStepDescription":[],"ProtocolName":[],"PulseSequenceDetails":[],"ReceiveCoilActiveElements":"HC1-7","ReceiveCoilName":"HeadNeck_64","ReconMatrixPE":80,"RepetitionTime":0.6,"SAR":0.061071,"ScanOptions":"FS","ScanningSequence":"EP","SequenceName":"epfid2d1_80","SequenceVariant":"SK_SS","SeriesDescription":[],"SeriesNumber":14,"ShimSetting":[314,-11551,-6445,299,-56,-450,-23,27],"SliceThickness":3,"SliceTiming":[0.5075,0.435,0.3625,0.29,0.2175,0.145,0.0725,0,0.5075,0.435,0.3625,0.29,0.2175,0.145,0.0725,0,0.5075,0.435,0.3625,0.29,0.2175,0.145,0.0725,0,0.5075,0.435,0.3625,0.29,0.2175,0.145,0.0725,0,0.5075,0.435,0.3625,0.29,0.2175,0.145,0.0725,0,0.5075,0.435,0.3625,0.29,0.2175,0.145,0.0725,0],"SoftwareVersions":"syngo_MR_E11","SpacingBetweenSlices":3,"StationName":"MRC35056","TaskName":"rest","TotalReadoutTime":0.0426603,"TxRefAmp":251.877,"WipMemBlock":"286006de-f5f3-4ba9-b268-9e523580a82d||Sequence: R016 ve11c/master r/34fb20f; Nov 20 2017 15:15:15 by eja","acq_id":"AP","dataset":"MICs","modality":"bold","session_id":"01","subject_id":"sub-HC022","task_id":"rest"},"dummy_trs":1,"dvars_nstd":31.065359213968485,"dvars_std":1.1309428228510032,"dvars_vstd":1.0074132541547272,"efc":0.45528354360440826,"fber":5286.119140625,"fd_mean":0.12902199554172639,"fd_num":106,"fd_perc":15.164520743919885,"fwhm_avg":2.43324,"fwhm_x":2.2811,"fwhm_y":2.6969166666666666,"fwhm_z":2.3217033333333332,"gcor":0.00543538,"gsr_x":-0.017126861959695816,"gsr_y":0.012216362170875072,"provenance":{"md5sum":"b8035f417c3c51165e65d9a6bf7f8d0d","settings":{"fd_thres":0.2,"hmc_fsl":false,"testing":false},"software":"mriqc","version":"0.15.2","webapi_port":[],"webapi_url":"https://mriqc.nimh.nih.gov/api/v1"},"size_t":699,"size_x":80,"size_y":80,"size_z":48,"snr":4.1896863923459406,"spacing_tr":0.60000002384185791,"spacing_x":3,"spacing_y":3,"spacing_z":3,"summary_bg_k":32.092877921059362,"summary_bg_mad":63.336174738120434,"summary_bg_mean":262.96340942382812,"summary_bg_median":78.570816040039062,"summary_bg_n":209291,"summary_bg_p05":23.79542350769043,"summary_bg_p95":1122.8348388671875,"summary_bg_stdv":558.7947998046875,"summary_fg_k":3.6721728456441776,"summary_fg_mad":1056.0326571574012,"summary_fg_mean":5982.21484375,"summary_fg_median":5945.8369140625,"summary_fg_n":49347,"summary_fg_p05":3871.4956787109377,"summary_fg_p95":8121.2369140624978,"summary_fg_stdv":1419.14599609375,"tsnr":40.29032751894556}