{"aor":0.056451666666666671,"aqi":0.0063149916666666661,"bids_meta":{"AcquisitionMatrixPE":80,"AcquisitionNumber":1,"AcquisitionTime":[],"BandwidthPerPixelPhaseEncode":23.148,"BaseResolution":80,"BodyPartExamined":"BRAIN","ConsistencyInfo":"N4_VE11C_LATEST_20160120","ConversionSoftware":"dcm2niix","ConversionSoftwareVersion":"v1.0.20200427","DerivedVendorReportedEchoSpacing":0.000540003,"DeviceSerialNumber":"167017","DwellTime":3E-6,"EchoTime":0.048,"EchoTrainLength":80,"EffectiveEchoSpacing":0.000540003,"FlipAngle":90,"ImageComments":"Unaliased_MB6_PE3_LB","ImageOrientationPatientDICOM":[1,0,0,0,0.71934,-0.694658],"ImageType":["ORIGINAL","PRIMARY","M","ND","NORM","MOSAIC"],"ImagingFrequency":123.25,"InPlanePhaseEncodingDirectionDICOM":"COL","InstitutionAddress":[],"InstitutionName":[],"InstitutionalDepartmentName":[],"Instructions":"eyes closed","MRAcquisitionType":"2D","MagneticFieldStrength":3,"Manufacturer":"Siemens","ManufacturersModelName":"Prisma_fit","Modality":"MR","PartialFourier":1,"PatientPosition":"HFS","PercentPhaseFOV":100,"PercentSampling":100,"PhaseEncodingDirection":"j","PhaseEncodingSteps":80,"PhaseResolution":1,"PixelBandwidth":2085,"ProcedureStepDescription":[],"ProtocolName":[],"PulseSequenceDetails":[],"ReceiveCoilActiveElements":"HC1-7","ReceiveCoilName":"HeadNeck_64","ReconMatrixPE":80,"RepetitionTime":4.029,"SAR":0.210642,"ScanOptions":"FS","ScanningSequence":"EP","SequenceName":"epse2d1_80","SequenceVariant":"SK","SeriesDescription":[],"SeriesNumber":16,"ShimSetting":[314,-11551,-6445,299,-56,-450,-23,27],"SliceThickness":3,"SliceTiming":[3.925,3.8425,3.7575,3.675,3.59,3.5075,3.425,3.34,3.2575,3.1725,3.09,3.005,2.9225,2.84,2.755,2.6725,2.5875,2.505,2.4225,2.3375,2.255,2.17,2.0875,2.005,1.92,1.8375,1.7525,1.67,1.5875,1.5025,1.42,1.335,1.2525,1.1675,1.085,1.0025,0.9175,0.835,0.75,0.6675,0.585,0.5,0.4175,0.3325,0.25,0.1675,0.0825,0],"SoftwareVersions":"syngo_MR_E11","SpacingBetweenSlices":3,"StationName":"MRC35056","TaskName":"rest","TotalReadoutTime":0.0426603,"TxRefAmp":251.877,"WipMemBlock":"8d81ad3d-dc2f-4e5f-b0e1-0a1e51fe8ceb||Sequence: R016 ve11c/master r/34fb20f; Nov 20 2017 15:30:40 by eja","acq_id":"PAse","dataset":"MICs","modality":"bold","session_id":"01","subject_id":"sub-HC022","task_id":"rest"},"dummy_trs":0,"dvars_nstd":76.759637452,"dvars_std":2.845464802,"dvars_vstd":4.624662972,"efc":0.49825871849875275,"fber":756.11895751953125,"fd_mean":0.20897546255314756,"fd_num":2,"fd_perc":33.333333333333336,"fwhm_avg":1.8425666666666667,"fwhm_x":1.9622766666666667,"fwhm_y":1.6855,"fwhm_z":1.8799233333333334,"gcor":0.00685864,"gsr_x":-0.032624397426843643,"gsr_y":0.011129722930490971,"provenance":{"md5sum":"376bd190e9c74d8778a413e570c76487","settings":{"fd_thres":0.2,"hmc_fsl":false,"testing":false},"software":"mriqc","version":"0.15.2","webapi_port":[],"webapi_url":"https://mriqc.nimh.nih.gov/api/v1"},"size_t":6,"size_x":80,"size_y":80,"size_z":48,"snr":2.4204672508168414,"spacing_tr":4.0289998054504395,"spacing_x":3,"spacing_y":3,"spacing_z":3,"summary_bg_k":113.10477469359758,"summary_bg_mad":175.25355431992071,"summary_bg_mean":759.451171875,"summary_bg_median":299.066162109375,"summary_bg_n":207677,"summary_bg_p05":124.15906677246096,"summary_bg_p95":3374.9163574218751,"summary_bg_stdv":1298.2906494140625,"summary_fg_k":18.672440395664747,"summary_fg_mad":2266.3066199199006,"summary_fg_mean":9350.6982421875,"summary_fg_median":8745.2578125,"summary_fg_n":50846,"summary_fg_p05":5068.1259765625,"summary_fg_p95":15251.07080078125,"summary_fg_stdv":3613.009765625,"tsnr":52.397758483886719}