{"aor":0.041868333333333334,"aqi":0.004861435,"bids_meta":{"AcquisitionMatrixPE":80,"AcquisitionNumber":1,"AcquisitionTime":[],"BandwidthPerPixelPhaseEncode":23.148,"BaseResolution":80,"BodyPartExamined":"BRAIN","ConsistencyInfo":"N4_VE11C_LATEST_20160120","ConversionSoftware":"dcm2niix","ConversionSoftwareVersion":"v1.0.20200427","DerivedVendorReportedEchoSpacing":0.000540003,"DeviceSerialNumber":"167017","DwellTime":3E-6,"EchoTime":0.048,"EchoTrainLength":80,"EffectiveEchoSpacing":0.000540003,"FlipAngle":90,"ImageComments":"Unaliased_MB6_PE3_LB","ImageOrientationPatientDICOM":[1,0,0,0,0.71934,-0.694658],"ImageType":["ORIGINAL","PRIMARY","M","ND","NORM","MOSAIC"],"ImagingFrequency":123.25,"InPlanePhaseEncodingDirectionDICOM":"COL","InstitutionAddress":[],"InstitutionName":[],"InstitutionalDepartmentName":[],"Instructions":"eyes closed","MRAcquisitionType":"2D","MagneticFieldStrength":3,"Manufacturer":"Siemens","ManufacturersModelName":"Prisma_fit","Modality":"MR","PartialFourier":1,"PatientPosition":"HFS","PercentPhaseFOV":100,"PercentSampling":100,"PhaseEncodingDirection":"j-","PhaseEncodingSteps":80,"PhaseResolution":1,"PixelBandwidth":2085,"ProcedureStepDescription":[],"ProtocolName":[],"PulseSequenceDetails":[],"ReceiveCoilActiveElements":"HC1-7","ReceiveCoilName":"HeadNeck_64","ReconMatrixPE":80,"RepetitionTime":4.029,"SAR":0.210642,"ScanOptions":"FS","ScanningSequence":"EP","SequenceName":"epse2d1_80","SequenceVariant":"SK","SeriesDescription":[],"SeriesNumber":15,"ShimSetting":[314,-11551,-6445,299,-56,-450,-23,27],"SliceThickness":3,"SliceTiming":[3.925,3.8425,3.76,3.675,3.5925,3.5075,3.425,3.34,3.2575,3.175,3.09,3.0075,2.9225,2.84,2.7575,2.6725,2.59,2.505,2.4225,2.34,2.255,2.1725,2.0875,2.005,1.9225,1.8375,1.755,1.67,1.5875,1.505,1.42,1.3375,1.2525,1.17,1.085,1.0025,0.92,0.835,0.7525,0.6675,0.585,0.5025,0.4175,0.335,0.25,0.1675,0.085,0],"SoftwareVersions":"syngo_MR_E11","SpacingBetweenSlices":3,"StationName":"MRC35056","TaskName":"rest","TotalReadoutTime":0.0426603,"TxRefAmp":251.877,"WipMemBlock":"c73dc620-7523-4fd2-9e4c-250261f6ce43||Sequence: R016 ve11c/master r/34fb20f; Nov 20 2017 15:30:40 by eja","acq_id":"APse","dataset":"MICs","modality":"bold","session_id":"01","subject_id":"sub-HC022","task_id":"rest"},"dummy_trs":0,"dvars_nstd":66.396260070000011,"dvars_std":2.515666532,"dvars_vstd":3.9241910000000004,"efc":0.51234616114648834,"fber":638.5745849609375,"fd_mean":0.32444438455186947,"fd_num":4,"fd_perc":66.666666666666671,"fwhm_avg":1.8697855555555556,"fwhm_x":1.9748,"fwhm_y":1.8146466666666665,"fwhm_z":1.8199100000000001,"gcor":0.00199295,"gsr_x":-0.037473376840353012,"gsr_y":0.020940179005265236,"provenance":{"md5sum":"af85cf19b48792410a27fb65e95d2209","settings":{"fd_thres":0.2,"hmc_fsl":false,"testing":false},"software":"mriqc","version":"0.15.2","webapi_port":[],"webapi_url":"https://mriqc.nimh.nih.gov/api/v1"},"size_t":6,"size_x":80,"size_y":80,"size_z":48,"snr":2.5040092018072646,"spacing_tr":4.0289998054504395,"spacing_x":3,"spacing_y":3,"spacing_z":3,"summary_bg_k":27.407980151321212,"summary_bg_mad":188.60699614900162,"summary_bg_mean":745.86474609375,"summary_bg_median":303.9107666015625,"summary_bg_n":203986,"summary_bg_p05":123.88329315185547,"summary_bg_p95":3451.7529907226562,"summary_bg_stdv":1267.960693359375,"summary_fg_k":22.8691698941852,"summary_fg_mad":1996.1132245002223,"summary_fg_mean":8534.0791015625,"summary_fg_median":8093.09423828125,"summary_fg_n":54132,"summary_fg_p05":4052.4815551757811,"summary_fg_p95":13701.875537109376,"summary_fg_stdv":3232.024658203125,"tsnr":65.46575927734375}