{"bids_meta":{"AcquisitionMatrixPE":320,"AcquisitionNumber":1,"AcquisitionTime":[],"BaseResolution":320,"BodyPartExamined":"BRAIN","ConsistencyInfo":"N4_VE11C_LATEST_20160120","ConversionSoftware":"dcm2niix","ConversionSoftwareVersion":"v1.0.20200427","DeviceSerialNumber":"167017","DwellTime":6.6E-6,"EchoTime":0.00314,"FlipAngle":9,"ImageOrientationPatientDICOM":[-0.0149671,0.998445,0.0537002,0.0326434,0.0541655,-0.997998],"ImageType":["ORIGINAL","PRIMARY","M","ND","NORM","FM","FIL"],"ImagingFrequency":123.25,"InPlanePhaseEncodingDirectionDICOM":"ROW","InstitutionAddress":[],"InstitutionName":[],"InstitutionalDepartmentName":[],"InversionTime":0.9,"MRAcquisitionType":"3D","MagneticFieldStrength":3,"Manufacturer":"Siemens","ManufacturersModelName":"Prisma_fit","Modality":"MR","ParallelReductionFactorInPlane":2,"PartialFourier":1,"PatientPosition":"HFS","PercentPhaseFOV":100,"PercentSampling":100,"PhaseEncodingSteps":319,"PhaseResolution":1,"PixelBandwidth":235,"ProcedureStepDescription":[],"ProtocolName":[],"PulseSequenceDetails":[],"ReceiveCoilActiveElements":"HC1-7","ReceiveCoilName":"HeadNeck_64","ReconMatrixPE":320,"RefLinesPE":32,"RepetitionTime":2.3,"SAR":0.0531643,"ScanOptions":"IR","ScanningSequence":"GR_IR","SequenceName":"_tfl3d1_16ns","SequenceVariant":"SK_SP_MP","SeriesDescription":[],"SeriesNumber":25,"ShimSetting":[336,-11584,-6477,413,41,-158,-68,35],"SliceThickness":0.8,"SoftwareVersions":"syngo_MR_E11","StationName":"MRC35056","TxRefAmp":232.187,"dataset":"MICs","modality":"T1w","run_id":1,"session_id":"01","subject_id":"sub-HC037"},"cjv":0.4936930274036706,"cnr":2.4149742670042738,"efc":0.64978526926048663,"fber":43.993339538574219,"fwhm_avg":3.4035916159491997,"fwhm_x":3.4165249490898111,"fwhm_y":3.4251749489609158,"fwhm_z":3.3690749497968713,"icvs_csf":0.20733137679487784,"icvs_gm":0.41871877863933948,"icvs_wm":0.37394984456578267,"inu_med":1.4569132328033447,"inu_range":0.57258881330490108,"provenance":{"md5sum":"cf915f8dde11842f12f3b5fc1df483c2","settings":{"testing":false},"software":"mriqc","version":"0.15.2","warnings":{"large_rot_frame":false,"small_air_mask":false},"webapi_port":[],"webapi_url":"https://mriqc.nimh.nih.gov/api/v1"},"qi_1":0,"qi_2":0.0041710022777485091,"rpve_csf":21.083135334717241,"rpve_gm":10.934638962482936,"rpve_wm":14.113790001922945,"size_x":224,"size_y":320,"size_z":320,"snr_csf":1.3714339637513762,"snr_gm":9.0026579548905268,"snr_total":9.4182740369963351,"snr_wm":17.8807301923471,"snrd_csf":50.83260279126231,"snrd_gm":86.715456284202887,"snrd_total":84.110440600894677,"snrd_wm":114.78326272721887,"spacing_x":0.800000011920929,"spacing_y":0.800000011920929,"spacing_z":0.800000011920929,"summary_bg_k":9114.0513773281546,"summary_bg_mad":5.7077448064009264,"summary_bg_mean":115.40800476074219,"summary_bg_median":115.31455230712891,"summary_bg_n":8.217115E+6,"summary_bg_p05":105.92450485229492,"summary_bg_p95":125.58662567138671,"summary_bg_stdv":9.1104879379272461,"summary_csf_k":12.352183826268638,"summary_csf_mad":98.388266718825761,"summary_csf_mean":523.05902099609375,"summary_csf_median":442.868896484375,"summary_csf_n":148781,"summary_csf_p05":305.56964111328125,"summary_csf_p95":1353.9481201171875,"summary_csf_stdv":322.92288208007812,"summary_gm_k":1.2619535107122966,"summary_gm_mad":73.551512378824725,"summary_gm_mean":763.88848876953125,"summary_gm_median":755.4910888671875,"summary_gm_n":90139,"summary_gm_p05":642.7611328125,"summary_gm_p95":917.98168334960928,"summary_gm_stdv":83.918205261230469,"summary_wm_k":4.6768651765056974,"summary_wm_mad":47.173789216867391,"summary_wm_mean":1003.42138671875,"summary_wm_median":1000.0262451171875,"summary_wm_n":582252,"summary_wm_p05":921.06373901367192,"summary_wm_p95":1094.48388671875,"summary_wm_stdv":55.927547454833984,"tpm_overlap_csf":0.12098749727010727,"tpm_overlap_gm":0.38116464018821716,"tpm_overlap_wm":0.4749813973903656,"wm2max":0.32157318854621741}