{"bids_meta":{"AcquisitionMatrixPE":320,"AcquisitionNumber":1,"AcquisitionTime":[],"BaseResolution":320,"BodyPartExamined":"BRAIN","ConsistencyInfo":"N4_VE11C_LATEST_20160120","ConversionSoftware":"dcm2niix","ConversionSoftwareVersion":"v1.0.20200427","DeviceSerialNumber":"167017","DwellTime":6.6E-6,"EchoTime":0.00314,"FlipAngle":9,"ImageOrientationPatientDICOM":[-0.0406175,0.999159,-0.00558092,0.0385612,-0.00401384,-0.999248],"ImageType":["ORIGINAL","PRIMARY","M","ND","NORM","FM","FIL"],"ImagingFrequency":123.25,"InPlanePhaseEncodingDirectionDICOM":"ROW","InstitutionAddress":[],"InstitutionName":[],"InstitutionalDepartmentName":[],"InversionTime":0.9,"MRAcquisitionType":"3D","MagneticFieldStrength":3,"Manufacturer":"Siemens","ManufacturersModelName":"Prisma_fit","Modality":"MR","ParallelReductionFactorInPlane":2,"PartialFourier":1,"PatientPosition":"HFS","PercentPhaseFOV":100,"PercentSampling":100,"PhaseEncodingSteps":319,"PhaseResolution":1,"PixelBandwidth":235,"ProcedureStepDescription":[],"ProtocolName":[],"PulseSequenceDetails":[],"ReceiveCoilActiveElements":"HC1-7","ReceiveCoilName":"HeadNeck_64","ReconMatrixPE":320,"RefLinesPE":32,"RepetitionTime":2.3,"SAR":0.0510852,"ScanOptions":"IR","ScanningSequence":"GR_IR","SequenceName":"_tfl3d1_16ns","SequenceVariant":"SK_SP_MP","SeriesDescription":[],"SeriesNumber":7,"ShimSetting":[327,-11584,-6479,460,11,-239,-70,18],"SliceThickness":0.8,"SoftwareVersions":"syngo_MR_E11","StationName":"MRC35056","TxRefAmp":230.004,"dataset":"MICs","modality":"T1w","run_id":2,"session_id":"01","subject_id":"sub-HC037"},"cjv":0.496193825061527,"cnr":2.4821176651294112,"efc":0.6462897946524766,"fber":44.17730712890625,"fwhm_avg":3.3532916166987277,"fwhm_x":3.3850874495582666,"fwhm_y":3.3631499498851603,"fwhm_z":3.3116374506527562,"icvs_csf":0.202346132054939,"icvs_gm":0.42015243749293674,"icvs_wm":0.37750143045212425,"inu_med":1.4440016746520996,"inu_range":0.543656051158905,"provenance":{"md5sum":"78006d3d4d07bd5fe275a56e37f9252b","settings":{"testing":false},"software":"mriqc","version":"0.15.2","warnings":{"large_rot_frame":false,"small_air_mask":false},"webapi_port":[],"webapi_url":"https://mriqc.nimh.nih.gov/api/v1"},"qi_1":0,"qi_2":0.0039040719753968118,"rpve_csf":21.915272887959542,"rpve_gm":11.206752536789965,"rpve_wm":14.438724689460399,"size_x":224,"size_y":320,"size_z":320,"snr_csf":1.3731820759862909,"snr_gm":9.7937932299307775,"snr_total":9.4650777961289929,"snr_wm":17.22825808246991,"snrd_csf":52.335604987193221,"snrd_gm":89.212065306119342,"snrd_total":86.362366473625514,"snrd_wm":117.53942912756398,"spacing_x":0.800000011920929,"spacing_y":0.800000011920929,"spacing_z":0.800000011920929,"summary_bg_k":44.621749089972468,"summary_bg_mad":5.5739427613973964,"summary_bg_mean":115.35361480712891,"summary_bg_median":115.29751586914062,"summary_bg_n":8.220574E+6,"summary_bg_p05":106.21037292480469,"summary_bg_p95":125.29716491699219,"summary_bg_stdv":7.2550158500671387,"summary_csf_k":12.051262792861772,"summary_csf_mad":92.639450374221454,"summary_csf_mean":527.33428955078125,"summary_csf_median":445.27471923828125,"summary_csf_n":131038,"summary_csf_p05":311.61683502197269,"summary_csf_p95":1350.258026123046,"summary_csf_stdv":324.26364135742188,"summary_gm_k":0.72582021662522633,"summary_gm_mad":71.308063025724692,"summary_gm_mean":765.643310546875,"summary_gm_median":759.02203369140625,"summary_gm_n":87675,"summary_gm_p05":649.83317260742183,"summary_gm_p95":904.95814819335942,"summary_gm_stdv":77.499870300292969,"summary_wm_k":5.6548056280659136,"summary_wm_mad":48.280130447546682,"summary_wm_mean":1005.087890625,"summary_wm_median":1000.0330810546875,"summary_wm_n":578213,"summary_wm_p05":923.26981201171873,"summary_wm_p95":1101.6108642578126,"summary_wm_stdv":58.046043395996094,"tpm_overlap_csf":0.12817373871803284,"tpm_overlap_gm":0.39006248116493225,"tpm_overlap_wm":0.480381041765213,"wm2max":0.30632961721121071}