{"bids_meta":{"AcquisitionMatrixPE":320,"AcquisitionNumber":1,"AcquisitionTime":[],"BaseResolution":320,"BodyPartExamined":"BRAIN","ConsistencyInfo":"N4_VE11C_LATEST_20160120","ConversionSoftware":"dcm2niix","ConversionSoftwareVersion":"v1.0.20200427","DeviceSerialNumber":"167017","DwellTime":6.6E-6,"EchoTime":0.00314,"FlipAngle":9,"ImageOrientationPatientDICOM":[0.048113,0.989651,0.135187,0.0188859,0.134418,-0.990745],"ImageType":["ORIGINAL","PRIMARY","M","ND","NORM","FM","FIL"],"ImagingFrequency":123.25,"InPlanePhaseEncodingDirectionDICOM":"ROW","InstitutionAddress":[],"InstitutionName":[],"InstitutionalDepartmentName":[],"InversionTime":0.9,"MRAcquisitionType":"3D","MagneticFieldStrength":3,"Manufacturer":"Siemens","ManufacturersModelName":"Prisma_fit","Modality":"MR","ParallelReductionFactorInPlane":2,"PartialFourier":1,"PatientPosition":"HFS","PercentPhaseFOV":100,"PercentSampling":100,"PhaseEncodingSteps":319,"PhaseResolution":1,"PixelBandwidth":235,"ProcedureStepDescription":[],"ProtocolName":[],"PulseSequenceDetails":[],"ReceiveCoilActiveElements":"HC1-7","ReceiveCoilName":"HeadNeck_64","ReconMatrixPE":320,"RefLinesPE":32,"RepetitionTime":2.3,"SAR":0.0444932,"ScanOptions":"IR","ScanningSequence":"GR_IR","SequenceName":"_tfl3d1_16ns","SequenceVariant":"SK_SP_MP","SeriesDescription":[],"SeriesNumber":7,"ShimSetting":[314,-11625,-6465,421,6,-380,-32,46],"SliceThickness":0.8,"SoftwareVersions":"syngo_MR_E11","StationName":"MRC35056","TxRefAmp":220.38,"dataset":"MICs","modality":"T1w","run_id":2,"session_id":"01","subject_id":"sub-HC034"},"cjv":0.59007071796716926,"cnr":1.8935239391416234,"efc":0.67071836662251083,"fber":32.879386901855469,"fwhm_avg":3.4020041159728547,"fwhm_x":3.4425999487012633,"fwhm_y":3.398649949356169,"fwhm_z":3.3647624498611322,"icvs_csf":0.19582517109206263,"icvs_gm":0.43609335980864383,"icvs_wm":0.36808146909929351,"inu_med":1.417049765586853,"inu_range":0.63761970996856676,"provenance":{"md5sum":"5275230bd4178e5305310aabad2ecff8","settings":{"testing":false},"software":"mriqc","version":"0.15.2","warnings":{"large_rot_frame":false,"small_air_mask":false},"webapi_port":[],"webapi_url":"https://mriqc.nimh.nih.gov/api/v1"},"qi_1":0,"qi_2":0.0042848521589783171,"rpve_csf":25.224415865488346,"rpve_gm":12.103152539545745,"rpve_wm":16.096811514309845,"size_x":224,"size_y":320,"size_z":320,"snr_csf":1.0838660721236397,"snr_gm":7.7989435940414236,"snr_total":9.3743305993257042,"snr_wm":19.240182131812048,"snrd_csf":47.7047303975754,"snrd_gm":78.935126377900673,"snrd_total":75.9611656168389,"snrd_wm":101.24364007504064,"spacing_x":0.800000011920929,"spacing_y":0.800000011920929,"spacing_z":0.800000011920929,"summary_bg_k":6962.26199605704,"summary_bg_mad":6.4710238828058,"summary_bg_mean":138.01177978515625,"summary_bg_median":137.64866638183594,"summary_bg_n":8.410706E+6,"summary_bg_p05":127.05769920349121,"summary_bg_p95":148.87202453613281,"summary_bg_stdv":29.091434478759766,"summary_csf_k":3.7433707904579823,"summary_csf_mad":119.74089679625284,"summary_csf_mean":631.11907958984375,"summary_csf_median":471.19723510742188,"summary_csf_n":135261,"summary_csf_p05":325.66867065429688,"summary_csf_p95":1784.5267333984375,"summary_csf_stdv":434.73590087890625,"summary_gm_k":0.653438271560002,"summary_gm_mad":84.241785632394482,"summary_gm_mean":800.009765625,"summary_gm_median":779.67138671875,"summary_gm_n":134708,"summary_gm_p05":669.7525573730469,"summary_gm_p95":999.62912597656236,"summary_gm_stdv":99.971038818359375,"summary_wm_k":2.3984434971322752,"summary_wm_mad":45.779958530121675,"summary_wm_mean":1001.6953125,"summary_wm_median":1000.0208129882812,"summary_wm_n":539763,"summary_wm_p05":921.35794677734384,"summary_wm_p95":1086.8205810546874,"summary_wm_stdv":51.975593566894531,"tpm_overlap_csf":0.10221701860427856,"tpm_overlap_gm":0.36779466271400452,"tpm_overlap_wm":0.48156291246414185,"wm2max":0.32859940072207128}