{"bids_meta":{"AcquisitionMatrixPE":320,"AcquisitionNumber":1,"AcquisitionTime":[],"BaseResolution":320,"BodyPartExamined":"BRAIN","ConsistencyInfo":"N4_VE11C_LATEST_20160120","ConversionSoftware":"dcm2niix","ConversionSoftwareVersion":"v1.0.20200427","DeviceSerialNumber":"167017","DwellTime":6.6E-6,"EchoTime":0.00314,"FlipAngle":9,"ImageOrientationPatientDICOM":[0.048113,0.989651,0.135187,0.0188859,0.134418,-0.990745],"ImageType":["ORIGINAL","PRIMARY","M","ND","NORM","FM","FIL"],"ImagingFrequency":123.25,"InPlanePhaseEncodingDirectionDICOM":"ROW","InstitutionAddress":[],"InstitutionName":[],"InstitutionalDepartmentName":[],"InversionTime":0.9,"MRAcquisitionType":"3D","MagneticFieldStrength":3,"Manufacturer":"Siemens","ManufacturersModelName":"Prisma_fit","Modality":"MR","ParallelReductionFactorInPlane":2,"PartialFourier":1,"PatientPosition":"HFS","PercentPhaseFOV":100,"PercentSampling":100,"PhaseEncodingSteps":319,"PhaseResolution":1,"PixelBandwidth":235,"ProcedureStepDescription":[],"ProtocolName":[],"PulseSequenceDetails":[],"ReceiveCoilActiveElements":"HC1-7","ReceiveCoilName":"HeadNeck_64","ReconMatrixPE":320,"RefLinesPE":32,"RepetitionTime":2.3,"SAR":0.0444932,"ScanOptions":"IR","ScanningSequence":"GR_IR","SequenceName":"_tfl3d1_16ns","SequenceVariant":"SK_SP_MP","SeriesDescription":[],"SeriesNumber":19,"ShimSetting":[314,-11625,-6465,421,6,-380,-32,46],"SliceThickness":0.8,"SoftwareVersions":"syngo_MR_E11","StationName":"MRC35056","TxRefAmp":220.38,"dataset":"MICs","modality":"T1w","run_id":1,"session_id":"01","subject_id":"sub-HC034"},"cjv":0.65526456642045849,"cnr":1.7834662550889782,"efc":0.675768192911723,"fber":31.184011459350586,"fwhm_avg":3.4454374486589816,"fwhm_x":3.4865999480456122,"fwhm_y":3.439974948740379,"fwhm_z":3.4097374491909527,"icvs_csf":0.20866872148151017,"icvs_gm":0.43228912845633771,"icvs_wm":0.35904215006215212,"inu_med":1.4055495262145996,"inu_range":0.67853244543075553,"provenance":{"md5sum":"8c927854fe07db001a8dac7f1b7c2481","settings":{"testing":false},"software":"mriqc","version":"0.15.2","warnings":{"large_rot_frame":false,"small_air_mask":false},"webapi_port":[],"webapi_url":"https://mriqc.nimh.nih.gov/api/v1"},"qi_1":0,"qi_2":0.0044281609997309408,"rpve_csf":23.079981809655671,"rpve_gm":11.745830255544302,"rpve_wm":15.890732642675772,"size_x":224,"size_y":320,"size_z":320,"snr_csf":1.1312033822760317,"snr_gm":7.5921609105500982,"snr_total":8.90782708979732,"snr_wm":18.000116976565831,"snrd_csf":46.475339058243918,"snrd_gm":77.314059465854783,"snrd_total":74.105965401947628,"snrd_wm":98.52849768174417,"spacing_x":0.800000011920929,"spacing_y":0.800000011920929,"spacing_z":0.800000011920929,"summary_bg_k":6837.6570648757388,"summary_bg_mad":6.6493474299763689,"summary_bg_mean":141.86419677734375,"summary_bg_median":141.51239013671875,"summary_bg_n":8.311236E+6,"summary_bg_p05":130.62881088256836,"summary_bg_p95":153.00657653808594,"summary_bg_stdv":28.399442672729492,"summary_csf_k":4.3662412185027613,"summary_csf_mad":121.26308876516103,"summary_csf_mean":615.79779052734375,"summary_csf_median":471.704345703125,"summary_csf_n":156100,"summary_csf_p05":322.89083251953127,"summary_csf_p95":1741.3032348632812,"summary_csf_stdv":416.9920654296875,"summary_gm_k":0.23510605424114717,"summary_gm_mad":92.960172597911551,"summary_gm_mean":805.041748046875,"summary_gm_median":784.703857421875,"summary_gm_n":138423,"summary_gm_p05":666.5268432617188,"summary_gm_p95":1003.043829345703,"summary_gm_stdv":103.35674285888672,"summary_wm_k":3.5784063638746275,"summary_wm_mad":48.129598905158737,"summary_wm_mean":1002.4033813476562,"summary_wm_median":1000.0211181640625,"summary_wm_n":540778,"summary_wm_p05":918.2782043457031,"summary_wm_p95":1092.6566223144532,"summary_wm_stdv":55.556316375732422,"tpm_overlap_csf":0.092520475387573242,"tpm_overlap_gm":0.35474658012390137,"tpm_overlap_wm":0.47703301906585693,"wm2max":0.32602255605937647}