{"aor":0.00050131994261119078,"aqi":0.0079730439024390254,"bids_meta":{"AcquisitionMatrixPE":80,"AcquisitionNumber":1,"AcquisitionTime":[],"BandwidthPerPixelPhaseEncode":23.148,"BaseResolution":80,"BodyPartExamined":"BRAIN","ConsistencyInfo":"N4_VE11C_LATEST_20160120","ConversionSoftware":"dcm2niix","ConversionSoftwareVersion":"v1.0.20200427","DerivedVendorReportedEchoSpacing":0.000540003,"DeviceSerialNumber":"167017","DwellTime":2.6E-6,"EchoTime":0.03,"EchoTrainLength":80,"EffectiveEchoSpacing":0.000540003,"FlipAngle":50,"ImageComments":"Unaliased_MB6_PE3_LB","ImageOrientationPatientDICOM":[1,0,0,0,0.838671,-0.544639],"ImageType":["ORIGINAL","PRIMARY","M","MB","ND","NORM","MOSAIC"],"ImagingFrequency":123.25,"InPlanePhaseEncodingDirectionDICOM":"COL","InstitutionAddress":[],"InstitutionName":[],"InstitutionalDepartmentName":[],"Instructions":"eyes closed","MRAcquisitionType":"2D","MagneticFieldStrength":3,"Manufacturer":"Siemens","ManufacturersModelName":"Prisma_fit","Modality":"MR","MultibandAccelerationFactor":6,"PartialFourier":1,"PatientPosition":"HFS","PercentPhaseFOV":100,"PercentSampling":100,"PhaseEncodingDirection":"j-","PhaseEncodingSteps":80,"PhaseResolution":1,"PixelBandwidth":2405,"ProcedureStepDescription":[],"ProtocolName":[],"PulseSequenceDetails":[],"ReceiveCoilActiveElements":"HC1-7","ReceiveCoilName":"HeadNeck_64","ReconMatrixPE":80,"RepetitionTime":0.6,"SAR":0.0529857,"ScanOptions":"FS","ScanningSequence":"EP","SequenceName":"epfid2d1_80","SequenceVariant":"SK_SS","SeriesDescription":[],"SeriesNumber":14,"ShimSetting":[325,-11578,-6422,472,31,-82,3,10],"SliceThickness":3,"SliceTiming":[0.5075,0.435,0.3625,0.29,0.2175,0.145,0.0725,0,0.5075,0.435,0.3625,0.29,0.2175,0.145,0.0725,0,0.5075,0.435,0.3625,0.29,0.2175,0.145,0.0725,0,0.5075,0.435,0.3625,0.29,0.2175,0.145,0.0725,0,0.5075,0.435,0.3625,0.29,0.2175,0.145,0.0725,0,0.5075,0.435,0.3625,0.29,0.2175,0.145,0.0725,0],"SoftwareVersions":"syngo_MR_E11","SpacingBetweenSlices":3,"StationName":"MRC35056","TaskName":"rest","TotalReadoutTime":0.0426603,"TxRefAmp":245.214,"WipMemBlock":"d8ce9c40-5e2a-4b20-8962-a5196d10c28e||Sequence: R016 ve11c/master r/34fb20f; Nov 20 2017 15:15:15 by eja","acq_id":"AP","dataset":"MICs","modality":"bold","session_id":"01","subject_id":"sub-HC017","task_id":"rest"},"dummy_trs":3,"dvars_nstd":31.559177469885071,"dvars_std":1.1690534070833327,"dvars_vstd":0.98273315727011479,"efc":0.43575398441709551,"fber":6973.01220703125,"fd_mean":0.14967052372256906,"fd_num":182,"fd_perc":26.11190817790531,"fwhm_avg":2.4732222222222227,"fwhm_x":2.2771733333333333,"fwhm_y":2.7350566666666669,"fwhm_z":2.4074366666666669,"gcor":0.00767918,"gsr_x":-0.021335845813155174,"gsr_y":0.021173778921365738,"provenance":{"md5sum":"db896842cfc58e44cea352637ccbb5a0","settings":{"fd_thres":0.2,"hmc_fsl":false,"testing":false},"software":"mriqc","version":"0.15.2","webapi_port":[],"webapi_url":"https://mriqc.nimh.nih.gov/api/v1"},"size_t":697,"size_x":80,"size_y":80,"size_z":48,"snr":3.8343845706595916,"spacing_tr":0.60000002384185791,"spacing_x":3,"spacing_y":3,"spacing_z":3,"summary_bg_k":36.876608375398284,"summary_bg_mad":52.327136125666193,"summary_bg_mean":271.21163940429688,"summary_bg_median":73.111907958984375,"summary_bg_n":214581,"summary_bg_p05":28.532281875610352,"summary_bg_p95":1273.25390625,"summary_bg_stdv":590.14288330078125,"summary_fg_k":3.2259373092288284,"summary_fg_mad":1243.3226719808672,"summary_fg_mean":6443.0224609375,"summary_fg_median":6373.06591796875,"summary_fg_n":45380,"summary_fg_p05":3969.9863403320314,"summary_fg_p95":8946.9211914062471,"summary_fg_stdv":1662.0648193359375,"tsnr":44.557765961391851}