{"aor":0.038483333333333335,"aqi":0.006600193333333333,"bids_meta":{"AcquisitionMatrixPE":80,"AcquisitionNumber":1,"AcquisitionTime":[],"BandwidthPerPixelPhaseEncode":23.148,"BaseResolution":80,"BodyPartExamined":"BRAIN","ConsistencyInfo":"N4_VE11C_LATEST_20160120","ConversionSoftware":"dcm2niix","ConversionSoftwareVersion":"v1.0.20200427","DerivedVendorReportedEchoSpacing":0.000540003,"DeviceSerialNumber":"167017","DwellTime":3E-6,"EchoTime":0.048,"EchoTrainLength":80,"EffectiveEchoSpacing":0.000540003,"FlipAngle":90,"ImageComments":"Unaliased_MB6_PE3_LB","ImageOrientationPatientDICOM":[1,0,0,0,0.838671,-0.544639],"ImageType":["ORIGINAL","PRIMARY","M","ND","NORM","MOSAIC"],"ImagingFrequency":123.25,"InPlanePhaseEncodingDirectionDICOM":"COL","InstitutionAddress":[],"InstitutionName":[],"InstitutionalDepartmentName":[],"Instructions":"eyes closed","MRAcquisitionType":"2D","MagneticFieldStrength":3,"Manufacturer":"Siemens","ManufacturersModelName":"Prisma_fit","Modality":"MR","PartialFourier":1,"PatientPosition":"HFS","PercentPhaseFOV":100,"PercentSampling":100,"PhaseEncodingDirection":"j","PhaseEncodingSteps":80,"PhaseResolution":1,"PixelBandwidth":2085,"ProcedureStepDescription":[],"ProtocolName":[],"PulseSequenceDetails":[],"ReceiveCoilActiveElements":"HC1-7","ReceiveCoilName":"HeadNeck_64","ReconMatrixPE":80,"RepetitionTime":4.029,"SAR":0.174869,"ScanOptions":"FS","ScanningSequence":"EP","SequenceName":"epse2d1_80","SequenceVariant":"SK","SeriesDescription":[],"SeriesNumber":16,"ShimSetting":[325,-11578,-6422,472,31,-82,3,10],"SliceThickness":3,"SliceTiming":[3.925,3.8425,3.7575,3.675,3.59,3.5075,3.425,3.34,3.2575,3.1725,3.09,3.0075,2.9225,2.84,2.755,2.6725,2.59,2.505,2.4225,2.3375,2.255,2.17,2.0875,2.005,1.92,1.8375,1.7525,1.67,1.5875,1.5025,1.42,1.335,1.2525,1.17,1.085,1.0025,0.9175,0.835,0.7525,0.6675,0.585,0.5,0.4175,0.335,0.25,0.1675,0.0825,0],"SoftwareVersions":"syngo_MR_E11","SpacingBetweenSlices":3,"StationName":"MRC35056","TaskName":"rest","TotalReadoutTime":0.0426603,"TxRefAmp":245.214,"WipMemBlock":"0b4dfa5f-b996-4430-9cc4-5968c1f066ec||Sequence: R016 ve11c/master r/34fb20f; Nov 20 2017 15:30:40 by eja","acq_id":"PAse","dataset":"MICs","modality":"bold","session_id":"01","subject_id":"sub-HC017","task_id":"rest"},"dummy_trs":0,"dvars_nstd":79.363858033999989,"dvars_std":2.155276702,"dvars_vstd":3.77109685,"efc":0.48385121286889687,"fber":751.19488525390625,"fd_mean":0.46744386839234009,"fd_num":5,"fd_perc":83.333333333333329,"fwhm_avg":1.911051111111111,"fwhm_x":2.0077866666666666,"fwhm_y":1.7776366666666668,"fwhm_z":1.94773,"gcor":0.00600367,"gsr_x":-0.045261915773153305,"gsr_y":0.010099293664097786,"provenance":{"md5sum":"9cae0236c5842fe38e86ac78b4c676fb","settings":{"fd_thres":0.2,"hmc_fsl":false,"testing":false},"software":"mriqc","version":"0.15.2","webapi_port":[],"webapi_url":"https://mriqc.nimh.nih.gov/api/v1"},"size_t":6,"size_x":80,"size_y":80,"size_z":48,"snr":2.2153861299422766,"spacing_tr":4.0289998054504395,"spacing_x":3,"spacing_y":3,"spacing_z":3,"summary_bg_k":311.02704089712955,"summary_bg_mad":129.37890841819325,"summary_bg_mean":731.34710693359375,"summary_bg_median":291.7498779296875,"summary_bg_n":209352,"summary_bg_p05":152.87757263183596,"summary_bg_p95":3220.3605468749975,"summary_bg_stdv":1468.7745361328125,"summary_fg_k":12.455819105436793,"summary_fg_mad":2604.6352878998955,"summary_fg_mean":9196.7529296875,"summary_fg_median":8567.1240234375,"summary_fg_n":49627,"summary_fg_p05":4020.021484375,"summary_fg_p95":15889.465234374999,"summary_fg_stdv":3867.06298828125,"tsnr":50.784004211425781}