{"aor":0.04408666666666667,"aqi":0.0061310433333333324,"bids_meta":{"AcquisitionMatrixPE":80,"AcquisitionNumber":1,"AcquisitionTime":[],"BandwidthPerPixelPhaseEncode":23.148,"BaseResolution":80,"BodyPartExamined":"BRAIN","ConsistencyInfo":"N4_VE11C_LATEST_20160120","ConversionSoftware":"dcm2niix","ConversionSoftwareVersion":"v1.0.20200427","DerivedVendorReportedEchoSpacing":0.000540003,"DeviceSerialNumber":"167017","DwellTime":3E-6,"EchoTime":0.048,"EchoTrainLength":80,"EffectiveEchoSpacing":0.000540003,"FlipAngle":90,"ImageComments":"Unaliased_MB6_PE3_LB","ImageOrientationPatientDICOM":[1,0,0,0,0.838671,-0.544639],"ImageType":["ORIGINAL","PRIMARY","M","ND","NORM","MOSAIC"],"ImagingFrequency":123.25,"InPlanePhaseEncodingDirectionDICOM":"COL","InstitutionAddress":[],"InstitutionName":[],"InstitutionalDepartmentName":[],"Instructions":"eyes closed","MRAcquisitionType":"2D","MagneticFieldStrength":3,"Manufacturer":"Siemens","ManufacturersModelName":"Prisma_fit","Modality":"MR","PartialFourier":1,"PatientPosition":"HFS","PercentPhaseFOV":100,"PercentSampling":100,"PhaseEncodingDirection":"j-","PhaseEncodingSteps":80,"PhaseResolution":1,"PixelBandwidth":2085,"ProcedureStepDescription":[],"ProtocolName":[],"PulseSequenceDetails":[],"ReceiveCoilActiveElements":"HC1-7","ReceiveCoilName":"HeadNeck_64","ReconMatrixPE":80,"RepetitionTime":4.029,"SAR":0.174869,"ScanOptions":"FS","ScanningSequence":"EP","SequenceName":"epse2d1_80","SequenceVariant":"SK","SeriesDescription":[],"SeriesNumber":15,"ShimSetting":[325,-11578,-6422,472,31,-82,3,10],"SliceThickness":3,"SliceTiming":[3.925,3.8425,3.76,3.675,3.5925,3.5075,3.425,3.3425,3.2575,3.175,3.09,3.0075,2.925,2.84,2.7575,2.6725,2.59,2.505,2.4225,2.34,2.255,2.1725,2.0875,2.005,1.9225,1.8375,1.755,1.67,1.5875,1.505,1.42,1.3375,1.2525,1.17,1.0875,1.0025,0.92,0.835,0.7525,0.67,0.585,0.5025,0.4175,0.335,0.25,0.1675,0.085,0],"SoftwareVersions":"syngo_MR_E11","SpacingBetweenSlices":3,"StationName":"MRC35056","TaskName":"rest","TotalReadoutTime":0.0426603,"TxRefAmp":245.214,"WipMemBlock":"3bac5a3d-f5db-4299-9b9c-9137fbe1cfdf||Sequence: R016 ve11c/master r/34fb20f; Nov 20 2017 15:30:40 by eja","acq_id":"APse","dataset":"MICs","modality":"bold","session_id":"01","subject_id":"sub-HC017","task_id":"rest"},"dummy_trs":0,"dvars_nstd":68.855210876,"dvars_std":2.1939680580000003,"dvars_vstd":6.022737504,"efc":0.48748935390081904,"fber":768.79034423828125,"fd_mean":0.73200424371462791,"fd_num":5,"fd_perc":83.333333333333329,"fwhm_avg":1.8580555555555556,"fwhm_x":1.8768366666666667,"fwhm_y":1.8193233333333334,"fwhm_z":1.8780066666666666,"gcor":0.00322964,"gsr_x":-0.039849109947681427,"gsr_y":0.0097435144707560539,"provenance":{"md5sum":"e4e6fdcbe9c70904b5588376eac35787","settings":{"fd_thres":0.2,"hmc_fsl":false,"testing":false},"software":"mriqc","version":"0.15.2","webapi_port":[],"webapi_url":"https://mriqc.nimh.nih.gov/api/v1"},"size_t":6,"size_x":80,"size_y":80,"size_z":48,"snr":2.4353878374104343,"spacing_tr":4.0289998054504395,"spacing_x":3,"spacing_y":3,"spacing_z":3,"summary_bg_k":47.24954768107321,"summary_bg_mad":136.19498525415088,"summary_bg_mean":725.36309814453125,"summary_bg_median":295.32919311523438,"summary_bg_n":210214,"summary_bg_p05":153.07634201049805,"summary_bg_p95":3327.9667846679686,"summary_bg_stdv":1333.28662109375,"summary_fg_k":23.8239994557366,"summary_fg_mad":2388.535879576601,"summary_fg_mean":9305.9130859375,"summary_fg_median":8710.6708984375,"summary_fg_n":48989,"summary_fg_p05":5172.6970703125,"summary_fg_p95":15559.422265624995,"summary_fg_stdv":3576.67138671875,"tsnr":49.799201965332031}