{"Modality":"MR","MagneticFieldStrength":3,"ImagingFrequency":123.25,"Manufacturer":"Siemens","ManufacturersModelName":"Prisma_fit","InstitutionName":[],"InstitutionalDepartmentName":[],"InstitutionAddress":[],"DeviceSerialNumber":"167017","StationName":"MRC35056","BodyPartExamined":"BRAIN","PatientPosition":"HFS","ProcedureStepDescription":[],"SoftwareVersions":"syngo_MR_E11","MRAcquisitionType":"2D","SeriesDescription":[],"ProtocolName":[],"ScanningSequence":"EP","SequenceVariant":"SK","ScanOptions":"FS","SequenceName":"epse2d1_80","ImageType":["ORIGINAL","PRIMARY","M","ND","NORM","MOSAIC"],"SeriesNumber":16,"AcquisitionTime":[],"AcquisitionNumber":1,"SliceThickness":3,"SpacingBetweenSlices":3,"SAR":0.176552,"EchoTime":0.048,"RepetitionTime":4.029,"FlipAngle":90,"PartialFourier":1,"BaseResolution":80,"ShimSetting":[297,-11614,-6441,435,55,-372,-42,58],"TxRefAmp":222.664,"PhaseResolution":1,"ReceiveCoilName":"HeadNeck_64","ReceiveCoilActiveElements":"HC1-7","PulseSequenceDetails":[],"WipMemBlock":"3ca644c6-75c3-4ed4-8271-e9ed5e6c8887||Sequence: R016 ve11c/master r/34fb20f; Nov 20 2017 15:30:40 by eja","ConsistencyInfo":"N4_VE11C_LATEST_20160120","PercentPhaseFOV":100,"EchoTrainLength":80,"PhaseEncodingSteps":80,"AcquisitionMatrixPE":80,"ReconMatrixPE":80,"BandwidthPerPixelPhaseEncode":23.148,"EffectiveEchoSpacing":0.000540003,"DerivedVendorReportedEchoSpacing":0.000540003,"TotalReadoutTime":0.0426603,"PixelBandwidth":2085,"DwellTime":3E-6,"PhaseEncodingDirection":"j","SliceTiming":[3.9275,3.8425,3.76,3.675,3.5925,3.51,3.425,3.3425,3.2575,3.175,3.0925,3.0075,2.925,2.84,2.7575,2.675,2.59,2.5075,2.4225,2.34,2.255,2.1725,2.09,2.005,1.9225,1.8375,1.755,1.6725,1.5875,1.505,1.42,1.3375,1.255,1.17,1.0875,1.0025,0.92,0.8375,0.7525,0.67,0.585,0.5025,0.42,0.335,0.2525,0.1675,0.085,0],"ImageOrientationPatientDICOM":[1,0,0,0,0.798635,-0.601815],"InPlanePhaseEncodingDirectionDICOM":"COL","ConversionSoftware":"dcm2niix","ConversionSoftwareVersion":"v1.0.20190902"}