{"bids_meta":{"AcquisitionMatrixPE":320,"AcquisitionNumber":1,"AcquisitionTime":[],"BaseResolution":320,"BodyPartExamined":"BRAIN","CoilString":"HC1-3_5-7","ConsistencyInfo":"N4_VE11C_LATEST_20160120","ConversionSoftware":"dcm2niix","ConversionSoftwareVersion":"v1.0.20200427","DeviceSerialNumber":"167017","DwellTime":6.6E-6,"EchoTime":0.00314,"FlipAngle":9,"ImageOrientationPatientDICOM":[-0.0064668,0.999702,0.0235521,-0.0256929,0.0233787,-0.999397],"ImageType":["ORIGINAL","PRIMARY","M","ND","NORM","FM","FIL"],"ImagingFrequency":123.25,"InPlanePhaseEncodingDirectionDICOM":"ROW","InstitutionAddress":[],"InstitutionName":[],"InstitutionalDepartmentName":[],"InversionTime":0.9,"MRAcquisitionType":"3D","MagneticFieldStrength":3,"Manufacturer":"Siemens","ManufacturersModelName":"Prisma_fit","Modality":"MR","ParallelReductionFactorInPlane":2,"PartialFourier":1,"PatientPosition":"HFS","PercentPhaseFOV":100,"PercentSampling":100,"PhaseEncodingSteps":319,"PhaseResolution":1,"PixelBandwidth":235,"ProcedureStepDescription":[],"ProtocolName":[],"PulseSequenceDetails":[],"ReceiveCoilActiveElements":"HC1-3,5-7","ReceiveCoilName":"HeadNeck_64","ReconMatrixPE":320,"RefLinesPE":32,"RepetitionTime":2.3,"SAR":0.0491908,"ScanOptions":"IR","ScanningSequence":"GR_IR","SequenceName":"_tfl3d1_16ns","SequenceVariant":"SK_SP_MP","SeriesDescription":[],"SeriesNumber":7,"ShimSetting":[324,-11542,-6447,448,24,-285,-67,38],"SliceThickness":0.8,"SoftwareVersions":"syngo_MR_E11","StationName":"MRC35056","TxRefAmp":238.286,"dataset":"MICs","modality":"T1w","run_id":2,"session_id":"01","subject_id":"sub-HC014"},"cjv":0.55718861117635576,"cnr":1.9578969118354925,"efc":0.680181822129029,"fber":37.310401916503906,"fwhm_avg":3.3953124494059019,"fwhm_x":3.3718624497553344,"fwhm_y":3.4664624483456841,"fwhm_z":3.3476124501166873,"icvs_csf":0.18908896567289132,"icvs_gm":0.44202297653095035,"icvs_wm":0.3688880577961583,"inu_med":1.4626340866088867,"inu_range":0.68424057960510254,"provenance":{"md5sum":"ec6d3d2cc6aeebad15045f7a2478247d","settings":{"testing":false},"software":"mriqc","version":"0.15.2","warnings":{"large_rot_frame":false,"small_air_mask":false},"webapi_port":[],"webapi_url":"https://mriqc.nimh.nih.gov/api/v1"},"qi_1":0,"qi_2":0.0019700265919633431,"rpve_csf":24.854973652987159,"rpve_gm":11.336036404207043,"rpve_wm":14.92060000118064,"size_x":224,"size_y":320,"size_z":320,"snr_csf":1.2651936016679,"snr_gm":8.4854441937254546,"snr_total":7.6682210103542694,"snr_wm":13.254025235669454,"snrd_csf":42.630459527942783,"snrd_gm":72.241259978921221,"snrd_total":69.6365443364197,"snrd_wm":94.037913502395114,"spacing_x":0.800000011920929,"spacing_y":0.800000011920929,"spacing_z":0.800000011920929,"summary_bg_k":3344.59331148339,"summary_bg_mad":6.9668459168479639,"summary_bg_mean":127.23788452148438,"summary_bg_median":126.88430786132812,"summary_bg_n":7.870907E+6,"summary_bg_p05":115.73695602416993,"summary_bg_p95":139.89589996337889,"summary_bg_stdv":11.239972114562988,"summary_csf_k":9.259870586233486,"summary_csf_mad":109.38489677236811,"summary_csf_mean":551.9862060546875,"summary_csf_median":453.34048461914062,"summary_csf_n":124181,"summary_csf_p05":308.91940307617188,"summary_csf_p95":1534.0513916015625,"summary_csf_stdv":358.31564331054688,"summary_gm_k":1.4760427779487548,"summary_gm_mad":73.621461812107484,"summary_gm_mean":783.34918212890625,"summary_gm_median":768.2274169921875,"summary_gm_n":125153,"summary_gm_p05":663.43460693359373,"summary_gm_p95":965.06353759765625,"summary_gm_stdv":90.534370422363281,"summary_wm_k":15.437208509893,"summary_wm_mad":55.529172105264379,"summary_wm_mean":1006.2456665039062,"summary_wm_median":1000.0172119140625,"summary_wm_n":527875,"summary_wm_p05":906.51060180664058,"summary_wm_p95":1112.8403686523438,"summary_wm_stdv":75.450004577636719,"tpm_overlap_csf":0.094575650990009308,"tpm_overlap_gm":0.3719334602355957,"tpm_overlap_wm":0.45759397745132446,"wm2max":0.30075234607244433}