{"bids_meta":{"AcquisitionMatrixPE":320,"AcquisitionNumber":1,"AcquisitionTime":[],"BaseResolution":320,"BodyPartExamined":"BRAIN","CoilString":"HC1-3_5-7","ConsistencyInfo":"N4_VE11C_LATEST_20160120","ConversionSoftware":"dcm2niix","ConversionSoftwareVersion":"v1.0.20200427","DeviceSerialNumber":"167017","DwellTime":6.6E-6,"EchoTime":0.00314,"FlipAngle":9,"ImageOrientationPatientDICOM":[-0.0064668,0.999702,0.0235521,-0.0256929,0.0233787,-0.999397],"ImageType":["ORIGINAL","PRIMARY","M","ND","NORM","FM","FIL"],"ImagingFrequency":123.25,"InPlanePhaseEncodingDirectionDICOM":"ROW","InstitutionAddress":[],"InstitutionName":[],"InstitutionalDepartmentName":[],"InversionTime":0.9,"MRAcquisitionType":"3D","MagneticFieldStrength":3,"Manufacturer":"Siemens","ManufacturersModelName":"Prisma_fit","Modality":"MR","ParallelReductionFactorInPlane":2,"PartialFourier":1,"PatientPosition":"HFS","PercentPhaseFOV":100,"PercentSampling":100,"PhaseEncodingSteps":319,"PhaseResolution":1,"PixelBandwidth":235,"ProcedureStepDescription":[],"ProtocolName":[],"PulseSequenceDetails":[],"ReceiveCoilActiveElements":"HC1-3,5-7","ReceiveCoilName":"HeadNeck_64","ReconMatrixPE":320,"RefLinesPE":32,"RepetitionTime":2.3,"SAR":0.0491908,"ScanOptions":"IR","ScanningSequence":"GR_IR","SequenceName":"_tfl3d1_16ns","SequenceVariant":"SK_SP_MP","SeriesDescription":[],"SeriesNumber":19,"ShimSetting":[324,-11542,-6447,448,24,-285,-67,38],"SliceThickness":0.8,"SoftwareVersions":"syngo_MR_E11","StationName":"MRC35056","TxRefAmp":238.286,"dataset":"MICs","modality":"T1w","run_id":1,"session_id":"01","subject_id":"sub-HC014"},"cjv":0.55711253423077445,"cnr":1.9260005345913898,"efc":0.68223401486233914,"fber":36.539436340332031,"fwhm_avg":3.4046791159329941,"fwhm_x":3.4091499491997075,"fwhm_y":3.4512999485716231,"fwhm_z":3.3535874500276526,"icvs_csf":0.18002002671054002,"icvs_gm":0.44448445467632675,"icvs_wm":0.37549551861313324,"inu_med":1.4597513675689697,"inu_range":0.66851735115051225,"provenance":{"md5sum":"07822d9504a65fd93ec70b00590a5c06","settings":{"testing":false},"software":"mriqc","version":"0.15.2","warnings":{"large_rot_frame":false,"small_air_mask":false},"webapi_port":[],"webapi_url":"https://mriqc.nimh.nih.gov/api/v1"},"qi_1":0,"qi_2":0.0020161866142128356,"rpve_csf":26.537195883536825,"rpve_gm":11.685532778183317,"rpve_wm":15.216433460747311,"size_x":224,"size_y":320,"size_z":320,"snr_csf":1.2710055141861547,"snr_gm":8.84265406910905,"snr_total":7.7248374596712068,"snr_wm":13.060852795718413,"snrd_csf":41.995017358620352,"snrd_gm":72.164482979033764,"snrd_total":69.139906122329762,"snrd_wm":93.260218029335178,"spacing_x":0.800000011920929,"spacing_y":0.800000011920929,"spacing_z":0.800000011920929,"summary_bg_k":3234.9459095087482,"summary_bg_mad":7.0249410477244654,"summary_bg_mean":129.80313110351562,"summary_bg_median":129.35421752929688,"summary_bg_n":7.795548E+6,"summary_bg_p05":118.08683052062989,"summary_bg_p95":142.32832336425781,"summary_bg_stdv":16.558628082275391,"summary_csf_k":8.71924195381823,"summary_csf_mad":106.77708597927706,"summary_csf_mean":551.1173095703125,"summary_csf_median":450.30703735351562,"summary_csf_n":103635,"summary_csf_p05":311.59100646972655,"summary_csf_p95":1536.1196166992186,"summary_csf_stdv":354.29025268554688,"summary_gm_k":1.4549218082844604,"summary_gm_mad":71.600800951558782,"summary_gm_mean":787.531005859375,"summary_gm_median":773.81024169921875,"summary_gm_n":129375,"summary_gm_p05":669.93961791992183,"summary_gm_p95":961.01952514648417,"summary_gm_stdv":87.50848388671875,"summary_wm_k":20.533740355662513,"summary_wm_mad":54.421835475146395,"summary_wm_mean":1005.8655395507812,"summary_wm_median":1000.0170288085938,"summary_wm_n":529280,"summary_wm_p05":906.50075073242181,"summary_wm_p95":1108.6472351074219,"summary_wm_stdv":76.565910339355469,"tpm_overlap_csf":0.10275081545114517,"tpm_overlap_gm":0.38010922074317932,"tpm_overlap_wm":0.46142274141311646,"wm2max":0.29475358831429654}