{"aor":0.073206000000000007,"aqi":0.0051978400000000004,"bids_meta":{"AcquisitionMatrixPE":80,"AcquisitionNumber":1,"AcquisitionTime":[],"BandwidthPerPixelPhaseEncode":23.148,"BaseResolution":80,"BodyPartExamined":"BRAIN","ConsistencyInfo":"N4_VE11C_LATEST_20160120","ConversionSoftware":"dcm2niix","ConversionSoftwareVersion":"v1.0.20200427","DerivedVendorReportedEchoSpacing":0.000540003,"DeviceSerialNumber":"167017","DwellTime":3E-6,"EchoTime":0.048,"EchoTrainLength":80,"EffectiveEchoSpacing":0.000540003,"FlipAngle":90,"ImageComments":"Unaliased_MB6_PE3_LB","ImageOrientationPatientDICOM":[1,0,0,0,0.857167,-0.515038],"ImageType":["ORIGINAL","PRIMARY","M","ND","NORM","MOSAIC"],"ImagingFrequency":123.25,"InPlanePhaseEncodingDirectionDICOM":"COL","InstitutionAddress":[],"InstitutionName":[],"InstitutionalDepartmentName":[],"Instructions":"eyes closed","MRAcquisitionType":"2D","MagneticFieldStrength":3,"Manufacturer":"Siemens","ManufacturersModelName":"Prisma_fit","Modality":"MR","PartialFourier":1,"PatientPosition":"HFS","PercentPhaseFOV":100,"PercentSampling":100,"PhaseEncodingDirection":"j","PhaseEncodingSteps":80,"PhaseResolution":1,"PixelBandwidth":2085,"ProcedureStepDescription":[],"ProtocolName":[],"PulseSequenceDetails":[],"ReceiveCoilActiveElements":"HC1-7","ReceiveCoilName":"HeadNeck_64","ReconMatrixPE":80,"RepetitionTime":4.029,"SAR":0.142374,"ScanOptions":"FS","ScanningSequence":"EP","SequenceName":"epse2d1_80","SequenceVariant":"SK","SeriesDescription":[],"SeriesNumber":16,"ShimSetting":[321,-11590,-6413,561,80,14,-147,2],"SliceThickness":3,"SliceTiming":[3.925,3.8425,3.7575,3.675,3.5925,3.5075,3.425,3.34,3.2575,3.175,3.09,3.0075,2.9225,2.84,2.7575,2.6725,2.59,2.505,2.4225,2.34,2.255,2.1725,2.0875,2.005,1.92,1.8375,1.755,1.67,1.5875,1.5025,1.42,1.3375,1.2525,1.17,1.085,1.0025,0.92,0.835,0.7525,0.6675,0.585,0.5025,0.4175,0.335,0.25,0.1675,0.0825,0],"SoftwareVersions":"syngo_MR_E11","SpacingBetweenSlices":3,"StationName":"MRC35056","TaskName":"rest","TotalReadoutTime":0.0426603,"TxRefAmp":213.963,"WipMemBlock":"b20d030d-5178-43f3-b705-d4e0901722d8||Sequence: R016 ve11c/master r/34fb20f; Nov 20 2017 15:30:40 by eja","acq_id":"PAse","dataset":"MICs","modality":"bold","session_id":"01","subject_id":"sub-HC011","task_id":"rest"},"dummy_trs":1,"dvars_nstd":50.74063015,"dvars_std":2.2174061825,"dvars_vstd":3.0606132749999997,"efc":0.46779566700194736,"fber":924.9290771484375,"fd_mean":0.051967586178061326,"fd_num":0,"fd_perc":0,"fwhm_avg":1.8447955555555557,"fwhm_x":1.94691,"fwhm_y":1.6622133333333335,"fwhm_z":1.9252633333333333,"gcor":0.000392677,"gsr_x":-0.028684156015515327,"gsr_y":0.0022491004783660173,"provenance":{"md5sum":"38fe720ed7d1d83e95e08d429b77821c","settings":{"fd_thres":0.2,"hmc_fsl":false,"testing":false},"software":"mriqc","version":"0.15.2","webapi_port":[],"webapi_url":"https://mriqc.nimh.nih.gov/api/v1"},"size_t":5,"size_x":80,"size_y":80,"size_z":48,"snr":2.289641983141192,"spacing_tr":4.0289998054504395,"spacing_x":3,"spacing_y":3,"spacing_z":3,"summary_bg_k":404.25369460673983,"summary_bg_mad":123.47321485977935,"summary_bg_mean":553.9610595703125,"summary_bg_median":293.58804321289062,"summary_bg_n":204010,"summary_bg_p05":146.54349136352539,"summary_bg_p95":2136.9475219726555,"summary_bg_stdv":1223.3614501953125,"summary_fg_k":9.1653835285790031,"summary_fg_mad":2917.524079970899,"summary_fg_mean":10348.3681640625,"summary_fg_median":9514.53125,"summary_fg_n":53856,"summary_fg_p05":5235.18408203125,"summary_fg_p95":17554.9775390625,"summary_fg_stdv":4155.42822265625,"tsnr":87.520393371582031}