{"aor":0.0008588252148997136,"aqi":0.0044645789684813753,"bids_meta":{"AcquisitionMatrixPE":80,"AcquisitionNumber":1,"AcquisitionTime":[],"BandwidthPerPixelPhaseEncode":23.148,"BaseResolution":80,"BodyPartExamined":"BRAIN","ConsistencyInfo":"N4_VE11C_LATEST_20160120","ConversionSoftware":"dcm2niix","ConversionSoftwareVersion":"v1.0.20200427","DerivedVendorReportedEchoSpacing":0.000540003,"DeviceSerialNumber":"167017","DwellTime":2.6E-6,"EchoTime":0.03,"EchoTrainLength":80,"EffectiveEchoSpacing":0.000540003,"FlipAngle":50,"ImageComments":"Unaliased_MB6_PE3_LB","ImageOrientationPatientDICOM":[1,0,0,0,0.857167,-0.515038],"ImageType":["ORIGINAL","PRIMARY","M","MB","ND","NORM","MOSAIC"],"ImagingFrequency":123.25,"InPlanePhaseEncodingDirectionDICOM":"COL","InstitutionAddress":[],"InstitutionName":[],"InstitutionalDepartmentName":[],"Instructions":"eyes closed","MRAcquisitionType":"2D","MagneticFieldStrength":3,"Manufacturer":"Siemens","ManufacturersModelName":"Prisma_fit","Modality":"MR","MultibandAccelerationFactor":6,"PartialFourier":1,"PatientPosition":"HFS","PercentPhaseFOV":100,"PercentSampling":100,"PhaseEncodingDirection":"j-","PhaseEncodingSteps":80,"PhaseResolution":1,"PixelBandwidth":2405,"ProcedureStepDescription":[],"ProtocolName":[],"PulseSequenceDetails":[],"ReceiveCoilActiveElements":"HC1-7","ReceiveCoilName":"HeadNeck_64","ReconMatrixPE":80,"RepetitionTime":0.6,"SAR":0.0440803,"ScanOptions":"FS","ScanningSequence":"EP","SequenceName":"epfid2d1_80","SequenceVariant":"SK_SS","SeriesDescription":[],"SeriesNumber":14,"ShimSetting":[321,-11590,-6413,561,80,14,-147,2],"SliceThickness":3,"SliceTiming":[0.5075,0.435,0.3625,0.29,0.2175,0.145,0.0725,0,0.5075,0.435,0.3625,0.29,0.2175,0.145,0.0725,0,0.5075,0.435,0.3625,0.29,0.2175,0.145,0.0725,0,0.5075,0.435,0.3625,0.29,0.2175,0.145,0.0725,0,0.5075,0.435,0.3625,0.29,0.2175,0.145,0.0725,0,0.5075,0.435,0.3625,0.29,0.2175,0.145,0.0725,0],"SoftwareVersions":"syngo_MR_E11","SpacingBetweenSlices":3,"StationName":"MRC35056","TaskName":"rest","TotalReadoutTime":0.0426603,"TxRefAmp":213.963,"WipMemBlock":"377728f5-3e96-4ae7-875b-608116d27032||Sequence: R016 ve11c/master r/34fb20f; Nov 20 2017 15:15:15 by eja","acq_id":"AP","dataset":"MICs","modality":"bold","session_id":"01","subject_id":"sub-HC011","task_id":"rest"},"dummy_trs":2,"dvars_nstd":27.424272400387359,"dvars_std":1.2228790530703018,"dvars_vstd":1.0116404353802011,"efc":0.42438956971113306,"fber":9056.125,"fd_mean":0.069245230155887683,"fd_num":1,"fd_perc":0.14326647564469913,"fwhm_avg":2.2832566666666665,"fwhm_x":2.1616066666666667,"fwhm_y":2.37428,"fwhm_z":2.3138833333333335,"gcor":0.016543,"gsr_x":-0.017243357375264168,"gsr_y":0.015364523977041245,"provenance":{"md5sum":"438ce523a8cca2ce2db4728751b093e8","settings":{"fd_thres":0.2,"hmc_fsl":false,"testing":false},"software":"mriqc","version":"0.15.2","webapi_port":[],"webapi_url":"https://mriqc.nimh.nih.gov/api/v1"},"size_t":698,"size_x":80,"size_y":80,"size_z":48,"snr":3.8178525072682437,"spacing_tr":0.60000002384185791,"spacing_x":3,"spacing_y":3,"spacing_z":3,"summary_bg_k":74.6609951624094,"summary_bg_mad":48.501063877507704,"summary_bg_mean":203.40425109863281,"summary_bg_median":73.035820007324219,"summary_bg_n":209827,"summary_bg_p05":29.962751388549805,"summary_bg_p95":786.39472045898026,"summary_bg_stdv":514.08465576171875,"summary_fg_k":2.3151559467584004,"summary_fg_mad":1462.1961680489437,"summary_fg_mean":7417.53857421875,"summary_fg_median":7247.3310546875,"summary_fg_n":49041,"summary_fg_p05":4928.05322265625,"summary_fg_p95":10784.96484375,"summary_fg_stdv":1898.2548828125,"tsnr":60.902202145662159}