{"aor":0.070308000000000009,"aqi":0.0031170240000000004,"bids_meta":{"AcquisitionMatrixPE":80,"AcquisitionNumber":1,"AcquisitionTime":[],"BandwidthPerPixelPhaseEncode":23.148,"BaseResolution":80,"BodyPartExamined":"BRAIN","ConsistencyInfo":"N4_VE11C_LATEST_20160120","ConversionSoftware":"dcm2niix","ConversionSoftwareVersion":"v1.0.20200427","DerivedVendorReportedEchoSpacing":0.000540003,"DeviceSerialNumber":"167017","DwellTime":3E-6,"EchoTime":0.048,"EchoTrainLength":80,"EffectiveEchoSpacing":0.000540003,"FlipAngle":90,"ImageComments":"Unaliased_MB6_PE3_LB","ImageOrientationPatientDICOM":[1,0,0,0,0.857167,-0.515038],"ImageType":["ORIGINAL","PRIMARY","M","ND","NORM","MOSAIC"],"ImagingFrequency":123.25,"InPlanePhaseEncodingDirectionDICOM":"COL","InstitutionAddress":[],"InstitutionName":[],"InstitutionalDepartmentName":[],"Instructions":"eyes closed","MRAcquisitionType":"2D","MagneticFieldStrength":3,"Manufacturer":"Siemens","ManufacturersModelName":"Prisma_fit","Modality":"MR","PartialFourier":1,"PatientPosition":"HFS","PercentPhaseFOV":100,"PercentSampling":100,"PhaseEncodingDirection":"j-","PhaseEncodingSteps":80,"PhaseResolution":1,"PixelBandwidth":2085,"ProcedureStepDescription":[],"ProtocolName":[],"PulseSequenceDetails":[],"ReceiveCoilActiveElements":"HC1-7","ReceiveCoilName":"HeadNeck_64","ReconMatrixPE":80,"RepetitionTime":4.029,"SAR":0.142374,"ScanOptions":"FS","ScanningSequence":"EP","SequenceName":"epse2d1_80","SequenceVariant":"SK","SeriesDescription":[],"SeriesNumber":15,"ShimSetting":[321,-11590,-6413,561,80,14,-147,2],"SliceThickness":3,"SliceTiming":[3.9275,3.8425,3.76,3.675,3.5925,3.51,3.425,3.3425,3.2575,3.175,3.0925,3.0075,2.925,2.84,2.7575,2.675,2.59,2.5075,2.4225,2.34,2.2575,2.1725,2.09,2.005,1.9225,1.8375,1.755,1.6725,1.5875,1.505,1.42,1.3375,1.255,1.17,1.0875,1.0025,0.92,0.8375,0.7525,0.67,0.585,0.5025,0.42,0.335,0.2525,0.1675,0.085,0],"SoftwareVersions":"syngo_MR_E11","SpacingBetweenSlices":3,"StationName":"MRC35056","TaskName":"rest","TotalReadoutTime":0.0426603,"TxRefAmp":213.963,"WipMemBlock":"abca8e46-ca87-46c4-959b-46b96bef3954||Sequence: R016 ve11c/master r/34fb20f; Nov 20 2017 15:30:40 by eja","acq_id":"APse","dataset":"MICs","modality":"bold","session_id":"01","subject_id":"sub-HC011","task_id":"rest"},"dummy_trs":1,"dvars_nstd":40.732331277499995,"dvars_std":1.9703999749999999,"dvars_vstd":3.3175788524999996,"efc":0.46182989660609863,"fber":989.07427978515625,"fd_mean":0.086995583901711845,"fd_num":0,"fd_perc":0,"fwhm_avg":1.8477333333333332,"fwhm_x":1.8829866666666666,"fwhm_y":1.784,"fwhm_z":1.8762133333333333,"gcor":0.00216803,"gsr_x":-0.027575569227337837,"gsr_y":0.0028409094084054232,"provenance":{"md5sum":"705fc6e2955c321111fcc3eba3d6389d","settings":{"fd_thres":0.2,"hmc_fsl":false,"testing":false},"software":"mriqc","version":"0.15.2","webapi_port":[],"webapi_url":"https://mriqc.nimh.nih.gov/api/v1"},"size_t":5,"size_x":80,"size_y":80,"size_z":48,"snr":2.2783208931217827,"spacing_tr":4.0289998054504395,"spacing_x":3,"spacing_y":3,"spacing_z":3,"summary_bg_k":111.09719875912695,"summary_bg_mad":130.03627925659254,"summary_bg_mean":570.9361572265625,"summary_bg_median":297.45700073242188,"summary_bg_n":206112,"summary_bg_p05":148.45123901367188,"summary_bg_p95":2134.9572875976496,"summary_bg_stdv":1167.97705078125,"summary_fg_k":16.466748171851258,"summary_fg_mad":2751.3568031999512,"summary_fg_mean":10915.4833984375,"summary_fg_median":9928.9296875,"summary_fg_n":52192,"summary_fg_p05":6363.348388671875,"summary_fg_p95":18886.795703124997,"summary_fg_stdv":4357.96142578125,"tsnr":90.326416015625}