{"aor":0.04562,"aqi":0.00642995,"bids_meta":{"AcquisitionMatrixPE":80,"AcquisitionNumber":1,"AcquisitionTime":[],"BandwidthPerPixelPhaseEncode":23.148,"BaseResolution":80,"BodyPartExamined":"BRAIN","ConsistencyInfo":"N4_VE11C_LATEST_20160120","ConversionSoftware":"dcm2niix","ConversionSoftwareVersion":"v1.0.20200427","DerivedVendorReportedEchoSpacing":0.000540003,"DeviceSerialNumber":"167017","DwellTime":3E-6,"EchoTime":0.048,"EchoTrainLength":80,"EffectiveEchoSpacing":0.000540003,"FlipAngle":90,"ImageComments":"Unaliased_MB6_PE3_LB","ImageOrientationPatientDICOM":[1,0,0,0,0.906308,-0.422618],"ImageType":["ORIGINAL","PRIMARY","M","ND","NORM","MOSAIC"],"ImagingFrequency":123.25,"InPlanePhaseEncodingDirectionDICOM":"COL","InstitutionAddress":[],"InstitutionName":[],"InstitutionalDepartmentName":[],"Instructions":"eyes closed","MRAcquisitionType":"2D","MagneticFieldStrength":3,"Manufacturer":"Siemens","ManufacturersModelName":"Prisma_fit","Modality":"MR","PartialFourier":1,"PatientPosition":"HFS","PercentPhaseFOV":100,"PercentSampling":100,"PhaseEncodingDirection":"j","PhaseEncodingSteps":80,"PhaseResolution":1,"PixelBandwidth":2085,"ProcedureStepDescription":[],"ProtocolName":[],"PulseSequenceDetails":[],"ReceiveCoilActiveElements":"HC1-7","ReceiveCoilName":"HeadNeck_64","ReconMatrixPE":80,"RepetitionTime":4.029,"SAR":0.15604,"ScanOptions":"FS","ScanningSequence":"EP","SequenceName":"epse2d1_80","SequenceVariant":"SK","SeriesDescription":[],"SeriesNumber":16,"ShimSetting":[329,-11587,-6372,666,12,-23,-109,41],"SliceThickness":3,"SliceTiming":[3.9275,3.8425,3.76,3.675,3.5925,3.51,3.425,3.3425,3.2575,3.175,3.0925,3.0075,2.925,2.84,2.7575,2.675,2.59,2.5075,2.4225,2.34,2.255,2.1725,2.09,2.005,1.9225,1.8375,1.755,1.6725,1.5875,1.505,1.42,1.3375,1.255,1.17,1.0875,1.0025,0.92,0.8375,0.7525,0.67,0.585,0.5025,0.42,0.335,0.2525,0.1675,0.085,0],"SoftwareVersions":"syngo_MR_E11","SpacingBetweenSlices":3,"StationName":"MRC35056","TaskName":"rest","TotalReadoutTime":0.0426603,"TxRefAmp":214.677,"WipMemBlock":"9b22ded2-2035-4783-b414-a7f879b316e0||Sequence: R016 ve11c/master r/34fb20f; Nov 20 2017 15:30:40 by eja","acq_id":"PAse","dataset":"MICs","modality":"bold","session_id":"01","subject_id":"sub-HC048","task_id":"rest"},"dummy_trs":0,"dvars_nstd":71.071063234000007,"dvars_std":3.023224068,"dvars_vstd":4.141556358,"efc":0.46981606239774126,"fber":952.416748046875,"fd_mean":0.079918070480712672,"fd_num":0,"fd_perc":0,"fwhm_avg":1.7519855555555555,"fwhm_x":1.8101166666666666,"fwhm_y":1.6253466666666665,"fwhm_z":1.8204933333333333,"gcor":0.00106957,"gsr_x":-0.036513399332761765,"gsr_y":0.0046289335004985332,"provenance":{"md5sum":"220f4d083f3d226ce5cb16b6601b2504","settings":{"fd_thres":0.2,"hmc_fsl":false,"testing":false},"software":"mriqc","version":"0.15.2","webapi_port":[],"webapi_url":"https://mriqc.nimh.nih.gov/api/v1"},"size_t":6,"size_x":80,"size_y":80,"size_z":48,"snr":2.2080309062264996,"spacing_tr":4.0289998054504395,"spacing_x":3,"spacing_y":3,"spacing_z":3,"summary_bg_k":308.60141750780781,"summary_bg_mad":122.47869770695151,"summary_bg_mean":721.03887939453125,"summary_bg_median":302.0213623046875,"summary_bg_n":207268,"summary_bg_p05":165.06567306518554,"summary_bg_p95":3350.3954467773428,"summary_bg_stdv":1580.033935546875,"summary_fg_k":9.3613050767436743,"summary_fg_mad":3160.9615004419165,"summary_fg_mean":10991.853515625,"summary_fg_median":9986.4365234375,"summary_fg_n":50866,"summary_fg_p05":6278.8228759765625,"summary_fg_p95":19118.67333984375,"summary_fg_stdv":4522.73486328125,"tsnr":71.638984680175781}