{"aor":0.045763333333333343,"aqi":0.0044796666666666665,"bids_meta":{"AcquisitionMatrixPE":80,"AcquisitionNumber":1,"AcquisitionTime":[],"BandwidthPerPixelPhaseEncode":23.148,"BaseResolution":80,"BodyPartExamined":"BRAIN","ConsistencyInfo":"N4_VE11C_LATEST_20160120","ConversionSoftware":"dcm2niix","ConversionSoftwareVersion":"v1.0.20200427","DerivedVendorReportedEchoSpacing":0.000540003,"DeviceSerialNumber":"167017","DwellTime":3E-6,"EchoTime":0.048,"EchoTrainLength":80,"EffectiveEchoSpacing":0.000540003,"FlipAngle":90,"ImageComments":"Unaliased_MB6_PE3_LB","ImageOrientationPatientDICOM":[1,0,0,0,0.906308,-0.422618],"ImageType":["ORIGINAL","PRIMARY","M","ND","NORM","MOSAIC"],"ImagingFrequency":123.25,"InPlanePhaseEncodingDirectionDICOM":"COL","InstitutionAddress":[],"InstitutionName":[],"InstitutionalDepartmentName":[],"Instructions":"eyes closed","MRAcquisitionType":"2D","MagneticFieldStrength":3,"Manufacturer":"Siemens","ManufacturersModelName":"Prisma_fit","Modality":"MR","PartialFourier":1,"PatientPosition":"HFS","PercentPhaseFOV":100,"PercentSampling":100,"PhaseEncodingDirection":"j-","PhaseEncodingSteps":80,"PhaseResolution":1,"PixelBandwidth":2085,"ProcedureStepDescription":[],"ProtocolName":[],"PulseSequenceDetails":[],"ReceiveCoilActiveElements":"HC1-7","ReceiveCoilName":"HeadNeck_64","ReconMatrixPE":80,"RepetitionTime":4.029,"SAR":0.15604,"ScanOptions":"FS","ScanningSequence":"EP","SequenceName":"epse2d1_80","SequenceVariant":"SK","SeriesDescription":[],"SeriesNumber":15,"ShimSetting":[329,-11587,-6372,666,12,-23,-109,41],"SliceThickness":3,"SliceTiming":[3.925,3.8425,3.7575,3.675,3.59,3.5075,3.425,3.34,3.2575,3.1725,3.09,3.005,2.9225,2.84,2.755,2.6725,2.5875,2.505,2.4225,2.3375,2.255,2.17,2.0875,2.005,1.92,1.8375,1.7525,1.67,1.5875,1.5025,1.42,1.335,1.2525,1.1675,1.085,1.0025,0.9175,0.835,0.75,0.6675,0.585,0.5,0.4175,0.3325,0.25,0.1675,0.0825,0],"SoftwareVersions":"syngo_MR_E11","SpacingBetweenSlices":3,"StationName":"MRC35056","TaskName":"rest","TotalReadoutTime":0.0426603,"TxRefAmp":214.677,"WipMemBlock":"488035c2-62e8-4163-be9d-1c6a2e8d688c||Sequence: R016 ve11c/master r/34fb20f; Nov 20 2017 15:30:40 by eja","acq_id":"APse","dataset":"MICs","modality":"bold","session_id":"01","subject_id":"sub-HC048","task_id":"rest"},"dummy_trs":0,"dvars_nstd":70.733264924000011,"dvars_std":3.110764218,"dvars_vstd":4.55803938,"efc":0.47514965524018948,"fber":995.54791259765625,"fd_mean":0.088652494685930727,"fd_num":0,"fd_perc":0,"fwhm_avg":1.7854244444444447,"fwhm_x":1.8106900000000001,"fwhm_y":1.7500333333333333,"fwhm_z":1.7955500000000002,"gcor":0.00643581,"gsr_x":-0.034804400056600571,"gsr_y":0.0094857644289731979,"provenance":{"md5sum":"702d3e2cb1c26aa38afc8de5413a2e03","settings":{"fd_thres":0.2,"hmc_fsl":false,"testing":false},"software":"mriqc","version":"0.15.2","webapi_port":[],"webapi_url":"https://mriqc.nimh.nih.gov/api/v1"},"size_t":6,"size_x":80,"size_y":80,"size_z":48,"snr":2.3517417598485961,"spacing_tr":4.0289998054504395,"spacing_x":3,"spacing_y":3,"spacing_z":3,"summary_bg_k":57.262677606964289,"summary_bg_mad":129.72565807493376,"summary_bg_mean":733.7742919921875,"summary_bg_median":304.6424560546875,"summary_bg_n":207361,"summary_bg_p05":165.78207397460938,"summary_bg_p95":3561.306640625,"summary_bg_stdv":1476.383056640625,"summary_fg_k":20.719659932466371,"summary_fg_mad":2949.6877885974104,"summary_fg_mean":11069.8681640625,"summary_fg_median":10197.4482421875,"summary_fg_n":51187,"summary_fg_p05":6414.63896484375,"summary_fg_p95":18765.6107421875,"summary_fg_stdv":4336.08349609375,"tsnr":77.239456176757812}