{"aor":0.0010300716332378224,"aqi":0.007437900200573065,"bids_meta":{"AcquisitionMatrixPE":80,"AcquisitionNumber":1,"AcquisitionTime":[],"BandwidthPerPixelPhaseEncode":23.148,"BaseResolution":80,"BodyPartExamined":"BRAIN","ConsistencyInfo":"N4_VE11C_LATEST_20160120","ConversionSoftware":"dcm2niix","ConversionSoftwareVersion":"v1.0.20200427","DerivedVendorReportedEchoSpacing":0.000540003,"DeviceSerialNumber":"167017","DwellTime":2.6E-6,"EchoTime":0.03,"EchoTrainLength":80,"EffectiveEchoSpacing":0.000540003,"FlipAngle":50,"ImageComments":"Unaliased_MB6_PE3_LB","ImageOrientationPatientDICOM":[1,0,0,0,0.906308,-0.422618],"ImageType":["ORIGINAL","PRIMARY","M","MB","ND","NORM","MOSAIC"],"ImagingFrequency":123.25,"InPlanePhaseEncodingDirectionDICOM":"COL","InstitutionAddress":[],"InstitutionName":[],"InstitutionalDepartmentName":[],"Instructions":"eyes closed","MRAcquisitionType":"2D","MagneticFieldStrength":3,"Manufacturer":"Siemens","ManufacturersModelName":"Prisma_fit","Modality":"MR","MultibandAccelerationFactor":6,"PartialFourier":1,"PatientPosition":"HFS","PercentPhaseFOV":100,"PercentSampling":100,"PhaseEncodingDirection":"j-","PhaseEncodingSteps":80,"PhaseResolution":1,"PixelBandwidth":2405,"ProcedureStepDescription":[],"ProtocolName":[],"PulseSequenceDetails":[],"ReceiveCoilActiveElements":"HC1-7","ReceiveCoilName":"HeadNeck_64","ReconMatrixPE":80,"RepetitionTime":0.6,"SAR":0.0461295,"ScanOptions":"FS","ScanningSequence":"EP","SequenceName":"epfid2d1_80","SequenceVariant":"SK_SS","SeriesDescription":[],"SeriesNumber":14,"ShimSetting":[329,-11587,-6372,666,12,-23,-109,41],"SliceThickness":3,"SliceTiming":[0.5075,0.435,0.3625,0.29,0.2175,0.145,0.0725,0,0.5075,0.435,0.3625,0.29,0.2175,0.145,0.0725,0,0.5075,0.435,0.3625,0.29,0.2175,0.145,0.0725,0,0.5075,0.435,0.3625,0.29,0.2175,0.145,0.0725,0,0.5075,0.435,0.3625,0.29,0.2175,0.145,0.0725,0,0.5075,0.435,0.3625,0.29,0.2175,0.145,0.0725,0],"SoftwareVersions":"syngo_MR_E11","SpacingBetweenSlices":3,"StationName":"MRC35056","TaskName":"rest","TotalReadoutTime":0.0426603,"TxRefAmp":214.677,"WipMemBlock":"ed0ed377-9709-463c-962a-ecb79507120c||Sequence: R016 ve11c/master r/34fb20f; Nov 20 2017 15:15:15 by eja","acq_id":"AP","dataset":"MICs","modality":"bold","session_id":"01","subject_id":"sub-HC048","task_id":"rest"},"dummy_trs":2,"dvars_nstd":35.922856594662854,"dvars_std":1.3288514062840757,"dvars_vstd":1.0099773953658533,"efc":0.42889339029561069,"fber":9005.6181640625,"fd_mean":0.091149556845351518,"fd_num":3,"fd_perc":0.42979942693409739,"fwhm_avg":2.2911088888888891,"fwhm_x":2.1377666666666664,"fwhm_y":2.4367566666666667,"fwhm_z":2.2988033333333333,"gcor":0.0128795,"gsr_x":-0.021929822862148285,"gsr_y":0.020456580445170403,"provenance":{"md5sum":"4b44acd6629bbca2b27f74656ee067cb","settings":{"fd_thres":0.2,"hmc_fsl":false,"testing":false},"software":"mriqc","version":"0.15.2","webapi_port":[],"webapi_url":"https://mriqc.nimh.nih.gov/api/v1"},"size_t":698,"size_x":80,"size_y":80,"size_z":48,"snr":3.6166478757188583,"spacing_tr":0.60000002384185791,"spacing_x":3,"spacing_y":3,"spacing_z":3,"summary_bg_k":61.505764545764421,"summary_bg_mad":45.450894180453894,"summary_bg_mean":249.11613464355469,"summary_bg_median":72.595993041992188,"summary_bg_n":210756,"summary_bg_p05":32.389686584472656,"summary_bg_p95":1114.7041931152344,"summary_bg_stdv":610.3695068359375,"summary_fg_k":2.5749237811869667,"summary_fg_mad":1632.7214845442102,"summary_fg_mean":7367.9697265625,"summary_fg_median":7229.27685546875,"summary_fg_n":48197,"summary_fg_p05":4668.3936523437505,"summary_fg_p95":10634.627343749999,"summary_fg_stdv":1998.8680419921875,"tsnr":47.511416547931731}