{"bids_meta":{"AcquisitionMatrixPE":320,"AcquisitionNumber":1,"AcquisitionTime":[],"BaseResolution":320,"BodyPartExamined":"BRAIN","ConsistencyInfo":"N4_VE11C_LATEST_20160120","ConversionSoftware":"dcm2niix","ConversionSoftwareVersion":"v1.0.20200427","DeviceSerialNumber":"167017","DwellTime":6.6E-6,"EchoTime":0.00314,"FlipAngle":9,"ImageOrientationPatientDICOM":[0.0303098,0.968202,0.248328,-0.00649803,0.248628,-0.968577],"ImageType":["ORIGINAL","PRIMARY","M","ND","NORM","FM","FIL"],"ImagingFrequency":123.25,"InPlanePhaseEncodingDirectionDICOM":"ROW","InstitutionAddress":[],"InstitutionName":[],"InstitutionalDepartmentName":[],"InversionTime":0.9,"MRAcquisitionType":"3D","MagneticFieldStrength":3,"Manufacturer":"Siemens","ManufacturersModelName":"Prisma_fit","Modality":"MR","ParallelReductionFactorInPlane":2,"PartialFourier":1,"PatientPosition":"HFS","PercentPhaseFOV":100,"PercentSampling":100,"PhaseEncodingSteps":319,"PhaseResolution":1,"PixelBandwidth":235,"ProcedureStepDescription":[],"ProtocolName":[],"PulseSequenceDetails":[],"ReceiveCoilActiveElements":"HC1-7","ReceiveCoilName":"HeadNeck_64","ReconMatrixPE":320,"RefLinesPE":32,"RepetitionTime":2.3,"SAR":0.0502497,"ScanOptions":"IR","ScanningSequence":"GR_IR","SequenceName":"_tfl3d1_16ns","SequenceVariant":"SK_SP_MP","SeriesDescription":[],"SeriesNumber":7,"ShimSetting":[306,-11633,-6428,415,50,-414,45,62],"SliceThickness":0.8,"SoftwareVersions":"syngo_MR_E11","StationName":"MRC35056","TxRefAmp":217.896,"dataset":"MICs","modality":"T1w","run_id":2,"session_id":"01","subject_id":"sub-HC040"},"cjv":0.45003391238563423,"cnr":2.7592309399972748,"efc":0.65106517072224246,"fber":38.7086296081543,"fwhm_avg":3.6830499451182788,"fwhm_x":3.69831244489085,"fwhm_y":3.819187443089672,"fwhm_z":3.5316499473743148,"icvs_csf":0.2069447424201438,"icvs_gm":0.38742980926586462,"icvs_wm":0.40562544831399155,"inu_med":1.4950907230377197,"inu_range":0.589892828464508,"provenance":{"md5sum":"110960b4c9a526ad9e34e8ab51607294","settings":{"testing":false},"software":"mriqc","version":"0.15.2","warnings":{"large_rot_frame":false,"small_air_mask":false},"webapi_port":[],"webapi_url":"https://mriqc.nimh.nih.gov/api/v1"},"qi_1":0.00017711369088830567,"qi_2":0.0036850443678005692,"rpve_csf":23.775132692261508,"rpve_gm":13.041853533396084,"rpve_wm":15.095995742506473,"size_x":224,"size_y":320,"size_z":320,"snr_csf":1.8259381317630192,"snr_gm":10.524042993896028,"snr_total":10.996106563741741,"snr_wm":20.638338565566173,"snrd_csf":44.964997307855491,"snrd_gm":80.407821840478888,"snrd_total":77.085165925854781,"snrd_wm":105.88267862922999,"spacing_x":0.800000011920929,"spacing_y":0.800000011920929,"spacing_z":0.800000011920929,"summary_bg_k":14.182915827730049,"summary_bg_mad":6.1875047131368932,"summary_bg_mean":120.46106719970703,"summary_bg_median":120.32323455810547,"summary_bg_n":7.494725E+6,"summary_bg_p05":110.12231140136718,"summary_bg_p95":131.3677947998047,"summary_bg_stdv":6.97477912902832,"summary_csf_k":23.68712573872028,"summary_csf_mad":88.971290329061688,"summary_csf_mean":469.90377807617188,"summary_csf_median":424.67666625976562,"summary_csf_n":120965,"summary_csf_p05":301.50501708984376,"summary_csf_p95":708.20574951171864,"summary_csf_stdv":232.57902526855469,"summary_gm_k":0.56641832175384543,"summary_gm_mad":67.619836632789429,"summary_gm_mean":762.39227294921875,"summary_gm_median":759.420166015625,"summary_gm_n":56584,"summary_gm_p05":647.9278625488281,"summary_gm_p95":885.07979431152353,"summary_gm_stdv":72.159858703613281,"summary_wm_k":4.156960551771415,"summary_wm_mad":40.6583117000381,"summary_wm_mean":1003.4161376953125,"summary_wm_median":1000.0201416015625,"summary_wm_n":606570,"summary_wm_p05":933.12525939941406,"summary_wm_p95":1083.8819702148437,"summary_wm_stdv":48.454448699951172,"tpm_overlap_csf":0.13140350580215454,"tpm_overlap_gm":0.38535267114639282,"tpm_overlap_wm":0.47949746251106262,"wm2max":0.3518656474598168}