{"bids_meta":{"AcquisitionMatrixPE":320,"AcquisitionNumber":1,"AcquisitionTime":[],"BaseResolution":320,"BodyPartExamined":"BRAIN","ConsistencyInfo":"N4_VE11C_LATEST_20160120","ConversionSoftware":"dcm2niix","ConversionSoftwareVersion":"v1.0.20200427","DeviceSerialNumber":"167017","DwellTime":6.6E-6,"EchoTime":0.00314,"FlipAngle":9,"ImageOrientationPatientDICOM":[0.0260664,0.987155,0.157626,0.0182349,0.157184,-0.987401],"ImageType":["ORIGINAL","PRIMARY","M","ND","NORM","FM","FIL"],"ImagingFrequency":123.25,"InPlanePhaseEncodingDirectionDICOM":"ROW","InstitutionAddress":[],"InstitutionName":[],"InstitutionalDepartmentName":[],"InversionTime":0.9,"MRAcquisitionType":"3D","MagneticFieldStrength":3,"Manufacturer":"Siemens","ManufacturersModelName":"Prisma_fit","Modality":"MR","ParallelReductionFactorInPlane":2,"PartialFourier":1,"PatientPosition":"HFS","PercentPhaseFOV":100,"PercentSampling":100,"PhaseEncodingSteps":319,"PhaseResolution":1,"PixelBandwidth":235,"ProcedureStepDescription":[],"ProtocolName":[],"PulseSequenceDetails":[],"ReceiveCoilActiveElements":"HC1-7","ReceiveCoilName":"HeadNeck_64","ReconMatrixPE":320,"RefLinesPE":32,"RepetitionTime":2.3,"SAR":0.0439237,"ScanOptions":"IR","ScanningSequence":"GR_IR","SequenceName":"_tfl3d1_16ns","SequenceVariant":"SK_SP_MP","SeriesDescription":[],"SeriesNumber":7,"ShimSetting":[330,-11563,-6486,412,0,-160,-25,12],"SliceThickness":0.8,"SoftwareVersions":"syngo_MR_E11","StationName":"MRC35056","TxRefAmp":214.177,"dataset":"MICs","modality":"T1w","run_id":2,"session_id":"01","subject_id":"sub-HC016"},"cjv":0.52328085548848657,"cnr":2.17704894036236,"efc":0.68160421826021855,"fber":25.780275344848633,"fwhm_avg":3.4068499492339797,"fwhm_x":3.3850624495586388,"fwhm_y":3.5333249473493553,"fwhm_z":3.3021624507939449,"icvs_csf":0.19902765210840623,"icvs_gm":0.42876616222735314,"icvs_wm":0.37220618566424063,"inu_med":1.5367261171340942,"inu_range":0.54018670320510864,"provenance":{"md5sum":"1b4b21d59f92d12369e052175dd6532f","settings":{"testing":false},"software":"mriqc","version":"0.15.2","warnings":{"large_rot_frame":false,"small_air_mask":false},"webapi_port":[],"webapi_url":"https://mriqc.nimh.nih.gov/api/v1"},"qi_1":5.3235832850154247E-5,"qi_2":0.00392414212691755,"rpve_csf":29.545592671701936,"rpve_gm":14.697865434978299,"rpve_wm":19.217445168859012,"size_x":224,"size_y":320,"size_z":320,"snr_csf":1.5627796458752365,"snr_gm":9.4098563945936213,"snr_total":8.2685579764930974,"snr_wm":13.833037889010431,"snrd_csf":36.286414664241782,"snrd_gm":65.969720411842843,"snrd_total":62.941942455535788,"snrd_wm":86.569692290522752,"spacing_x":0.800000011920929,"spacing_y":0.800000011920929,"spacing_z":0.800000011920929,"summary_bg_k":15663.351073154065,"summary_bg_mad":7.5680445551045921,"summary_bg_mean":151.87353515625,"summary_bg_median":151.77873229980469,"summary_bg_n":8.601265E+6,"summary_bg_p05":139.00196838378906,"summary_bg_p95":165.2204559326172,"summary_bg_stdv":12.76823902130127,"summary_csf_k":32.791843410954883,"summary_csf_mad":75.0964627985358,"summary_csf_mean":473.142822265625,"summary_csf_median":419.17562866210938,"summary_csf_n":107051,"summary_csf_p05":309.90451049804688,"summary_csf_p95":706.69223022460938,"summary_csf_stdv":268.22314453125,"summary_gm_k":0.90361543341447614,"summary_gm_mad":72.564347608214518,"summary_gm_mean":771.603515625,"summary_gm_median":762.07305908203125,"summary_gm_n":82231,"summary_gm_p05":655.56271362304688,"summary_gm_p95":922.10232543945312,"summary_gm_stdv":80.986190795898438,"summary_wm_k":18.471816706603818,"summary_wm_mad":51.959760208965953,"summary_wm_mean":1008.3983764648438,"summary_wm_median":1000.0410766601562,"summary_wm_n":433941,"summary_wm_p05":920.2806396484375,"summary_wm_p95":1114.7960205078125,"summary_wm_stdv":72.293586730957031,"tpm_overlap_csf":0.13223227858543396,"tpm_overlap_gm":0.41280153393745422,"tpm_overlap_wm":0.47540640830993652,"wm2max":0.3160878032082366}