{"bids_meta":{"AcquisitionMatrixPE":320,"AcquisitionNumber":1,"AcquisitionTime":[],"BaseResolution":320,"BodyPartExamined":"BRAIN","ConsistencyInfo":"N4_VE11C_LATEST_20160120","ConversionSoftware":"dcm2niix","ConversionSoftwareVersion":"v1.0.20200427","DeviceSerialNumber":"167017","DwellTime":6.6E-6,"EchoTime":0.00314,"FlipAngle":9,"ImageOrientationPatientDICOM":[0.0260664,0.987155,0.157626,0.0182349,0.157184,-0.987401],"ImageType":["ORIGINAL","PRIMARY","M","ND","NORM","FM","FIL"],"ImagingFrequency":123.25,"InPlanePhaseEncodingDirectionDICOM":"ROW","InstitutionAddress":[],"InstitutionName":[],"InstitutionalDepartmentName":[],"InversionTime":0.9,"MRAcquisitionType":"3D","MagneticFieldStrength":3,"Manufacturer":"Siemens","ManufacturersModelName":"Prisma_fit","Modality":"MR","ParallelReductionFactorInPlane":2,"PartialFourier":1,"PatientPosition":"HFS","PercentPhaseFOV":100,"PercentSampling":100,"PhaseEncodingSteps":319,"PhaseResolution":1,"PixelBandwidth":235,"ProcedureStepDescription":[],"ProtocolName":[],"PulseSequenceDetails":[],"ReceiveCoilActiveElements":"HC1-7","ReceiveCoilName":"HeadNeck_64","ReconMatrixPE":320,"RefLinesPE":32,"RepetitionTime":2.3,"SAR":0.0439237,"ScanOptions":"IR","ScanningSequence":"GR_IR","SequenceName":"_tfl3d1_16ns","SequenceVariant":"SK_SP_MP","SeriesDescription":[],"SeriesNumber":19,"ShimSetting":[330,-11563,-6486,412,0,-160,-25,12],"SliceThickness":0.8,"SoftwareVersions":"syngo_MR_E11","StationName":"MRC35056","TxRefAmp":214.177,"dataset":"MICs","modality":"T1w","run_id":1,"session_id":"01","subject_id":"sub-HC016"},"cjv":0.63327792798280658,"cnr":1.7053858047728869,"efc":0.68563781356853515,"fber":23.9929141998291,"fwhm_avg":3.3459791168076922,"fwhm_x":3.311887450649031,"fwhm_y":3.4500999485895045,"fwhm_z":3.275949951184542,"icvs_csf":0.20759054351709411,"icvs_gm":0.43317703520749151,"icvs_wm":0.35923242127541433,"inu_med":1.506274938583374,"inu_range":0.60030725598335266,"provenance":{"md5sum":"8ae5f4e62f9416f9eec6e171c764e822","settings":{"testing":false},"software":"mriqc","version":"0.15.2","warnings":{"large_rot_frame":false,"small_air_mask":false},"webapi_port":[],"webapi_url":"https://mriqc.nimh.nih.gov/api/v1"},"qi_1":6.8322492641382862E-6,"qi_2":0.0040304102754310182,"rpve_csf":27.383712427310137,"rpve_gm":13.933483491326992,"rpve_wm":18.879629085241994,"size_x":224,"size_y":320,"size_z":320,"snr_csf":1.2520372550734493,"snr_gm":7.4442073025365483,"snr_total":6.9379093747247573,"snr_wm":12.117483566564273,"snrd_csf":36.544902356491662,"snrd_gm":63.877116465780411,"snrd_total":61.02949504491469,"snrd_wm":82.666466312472011,"spacing_x":0.800000011920929,"spacing_y":0.800000011920929,"spacing_z":0.800000011920929,"summary_bg_k":10775.626255720326,"summary_bg_mad":7.9253477081666874,"summary_bg_mean":158.53549194335938,"summary_bg_median":158.46652221679688,"summary_bg_n":8.38674E+6,"summary_bg_p05":145.01443405151366,"summary_bg_p95":172.51269607543946,"summary_bg_stdv":13.356152534484863,"summary_csf_k":15.264551876028996,"summary_csf_mad":89.156276265657141,"summary_csf_mean":533.7515869140625,"summary_csf_median":442.0927734375,"summary_csf_n":127388,"summary_csf_p05":317.30225830078126,"summary_csf_p95":1461.1978515624985,"summary_csf_stdv":353.09735107421875,"summary_gm_k":0.91842828298803081,"summary_gm_mad":88.9532374028781,"summary_gm_mean":792.533203125,"summary_gm_median":772.73736572265625,"summary_gm_n":94475,"summary_gm_p05":656.4090515136719,"summary_gm_p95":997.2135131835937,"summary_gm_stdv":103.80329895019531,"summary_wm_k":20.377278879307632,"summary_wm_mad":54.990480027214829,"summary_wm_mean":1011.8165283203125,"summary_wm_median":1000.0368041992188,"summary_wm_n":436093,"summary_wm_p05":918.53618164062493,"summary_wm_p95":1132.9965087890625,"summary_wm_stdv":82.528327941894531,"tpm_overlap_csf":0.11788887530565262,"tpm_overlap_gm":0.39242047071456909,"tpm_overlap_wm":0.46842551231384277,"wm2max":0.30484396890072668}