{"bids_meta":{"AcquisitionMatrixPE":320,"AcquisitionNumber":1,"AcquisitionTime":[],"BaseResolution":320,"BodyPartExamined":"BRAIN","ConsistencyInfo":"N4_VE11C_LATEST_20160120","ConversionSoftware":"dcm2niix","ConversionSoftwareVersion":"v1.0.20200427","DeviceSerialNumber":"167017","DwellTime":6.6E-6,"EchoTime":0.00314,"FlipAngle":9,"ImageOrientationPatientDICOM":[0.0583402,0.9962,-0.0646668,-0.0387733,-0.0624671,-0.997294],"ImageType":["ORIGINAL","PRIMARY","M","ND","NORM","FM","FIL"],"ImagingFrequency":123.25,"InPlanePhaseEncodingDirectionDICOM":"ROW","InstitutionAddress":[],"InstitutionName":[],"InstitutionalDepartmentName":[],"InversionTime":0.9,"MRAcquisitionType":"3D","MagneticFieldStrength":3,"Manufacturer":"Siemens","ManufacturersModelName":"Prisma_fit","Modality":"MR","ParallelReductionFactorInPlane":2,"PartialFourier":1,"PatientPosition":"HFS","PercentPhaseFOV":100,"PercentSampling":100,"PhaseEncodingSteps":319,"PhaseResolution":1,"PixelBandwidth":235,"ProcedureStepDescription":[],"ProtocolName":[],"PulseSequenceDetails":[],"ReceiveCoilActiveElements":"HC1-7","ReceiveCoilName":"HeadNeck_64","ReconMatrixPE":320,"RefLinesPE":32,"RepetitionTime":2.3,"SAR":0.0494146,"ScanOptions":"IR","ScanningSequence":"GR_IR","SequenceName":"_tfl3d1_16ns","SequenceVariant":"SK_SP_MP","SeriesDescription":[],"SeriesNumber":19,"ShimSetting":[320,-11605,-6491,484,31,-418,-49,20],"SliceThickness":0.8,"SoftwareVersions":"syngo_MR_E11","StationName":"MRC35056","TxRefAmp":217.883,"dataset":"MICs","modality":"T1w","run_id":3,"session_id":"01","subject_id":"sub-HC045"},"cjv":0.55665173693621,"cnr":2.0903903576027356,"efc":0.6695705169584335,"fber":35.719699859619141,"fwhm_avg":3.6422874457256875,"fwhm_x":3.540762447238528,"fwhm_y":3.75549994403869,"fwhm_z":3.6305999458998448,"icvs_csf":0.23422091769963671,"icvs_gm":0.41207728353232914,"icvs_wm":0.35370179876803415,"inu_med":1.482599139213562,"inu_range":0.6314998626708983,"provenance":{"md5sum":"d8e20aa798a0d9beeee376d837c05376","settings":{"testing":false},"software":"mriqc","version":"0.15.2","warnings":{"large_rot_frame":false,"small_air_mask":false},"webapi_port":[],"webapi_url":"https://mriqc.nimh.nih.gov/api/v1"},"qi_1":0,"qi_2":0.0033360732957759911,"rpve_csf":19.983086454232954,"rpve_gm":11.626308260811602,"rpve_wm":15.706668708748735,"size_x":224,"size_y":320,"size_z":320,"snr_csf":1.4912579909934753,"snr_gm":8.7287558180354363,"snr_total":8.1279003822828031,"snr_wm":14.1636873378195,"snrd_csf":44.08581655953742,"snrd_gm":76.617951868785624,"snrd_total":73.646618792569384,"snrd_wm":100.23608794938515,"spacing_x":0.800000011920929,"spacing_y":0.800000011920929,"spacing_z":0.800000011920929,"summary_bg_k":7.5006130521732075,"summary_bg_mad":6.5360868097531588,"summary_bg_mean":129.89399719238281,"summary_bg_median":129.73382568359375,"summary_bg_n":8.330042E+6,"summary_bg_p05":119.00444107055664,"summary_bg_p95":141.40681381225585,"summary_bg_stdv":7.2277612686157227,"summary_csf_k":14.258118847596233,"summary_csf_mad":119.76618899108146,"summary_csf_mean":507.8311767578125,"summary_csf_median":439.83013916015625,"summary_csf_n":155278,"summary_csf_p05":296.79534606933595,"summary_csf_p95":994.11545715331852,"summary_csf_stdv":294.93804931640625,"summary_gm_k":1.1463035276429165,"summary_gm_mad":76.914062173590935,"summary_gm_mean":773.92303466796875,"summary_gm_median":764.39288330078125,"summary_gm_n":87837,"summary_gm_p05":647.42403564453116,"summary_gm_p95":935.81218261718743,"summary_gm_stdv":87.571304321289062,"summary_wm_k":10.004441330767238,"summary_wm_mad":54.250129071971685,"summary_wm_mean":1008.9091186523438,"summary_wm_median":1000.0234985351562,"summary_wm_n":524618,"summary_wm_p05":918.10551147460933,"summary_wm_p95":1124.880548095703,"summary_wm_stdv":70.60467529296875,"tpm_overlap_csf":0.095543049275875092,"tpm_overlap_gm":0.35198837518692017,"tpm_overlap_wm":0.45835861563682556,"wm2max":0.33914941337764393}