{"aor":0.04459,"aqi":0.003618905,"bids_meta":{"AcquisitionMatrixPE":80,"AcquisitionNumber":1,"AcquisitionTime":[],"BandwidthPerPixelPhaseEncode":23.148,"BaseResolution":80,"BodyPartExamined":"BRAIN","ConsistencyInfo":"N4_VE11C_LATEST_20160120","ConversionSoftware":"dcm2niix","ConversionSoftwareVersion":"v1.0.20200427","DerivedVendorReportedEchoSpacing":0.000540003,"DeviceSerialNumber":"167017","DwellTime":3E-6,"EchoTime":0.048,"EchoTrainLength":80,"EffectiveEchoSpacing":0.000540003,"FlipAngle":90,"ImageComments":"Unaliased_MB6_PE3_LB","ImageOrientationPatientDICOM":[1,0,0,0,0.838671,-0.544639],"ImageType":["ORIGINAL","PRIMARY","M","ND","NORM","MOSAIC"],"ImagingFrequency":123.25,"InPlanePhaseEncodingDirectionDICOM":"COL","InstitutionAddress":[],"InstitutionName":[],"InstitutionalDepartmentName":[],"Instructions":"eyes closed","MRAcquisitionType":"2D","MagneticFieldStrength":3,"Manufacturer":"Siemens","ManufacturersModelName":"Prisma_fit","Modality":"MR","PartialFourier":1,"PatientPosition":"HFS","PercentPhaseFOV":100,"PercentSampling":100,"PhaseEncodingDirection":"j-","PhaseEncodingSteps":80,"PhaseResolution":1,"PixelBandwidth":2085,"ProcedureStepDescription":[],"ProtocolName":[],"PulseSequenceDetails":[],"ReceiveCoilActiveElements":"HC1-7","ReceiveCoilName":"HeadNeck_64","ReconMatrixPE":80,"RepetitionTime":4.029,"SAR":0.210567,"ScanOptions":"FS","ScanningSequence":"EP","SequenceName":"epse2d1_80","SequenceVariant":"SK","SeriesDescription":[],"SeriesNumber":15,"ShimSetting":[302,-11567,-6410,606,-25,-16,-17,20],"SliceThickness":3,"SliceTiming":[3.925,3.8425,3.7575,3.675,3.59,3.5075,3.4225,3.34,3.2575,3.1725,3.09,3.005,2.9225,2.84,2.755,2.6725,2.5875,2.505,2.4225,2.3375,2.255,2.17,2.0875,2.005,1.92,1.8375,1.7525,1.67,1.585,1.5025,1.42,1.335,1.2525,1.1675,1.085,1.0025,0.9175,0.835,0.75,0.6675,0.585,0.5,0.4175,0.3325,0.25,0.1675,0.0825,0],"SoftwareVersions":"syngo_MR_E11","SpacingBetweenSlices":3,"StationName":"MRC35056","TaskName":"rest","TotalReadoutTime":0.0426603,"TxRefAmp":244.173,"WipMemBlock":"ef9e93ea-8047-402c-8bae-5eb2ae97aabf||Sequence: R016 ve11c/master r/34fb20f; Nov 20 2017 15:30:40 by eja","acq_id":"APse","dataset":"MICs","modality":"bold","session_id":"01","subject_id":"sub-HC020","task_id":"rest"},"dummy_trs":0,"dvars_nstd":48.684407806,"dvars_std":2.543334484,"dvars_vstd":4.0241922379999995,"efc":0.5187713706057685,"fber":985.3270263671875,"fd_mean":0.20614631708559217,"fd_num":2,"fd_perc":33.333333333333336,"fwhm_avg":1.8547844444444443,"fwhm_x":1.83835,"fwhm_y":1.7929533333333334,"fwhm_z":1.93305,"gcor":0.00273529,"gsr_x":-0.024300433695316315,"gsr_y":0.032366696745157242,"provenance":{"md5sum":"5a6cf0115962318a873104ccb8356665","settings":{"fd_thres":0.2,"hmc_fsl":false,"testing":false},"software":"mriqc","version":"0.15.2","webapi_port":[],"webapi_url":"https://mriqc.nimh.nih.gov/api/v1"},"size_t":6,"size_x":80,"size_y":80,"size_z":48,"snr":2.4998649409683722,"spacing_tr":4.0289998054504395,"spacing_x":3,"spacing_y":3,"spacing_z":3,"summary_bg_k":24.359153751668615,"summary_bg_mad":109.34392703638005,"summary_bg_mean":686.85772705078125,"summary_bg_median":278.30517578125,"summary_bg_n":190311,"summary_bg_p05":159.69283294677734,"summary_bg_p95":3196.061767578125,"summary_bg_stdv":1244.644775390625,"summary_fg_k":25.175093778386056,"summary_fg_mad":2491.513028198664,"summary_fg_mean":9873.8681640625,"summary_fg_median":9225.27734375,"summary_fg_n":65723,"summary_fg_p05":5901.996484375,"summary_fg_p95":15884.02568359374,"summary_fg_stdv":3690.2822265625,"tsnr":71.278800964355469}