{"aor":0.0021698421807747489,"aqi":0.0080249833285509324,"bids_meta":{"AcquisitionMatrixPE":80,"AcquisitionNumber":1,"AcquisitionTime":[],"BandwidthPerPixelPhaseEncode":23.148,"BaseResolution":80,"BodyPartExamined":"BRAIN","ConsistencyInfo":"N4_VE11C_LATEST_20160120","ConversionSoftware":"dcm2niix","ConversionSoftwareVersion":"v1.0.20200427","DerivedVendorReportedEchoSpacing":0.000540003,"DeviceSerialNumber":"167017","DwellTime":2.6E-6,"EchoTime":0.03,"EchoTrainLength":80,"EffectiveEchoSpacing":0.000540003,"FlipAngle":50,"ImageComments":"Unaliased_MB6_PE3_LB","ImageOrientationPatientDICOM":[1,0,0,0,0.838671,-0.544639],"ImageType":["ORIGINAL","PRIMARY","M","MB","ND","NORM","MOSAIC"],"ImagingFrequency":123.25,"InPlanePhaseEncodingDirectionDICOM":"COL","InstitutionAddress":[],"InstitutionName":[],"InstitutionalDepartmentName":[],"Instructions":"eyes closed","MRAcquisitionType":"2D","MagneticFieldStrength":3,"Manufacturer":"Siemens","ManufacturersModelName":"Prisma_fit","Modality":"MR","MultibandAccelerationFactor":6,"PartialFourier":1,"PatientPosition":"HFS","PercentPhaseFOV":100,"PercentSampling":100,"PhaseEncodingDirection":"j-","PhaseEncodingSteps":80,"PhaseResolution":1,"PixelBandwidth":2405,"ProcedureStepDescription":[],"ProtocolName":[],"PulseSequenceDetails":[],"ReceiveCoilActiveElements":"HC1-7","ReceiveCoilName":"HeadNeck_64","ReconMatrixPE":80,"RepetitionTime":0.6,"SAR":0.0627483,"ScanOptions":"FS","ScanningSequence":"EP","SequenceName":"epfid2d1_80","SequenceVariant":"SK_SS","SeriesDescription":[],"SeriesNumber":14,"ShimSetting":[302,-11567,-6410,606,-25,-16,-17,20],"SliceThickness":3,"SliceTiming":[0.5075,0.435,0.3625,0.29,0.2175,0.145,0.0725,0,0.5075,0.435,0.3625,0.29,0.2175,0.145,0.0725,0,0.5075,0.435,0.3625,0.29,0.2175,0.145,0.0725,0,0.5075,0.435,0.3625,0.29,0.2175,0.145,0.0725,0,0.5075,0.435,0.3625,0.29,0.2175,0.145,0.0725,0,0.5075,0.435,0.3625,0.29,0.2175,0.145,0.0725,0],"SoftwareVersions":"syngo_MR_E11","SpacingBetweenSlices":3,"StationName":"MRC35056","TaskName":"rest","TotalReadoutTime":0.0426603,"TxRefAmp":244.173,"WipMemBlock":"6ff56fb8-4005-446d-9ebb-c78f8aa10fbc||Sequence: R016 ve11c/master r/34fb20f; Nov 20 2017 15:15:15 by eja","acq_id":"AP","dataset":"MICs","modality":"bold","session_id":"01","subject_id":"sub-HC020","task_id":"rest"},"dummy_trs":3,"dvars_nstd":34.392091910057438,"dvars_std":1.29232241295977,"dvars_vstd":1.2171072189798844,"efc":0.48169949438698523,"fber":7297.33642578125,"fd_mean":0.10338138420146478,"fd_num":55,"fd_perc":7.8909612625538017,"fwhm_avg":2.413076666666667,"fwhm_x":2.19348,"fwhm_y":2.6252233333333335,"fwhm_z":2.4205266666666669,"gcor":0.0140769,"gsr_x":-0.016000784933567047,"gsr_y":0.038655579090118408,"provenance":{"md5sum":"385d883126532b54af25ec6dfa26e6de","settings":{"fd_thres":0.2,"hmc_fsl":false,"testing":false},"software":"mriqc","version":"0.15.2","webapi_port":[],"webapi_url":"https://mriqc.nimh.nih.gov/api/v1"},"size_t":697,"size_x":80,"size_y":80,"size_z":48,"snr":3.8871848433353353,"spacing_tr":0.60000002384185791,"spacing_x":3,"spacing_y":3,"spacing_z":3,"summary_bg_k":24.635488811694206,"summary_bg_mad":50.521215726979811,"summary_bg_mean":251.04435729980469,"summary_bg_median":74.242469787597656,"summary_bg_n":193571,"summary_bg_p05":31.132711410522461,"summary_bg_p95":1185.9060668945312,"summary_bg_stdv":501.7742919921875,"summary_fg_k":3.034122178266923,"summary_fg_mad":1411.9082264426934,"summary_fg_mean":6734.658203125,"summary_fg_median":6665.23681640625,"summary_fg_n":62406,"summary_fg_p05":4332.509765625,"summary_fg_p95":9373.502197265625,"summary_fg_stdv":1714.6556396484375,"tsnr":44.78680232539773}