{"aor":0.048373333333333331,"aqi":0.0041174,"bids_meta":{"AcquisitionMatrixPE":80,"AcquisitionNumber":1,"AcquisitionTime":[],"BandwidthPerPixelPhaseEncode":23.148,"BaseResolution":80,"BodyPartExamined":"BRAIN","ConsistencyInfo":"N4_VE11C_LATEST_20160120","ConversionSoftware":"dcm2niix","ConversionSoftwareVersion":"v1.0.20200427","DerivedVendorReportedEchoSpacing":0.000540003,"DeviceSerialNumber":"167017","DwellTime":3E-6,"EchoTime":0.048,"EchoTrainLength":80,"EffectiveEchoSpacing":0.000540003,"FlipAngle":90,"ImageComments":"Unaliased_MB6_PE3_LB","ImageOrientationPatientDICOM":[1,0,0,0,0.838671,-0.544639],"ImageType":["ORIGINAL","PRIMARY","M","ND","NORM","MOSAIC"],"ImagingFrequency":123.25,"InPlanePhaseEncodingDirectionDICOM":"COL","InstitutionAddress":[],"InstitutionName":[],"InstitutionalDepartmentName":[],"Instructions":"eyes closed","MRAcquisitionType":"2D","MagneticFieldStrength":3,"Manufacturer":"Siemens","ManufacturersModelName":"Prisma_fit","Modality":"MR","PartialFourier":1,"PatientPosition":"HFS","PercentPhaseFOV":100,"PercentSampling":100,"PhaseEncodingDirection":"j","PhaseEncodingSteps":80,"PhaseResolution":1,"PixelBandwidth":2085,"ProcedureStepDescription":[],"ProtocolName":[],"PulseSequenceDetails":[],"ReceiveCoilActiveElements":"HC1-7","ReceiveCoilName":"HeadNeck_64","ReconMatrixPE":80,"RepetitionTime":4.029,"SAR":0.210567,"ScanOptions":"FS","ScanningSequence":"EP","SequenceName":"epse2d1_80","SequenceVariant":"SK","SeriesDescription":[],"SeriesNumber":16,"ShimSetting":[302,-11567,-6410,606,-25,-16,-17,20],"SliceThickness":3,"SliceTiming":[3.925,3.84,3.7575,3.675,3.59,3.5075,3.4225,3.34,3.255,3.1725,3.09,3.005,2.9225,2.8375,2.755,2.6725,2.5875,2.505,2.42,2.3375,2.255,2.17,2.0875,2.0025,1.92,1.8375,1.7525,1.67,1.585,1.5025,1.4175,1.335,1.2525,1.1675,1.085,1,0.9175,0.835,0.75,0.6675,0.5825,0.5,0.4175,0.3325,0.25,0.165,0.0825,0],"SoftwareVersions":"syngo_MR_E11","SpacingBetweenSlices":3,"StationName":"MRC35056","TaskName":"rest","TotalReadoutTime":0.0426603,"TxRefAmp":244.173,"WipMemBlock":"e7db377e-9244-4b5c-a24b-a9061697230a||Sequence: R016 ve11c/master r/34fb20f; Nov 20 2017 15:30:40 by eja","acq_id":"PAse","dataset":"MICs","modality":"bold","session_id":"01","subject_id":"sub-HC020","task_id":"rest"},"dummy_trs":0,"dvars_nstd":55.727873992,"dvars_std":2.667501736,"dvars_vstd":4.0605097300000006,"efc":0.5151530657394956,"fber":969.46392822265625,"fd_mean":0.05631213173184367,"fd_num":0,"fd_perc":0,"fwhm_avg":1.8656011111111113,"fwhm_x":1.93391,"fwhm_y":1.7138333333333333,"fwhm_z":1.94906,"gcor":0.00143277,"gsr_x":-0.02521849051117897,"gsr_y":0.031332571059465408,"provenance":{"md5sum":"27869fa534b6bee8466e6c48a357c040","settings":{"fd_thres":0.2,"hmc_fsl":false,"testing":false},"software":"mriqc","version":"0.15.2","webapi_port":[],"webapi_url":"https://mriqc.nimh.nih.gov/api/v1"},"size_t":6,"size_x":80,"size_y":80,"size_z":48,"snr":2.3000722641808218,"spacing_tr":4.0289998054504395,"spacing_x":3,"spacing_y":3,"spacing_z":3,"summary_bg_k":16.998367918666442,"summary_bg_mad":104.44765899965984,"summary_bg_mean":668.7864990234375,"summary_bg_median":275.7674560546875,"summary_bg_n":190282,"summary_bg_p05":157.82450103759766,"summary_bg_p95":3181.5036621093732,"summary_bg_stdv":1116.444580078125,"summary_fg_k":19.721367913827738,"summary_fg_mad":2642.2979449891845,"summary_fg_mean":9736.7685546875,"summary_fg_median":9133.5439453125,"summary_fg_n":65906,"summary_fg_p05":5049.948974609375,"summary_fg_p95":16098.0693359375,"summary_fg_stdv":3970.951171875,"tsnr":73.310409545898438}