{"bids_meta":{"AcquisitionMatrixPE":320,"AcquisitionNumber":1,"AcquisitionTime":[],"BaseResolution":320,"BodyPartExamined":"BRAIN","ConsistencyInfo":"N4_VE11C_LATEST_20160120","ConversionSoftware":"dcm2niix","ConversionSoftwareVersion":"v1.0.20200427","DeviceSerialNumber":"167017","DwellTime":6.6E-6,"EchoTime":0.00314,"FlipAngle":9,"ImageOrientationPatientDICOM":[0.0154401,0.986165,0.165045,-0.00311522,0.165111,-0.98627],"ImageType":["ORIGINAL","PRIMARY","M","ND","NORM","FM","FIL"],"ImagingFrequency":123.25,"InPlanePhaseEncodingDirectionDICOM":"ROW","InstitutionAddress":[],"InstitutionName":[],"InstitutionalDepartmentName":[],"InversionTime":0.9,"MRAcquisitionType":"3D","MagneticFieldStrength":3,"Manufacturer":"Siemens","ManufacturersModelName":"Prisma_fit","Modality":"MR","ParallelReductionFactorInPlane":2,"PartialFourier":1,"PatientPosition":"HFS","PercentPhaseFOV":100,"PercentSampling":100,"PhaseEncodingSteps":319,"PhaseResolution":1,"PixelBandwidth":235,"ProcedureStepDescription":[],"ProtocolName":[],"PulseSequenceDetails":[],"ReceiveCoilActiveElements":"HC1-7","ReceiveCoilName":"HeadNeck_64","ReconMatrixPE":320,"RefLinesPE":32,"RepetitionTime":2.3,"SAR":0.0399787,"ScanOptions":"IR","ScanningSequence":"GR_IR","SequenceName":"_tfl3d1_16ns","SequenceVariant":"SK_SP_MP","SeriesDescription":[],"SeriesNumber":7,"ShimSetting":[320,-11577,-6476,501,81,-188,-16,7],"SliceThickness":0.8,"SoftwareVersions":"syngo_MR_E11","StationName":"MRC35056","TxRefAmp":221.892,"dataset":"MICs","modality":"T1w","run_id":2,"session_id":"01","subject_id":"sub-HC028"},"cjv":0.71524549905527179,"cnr":1.7069797483540454,"efc":0.71592878274753435,"fber":27.847574234008789,"fwhm_avg":3.4795124481512243,"fwhm_x":3.4614124484209352,"fwhm_y":3.5875749465409674,"fwhm_z":3.38954994949177,"icvs_csf":0.20840003021973139,"icvs_gm":0.43962199722117457,"icvs_wm":0.35197797255909408,"inu_med":1.4515144824981689,"inu_range":0.70091695189476022,"provenance":{"md5sum":"eb81155b2a13b3552d2a1e1f6a721c19","settings":{"testing":false},"software":"mriqc","version":"0.15.2","warnings":{"large_rot_frame":false,"small_air_mask":false},"webapi_port":[],"webapi_url":"https://mriqc.nimh.nih.gov/api/v1"},"qi_1":0,"qi_2":0.0050190022282337555,"rpve_csf":22.156205039907782,"rpve_gm":11.032327868212134,"rpve_wm":15.086580083709091,"size_x":224,"size_y":320,"size_z":320,"snr_csf":2.5415040737141017,"snr_gm":8.06164964247709,"snr_total":8.5535022991802379,"snr_wm":15.057353181349523,"snrd_csf":39.005134094539969,"snrd_gm":72.697703731953084,"snrd_total":67.785539487977744,"snrd_wm":91.653780637440164,"spacing_x":0.800000011920929,"spacing_y":0.800000011920929,"spacing_z":0.800000011920929,"summary_bg_k":6400.7620928286387,"summary_bg_mad":7.1481556623346147,"summary_bg_mean":150.05546569824219,"summary_bg_median":149.74542236328125,"summary_bg_n":8.242378E+6,"summary_bg_p05":137.93539428710938,"summary_bg_p95":162.04300155639646,"summary_bg_stdv":24.280206680297852,"summary_csf_k":35.063236641193107,"summary_csf_mad":83.807881967982,"summary_csf_mean":455.2860107421875,"summary_csf_median":425.58279418945312,"summary_csf_n":162019,"summary_csf_p05":318.61465759277343,"summary_csf_p95":643.62568359375007,"summary_csf_stdv":167.45260620117188,"summary_gm_k":0.067975463818214621,"summary_gm_mad":94.1003121640774,"summary_gm_mean":810.22125244140625,"summary_gm_median":793.20050048828125,"summary_gm_n":132730,"summary_gm_p05":675.07160339355471,"summary_gm_p95":994.11380004882812,"summary_gm_stdv":98.391464233398438,"summary_wm_k":7.2175746432158956,"summary_wm_mad":53.832966216300861,"summary_wm_mean":1005.6646118164062,"summary_wm_median":1000.0291748046875,"summary_wm_n":488696,"summary_wm_p05":912.48855590820312,"summary_wm_p95":1113.1878967285156,"summary_wm_stdv":66.414604187011719,"tpm_overlap_csf":0.1034015417098999,"tpm_overlap_gm":0.37348467111587524,"tpm_overlap_wm":0.45958578586578369,"wm2max":0.40291421719822568}