{"aor":0.049389999999999996,"aqi":0.0087916066666666667,"bids_meta":{"AcquisitionMatrixPE":80,"AcquisitionNumber":1,"AcquisitionTime":[],"BandwidthPerPixelPhaseEncode":23.148,"BaseResolution":80,"BodyPartExamined":"BRAIN","ConsistencyInfo":"N4_VE11C_LATEST_20160120","ConversionSoftware":"dcm2niix","ConversionSoftwareVersion":"v1.0.20200427","DerivedVendorReportedEchoSpacing":0.000540003,"DeviceSerialNumber":"167017","DwellTime":3E-6,"EchoTime":0.048,"EchoTrainLength":80,"EffectiveEchoSpacing":0.000540003,"FlipAngle":90,"ImageComments":"Unaliased_MB6_PE3_LB","ImageOrientationPatientDICOM":[1,0,0,0,0.777146,-0.62932],"ImageType":["ORIGINAL","PRIMARY","M","ND","NORM","MOSAIC"],"ImagingFrequency":123.25,"InPlanePhaseEncodingDirectionDICOM":"COL","InstitutionAddress":[],"InstitutionName":[],"InstitutionalDepartmentName":[],"Instructions":"eyes closed","MRAcquisitionType":"2D","MagneticFieldStrength":3,"Manufacturer":"Siemens","ManufacturersModelName":"Prisma_fit","Modality":"MR","PartialFourier":1,"PatientPosition":"HFS","PercentPhaseFOV":100,"PercentSampling":100,"PhaseEncodingDirection":"j","PhaseEncodingSteps":80,"PhaseResolution":1,"PixelBandwidth":2085,"ProcedureStepDescription":[],"ProtocolName":[],"PulseSequenceDetails":[],"ReceiveCoilActiveElements":"HC1-7","ReceiveCoilName":"HeadNeck_64","ReconMatrixPE":80,"RepetitionTime":4.029,"SAR":0.186495,"ScanOptions":"FS","ScanningSequence":"EP","SequenceName":"epse2d1_80","SequenceVariant":"SK","SeriesDescription":[],"SeriesNumber":16,"ShimSetting":[327,-11582,-6386,368,-14,-160,-5,20],"SliceThickness":3,"SliceTiming":[3.925,3.8425,3.76,3.675,3.5925,3.5075,3.425,3.3425,3.2575,3.175,3.09,3.0075,2.925,2.84,2.7575,2.6725,2.59,2.505,2.4225,2.34,2.255,2.1725,2.0875,2.005,1.9225,1.8375,1.755,1.67,1.5875,1.505,1.42,1.3375,1.2525,1.17,1.0875,1.0025,0.92,0.835,0.7525,0.67,0.585,0.5025,0.4175,0.335,0.25,0.1675,0.085,0],"SoftwareVersions":"syngo_MR_E11","SpacingBetweenSlices":3,"StationName":"MRC35056","TaskName":"rest","TotalReadoutTime":0.0426603,"TxRefAmp":242.589,"WipMemBlock":"bf3991ea-89f1-4c7d-b602-06a61337815b||Sequence: R016 ve11c/master r/34fb20f; Nov 20 2017 15:30:40 by eja","acq_id":"PAse","dataset":"MICs","modality":"bold","session_id":"01","subject_id":"sub-HC033","task_id":"rest"},"dummy_trs":0,"dvars_nstd":79.807977294,"dvars_std":2.554400062,"dvars_vstd":4.826860524,"efc":0.49724529611663337,"fber":824.9959716796875,"fd_mean":0.19870303074974927,"fd_num":2,"fd_perc":33.333333333333336,"fwhm_avg":1.9388865679676524,"fwhm_x":2.0908966666666666,"fwhm_y":1.7111998640060535,"fwhm_z":2.0145631732302367,"gcor":0.00234368,"gsr_x":-0.037959795445203781,"gsr_y":0.015622916631400585,"provenance":{"md5sum":"eb01ac74542be21f2ea1524c9cb876f9","settings":{"fd_thres":0.2,"hmc_fsl":false,"testing":false},"software":"mriqc","version":"0.15.2","webapi_port":[],"webapi_url":"https://mriqc.nimh.nih.gov/api/v1"},"size_t":6,"size_x":80,"size_y":80,"size_z":48,"snr":2.167756378097669,"spacing_tr":4.0289998054504395,"spacing_x":3,"spacing_y":3.0000002384185791,"spacing_z":3.0000002384185791,"summary_bg_k":145.66390062117691,"summary_bg_mad":119.38913620824711,"summary_bg_mean":738.08740234375,"summary_bg_median":271.19204711914062,"summary_bg_n":202746,"summary_bg_p05":146.09521484375,"summary_bg_p95":3386.067626953125,"summary_bg_stdv":1386.331298828125,"summary_fg_k":24.581221332656732,"summary_fg_mad":2430.4215640299781,"summary_fg_mean":8842.0986328125,"summary_fg_median":8335.498046875,"summary_fg_n":54654,"summary_fg_p05":3005.1094848632811,"summary_fg_p95":14665.585351562495,"summary_fg_stdv":3845.183837890625,"tsnr":47.054840087890625}