{"aor":0.0012191117478510028,"aqi":0.00963207189111748,"bids_meta":{"AcquisitionMatrixPE":80,"AcquisitionNumber":1,"AcquisitionTime":[],"BandwidthPerPixelPhaseEncode":23.148,"BaseResolution":80,"BodyPartExamined":"BRAIN","ConsistencyInfo":"N4_VE11C_LATEST_20160120","ConversionSoftware":"dcm2niix","ConversionSoftwareVersion":"v1.0.20200427","DerivedVendorReportedEchoSpacing":0.000540003,"DeviceSerialNumber":"167017","DwellTime":2.6E-6,"EchoTime":0.03,"EchoTrainLength":80,"EffectiveEchoSpacing":0.000540003,"FlipAngle":50,"ImageComments":"Unaliased_MB6_PE3_LB","ImageOrientationPatientDICOM":[1,0,0,0,0.777146,-0.62932],"ImageType":["ORIGINAL","PRIMARY","M","MB","ND","NORM","MOSAIC"],"ImagingFrequency":123.25,"InPlanePhaseEncodingDirectionDICOM":"COL","InstitutionAddress":[],"InstitutionName":[],"InstitutionalDepartmentName":[],"Instructions":"eyes closed","MRAcquisitionType":"2D","MagneticFieldStrength":3,"Manufacturer":"Siemens","ManufacturersModelName":"Prisma_fit","Modality":"MR","MultibandAccelerationFactor":6,"PartialFourier":1,"PatientPosition":"HFS","PercentPhaseFOV":100,"PercentSampling":100,"PhaseEncodingDirection":"j-","PhaseEncodingSteps":80,"PhaseResolution":1,"PixelBandwidth":2405,"ProcedureStepDescription":[],"ProtocolName":[],"PulseSequenceDetails":[],"ReceiveCoilActiveElements":"HC1-7","ReceiveCoilName":"HeadNeck_64","ReconMatrixPE":80,"RepetitionTime":0.6,"SAR":0.0527444,"ScanOptions":"FS","ScanningSequence":"EP","SequenceName":"epfid2d1_80","SequenceVariant":"SK_SS","SeriesDescription":[],"SeriesNumber":14,"ShimSetting":[327,-11582,-6386,368,-14,-160,-5,20],"SliceThickness":3,"SliceTiming":[0.5075,0.435,0.3625,0.29,0.2175,0.145,0.0725,0,0.5075,0.435,0.3625,0.29,0.2175,0.145,0.0725,0,0.5075,0.435,0.3625,0.29,0.2175,0.145,0.0725,0,0.5075,0.435,0.3625,0.29,0.2175,0.145,0.0725,0,0.5075,0.435,0.3625,0.29,0.2175,0.145,0.0725,0,0.5075,0.435,0.3625,0.29,0.2175,0.145,0.0725,0],"SoftwareVersions":"syngo_MR_E11","SpacingBetweenSlices":3,"StationName":"MRC35056","TaskName":"rest","TotalReadoutTime":0.0426603,"TxRefAmp":242.589,"WipMemBlock":"22b47a4f-07bb-4a9d-abdb-53ab23fd458c||Sequence: R016 ve11c/master r/34fb20f; Nov 20 2017 15:15:15 by eja","acq_id":"AP","dataset":"MICs","modality":"bold","session_id":"01","subject_id":"sub-HC033","task_id":"rest"},"dummy_trs":2,"dvars_nstd":34.769950264720194,"dvars_std":1.1797898671018652,"dvars_vstd":0.98197484196556706,"efc":0.45193572873685794,"fber":6594.03857421875,"fd_mean":0.12667258313528051,"fd_num":90,"fd_perc":12.893982808022923,"fwhm_avg":2.4960609738259953,"fwhm_x":2.3058433333333332,"fwhm_y":2.6763697873012391,"fwhm_z":2.5059698008434137,"gcor":0.0125216,"gsr_x":-0.018996646627783775,"gsr_y":0.026857152581214905,"provenance":{"md5sum":"3af814474897a89c91d3a54cfd999ff6","settings":{"fd_thres":0.2,"hmc_fsl":false,"testing":false},"software":"mriqc","version":"0.15.2","webapi_port":[],"webapi_url":"https://mriqc.nimh.nih.gov/api/v1"},"size_t":698,"size_x":80,"size_y":80,"size_z":48,"snr":3.7815058448022691,"spacing_tr":0.60000002384185791,"spacing_x":3,"spacing_y":3.0000002384185791,"spacing_z":3.0000002384185791,"summary_bg_k":50.459638429655215,"summary_bg_mad":49.569466815944047,"summary_bg_mean":257.607666015625,"summary_bg_median":70.528656005859375,"summary_bg_n":207681,"summary_bg_p05":29.030086517333984,"summary_bg_p95":1270.6405029296875,"summary_bg_stdv":549.479248046875,"summary_fg_k":3.3896266979370093,"summary_fg_mad":1275.8298839045858,"summary_fg_mean":6026.21484375,"summary_fg_median":6006.36279296875,"summary_fg_n":50631,"summary_fg_p05":3466.5745849609375,"summary_fg_p95":8359.7763671875,"summary_fg_stdv":1588.33642578125,"tsnr":40.846764217712916}