{"aor":0.046468333333333334,"aqi":0.0051637583333333332,"bids_meta":{"AcquisitionMatrixPE":80,"AcquisitionNumber":1,"AcquisitionTime":[],"BandwidthPerPixelPhaseEncode":23.148,"BaseResolution":80,"BodyPartExamined":"BRAIN","ConsistencyInfo":"N4_VE11C_LATEST_20160120","ConversionSoftware":"dcm2niix","ConversionSoftwareVersion":"v1.0.20200427","DerivedVendorReportedEchoSpacing":0.000540003,"DeviceSerialNumber":"167017","DwellTime":3E-6,"EchoTime":0.048,"EchoTrainLength":80,"EffectiveEchoSpacing":0.000540003,"FlipAngle":90,"ImageComments":"Unaliased_MB6_PE3_LB","ImageOrientationPatientDICOM":[1,0,0,0,0.777146,-0.62932],"ImageType":["ORIGINAL","PRIMARY","M","ND","NORM","MOSAIC"],"ImagingFrequency":123.25,"InPlanePhaseEncodingDirectionDICOM":"COL","InstitutionAddress":[],"InstitutionName":[],"InstitutionalDepartmentName":[],"Instructions":"eyes closed","MRAcquisitionType":"2D","MagneticFieldStrength":3,"Manufacturer":"Siemens","ManufacturersModelName":"Prisma_fit","Modality":"MR","PartialFourier":1,"PatientPosition":"HFS","PercentPhaseFOV":100,"PercentSampling":100,"PhaseEncodingDirection":"j-","PhaseEncodingSteps":80,"PhaseResolution":1,"PixelBandwidth":2085,"ProcedureStepDescription":[],"ProtocolName":[],"PulseSequenceDetails":[],"ReceiveCoilActiveElements":"HC1-7","ReceiveCoilName":"HeadNeck_64","ReconMatrixPE":80,"RepetitionTime":4.029,"SAR":0.186495,"ScanOptions":"FS","ScanningSequence":"EP","SequenceName":"epse2d1_80","SequenceVariant":"SK","SeriesDescription":[],"SeriesNumber":15,"ShimSetting":[327,-11582,-6386,368,-14,-160,-5,20],"SliceThickness":3,"SliceTiming":[3.925,3.8425,3.7575,3.675,3.5925,3.5075,3.425,3.34,3.2575,3.175,3.09,3.0075,2.9225,2.84,2.7575,2.6725,2.59,2.505,2.4225,2.34,2.255,2.1725,2.0875,2.005,1.92,1.8375,1.755,1.67,1.5875,1.5025,1.42,1.3375,1.2525,1.17,1.085,1.0025,0.92,0.835,0.7525,0.6675,0.585,0.5025,0.4175,0.335,0.25,0.1675,0.085,0],"SoftwareVersions":"syngo_MR_E11","SpacingBetweenSlices":3,"StationName":"MRC35056","TaskName":"rest","TotalReadoutTime":0.0426603,"TxRefAmp":242.589,"WipMemBlock":"ade56806-8d2d-43b4-9c5e-8d6699393a11||Sequence: R016 ve11c/master r/34fb20f; Nov 20 2017 15:30:40 by eja","acq_id":"APse","dataset":"MICs","modality":"bold","session_id":"01","subject_id":"sub-HC033","task_id":"rest"},"dummy_trs":0,"dvars_nstd":54.542797088,"dvars_std":2.5188674919999996,"dvars_vstd":4.1547023299999992,"efc":0.49827688131475151,"fber":852.630859375,"fd_mean":0.13257381938522608,"fd_num":0,"fd_perc":0,"fwhm_avg":1.9594610084026911,"fwhm_x":2.00127,"fwhm_y":1.8718765179032868,"fwhm_z":2.0052365073047871,"gcor":0.00279012,"gsr_x":-0.034402307122945786,"gsr_y":0.016103018075227737,"provenance":{"md5sum":"462687b7bcd0a0903f4ffb9875a6b3ec","settings":{"fd_thres":0.2,"hmc_fsl":false,"testing":false},"software":"mriqc","version":"0.15.2","webapi_port":[],"webapi_url":"https://mriqc.nimh.nih.gov/api/v1"},"size_t":6,"size_x":80,"size_y":80,"size_z":48,"snr":2.2886037826410179,"spacing_tr":4.0289998054504395,"spacing_x":3,"spacing_y":3.0000002384185791,"spacing_z":3.0000002384185791,"summary_bg_k":42.484735697831638,"summary_bg_mad":123.26795897097774,"summary_bg_mean":746.4522705078125,"summary_bg_median":272.67044067382812,"summary_bg_n":202909,"summary_bg_p05":147.93415527343751,"summary_bg_p95":3657.7744140624982,"summary_bg_stdv":1458.988525390625,"summary_fg_k":25.763361266991989,"summary_fg_mad":2394.7732334411735,"summary_fg_mean":8915.3203125,"summary_fg_median":8478.1650390625,"summary_fg_n":55035,"summary_fg_p05":3690.9980224609376,"summary_fg_p95":14586.579199218746,"summary_fg_stdv":3704.48046875,"tsnr":65.735710144042969}