{"aor":0.072886,"aqi":0.008791516,"bids_meta":{"AcquisitionMatrixPE":80,"AcquisitionNumber":1,"AcquisitionTime":[],"BandwidthPerPixelPhaseEncode":23.148,"BaseResolution":80,"BodyPartExamined":"BRAIN","ConsistencyInfo":"N4_VE11C_LATEST_20160120","ConversionSoftware":"dcm2niix","ConversionSoftwareVersion":"v1.0.20200427","DerivedVendorReportedEchoSpacing":0.000540003,"DeviceSerialNumber":"167017","DwellTime":3E-6,"EchoTime":0.048,"EchoTrainLength":80,"EffectiveEchoSpacing":0.000540003,"FlipAngle":90,"ImageComments":"Unaliased_MB6_PE3_LB","ImageOrientationPatientDICOM":[1,0,0,0,0.809017,-0.587785],"ImageType":["ORIGINAL","PRIMARY","M","ND","NORM","MOSAIC"],"ImagingFrequency":123.25,"InPlanePhaseEncodingDirectionDICOM":"COL","InstitutionAddress":[],"InstitutionName":[],"InstitutionalDepartmentName":[],"Instructions":"eyes closed","MRAcquisitionType":"2D","MagneticFieldStrength":3,"Manufacturer":"Siemens","ManufacturersModelName":"Prisma_fit","Modality":"MR","PartialFourier":1,"PatientPosition":"HFS","PercentPhaseFOV":100,"PercentSampling":100,"PhaseEncodingDirection":"j-","PhaseEncodingSteps":80,"PhaseResolution":1,"PixelBandwidth":2085,"ProcedureStepDescription":[],"ProtocolName":[],"PulseSequenceDetails":[],"ReceiveCoilActiveElements":"HC1-7","ReceiveCoilName":"HeadNeck_64","ReconMatrixPE":80,"RepetitionTime":4.029,"SAR":0.15075,"ScanOptions":"FS","ScanningSequence":"EP","SequenceName":"epse2d1_80","SequenceVariant":"SK","SeriesDescription":[],"SeriesNumber":15,"ShimSetting":[324,-11639,-6400,519,91,-78,-82,-38],"SliceThickness":3,"SliceTiming":[3.925,3.84,3.7575,3.675,3.59,3.5075,3.4225,3.34,3.2575,3.1725,3.09,3.005,2.9225,2.8375,2.755,2.6725,2.5875,2.505,2.42,2.3375,2.255,2.17,2.0875,2.0025,1.92,1.8375,1.7525,1.67,1.585,1.5025,1.42,1.335,1.2525,1.1675,1.085,1.0025,0.9175,0.835,0.75,0.6675,0.5825,0.5,0.4175,0.3325,0.25,0.165,0.0825,0],"SoftwareVersions":"syngo_MR_E11","SpacingBetweenSlices":3,"StationName":"MRC35056","TaskName":"rest","TotalReadoutTime":0.0426603,"TxRefAmp":217.861,"WipMemBlock":"3307832b-5546-43a4-98e5-00b0509244b1||Sequence: R016 ve11c/master r/34fb20f; Nov 20 2017 15:30:40 by eja","acq_id":"APse","dataset":"MICs","modality":"bold","session_id":"01","subject_id":"sub-HC015","task_id":"rest"},"dummy_trs":1,"dvars_nstd":75.143224715,"dvars_std":2.13474667,"dvars_vstd":3.61815703,"efc":0.4728365979628032,"fber":764.05743408203125,"fd_mean":0.34744071995691828,"fd_num":4,"fd_perc":80,"fwhm_avg":1.8006411111111111,"fwhm_x":1.8464366666666667,"fwhm_y":1.7208466666666666,"fwhm_z":1.83464,"gcor":0.00122456,"gsr_x":-0.020654978230595589,"gsr_y":0.0057055475190281868,"provenance":{"md5sum":"0adddae47d873dbb79a2d4006626d9a3","settings":{"fd_thres":0.2,"hmc_fsl":false,"testing":false},"software":"mriqc","version":"0.15.2","webapi_port":[],"webapi_url":"https://mriqc.nimh.nih.gov/api/v1"},"size_t":5,"size_x":80,"size_y":80,"size_z":48,"snr":2.4577862292763926,"spacing_tr":4.0289998054504395,"spacing_x":3,"spacing_y":3,"spacing_z":3,"summary_bg_k":50.2879968951517,"summary_bg_mad":104.86908623701689,"summary_bg_mean":504.25595092773438,"summary_bg_median":255.230712890625,"summary_bg_n":209904,"summary_bg_p05":143.14877395629884,"summary_bg_p95":2124.8256835937491,"summary_bg_stdv":843.07647705078125,"summary_fg_k":26.216361130544815,"summary_fg_mad":1907.8531470701073,"summary_fg_mean":8074.24853515625,"summary_fg_median":7448.24609375,"summary_fg_n":49302,"summary_fg_p05":4759.7833496093754,"summary_fg_p95":13524.753027343739,"summary_fg_stdv":3030.438720703125,"tsnr":53.0342903137207}