{"aor":0.0032401002865329511,"aqi":0.012010940300859599,"bids_meta":{"AcquisitionMatrixPE":80,"AcquisitionNumber":1,"AcquisitionTime":[],"BandwidthPerPixelPhaseEncode":23.148,"BaseResolution":80,"BodyPartExamined":"BRAIN","ConsistencyInfo":"N4_VE11C_LATEST_20160120","ConversionSoftware":"dcm2niix","ConversionSoftwareVersion":"v1.0.20200427","DerivedVendorReportedEchoSpacing":0.000540003,"DeviceSerialNumber":"167017","DwellTime":2.6E-6,"EchoTime":0.03,"EchoTrainLength":80,"EffectiveEchoSpacing":0.000540003,"FlipAngle":50,"ImageComments":"Unaliased_MB6_PE3_LB","ImageOrientationPatientDICOM":[1,0,0,0,0.809017,-0.587785],"ImageType":["ORIGINAL","PRIMARY","M","MB","ND","NORM","MOSAIC"],"ImagingFrequency":123.25,"InPlanePhaseEncodingDirectionDICOM":"COL","InstitutionAddress":[],"InstitutionName":[],"InstitutionalDepartmentName":[],"Instructions":"eyes closed","MRAcquisitionType":"2D","MagneticFieldStrength":3,"Manufacturer":"Siemens","ManufacturersModelName":"Prisma_fit","Modality":"MR","MultibandAccelerationFactor":6,"PartialFourier":1,"PatientPosition":"HFS","PercentPhaseFOV":100,"PercentSampling":100,"PhaseEncodingDirection":"j-","PhaseEncodingSteps":80,"PhaseResolution":1,"PixelBandwidth":2405,"ProcedureStepDescription":[],"ProtocolName":[],"PulseSequenceDetails":[],"ReceiveCoilActiveElements":"HC1-7","ReceiveCoilName":"HeadNeck_64","ReconMatrixPE":80,"RepetitionTime":0.6,"SAR":0.0450795,"ScanOptions":"FS","ScanningSequence":"EP","SequenceName":"epfid2d1_80","SequenceVariant":"SK_SS","SeriesDescription":[],"SeriesNumber":14,"ShimSetting":[324,-11639,-6400,519,91,-78,-82,-38],"SliceThickness":3,"SliceTiming":[0.5075,0.435,0.3625,0.29,0.2175,0.145,0.0725,0,0.5075,0.435,0.3625,0.29,0.2175,0.145,0.0725,0,0.5075,0.435,0.3625,0.29,0.2175,0.145,0.0725,0,0.5075,0.435,0.3625,0.29,0.2175,0.145,0.0725,0,0.5075,0.435,0.3625,0.29,0.2175,0.145,0.0725,0,0.5075,0.435,0.3625,0.29,0.2175,0.145,0.0725,0],"SoftwareVersions":"syngo_MR_E11","SpacingBetweenSlices":3,"StationName":"MRC35056","TaskName":"rest","TotalReadoutTime":0.0426603,"TxRefAmp":217.861,"WipMemBlock":"bb5bd185-b36d-49ff-b0d6-321d8aa8665c||Sequence: R016 ve11c/master r/34fb20f; Nov 20 2017 15:15:15 by eja","acq_id":"AP","dataset":"MICs","modality":"bold","session_id":"01","subject_id":"sub-HC015","task_id":"rest"},"dummy_trs":2,"dvars_nstd":38.450197446800594,"dvars_std":1.2635082444045913,"dvars_vstd":1.0230941315638453,"efc":0.41580166041285943,"fber":7831.21484375,"fd_mean":0.19496570310500355,"fd_num":207,"fd_perc":29.656160458452721,"fwhm_avg":2.29611,"fwhm_x":2.16288,"fwhm_y":2.427,"fwhm_z":2.29845,"gcor":0.0220152,"gsr_x":-0.0096085658296942711,"gsr_y":0.011759044602513313,"provenance":{"md5sum":"2806eaa548256105c4173a37bf4b416f","settings":{"fd_thres":0.2,"hmc_fsl":false,"testing":false},"software":"mriqc","version":"0.15.2","webapi_port":[],"webapi_url":"https://mriqc.nimh.nih.gov/api/v1"},"size_t":698,"size_x":80,"size_y":80,"size_z":48,"snr":3.9904516996887649,"spacing_tr":0.60000002384185791,"spacing_x":3,"spacing_y":3,"spacing_z":3,"summary_bg_k":102.72954643118982,"summary_bg_mad":37.196753595193613,"summary_bg_mean":152.02713012695312,"summary_bg_median":59.730659484863281,"summary_bg_n":213531,"summary_bg_p05":26.762178421020508,"summary_bg_p95":606.69485473632812,"summary_bg_stdv":315.89691162109375,"summary_fg_k":3.039343630976715,"summary_fg_mad":1080.7337657011658,"summary_fg_mean":5575.3349609375,"summary_fg_median":5507.1220703125,"summary_fg_n":46239,"summary_fg_p05":3653.008544921875,"summary_fg_p95":7778.2555664062493,"summary_fg_stdv":1380.0599365234375,"tsnr":39.45145339902956}