{"aor":0.086176,"aqi":0.025820699999999995,"bids_meta":{"AcquisitionMatrixPE":80,"AcquisitionNumber":1,"AcquisitionTime":[],"BandwidthPerPixelPhaseEncode":23.148,"BaseResolution":80,"BodyPartExamined":"BRAIN","ConsistencyInfo":"N4_VE11C_LATEST_20160120","ConversionSoftware":"dcm2niix","ConversionSoftwareVersion":"v1.0.20200427","DerivedVendorReportedEchoSpacing":0.000540003,"DeviceSerialNumber":"167017","DwellTime":3E-6,"EchoTime":0.048,"EchoTrainLength":80,"EffectiveEchoSpacing":0.000540003,"FlipAngle":90,"ImageComments":"Unaliased_MB6_PE3_LB","ImageOrientationPatientDICOM":[1,0,0,0,0.809017,-0.587785],"ImageType":["ORIGINAL","PRIMARY","M","ND","NORM","MOSAIC"],"ImagingFrequency":123.25,"InPlanePhaseEncodingDirectionDICOM":"COL","InstitutionAddress":[],"InstitutionName":[],"InstitutionalDepartmentName":[],"Instructions":"eyes closed","MRAcquisitionType":"2D","MagneticFieldStrength":3,"Manufacturer":"Siemens","ManufacturersModelName":"Prisma_fit","Modality":"MR","PartialFourier":1,"PatientPosition":"HFS","PercentPhaseFOV":100,"PercentSampling":100,"PhaseEncodingDirection":"j","PhaseEncodingSteps":80,"PhaseResolution":1,"PixelBandwidth":2085,"ProcedureStepDescription":[],"ProtocolName":[],"PulseSequenceDetails":[],"ReceiveCoilActiveElements":"HC1-7","ReceiveCoilName":"HeadNeck_64","ReconMatrixPE":80,"RepetitionTime":4.029,"SAR":0.15075,"ScanOptions":"FS","ScanningSequence":"EP","SequenceName":"epse2d1_80","SequenceVariant":"SK","SeriesDescription":[],"SeriesNumber":16,"ShimSetting":[324,-11639,-6400,519,91,-78,-82,-38],"SliceThickness":3,"SliceTiming":[3.925,3.84,3.7575,3.6725,3.59,3.5075,3.4225,3.34,3.255,3.1725,3.09,3.005,2.9225,2.8375,2.755,2.6725,2.5875,2.505,2.42,2.3375,2.255,2.17,2.0875,2.0025,1.92,1.8375,1.7525,1.67,1.585,1.5025,1.4175,1.335,1.2525,1.1675,1.085,1,0.9175,0.835,0.75,0.6675,0.5825,0.5,0.4175,0.3325,0.25,0.165,0.0825,0],"SoftwareVersions":"syngo_MR_E11","SpacingBetweenSlices":3,"StationName":"MRC35056","TaskName":"rest","TotalReadoutTime":0.0426603,"TxRefAmp":217.861,"WipMemBlock":"7b5e381c-6779-42d7-a7e8-b9f79cc2bc15||Sequence: R016 ve11c/master r/34fb20f; Nov 20 2017 15:30:40 by eja","acq_id":"PAse","dataset":"MICs","modality":"bold","session_id":"01","subject_id":"sub-HC015","task_id":"rest"},"dummy_trs":1,"dvars_nstd":128.39739418,"dvars_std":2.0095272074999997,"dvars_vstd":3.986356855,"efc":0.45865593579495112,"fber":869.23321533203125,"fd_mean":0.7964601631300493,"fd_num":4,"fd_perc":80,"fwhm_avg":1.7891622222222221,"fwhm_x":1.9005266666666667,"fwhm_y":1.6070266666666668,"fwhm_z":1.8599333333333332,"gcor":0.00617152,"gsr_x":-0.01988556981086731,"gsr_y":0.0022789628710597754,"provenance":{"md5sum":"02b55fa2a7eb744e8ce50d7b357d7263","settings":{"fd_thres":0.2,"hmc_fsl":false,"testing":false},"software":"mriqc","version":"0.15.2","webapi_port":[],"webapi_url":"https://mriqc.nimh.nih.gov/api/v1"},"size_t":5,"size_x":80,"size_y":80,"size_z":48,"snr":2.3980600769983194,"spacing_tr":4.0289998054504395,"spacing_x":3,"spacing_y":3,"spacing_z":3,"summary_bg_k":258.91198202478733,"summary_bg_mad":105.27496035814434,"summary_bg_mean":512.7447509765625,"summary_bg_median":254.51504516601562,"summary_bg_n":213552,"summary_bg_p05":140.86139526367188,"summary_bg_p95":2202.5169433593746,"summary_bg_stdv":899.187255859375,"summary_fg_k":13.085678876786513,"summary_fg_mad":2163.0645140654287,"summary_fg_mean":8682.3447265625,"summary_fg_median":7952.43310546875,"summary_fg_n":45963,"summary_fg_p05":5149.8975097656257,"summary_fg_p95":14562.611718750002,"summary_fg_stdv":3316.158203125,"tsnr":25.262151718139648}