{"bids_meta":{"AcquisitionMatrixPE":320,"AcquisitionNumber":1,"AcquisitionTime":[],"BaseResolution":320,"BodyPartExamined":"BRAIN","ConsistencyInfo":"N4_VE11C_LATEST_20160120","ConversionSoftware":"dcm2niix","ConversionSoftwareVersion":"v1.0.20200427","DeviceSerialNumber":"167017","DwellTime":6.6E-6,"EchoTime":0.00314,"FlipAngle":9,"ImageOrientationPatientDICOM":[0.0223981,0.991686,0.126715,0.0102982,0.126511,-0.991912],"ImageType":["ORIGINAL","PRIMARY","M","ND","NORM","FM","FIL"],"ImagingFrequency":123.25,"InPlanePhaseEncodingDirectionDICOM":"ROW","InstitutionAddress":[],"InstitutionName":[],"InstitutionalDepartmentName":[],"InversionTime":0.9,"MRAcquisitionType":"3D","MagneticFieldStrength":3,"Manufacturer":"Siemens","ManufacturersModelName":"Prisma_fit","Modality":"MR","ParallelReductionFactorInPlane":2,"PartialFourier":1,"PatientPosition":"HFS","PercentPhaseFOV":100,"PercentSampling":100,"PhaseEncodingSteps":319,"PhaseResolution":1,"PixelBandwidth":235,"ProcedureStepDescription":[],"ProtocolName":[],"PulseSequenceDetails":[],"ReceiveCoilActiveElements":"HC1-7","ReceiveCoilName":"HeadNeck_64","ReconMatrixPE":320,"RefLinesPE":32,"RepetitionTime":2.3,"SAR":0.0498173,"ScanOptions":"IR","ScanningSequence":"GR_IR","SequenceName":"_tfl3d1_16ns","SequenceVariant":"SK_SP_MP","SeriesDescription":[],"SeriesNumber":7,"ShimSetting":[316,-11622,-6440,403,57,-175,42,15],"SliceThickness":0.8,"SoftwareVersions":"syngo_MR_E11","StationName":"MRC35056","TxRefAmp":241.39,"dataset":"MICs","modality":"T1w","run_id":2,"session_id":"01","subject_id":"sub-HC032"},"cjv":0.49434603546494033,"cnr":2.3536879436703022,"efc":0.703721113789551,"fber":37.955375671386719,"fwhm_avg":3.636516612478347,"fwhm_x":3.5738374467456722,"fwhm_y":3.7192374445790435,"fwhm_z":3.6164749461103241,"icvs_csf":0.19591334458423643,"icvs_gm":0.43084067381743929,"icvs_wm":0.37324598159832428,"inu_med":1.4165518283843994,"inu_range":0.64433878660202,"provenance":{"md5sum":"487ff690a450112d2acfb0ce4c043c1f","settings":{"testing":false},"software":"mriqc","version":"0.15.2","warnings":{"large_rot_frame":false,"small_air_mask":false},"webapi_port":[],"webapi_url":"https://mriqc.nimh.nih.gov/api/v1"},"qi_1":0,"qi_2":0.0040563666898756979,"rpve_csf":21.909734085709694,"rpve_gm":10.626513737800181,"rpve_wm":13.787210668567957,"size_x":224,"size_y":320,"size_z":320,"snr_csf":1.4092474720417338,"snr_gm":9.8119385862319621,"snr_total":9.4650588495903083,"snr_wm":17.173990490497232,"snrd_csf":47.029196674574415,"snrd_gm":80.052490745620275,"snrd_total":77.10022255598021,"snrd_wm":104.21898024774592,"spacing_x":0.800000011920929,"spacing_y":0.800000011920929,"spacing_z":0.800000011920929,"summary_bg_k":13044.864950755598,"summary_bg_mad":6.28638859828533,"summary_bg_mean":130.07284545898438,"summary_bg_median":130.05625915527344,"summary_bg_n":7.561556E+6,"summary_bg_p05":119.64767074584961,"summary_bg_p95":140.9893798828125,"summary_bg_stdv":13.679363250732422,"summary_csf_k":19.904902799961011,"summary_csf_mad":97.378456610985268,"summary_csf_mean":523.74017333984375,"summary_csf_median":451.2706298828125,"summary_csf_n":147312,"summary_csf_p05":322.79534759521482,"summary_csf_p95":1125.6044677734342,"summary_csf_stdv":320.21990966796875,"summary_gm_k":1.9634322129408401,"summary_gm_mad":64.513285475483684,"summary_gm_mean":779.48541259765625,"summary_gm_median":768.14703369140625,"summary_gm_n":125259,"summary_gm_p05":674.1235290527344,"summary_gm_p95":928.97097778320312,"summary_gm_stdv":78.286666870117188,"summary_wm_k":3.4789348369238073,"summary_wm_mad":50.120895482265979,"summary_wm_mean":1003.9898071289062,"summary_wm_median":1000.03759765625,"summary_wm_n":583975,"summary_wm_p05":917.85236816406245,"summary_wm_p95":1101.4606079101561,"summary_wm_stdv":58.2297248840332,"tpm_overlap_csf":0.10527301579713821,"tpm_overlap_gm":0.38088667392730713,"tpm_overlap_wm":0.45523178577423096,"wm2max":0.3702801861510765}