{"bids_meta":{"AcquisitionMatrixPE":320,"AcquisitionNumber":1,"AcquisitionTime":[],"BaseResolution":320,"BodyPartExamined":"BRAIN","ConsistencyInfo":"N4_VE11C_LATEST_20160120","ConversionSoftware":"dcm2niix","ConversionSoftwareVersion":"v1.0.20200427","DeviceSerialNumber":"167017","DwellTime":6.6E-6,"EchoTime":0.00314,"FlipAngle":9,"ImageOrientationPatientDICOM":[-0.0245159,0.98333,-0.180171,-0.00318953,-0.180301,-0.983606],"ImageType":["ORIGINAL","PRIMARY","M","ND","NORM","FM","FIL"],"ImagingFrequency":123.25,"InPlanePhaseEncodingDirectionDICOM":"ROW","InstitutionAddress":[],"InstitutionName":[],"InstitutionalDepartmentName":[],"InversionTime":0.9,"MRAcquisitionType":"3D","MagneticFieldStrength":3,"Manufacturer":"Siemens","ManufacturersModelName":"Prisma_fit","Modality":"MR","ParallelReductionFactorInPlane":2,"PartialFourier":1,"PatientPosition":"HFS","PercentPhaseFOV":100,"PercentSampling":100,"PhaseEncodingSteps":319,"PhaseResolution":1,"PixelBandwidth":235,"ProcedureStepDescription":[],"ProtocolName":[],"PulseSequenceDetails":[],"ReceiveCoilActiveElements":"HC1-7","ReceiveCoilName":"HeadNeck_64","ReconMatrixPE":320,"RefLinesPE":32,"RepetitionTime":2.3,"SAR":0.0494242,"ScanOptions":"IR","ScanningSequence":"GR_IR","SequenceName":"_tfl3d1_16ns","SequenceVariant":"SK_SP_MP","SeriesDescription":[],"SeriesNumber":7,"ShimSetting":[323,-11586,-6463,334,2,-405,24,-22],"SliceThickness":0.8,"SoftwareVersions":"syngo_MR_E11","StationName":"MRC35056","TxRefAmp":236.305,"dataset":"MICs","modality":"T1w","run_id":2,"session_id":"01","subject_id":"sub-HC036"},"cjv":0.62139372003725224,"cnr":2.0057107972792676,"efc":0.66875645419985841,"fber":30.055694580078125,"fwhm_avg":3.4142666157901296,"fwhm_x":3.3811749496165673,"fwhm_y":3.4698249482955794,"fwhm_z":3.391799949458242,"icvs_csf":0.20963010285148034,"icvs_gm":0.41284468828242288,"icvs_wm":0.37752520886609681,"inu_med":1.5583658218383789,"inu_range":0.56687784194946289,"provenance":{"md5sum":"d4edbf5bf79dcf484c00b73ae4f90661","settings":{"testing":false},"software":"mriqc","version":"0.15.2","warnings":{"large_rot_frame":false,"small_air_mask":false},"webapi_port":[],"webapi_url":"https://mriqc.nimh.nih.gov/api/v1"},"qi_1":0,"qi_2":0.0036675191435533447,"rpve_csf":26.891795397420942,"rpve_gm":14.188481255706705,"rpve_wm":17.817698662565839,"size_x":224,"size_y":320,"size_z":320,"snr_csf":1.393907541454068,"snr_gm":10.068756369118489,"snr_total":8.5451699253585272,"snr_wm":14.172845865503026,"snrd_csf":41.360880777876488,"snrd_gm":71.006454444064445,"snrd_total":67.492156905488514,"snrd_wm":90.109135494524608,"spacing_x":0.800000011920929,"spacing_y":0.800000011920929,"spacing_z":0.800000011920929,"summary_bg_k":18.452723585179239,"summary_bg_mad":7.2707820863673538,"summary_bg_mean":146.75546264648438,"summary_bg_median":146.62252807617188,"summary_bg_n":9.207225E+6,"summary_bg_p05":134.76481628417969,"summary_bg_p95":159.53099060058594,"summary_bg_stdv":8.26453971862793,"summary_csf_k":11.364289581283897,"summary_csf_mad":106.19642876580076,"summary_csf_mean":545.5003662109375,"summary_csf_median":459.02801513671875,"summary_csf_n":126460,"summary_csf_p05":317.53105468750005,"summary_csf_p95":1374.4431030273433,"summary_csf_stdv":329.30892944335938,"summary_gm_k":0.55883932846755258,"summary_gm_mad":75.170574811289455,"summary_gm_mean":793.34503173828125,"summary_gm_median":788.03814697265625,"summary_gm_n":86512,"summary_gm_p05":674.73799133300781,"summary_gm_p95":930.02851867675781,"summary_gm_stdv":78.2652359008789,"summary_wm_k":10.508211110321113,"summary_wm_mad":56.5672832289641,"summary_wm_mean":1008.0219116210938,"summary_wm_median":1000.0419921875,"summary_wm_n":476879,"summary_wm_p05":915.94749145507808,"summary_wm_p95":1121.4716796875,"summary_wm_stdv":70.560348510742188,"tpm_overlap_csf":0.10963641107082367,"tpm_overlap_gm":0.3887951672077179,"tpm_overlap_wm":0.47856089472770691,"wm2max":0.296802420268048}