{"bids_meta":{"AcquisitionMatrixPE":320,"AcquisitionNumber":1,"AcquisitionTime":[],"BaseResolution":320,"BodyPartExamined":"BRAIN","ConsistencyInfo":"N4_VE11C_LATEST_20160120","ConversionSoftware":"dcm2niix","ConversionSoftwareVersion":"v1.0.20200427","DeviceSerialNumber":"167017","DwellTime":6.6E-6,"EchoTime":0.00314,"FlipAngle":9,"ImageOrientationPatientDICOM":[-0.0245159,0.98333,-0.180171,-0.00318953,-0.180301,-0.983606],"ImageType":["ORIGINAL","PRIMARY","M","ND","NORM","FM","FIL"],"ImagingFrequency":123.25,"InPlanePhaseEncodingDirectionDICOM":"ROW","InstitutionAddress":[],"InstitutionName":[],"InstitutionalDepartmentName":[],"InversionTime":0.9,"MRAcquisitionType":"3D","MagneticFieldStrength":3,"Manufacturer":"Siemens","ManufacturersModelName":"Prisma_fit","Modality":"MR","ParallelReductionFactorInPlane":2,"PartialFourier":1,"PatientPosition":"HFS","PercentPhaseFOV":100,"PercentSampling":100,"PhaseEncodingSteps":319,"PhaseResolution":1,"PixelBandwidth":235,"ProcedureStepDescription":[],"ProtocolName":[],"PulseSequenceDetails":[],"ReceiveCoilActiveElements":"HC1-7","ReceiveCoilName":"HeadNeck_64","ReconMatrixPE":320,"RefLinesPE":32,"RepetitionTime":2.3,"SAR":0.0494242,"ScanOptions":"IR","ScanningSequence":"GR_IR","SequenceName":"_tfl3d1_16ns","SequenceVariant":"SK_SP_MP","SeriesDescription":[],"SeriesNumber":19,"ShimSetting":[323,-11586,-6463,334,2,-405,24,-22],"SliceThickness":0.8,"SoftwareVersions":"syngo_MR_E11","StationName":"MRC35056","TxRefAmp":236.305,"dataset":"MICs","modality":"T1w","run_id":1,"session_id":"01","subject_id":"sub-HC036"},"cjv":0.68990249899623635,"cnr":1.7942201352906273,"efc":0.66696470765059945,"fber":30.592060089111328,"fwhm_avg":3.3513166167281576,"fwhm_x":3.3529624500369661,"fwhm_y":3.3455874501468621,"fwhm_z":3.3553999500006446,"icvs_csf":0.19727460677350694,"icvs_gm":0.42507038848620515,"icvs_wm":0.3776550047402879,"inu_med":1.5271903276443481,"inu_range":0.57849016189575164,"provenance":{"md5sum":"0f7daa536a039f7eb53c98d41c67f814","settings":{"testing":false},"software":"mriqc","version":"0.15.2","warnings":{"large_rot_frame":false,"small_air_mask":false},"webapi_port":[],"webapi_url":"https://mriqc.nimh.nih.gov/api/v1"},"qi_1":0,"qi_2":0.0036778838758308573,"rpve_csf":28.244432143666483,"rpve_gm":13.89106898273976,"rpve_wm":17.73928297642998,"size_x":224,"size_y":320,"size_z":320,"snr_csf":1.2825962159459539,"snr_gm":9.1427821374884033,"snr_total":7.9038840251842162,"snr_wm":13.286273722118294,"snrd_csf":41.902374575650711,"snrd_gm":71.520879353860778,"snrd_total":67.858085159027056,"snrd_wm":90.151001547569692,"spacing_x":0.800000011920929,"spacing_y":0.800000011920929,"spacing_z":0.800000011920929,"summary_bg_k":153.85368039034887,"summary_bg_mad":7.2674791700480519,"summary_bg_mean":147.20249938964844,"summary_bg_median":147.06304931640625,"summary_bg_n":9.056905E+6,"summary_bg_p05":135.25068969726561,"summary_bg_p95":160.03752136230469,"summary_bg_stdv":8.46235179901123,"summary_csf_k":7.8244543596100247,"summary_csf_mad":110.10868790058571,"summary_csf_mean":569.74298095703125,"summary_csf_median":464.82632446289062,"summary_csf_n":123777,"summary_csf_p05":321.75960693359377,"summary_csf_p95":1597.6796142578123,"summary_csf_stdv":362.40902709960938,"summary_gm_k":0.41627780502338529,"summary_gm_mad":82.806102923794612,"summary_gm_mean":803.02056884765625,"summary_gm_median":793.38671875,"summary_gm_n":100996,"summary_gm_p05":676.80491638183594,"summary_gm_p95":959.72279357910156,"summary_gm_stdv":86.7769546508789,"summary_wm_k":12.805191935290997,"summary_wm_mad":59.772876630419894,"summary_wm_mean":1009.77099609375,"summary_wm_median":1000.0521240234375,"summary_wm_n":482776,"summary_wm_p05":915.03936767578125,"summary_wm_p95":1130.7591552734375,"summary_wm_stdv":75.269493103027344,"tpm_overlap_csf":0.108971007168293,"tpm_overlap_gm":0.3834185004234314,"tpm_overlap_wm":0.47832790017127991,"wm2max":0.28824772951853156}