{"aor":0.038775,"aqi":0.003720035,"bids_meta":{"AcquisitionMatrixPE":80,"AcquisitionNumber":1,"AcquisitionTime":[],"BandwidthPerPixelPhaseEncode":23.148,"BaseResolution":80,"BodyPartExamined":"BRAIN","ConsistencyInfo":"N4_VE11C_LATEST_20160120","ConversionSoftware":"dcm2niix","ConversionSoftwareVersion":"v1.0.20200427","DerivedVendorReportedEchoSpacing":0.000540003,"DeviceSerialNumber":"167017","DwellTime":3E-6,"EchoTime":0.048,"EchoTrainLength":80,"EffectiveEchoSpacing":0.000540003,"FlipAngle":90,"ImageComments":"Unaliased_MB6_PE3_LB","ImageOrientationPatientDICOM":[1,0,0,0,0.798635,-0.601815],"ImageType":["ORIGINAL","PRIMARY","M","ND","NORM","MOSAIC"],"ImagingFrequency":123.25,"InPlanePhaseEncodingDirectionDICOM":"COL","InstitutionAddress":[],"InstitutionName":[],"InstitutionalDepartmentName":[],"Instructions":"eyes closed","MRAcquisitionType":"2D","MagneticFieldStrength":3,"Manufacturer":"Siemens","ManufacturersModelName":"Prisma_fit","Modality":"MR","PartialFourier":1,"PatientPosition":"HFS","PercentPhaseFOV":100,"PercentSampling":100,"PhaseEncodingDirection":"j-","PhaseEncodingSteps":80,"PhaseResolution":1,"PixelBandwidth":2085,"ProcedureStepDescription":[],"ProtocolName":[],"PulseSequenceDetails":[],"ReceiveCoilActiveElements":"HC1-7","ReceiveCoilName":"HeadNeck_64","ReconMatrixPE":80,"RepetitionTime":4.029,"SAR":0.140785,"ScanOptions":"FS","ScanningSequence":"EP","SequenceName":"epse2d1_80","SequenceVariant":"SK","SeriesDescription":[],"SeriesNumber":15,"ShimSetting":[320,-11556,-6458,550,71,-21,-77,-3],"SliceThickness":3,"SliceTiming":[3.925,3.8425,3.76,3.675,3.5925,3.5075,3.425,3.3425,3.2575,3.175,3.09,3.0075,2.9225,2.84,2.7575,2.6725,2.59,2.505,2.4225,2.34,2.255,2.1725,2.0875,2.005,1.9225,1.8375,1.755,1.67,1.5875,1.505,1.42,1.3375,1.2525,1.17,1.0875,1.0025,0.92,0.835,0.7525,0.6675,0.585,0.5025,0.4175,0.335,0.25,0.1675,0.085,0],"SoftwareVersions":"syngo_MR_E11","SpacingBetweenSlices":3,"StationName":"MRC35056","TaskName":"rest","TotalReadoutTime":0.0426603,"TxRefAmp":221.892,"WipMemBlock":"930b519f-ae15-42d1-8ad6-d4b76cc4da8f||Sequence: R016 ve11c/master r/34fb20f; Nov 20 2017 15:30:40 by eja","acq_id":"APse","dataset":"MICs","modality":"bold","session_id":"01","subject_id":"sub-HC028","task_id":"rest"},"dummy_trs":0,"dvars_nstd":45.655685424,"dvars_std":2.0150441619999997,"dvars_vstd":4.763573554,"efc":0.49026181538018571,"fber":846.16009521484375,"fd_mean":0.46816251625266714,"fd_num":3,"fd_perc":50,"fwhm_avg":1.9169766666666668,"fwhm_x":1.9586966666666665,"fwhm_y":1.8393533333333334,"fwhm_z":1.9528800000000002,"gcor":0.0084905,"gsr_x":-0.040518246591091156,"gsr_y":0.013452158309519291,"provenance":{"md5sum":"485a51532592bb477ca213dbca0c3b1c","settings":{"fd_thres":0.2,"hmc_fsl":false,"testing":false},"software":"mriqc","version":"0.15.2","webapi_port":[],"webapi_url":"https://mriqc.nimh.nih.gov/api/v1"},"size_t":6,"size_x":80,"size_y":80,"size_z":48,"snr":2.4446914477768167,"spacing_tr":4.0289998054504395,"spacing_x":3,"spacing_y":3,"spacing_z":3,"summary_bg_k":38.657642366825485,"summary_bg_mad":123.40111626861757,"summary_bg_mean":696.84210205078125,"summary_bg_median":282.70660400390625,"summary_bg_n":205528,"summary_bg_p05":148.5082862854004,"summary_bg_p95":3259.6402465820306,"summary_bg_stdv":1417.1376953125,"summary_fg_k":39.101047261088446,"summary_fg_mad":2254.9033239502228,"summary_fg_mean":9169.513671875,"summary_fg_median":8683.330078125,"summary_fg_n":52506,"summary_fg_p05":5014.462158203125,"summary_fg_p95":14450.624267578125,"summary_fg_stdv":3551.878662109375,"tsnr":66.809989929199219}