{"aor":0.041455,"aqi":0.0036346316666666669,"bids_meta":{"AcquisitionMatrixPE":80,"AcquisitionNumber":1,"AcquisitionTime":[],"BandwidthPerPixelPhaseEncode":23.148,"BaseResolution":80,"BodyPartExamined":"BRAIN","ConsistencyInfo":"N4_VE11C_LATEST_20160120","ConversionSoftware":"dcm2niix","ConversionSoftwareVersion":"v1.0.20200427","DerivedVendorReportedEchoSpacing":0.000540003,"DeviceSerialNumber":"167017","DwellTime":3E-6,"EchoTime":0.048,"EchoTrainLength":80,"EffectiveEchoSpacing":0.000540003,"FlipAngle":90,"ImageComments":"Unaliased_MB6_PE3_LB","ImageOrientationPatientDICOM":[1,0,0,0,0.798635,-0.601815],"ImageType":["ORIGINAL","PRIMARY","M","ND","NORM","MOSAIC"],"ImagingFrequency":123.25,"InPlanePhaseEncodingDirectionDICOM":"COL","InstitutionAddress":[],"InstitutionName":[],"InstitutionalDepartmentName":[],"Instructions":"eyes closed","MRAcquisitionType":"2D","MagneticFieldStrength":3,"Manufacturer":"Siemens","ManufacturersModelName":"Prisma_fit","Modality":"MR","PartialFourier":1,"PatientPosition":"HFS","PercentPhaseFOV":100,"PercentSampling":100,"PhaseEncodingDirection":"j","PhaseEncodingSteps":80,"PhaseResolution":1,"PixelBandwidth":2085,"ProcedureStepDescription":[],"ProtocolName":[],"PulseSequenceDetails":[],"ReceiveCoilActiveElements":"HC1-7","ReceiveCoilName":"HeadNeck_64","ReconMatrixPE":80,"RepetitionTime":4.029,"SAR":0.140785,"ScanOptions":"FS","ScanningSequence":"EP","SequenceName":"epse2d1_80","SequenceVariant":"SK","SeriesDescription":[],"SeriesNumber":16,"ShimSetting":[320,-11556,-6458,550,71,-21,-77,-3],"SliceThickness":3,"SliceTiming":[3.925,3.8425,3.76,3.675,3.5925,3.5075,3.425,3.3425,3.2575,3.175,3.09,3.0075,2.925,2.84,2.7575,2.6725,2.59,2.5075,2.4225,2.34,2.255,2.1725,2.0875,2.005,1.9225,1.8375,1.755,1.67,1.5875,1.505,1.42,1.3375,1.2525,1.17,1.0875,1.0025,0.92,0.835,0.7525,0.67,0.585,0.5025,0.4175,0.335,0.2525,0.1675,0.085,0],"SoftwareVersions":"syngo_MR_E11","SpacingBetweenSlices":3,"StationName":"MRC35056","TaskName":"rest","TotalReadoutTime":0.0426603,"TxRefAmp":221.892,"WipMemBlock":"35f8b946-5a94-4b24-9f44-6d6bf688e191||Sequence: R016 ve11c/master r/34fb20f; Nov 20 2017 15:30:40 by eja","acq_id":"PAse","dataset":"MICs","modality":"bold","session_id":"01","subject_id":"sub-HC028","task_id":"rest"},"dummy_trs":0,"dvars_nstd":53.077930450000011,"dvars_std":2.18080578,"dvars_vstd":36.085956954000004,"efc":0.48387704520412733,"fber":772.4931640625,"fd_mean":0.29152256209011618,"fd_num":4,"fd_perc":66.666666666666671,"fwhm_avg":1.9629366666666668,"fwhm_x":2.1256666666666666,"fwhm_y":1.6965700000000001,"fwhm_z":2.0665733333333334,"gcor":0.00137859,"gsr_x":-0.044029191136360168,"gsr_y":0.011493156664073467,"provenance":{"md5sum":"0a589ce3385241132ea9ae127662a836","settings":{"fd_thres":0.2,"hmc_fsl":false,"testing":false},"software":"mriqc","version":"0.15.2","webapi_port":[],"webapi_url":"https://mriqc.nimh.nih.gov/api/v1"},"size_t":6,"size_x":80,"size_y":80,"size_z":48,"snr":2.0491494428706538,"spacing_tr":4.0289998054504395,"spacing_x":3,"spacing_y":3,"spacing_z":3,"summary_bg_k":366.92238412034033,"summary_bg_mad":116.72780007261174,"summary_bg_mean":666.36407470703125,"summary_bg_median":279.09710693359375,"summary_bg_n":203203,"summary_bg_p05":147.32391204833985,"summary_bg_p95":2943.8080078124995,"summary_bg_stdv":1487.9630126953125,"summary_fg_k":22.085971036954412,"summary_fg_mad":2357.5112698713883,"summary_fg_mean":8741.5458984375,"summary_fg_median":8246.748046875,"summary_fg_n":54122,"summary_fg_p05":2289.283447265625,"summary_fg_p95":14715.195166015623,"summary_fg_stdv":4024.4365234375,"tsnr":63.616550445556641}