{"aor":0.0013595839311334292,"aqi":0.0072555389239598285,"bids_meta":{"AcquisitionMatrixPE":80,"AcquisitionNumber":1,"AcquisitionTime":[],"BandwidthPerPixelPhaseEncode":23.148,"BaseResolution":80,"BodyPartExamined":"BRAIN","ConsistencyInfo":"N4_VE11C_LATEST_20160120","ConversionSoftware":"dcm2niix","ConversionSoftwareVersion":"v1.0.20200427","DerivedVendorReportedEchoSpacing":0.000540003,"DeviceSerialNumber":"167017","DwellTime":2.6E-6,"EchoTime":0.03,"EchoTrainLength":80,"EffectiveEchoSpacing":0.000540003,"FlipAngle":50,"ImageComments":"Unaliased_MB6_PE3_LB","ImageOrientationPatientDICOM":[1,0,0,0,0.798635,-0.601815],"ImageType":["ORIGINAL","PRIMARY","M","MB","ND","NORM","MOSAIC"],"ImagingFrequency":123.25,"InPlanePhaseEncodingDirectionDICOM":"COL","InstitutionAddress":[],"InstitutionName":[],"InstitutionalDepartmentName":[],"Instructions":"eyes closed","MRAcquisitionType":"2D","MagneticFieldStrength":3,"Manufacturer":"Siemens","ManufacturersModelName":"Prisma_fit","Modality":"MR","MultibandAccelerationFactor":6,"PartialFourier":1,"PatientPosition":"HFS","PercentPhaseFOV":100,"PercentSampling":100,"PhaseEncodingDirection":"j-","PhaseEncodingSteps":80,"PhaseResolution":1,"PixelBandwidth":2405,"ProcedureStepDescription":[],"ProtocolName":[],"PulseSequenceDetails":[],"ReceiveCoilActiveElements":"HC1-7","ReceiveCoilName":"HeadNeck_64","ReconMatrixPE":80,"RepetitionTime":0.6,"SAR":0.0419088,"ScanOptions":"FS","ScanningSequence":"EP","SequenceName":"epfid2d1_80","SequenceVariant":"SK_SS","SeriesDescription":[],"SeriesNumber":14,"ShimSetting":[320,-11556,-6458,550,71,-21,-77,-3],"SliceThickness":3,"SliceTiming":[0.5075,0.435,0.3625,0.29,0.2175,0.145,0.0725,0,0.5075,0.435,0.3625,0.29,0.2175,0.145,0.0725,0,0.5075,0.435,0.3625,0.29,0.2175,0.145,0.0725,0,0.5075,0.435,0.3625,0.29,0.2175,0.145,0.0725,0,0.5075,0.435,0.3625,0.29,0.2175,0.145,0.0725,0,0.5075,0.435,0.3625,0.29,0.2175,0.145,0.0725,0],"SoftwareVersions":"syngo_MR_E11","SpacingBetweenSlices":3,"StationName":"MRC35056","TaskName":"rest","TotalReadoutTime":0.0426603,"TxRefAmp":221.892,"WipMemBlock":"c4ea3fa3-9fe0-4e68-a06a-7d881acbcbbc||Sequence: R016 ve11c/master r/34fb20f; Nov 20 2017 15:15:15 by eja","acq_id":"AP","dataset":"MICs","modality":"bold","session_id":"01","subject_id":"sub-HC028","task_id":"rest"},"dummy_trs":3,"dvars_nstd":27.546559298218412,"dvars_std":1.1571481721551733,"dvars_vstd":1.0054431303017257,"efc":0.44455597788628742,"fber":6887.28125,"fd_mean":0.074911786785059137,"fd_num":16,"fd_perc":2.2955523672883786,"fwhm_avg":2.4193266666666666,"fwhm_x":2.2379000000000002,"fwhm_y":2.64546,"fwhm_z":2.3746199999999997,"gcor":0.00854458,"gsr_x":-0.0240282341837883,"gsr_y":0.031899895519018173,"provenance":{"md5sum":"c6b57c80426211bd0ba0e14a02616f57","settings":{"fd_thres":0.2,"hmc_fsl":false,"testing":false},"software":"mriqc","version":"0.15.2","webapi_port":[],"webapi_url":"https://mriqc.nimh.nih.gov/api/v1"},"size_t":697,"size_x":80,"size_y":80,"size_z":48,"snr":4.1431549540659169,"spacing_tr":0.60000002384185791,"spacing_x":3,"spacing_y":3,"spacing_z":3,"summary_bg_k":40.057743271413059,"summary_bg_mad":47.900600477472842,"summary_bg_mean":239.69664001464844,"summary_bg_median":69.972740173339844,"summary_bg_n":210177,"summary_bg_p05":28.509038162231448,"summary_bg_p95":1166.5802001953111,"summary_bg_stdv":526.04095458984375,"summary_fg_k":2.7866446206038837,"summary_fg_mad":1181.2278451779775,"summary_fg_mean":6012.22705078125,"summary_fg_median":6019.908203125,"summary_fg_n":48665,"summary_fg_p05":3610.9559082031246,"summary_fg_p95":8182.999609374996,"summary_fg_stdv":1452.9619140625,"tsnr":46.484323753975332}