{"bids_meta":{"AcquisitionMatrixPE":320,"AcquisitionNumber":1,"AcquisitionTime":[],"BaseResolution":320,"BodyPartExamined":"BRAIN","ConsistencyInfo":"N4_VE11C_LATEST_20160120","ConversionSoftware":"dcm2niix","ConversionSoftwareVersion":"v1.0.20200427","DeviceSerialNumber":"167017","DwellTime":6.6E-6,"EchoTime":0.00314,"FlipAngle":9,"ImageOrientationPatientDICOM":[-0.0196967,0.989517,0.143068,0.0307062,0.143627,-0.989155],"ImageType":["ORIGINAL","PRIMARY","M","ND","NORM","FM","FIL"],"ImagingFrequency":123.25,"InPlanePhaseEncodingDirectionDICOM":"ROW","InstitutionAddress":[],"InstitutionName":[],"InstitutionalDepartmentName":[],"InversionTime":0.9,"MRAcquisitionType":"3D","MagneticFieldStrength":3,"Manufacturer":"Siemens","ManufacturersModelName":"Prisma_fit","Modality":"MR","ParallelReductionFactorInPlane":2,"PartialFourier":1,"PatientPosition":"HFS","PercentPhaseFOV":100,"PercentSampling":100,"PhaseEncodingSteps":319,"PhaseResolution":1,"PixelBandwidth":235,"ProcedureStepDescription":[],"ProtocolName":[],"PulseSequenceDetails":[],"ReceiveCoilActiveElements":"HC1-7","ReceiveCoilName":"HeadNeck_64","ReconMatrixPE":320,"RefLinesPE":32,"RepetitionTime":2.3,"SAR":0.0529591,"ScanOptions":"IR","ScanningSequence":"GR_IR","SequenceName":"_tfl3d1_16ns","SequenceVariant":"SK_SP_MP","SeriesDescription":[],"SeriesNumber":19,"ShimSetting":[325,-11602,-6416,280,-21,-316,28,13],"SliceThickness":0.8,"SoftwareVersions":"syngo_MR_E11","StationName":"MRC35056","TxRefAmp":242.589,"dataset":"MICs","modality":"T1w","run_id":1,"session_id":"01","subject_id":"sub-HC033"},"cjv":0.648895271334718,"cnr":1.8461224631387956,"efc":0.70744719780516874,"fber":33.786476135253906,"fwhm_avg":3.3823041162664076,"fwhm_x":3.3510374500656508,"fwhm_y":3.4218249490108348,"fwhm_z":3.3740499497227381,"icvs_csf":0.2187288434637879,"icvs_gm":0.44188085942802607,"icvs_wm":0.33939029710818597,"inu_med":1.4368422031402588,"inu_range":0.717042702436447,"provenance":{"md5sum":"f4b6940830d5d5bf6a7da0636cf1e19d","settings":{"testing":false},"software":"mriqc","version":"0.15.2","warnings":{"large_rot_frame":false,"small_air_mask":false},"webapi_port":[],"webapi_url":"https://mriqc.nimh.nih.gov/api/v1"},"qi_1":0,"qi_2":0.0050285908191392307,"rpve_csf":20.157199362815373,"rpve_gm":10.345356936986969,"rpve_wm":14.818784399366217,"size_x":224,"size_y":320,"size_z":320,"snr_csf":1.2569884783585772,"snr_gm":8.187055253913508,"snr_total":7.935813204916113,"snr_wm":14.363395882476253,"snrd_csf":44.357267303431975,"snrd_gm":74.651798356083759,"snrd_total":71.689948732592214,"snrd_wm":96.060780538260886,"spacing_x":0.800000011920929,"spacing_y":0.800000011920929,"spacing_z":0.800000011920929,"summary_bg_k":6856.8197110002311,"summary_bg_mad":6.8203185949293115,"summary_bg_mean":137.90863037109375,"summary_bg_median":137.38339233398438,"summary_bg_n":7.485907E+6,"summary_bg_p05":126.42856597900391,"summary_bg_p95":149.65586395263671,"summary_bg_stdv":26.773580551147461,"summary_csf_k":9.5729735799826869,"summary_csf_mad":111.79378603672197,"summary_csf_mean":561.2918701171875,"summary_csf_median":461.78277587890625,"summary_csf_n":186674,"summary_csf_p05":320.72543334960938,"summary_csf_p95":1584.9628601074232,"summary_csf_stdv":367.371337890625,"summary_gm_k":0.46566728287781078,"summary_gm_mad":86.374836138657543,"summary_gm_mean":793.13232421875,"summary_gm_median":777.16497802734375,"summary_gm_n":148782,"summary_gm_p05":663.42092895507812,"summary_gm_p95":974.6691436767577,"summary_gm_stdv":94.925750732421875,"summary_wm_k":3.880186980432593,"summary_wm_mad":58.25023220722138,"summary_wm_mean":1006.9367065429688,"summary_wm_median":1000.0438842773438,"summary_wm_n":503287,"summary_wm_p05":908.6373168945313,"summary_wm_p95":1128.1982543945312,"summary_wm_stdv":69.624404907226562,"tpm_overlap_csf":0.0894608199596405,"tpm_overlap_gm":0.352634459733963,"tpm_overlap_wm":0.45485121011734009,"wm2max":0.34545018124460691}