{"bids_meta":{"AcquisitionMatrixPE":320,"AcquisitionNumber":1,"AcquisitionTime":[],"BaseResolution":320,"BodyPartExamined":"BRAIN","ConsistencyInfo":"N4_VE11C_LATEST_20160120","ConversionSoftware":"dcm2niix","ConversionSoftwareVersion":"v1.0.20200427","DeviceSerialNumber":"167017","DwellTime":6.6E-6,"EchoTime":0.00314,"FlipAngle":9,"ImageOrientationPatientDICOM":[-0.0196967,0.989517,0.143068,0.0307062,0.143627,-0.989155],"ImageType":["ORIGINAL","PRIMARY","M","ND","NORM","FM","FIL"],"ImagingFrequency":123.25,"InPlanePhaseEncodingDirectionDICOM":"ROW","InstitutionAddress":[],"InstitutionName":[],"InstitutionalDepartmentName":[],"InversionTime":0.9,"MRAcquisitionType":"3D","MagneticFieldStrength":3,"Manufacturer":"Siemens","ManufacturersModelName":"Prisma_fit","Modality":"MR","ParallelReductionFactorInPlane":2,"PartialFourier":1,"PatientPosition":"HFS","PercentPhaseFOV":100,"PercentSampling":100,"PhaseEncodingSteps":319,"PhaseResolution":1,"PixelBandwidth":235,"ProcedureStepDescription":[],"ProtocolName":[],"PulseSequenceDetails":[],"ReceiveCoilActiveElements":"HC1-7","ReceiveCoilName":"HeadNeck_64","ReconMatrixPE":320,"RefLinesPE":32,"RepetitionTime":2.3,"SAR":0.0529591,"ScanOptions":"IR","ScanningSequence":"GR_IR","SequenceName":"_tfl3d1_16ns","SequenceVariant":"SK_SP_MP","SeriesDescription":[],"SeriesNumber":7,"ShimSetting":[325,-11602,-6416,280,-21,-316,28,13],"SliceThickness":0.8,"SoftwareVersions":"syngo_MR_E11","StationName":"MRC35056","TxRefAmp":242.589,"dataset":"MICs","modality":"T1w","run_id":2,"session_id":"01","subject_id":"sub-HC033"},"cjv":0.67522722334165286,"cnr":1.7952608892594895,"efc":0.70362929351623815,"fber":34.100845336914062,"fwhm_avg":3.3850916162248708,"fwhm_x":3.35909994994551,"fwhm_y":3.4245249489706016,"fwhm_z":3.3716499497585004,"icvs_csf":0.21011365464753781,"icvs_gm":0.44486990772586016,"icvs_wm":0.34501643762660206,"inu_med":1.4326634407043457,"inu_range":0.7080550491809845,"provenance":{"md5sum":"bc0ecf75f0bc2aae53a2e890ade6d81a","settings":{"testing":false},"software":"mriqc","version":"0.15.2","warnings":{"large_rot_frame":false,"small_air_mask":false},"webapi_port":[],"webapi_url":"https://mriqc.nimh.nih.gov/api/v1"},"qi_1":0,"qi_2":0.0049451253021868388,"rpve_csf":21.130132657748575,"rpve_gm":10.4923274340518,"rpve_wm":14.867065888615246,"size_x":224,"size_y":320,"size_z":320,"snr_csf":1.2712085170460945,"snr_gm":8.1301306165718081,"snr_total":7.9726137656980613,"snr_wm":14.516502163476282,"snrd_csf":44.199687167245649,"snrd_gm":74.482261035522825,"snrd_total":71.281883560616549,"snrd_wm":95.163702479081138,"spacing_x":0.800000011920929,"spacing_y":0.800000011920929,"spacing_z":0.800000011920929,"summary_bg_k":7829.9519063002408,"summary_bg_mad":6.8845897268686187,"summary_bg_mean":139.53097534179688,"summary_bg_median":139.15333557128906,"summary_bg_n":7.688354E+6,"summary_bg_p05":127.97391242980957,"summary_bg_p95":151.40042648315429,"summary_bg_stdv":25.324541091918945,"summary_csf_k":9.4952375163737024,"summary_csf_mad":104.16597226986671,"summary_csf_mean":563.2847900390625,"summary_csf_median":464.47842407226562,"summary_csf_n":168395,"summary_csf_p05":328.18577270507814,"summary_csf_p95":1598.8010253906248,"summary_csf_stdv":365.38226318359375,"summary_gm_k":0.31783581856227272,"summary_gm_mad":89.675987886227972,"summary_gm_mean":800.07305908203125,"summary_gm_median":782.70697021484375,"summary_gm_n":144970,"summary_gm_p05":669.46895446777341,"summary_gm_p95":982.04850463867183,"summary_gm_stdv":96.272041320800781,"summary_wm_k":4.6400496208926683,"summary_wm_mad":57.073670070685132,"summary_wm_mean":1007.2616577148438,"summary_wm_median":1000.0407104492188,"summary_wm_n":505297,"summary_wm_p05":911.2968627929688,"summary_wm_p95":1126.131591796875,"summary_wm_stdv":68.889854431152344,"tpm_overlap_csf":0.092610985040664673,"tpm_overlap_gm":0.35522177815437317,"tpm_overlap_wm":0.45479217171669006,"wm2max":0.33558292264669382}