{"aor":0.042734999999999995,"aqi":0.0051667383333333329,"bids_meta":{"AcquisitionMatrixPE":80,"AcquisitionNumber":1,"AcquisitionTime":[],"BandwidthPerPixelPhaseEncode":23.148,"BaseResolution":80,"BodyPartExamined":"BRAIN","ConsistencyInfo":"N4_VE11C_LATEST_20160120","ConversionSoftware":"dcm2niix","ConversionSoftwareVersion":"v1.0.20200427","DerivedVendorReportedEchoSpacing":0.000540003,"DeviceSerialNumber":"167017","DwellTime":3E-6,"EchoTime":0.048,"EchoTrainLength":80,"EffectiveEchoSpacing":0.000540003,"FlipAngle":90,"ImageComments":"Unaliased_MB6_PE3_LB","ImageOrientationPatientDICOM":[1,0,0,0,0.857167,-0.515038],"ImageType":["ORIGINAL","PRIMARY","M","ND","NORM","MOSAIC"],"ImagingFrequency":123.25,"InPlanePhaseEncodingDirectionDICOM":"COL","InstitutionAddress":[],"InstitutionName":[],"InstitutionalDepartmentName":[],"Instructions":"eyes closed","MRAcquisitionType":"2D","MagneticFieldStrength":3,"Manufacturer":"Siemens","ManufacturersModelName":"Prisma_fit","Modality":"MR","PartialFourier":1,"PatientPosition":"HFS","PercentPhaseFOV":100,"PercentSampling":100,"PhaseEncodingDirection":"j-","PhaseEncodingSteps":80,"PhaseResolution":1,"PixelBandwidth":2085,"ProcedureStepDescription":[],"ProtocolName":[],"PulseSequenceDetails":[],"ReceiveCoilActiveElements":"HC1-7","ReceiveCoilName":"HeadNeck_64","ReconMatrixPE":80,"RepetitionTime":4.029,"SAR":0.177005,"ScanOptions":"FS","ScanningSequence":"EP","SequenceName":"epse2d1_80","SequenceVariant":"SK","SeriesDescription":[],"SeriesNumber":15,"ShimSetting":[332,-11580,-6363,513,100,-28,63,14],"SliceThickness":3,"SliceTiming":[3.925,3.8425,3.7575,3.675,3.59,3.5075,3.425,3.34,3.2575,3.1725,3.09,3.0075,2.9225,2.84,2.755,2.6725,2.59,2.505,2.4225,2.3375,2.255,2.1725,2.0875,2.005,1.92,1.8375,1.7525,1.67,1.5875,1.5025,1.42,1.335,1.2525,1.17,1.085,1.0025,0.9175,0.835,0.7525,0.6675,0.585,0.5,0.4175,0.335,0.25,0.1675,0.0825,0],"SoftwareVersions":"syngo_MR_E11","SpacingBetweenSlices":3,"StationName":"MRC35056","TaskName":"rest","TotalReadoutTime":0.0426603,"TxRefAmp":231.279,"WipMemBlock":"ae4b4f39-2eae-41a0-bea9-10cb84603610||Sequence: R016 ve11c/master r/34fb20f; Nov 20 2017 15:30:40 by eja","acq_id":"APse","dataset":"MICs","modality":"bold","session_id":"01","subject_id":"sub-HC046","task_id":"rest"},"dummy_trs":0,"dvars_nstd":84.977886962,"dvars_std":3.3198434840000006,"dvars_vstd":4.0156150340000005,"efc":0.49800667020763739,"fber":1089.812255859375,"fd_mean":0.14260769531365453,"fd_num":1,"fd_perc":16.666666666666668,"fwhm_avg":1.8314555555555554,"fwhm_x":1.8598066666666666,"fwhm_y":1.7600433333333332,"fwhm_z":1.8745166666666666,"gcor":0.00462169,"gsr_x":-0.02934008464217186,"gsr_y":0.023666476830840111,"provenance":{"md5sum":"9336be7475ae1796ff886263e76c5b32","settings":{"fd_thres":0.2,"hmc_fsl":false,"testing":false},"software":"mriqc","version":"0.15.2","webapi_port":[],"webapi_url":"https://mriqc.nimh.nih.gov/api/v1"},"size_t":6,"size_x":80,"size_y":80,"size_z":48,"snr":2.4066501962016504,"spacing_tr":4.0289998054504395,"spacing_x":3,"spacing_y":3,"spacing_z":3,"summary_bg_k":52.401077666275576,"summary_bg_mad":106.65660871312332,"summary_bg_mean":604.588623046875,"summary_bg_median":267.9573974609375,"summary_bg_n":195408,"summary_bg_p05":154.48200225830078,"summary_bg_p95":2840.4820068359354,"summary_bg_stdv":1127.1715087890625,"summary_fg_k":21.720313679487994,"summary_fg_mad":2533.8077313304861,"summary_fg_mean":10126.763671875,"summary_fg_median":9312.4169921875,"summary_fg_n":61113,"summary_fg_p05":6027.7837890625005,"summary_fg_p95":17062.060937499984,"summary_fg_stdv":3869.420166015625,"tsnr":65.819755554199219}