{"aor":0.045035,"aqi":0.0040373,"bids_meta":{"AcquisitionMatrixPE":80,"AcquisitionNumber":1,"AcquisitionTime":[],"BandwidthPerPixelPhaseEncode":23.148,"BaseResolution":80,"BodyPartExamined":"BRAIN","ConsistencyInfo":"N4_VE11C_LATEST_20160120","ConversionSoftware":"dcm2niix","ConversionSoftwareVersion":"v1.0.20200427","DerivedVendorReportedEchoSpacing":0.000540003,"DeviceSerialNumber":"167017","DwellTime":3E-6,"EchoTime":0.048,"EchoTrainLength":80,"EffectiveEchoSpacing":0.000540003,"FlipAngle":90,"ImageComments":"Unaliased_MB6_PE3_LB","ImageOrientationPatientDICOM":[1,0,0,0,0.857167,-0.515038],"ImageType":["ORIGINAL","PRIMARY","M","ND","NORM","MOSAIC"],"ImagingFrequency":123.25,"InPlanePhaseEncodingDirectionDICOM":"COL","InstitutionAddress":[],"InstitutionName":[],"InstitutionalDepartmentName":[],"Instructions":"eyes closed","MRAcquisitionType":"2D","MagneticFieldStrength":3,"Manufacturer":"Siemens","ManufacturersModelName":"Prisma_fit","Modality":"MR","PartialFourier":1,"PatientPosition":"HFS","PercentPhaseFOV":100,"PercentSampling":100,"PhaseEncodingDirection":"j","PhaseEncodingSteps":80,"PhaseResolution":1,"PixelBandwidth":2085,"ProcedureStepDescription":[],"ProtocolName":[],"PulseSequenceDetails":[],"ReceiveCoilActiveElements":"HC1-7","ReceiveCoilName":"HeadNeck_64","ReconMatrixPE":80,"RepetitionTime":4.029,"SAR":0.177005,"ScanOptions":"FS","ScanningSequence":"EP","SequenceName":"epse2d1_80","SequenceVariant":"SK","SeriesDescription":[],"SeriesNumber":16,"ShimSetting":[332,-11580,-6363,513,100,-28,63,14],"SliceThickness":3,"SliceTiming":[3.925,3.8425,3.7575,3.675,3.59,3.5075,3.425,3.34,3.2575,3.1725,3.09,3.005,2.9225,2.84,2.755,2.6725,2.5875,2.505,2.4225,2.3375,2.255,2.17,2.0875,2.005,1.92,1.8375,1.7525,1.67,1.5875,1.5025,1.42,1.335,1.2525,1.17,1.085,1.0025,0.9175,0.835,0.75,0.6675,0.585,0.5,0.4175,0.3325,0.25,0.1675,0.0825,0],"SoftwareVersions":"syngo_MR_E11","SpacingBetweenSlices":3,"StationName":"MRC35056","TaskName":"rest","TotalReadoutTime":0.0426603,"TxRefAmp":231.279,"WipMemBlock":"a63de9b5-3e05-43d3-a506-bad61d79664c||Sequence: R016 ve11c/master r/34fb20f; Nov 20 2017 15:30:40 by eja","acq_id":"PAse","dataset":"MICs","modality":"bold","session_id":"01","subject_id":"sub-HC046","task_id":"rest"},"dummy_trs":0,"dvars_nstd":79.471717833999989,"dvars_std":2.92339053,"dvars_vstd":4.4115686900000011,"efc":0.49379084007031104,"fber":1067.337158203125,"fd_mean":0.17096956361285681,"fd_num":2,"fd_perc":33.333333333333336,"fwhm_avg":1.8269388888888889,"fwhm_x":1.9135866666666665,"fwhm_y":1.6486433333333332,"fwhm_z":1.9185866666666669,"gcor":0.000995293,"gsr_x":-0.031431548297405243,"gsr_y":0.027962382882833481,"provenance":{"md5sum":"01d92c874fafcb787e2e88e050663494","settings":{"fd_thres":0.2,"hmc_fsl":false,"testing":false},"software":"mriqc","version":"0.15.2","webapi_port":[],"webapi_url":"https://mriqc.nimh.nih.gov/api/v1"},"size_t":6,"size_x":80,"size_y":80,"size_z":48,"snr":2.2787614774588163,"spacing_tr":4.0289998054504395,"spacing_x":3,"spacing_y":3,"spacing_z":3,"summary_bg_k":62.491906108709884,"summary_bg_mad":103.4780155214421,"summary_bg_mean":610.60272216796875,"summary_bg_median":266.14569091796875,"summary_bg_n":196497,"summary_bg_p05":153.12554321289065,"summary_bg_p95":2978.9085449218724,"summary_bg_stdv":1139.4775390625,"summary_fg_k":13.626841729431536,"summary_fg_mad":2807.20812275992,"summary_fg_mean":10098.9423828125,"summary_fg_median":9249.775390625,"summary_fg_n":60292,"summary_fg_p05":5775.0555175781246,"summary_fg_p95":17117.7111328125,"summary_fg_stdv":4059.09033203125,"tsnr":70.93365478515625}