{"aor":0.0015945323741007194,"aqi":0.00709827182733813,"bids_meta":{"AcquisitionMatrixPE":80,"AcquisitionNumber":1,"AcquisitionTime":[],"BandwidthPerPixelPhaseEncode":23.148,"BaseResolution":80,"BodyPartExamined":"BRAIN","ConsistencyInfo":"N4_VE11C_LATEST_20160120","ConversionSoftware":"dcm2niix","ConversionSoftwareVersion":"v1.0.20200427","DerivedVendorReportedEchoSpacing":0.000540003,"DeviceSerialNumber":"167017","DwellTime":2.6E-6,"EchoTime":0.03,"EchoTrainLength":80,"EffectiveEchoSpacing":0.000540003,"FlipAngle":50,"ImageComments":"Unaliased_MB6_PE3_LB","ImageOrientationPatientDICOM":[1,0,0,0,0.857167,-0.515038],"ImageType":["ORIGINAL","PRIMARY","M","MB","ND","NORM","MOSAIC"],"ImagingFrequency":123.25,"InPlanePhaseEncodingDirectionDICOM":"COL","InstitutionAddress":[],"InstitutionName":[],"InstitutionalDepartmentName":[],"Instructions":"eyes closed","MRAcquisitionType":"2D","MagneticFieldStrength":3,"Manufacturer":"Siemens","ManufacturersModelName":"Prisma_fit","Modality":"MR","MultibandAccelerationFactor":6,"PartialFourier":1,"PatientPosition":"HFS","PercentPhaseFOV":100,"PercentSampling":100,"PhaseEncodingDirection":"j-","PhaseEncodingSteps":80,"PhaseResolution":1,"PixelBandwidth":2405,"ProcedureStepDescription":[],"ProtocolName":[],"PulseSequenceDetails":[],"ReceiveCoilActiveElements":"HC1-7","ReceiveCoilName":"HeadNeck_64","ReconMatrixPE":80,"RepetitionTime":0.6,"SAR":0.0503845,"ScanOptions":"FS","ScanningSequence":"EP","SequenceName":"epfid2d1_80","SequenceVariant":"SK_SS","SeriesDescription":[],"SeriesNumber":14,"ShimSetting":[332,-11580,-6363,513,100,-28,63,14],"SliceThickness":3,"SliceTiming":[0.5075,0.435,0.3625,0.29,0.2175,0.145,0.0725,0,0.5075,0.435,0.3625,0.29,0.2175,0.145,0.0725,0,0.5075,0.435,0.3625,0.29,0.2175,0.145,0.0725,0,0.5075,0.435,0.3625,0.29,0.2175,0.145,0.0725,0,0.5075,0.435,0.3625,0.29,0.2175,0.145,0.0725,0,0.5075,0.435,0.3625,0.29,0.2175,0.145,0.0725,0],"SoftwareVersions":"syngo_MR_E11","SpacingBetweenSlices":3,"StationName":"MRC35056","TaskName":"rest","TotalReadoutTime":0.0426603,"TxRefAmp":231.279,"WipMemBlock":"23768c2a-94e9-45d5-b54e-b2b909123bdc||Sequence: R016 ve11c/master r/34fb20f; Nov 20 2017 15:15:15 by eja","acq_id":"AP","dataset":"MICs","modality":"bold","session_id":"01","subject_id":"sub-HC046","task_id":"rest"},"dummy_trs":5,"dvars_nstd":36.891533367939473,"dvars_std":1.3941196113400574,"dvars_vstd":1.0209258073919307,"efc":0.46243882157164656,"fber":7895.87109375,"fd_mean":0.091393064940737817,"fd_num":45,"fd_perc":6.4748201438848918,"fwhm_avg":2.2934288888888887,"fwhm_x":2.1437233333333334,"fwhm_y":2.4262466666666667,"fwhm_z":2.3103166666666666,"gcor":0.0200361,"gsr_x":-0.024390950798988342,"gsr_y":0.034227330237627029,"provenance":{"md5sum":"92f398cf1bb11e4f2a78806dc4a66de1","settings":{"fd_thres":0.2,"hmc_fsl":false,"testing":false},"software":"mriqc","version":"0.15.2","webapi_port":[],"webapi_url":"https://mriqc.nimh.nih.gov/api/v1"},"size_t":695,"size_x":80,"size_y":80,"size_z":48,"snr":3.652454725488711,"spacing_tr":0.60000002384185791,"spacing_x":3,"spacing_y":3,"spacing_z":3,"summary_bg_k":49.707800825279321,"summary_bg_mad":44.904719639578254,"summary_bg_mean":219.46498107910156,"summary_bg_median":69.207191467285156,"summary_bg_n":198490,"summary_bg_p05":30.748848533630373,"summary_bg_p95":1036.439868164061,"summary_bg_stdv":482.10220336914062,"summary_fg_k":2.6139184630193588,"summary_fg_mad":1486.3206688451303,"summary_fg_mean":6599.6787109375,"summary_fg_median":6478.1923828125,"summary_fg_n":58204,"summary_fg_p05":4192.1837402343754,"summary_fg_p95":9526.5826171875,"summary_fg_stdv":1773.63916015625,"tsnr":47.847220396623015}