{"aor":0.041775000000000007,"aqi":0.0048648516666666671,"bids_meta":{"AcquisitionMatrixPE":80,"AcquisitionNumber":1,"AcquisitionTime":[],"BandwidthPerPixelPhaseEncode":23.148,"BaseResolution":80,"BodyPartExamined":"BRAIN","ConsistencyInfo":"N4_VE11C_LATEST_20160120","ConversionSoftware":"dcm2niix","ConversionSoftwareVersion":"v1.0.20200427","DerivedVendorReportedEchoSpacing":0.000540003,"DeviceSerialNumber":"167017","DwellTime":3E-6,"EchoTime":0.048,"EchoTrainLength":80,"EffectiveEchoSpacing":0.000540003,"FlipAngle":90,"ImageComments":"Unaliased_MB6_PE3_LB","ImageOrientationPatientDICOM":[1,0,0,0,0.857167,-0.515038],"ImageType":["ORIGINAL","PRIMARY","M","ND","NORM","MOSAIC"],"ImagingFrequency":123.25,"InPlanePhaseEncodingDirectionDICOM":"COL","InstitutionAddress":[],"InstitutionName":[],"InstitutionalDepartmentName":[],"Instructions":"eyes closed","MRAcquisitionType":"2D","MagneticFieldStrength":3,"Manufacturer":"Siemens","ManufacturersModelName":"Prisma_fit","Modality":"MR","PartialFourier":1,"PatientPosition":"HFS","PercentPhaseFOV":100,"PercentSampling":100,"PhaseEncodingDirection":"j","PhaseEncodingSteps":80,"PhaseResolution":1,"PixelBandwidth":2085,"ProcedureStepDescription":[],"ProtocolName":[],"PulseSequenceDetails":[],"ReceiveCoilActiveElements":"HC1-7","ReceiveCoilName":"HeadNeck_64","ReconMatrixPE":80,"RepetitionTime":4.029,"SAR":0.164343,"ScanOptions":"FS","ScanningSequence":"EP","SequenceName":"epse2d1_80","SequenceVariant":"SK","SeriesDescription":[],"SeriesNumber":16,"ShimSetting":[316,-11592,-6404,457,67,-168,-20,12],"SliceThickness":3,"SliceTiming":[3.9275,3.8425,3.76,3.675,3.5925,3.51,3.425,3.3425,3.2575,3.175,3.0925,3.0075,2.925,2.84,2.7575,2.6725,2.59,2.5075,2.4225,2.34,2.255,2.1725,2.09,2.005,1.9225,1.8375,1.755,1.6725,1.5875,1.505,1.42,1.3375,1.255,1.17,1.0875,1.0025,0.92,0.835,0.7525,0.67,0.585,0.5025,0.4175,0.335,0.2525,0.1675,0.085,0],"SoftwareVersions":"syngo_MR_E11","SpacingBetweenSlices":3,"StationName":"MRC35056","TaskName":"rest","TotalReadoutTime":0.0426603,"TxRefAmp":227.753,"WipMemBlock":"961561b7-91a6-45ed-99d9-885c255a9301||Sequence: R016 ve11c/master r/34fb20f; Nov 20 2017 15:30:40 by eja","acq_id":"PAse","dataset":"MICs","modality":"bold","session_id":"01","subject_id":"sub-HC012","task_id":"rest"},"dummy_trs":0,"dvars_nstd":55.291007994000005,"dvars_std":2.269722128,"dvars_vstd":4.505758668,"efc":0.50667319207803618,"fber":861.9910888671875,"fd_mean":0.11778131399354197,"fd_num":0,"fd_perc":0,"fwhm_avg":1.9367566666666665,"fwhm_x":1.9997366666666665,"fwhm_y":1.7565966666666668,"fwhm_z":2.0539366666666665,"gcor":0.0031185,"gsr_x":-0.037441849708557129,"gsr_y":0.021275090053677559,"provenance":{"md5sum":"dc69dd5e86d49393fc9d852e05a0b45f","settings":{"fd_thres":0.2,"hmc_fsl":false,"testing":false},"software":"mriqc","version":"0.15.2","webapi_port":[],"webapi_url":"https://mriqc.nimh.nih.gov/api/v1"},"size_t":6,"size_x":80,"size_y":80,"size_z":48,"snr":2.1993640891318416,"spacing_tr":4.0289998054504395,"spacing_x":3,"spacing_y":3,"spacing_z":3,"summary_bg_k":53.532893304012859,"summary_bg_mad":113.74510827727985,"summary_bg_mean":751.4837646484375,"summary_bg_median":286.76446533203125,"summary_bg_n":196373,"summary_bg_p05":155.68021240234376,"summary_bg_p95":3726.071240234372,"summary_bg_stdv":1466.6572265625,"summary_fg_k":15.386220397862072,"summary_fg_mad":2475.5547843975228,"summary_fg_mean":9590.91015625,"summary_fg_median":8885.591796875,"summary_fg_n":61014,"summary_fg_p05":4030.467041015625,"summary_fg_p95":16767.896484374993,"summary_fg_stdv":4040.0400390625,"tsnr":63.406406402587891}