{"aor":0.046175,"aqi":0.0042867866666666662,"bids_meta":{"AcquisitionMatrixPE":80,"AcquisitionNumber":1,"AcquisitionTime":[],"BandwidthPerPixelPhaseEncode":23.148,"BaseResolution":80,"BodyPartExamined":"BRAIN","ConsistencyInfo":"N4_VE11C_LATEST_20160120","ConversionSoftware":"dcm2niix","ConversionSoftwareVersion":"v1.0.20200427","DerivedVendorReportedEchoSpacing":0.000540003,"DeviceSerialNumber":"167017","DwellTime":3E-6,"EchoTime":0.048,"EchoTrainLength":80,"EffectiveEchoSpacing":0.000540003,"FlipAngle":90,"ImageComments":"Unaliased_MB6_PE3_LB","ImageOrientationPatientDICOM":[1,0,0,0,0.857167,-0.515038],"ImageType":["ORIGINAL","PRIMARY","M","ND","NORM","MOSAIC"],"ImagingFrequency":123.25,"InPlanePhaseEncodingDirectionDICOM":"COL","InstitutionAddress":[],"InstitutionName":[],"InstitutionalDepartmentName":[],"Instructions":"eyes closed","MRAcquisitionType":"2D","MagneticFieldStrength":3,"Manufacturer":"Siemens","ManufacturersModelName":"Prisma_fit","Modality":"MR","PartialFourier":1,"PatientPosition":"HFS","PercentPhaseFOV":100,"PercentSampling":100,"PhaseEncodingDirection":"j-","PhaseEncodingSteps":80,"PhaseResolution":1,"PixelBandwidth":2085,"ProcedureStepDescription":[],"ProtocolName":[],"PulseSequenceDetails":[],"ReceiveCoilActiveElements":"HC1-7","ReceiveCoilName":"HeadNeck_64","ReconMatrixPE":80,"RepetitionTime":4.029,"SAR":0.164343,"ScanOptions":"FS","ScanningSequence":"EP","SequenceName":"epse2d1_80","SequenceVariant":"SK","SeriesDescription":[],"SeriesNumber":15,"ShimSetting":[316,-11592,-6404,457,67,-168,-20,12],"SliceThickness":3,"SliceTiming":[3.925,3.8425,3.7575,3.675,3.5925,3.5075,3.425,3.34,3.2575,3.175,3.09,3.0075,2.9225,2.84,2.7575,2.6725,2.59,2.505,2.4225,2.34,2.255,2.1725,2.0875,2.005,1.92,1.8375,1.755,1.67,1.5875,1.5025,1.42,1.3375,1.2525,1.17,1.085,1.0025,0.92,0.835,0.7525,0.6675,0.585,0.5025,0.4175,0.335,0.25,0.1675,0.085,0],"SoftwareVersions":"syngo_MR_E11","SpacingBetweenSlices":3,"StationName":"MRC35056","TaskName":"rest","TotalReadoutTime":0.0426603,"TxRefAmp":227.753,"WipMemBlock":"d0560fa9-b529-4d23-aadd-b4da0e7e5c62||Sequence: R016 ve11c/master r/34fb20f; Nov 20 2017 15:30:40 by eja","acq_id":"APse","dataset":"MICs","modality":"bold","session_id":"01","subject_id":"sub-HC012","task_id":"rest"},"dummy_trs":0,"dvars_nstd":52.845429612,"dvars_std":2.5831542020000002,"dvars_vstd":4.4918799879999991,"efc":0.50242368577899232,"fber":912.0843505859375,"fd_mean":0.11221092042941241,"fd_num":0,"fd_perc":0,"fwhm_avg":1.9742844444444441,"fwhm_x":1.9890999999999999,"fwhm_y":1.88619,"fwhm_z":2.0475633333333332,"gcor":0.000752599,"gsr_x":-0.033450484275817871,"gsr_y":0.016425302252173424,"provenance":{"md5sum":"c352469742611c73623655e51bec4e49","settings":{"fd_thres":0.2,"hmc_fsl":false,"testing":false},"software":"mriqc","version":"0.15.2","webapi_port":[],"webapi_url":"https://mriqc.nimh.nih.gov/api/v1"},"size_t":6,"size_x":80,"size_y":80,"size_z":48,"snr":2.2275627435253806,"spacing_tr":4.0289998054504395,"spacing_x":3,"spacing_y":3,"spacing_z":3,"summary_bg_k":30.702909400660907,"summary_bg_mad":119.72098880747896,"summary_bg_mean":758.02838134765625,"summary_bg_median":290.95599365234375,"summary_bg_n":197480,"summary_bg_p05":157.48688659667971,"summary_bg_p95":3673.676293945306,"summary_bg_stdv":1531.0621337890625,"summary_fg_k":24.659704602458778,"summary_fg_mad":2496.6369825456281,"summary_fg_mean":9950.705078125,"summary_fg_median":9278.05078125,"summary_fg_n":60374,"summary_fg_p05":5063.6120849609379,"summary_fg_p95":17198.696582031247,"summary_fg_stdv":4165.07861328125,"tsnr":73.188812255859375}