{"aor":0.00070090257879656156,"aqi":0.0069796493696275084,"bids_meta":{"AcquisitionMatrixPE":80,"AcquisitionNumber":1,"AcquisitionTime":[],"BandwidthPerPixelPhaseEncode":23.148,"BaseResolution":80,"BodyPartExamined":"BRAIN","ConsistencyInfo":"N4_VE11C_LATEST_20160120","ConversionSoftware":"dcm2niix","ConversionSoftwareVersion":"v1.0.20200427","DerivedVendorReportedEchoSpacing":0.000540003,"DeviceSerialNumber":"167017","DwellTime":2.6E-6,"EchoTime":0.03,"EchoTrainLength":80,"EffectiveEchoSpacing":0.000540003,"FlipAngle":50,"ImageComments":"Unaliased_MB6_PE3_LB","ImageOrientationPatientDICOM":[1,0,0,0,0.857167,-0.515038],"ImageType":["ORIGINAL","PRIMARY","M","MB","ND","NORM","MOSAIC"],"ImagingFrequency":123.25,"InPlanePhaseEncodingDirectionDICOM":"COL","InstitutionAddress":[],"InstitutionName":[],"InstitutionalDepartmentName":[],"Instructions":"eyes closed","MRAcquisitionType":"2D","MagneticFieldStrength":3,"Manufacturer":"Siemens","ManufacturersModelName":"Prisma_fit","Modality":"MR","MultibandAccelerationFactor":6,"PartialFourier":1,"PatientPosition":"HFS","PercentPhaseFOV":100,"PercentSampling":100,"PhaseEncodingDirection":"j-","PhaseEncodingSteps":80,"PhaseResolution":1,"PixelBandwidth":2405,"ProcedureStepDescription":[],"ProtocolName":[],"PulseSequenceDetails":[],"ReceiveCoilActiveElements":"HC1-7","ReceiveCoilName":"HeadNeck_64","ReconMatrixPE":80,"RepetitionTime":0.6,"SAR":0.0484337,"ScanOptions":"FS","ScanningSequence":"EP","SequenceName":"epfid2d1_80","SequenceVariant":"SK_SS","SeriesDescription":[],"SeriesNumber":14,"ShimSetting":[316,-11592,-6404,457,67,-168,-20,12],"SliceThickness":3,"SliceTiming":[0.5075,0.435,0.3625,0.29,0.2175,0.145,0.0725,0,0.5075,0.435,0.3625,0.29,0.2175,0.145,0.0725,0,0.5075,0.435,0.3625,0.29,0.2175,0.145,0.0725,0,0.5075,0.435,0.3625,0.29,0.2175,0.145,0.0725,0,0.5075,0.435,0.3625,0.29,0.2175,0.145,0.0725,0,0.5075,0.435,0.3625,0.29,0.2175,0.145,0.0725,0],"SoftwareVersions":"syngo_MR_E11","SpacingBetweenSlices":3,"StationName":"MRC35056","TaskName":"rest","TotalReadoutTime":0.0426603,"TxRefAmp":227.753,"WipMemBlock":"e34537c4-cec3-4225-891c-81f6dc709179||Sequence: R016 ve11c/master r/34fb20f; Nov 20 2017 15:15:15 by eja","acq_id":"AP","dataset":"MICs","modality":"bold","session_id":"01","subject_id":"sub-HC012","task_id":"rest"},"dummy_trs":2,"dvars_nstd":32.80472607652797,"dvars_std":1.2471107789813507,"dvars_vstd":0.98924961847919535,"efc":0.46437143583368823,"fber":6942.54736328125,"fd_mean":0.091958041745731911,"fd_num":18,"fd_perc":2.5787965616045847,"fwhm_avg":2.5848588888888888,"fwhm_x":2.36919,"fwhm_y":2.7574733333333334,"fwhm_z":2.6279133333333333,"gcor":0.00896118,"gsr_x":-0.02231958881020546,"gsr_y":0.028606317937374115,"provenance":{"md5sum":"3afba3bb3cc5c832698cebe8ac1c43a8","settings":{"fd_thres":0.2,"hmc_fsl":false,"testing":false},"software":"mriqc","version":"0.15.2","webapi_port":[],"webapi_url":"https://mriqc.nimh.nih.gov/api/v1"},"size_t":698,"size_x":80,"size_y":80,"size_z":48,"snr":3.4709008816642384,"spacing_tr":0.60000002384185791,"spacing_x":3,"spacing_y":3,"spacing_z":3,"summary_bg_k":27.155272443551695,"summary_bg_mad":51.911259936883454,"summary_bg_mean":282.46817016601562,"summary_bg_median":75.517196655273438,"summary_bg_n":201924,"summary_bg_p05":31.609098052978517,"summary_bg_p95":1461.922753906247,"summary_bg_stdv":615.82049560546875,"summary_fg_k":3.7417548135217018,"summary_fg_mad":1378.5312163912724,"summary_fg_mean":6710.8486328125,"summary_fg_median":6581.72607421875,"summary_fg_n":55694,"summary_fg_p05":4093.6187133789062,"summary_fg_p95":9632.5538085937478,"summary_fg_stdv":1896.24169921875,"tsnr":48.938957496313378}