{"bids_meta":{"AcquisitionMatrixPE":320,"AcquisitionNumber":1,"AcquisitionTime":[],"BaseResolution":320,"BodyPartExamined":"BRAIN","ConsistencyInfo":"N4_VE11C_LATEST_20160120","ConversionSoftware":"dcm2niix","ConversionSoftwareVersion":"v1.0.20200427","DeviceSerialNumber":"167017","DwellTime":6.6E-6,"EchoTime":0.00314,"FlipAngle":9,"ImageOrientationPatientDICOM":[0.0210371,0.988168,0.151928,-0.0142184,0.152242,-0.988241],"ImageType":["ORIGINAL","PRIMARY","M","ND","NORM","FM","FIL"],"ImagingFrequency":123.25,"InPlanePhaseEncodingDirectionDICOM":"ROW","InstitutionAddress":[],"InstitutionName":[],"InstitutionalDepartmentName":[],"InversionTime":0.9,"MRAcquisitionType":"3D","MagneticFieldStrength":3,"Manufacturer":"Siemens","ManufacturersModelName":"Prisma_fit","Modality":"MR","ParallelReductionFactorInPlane":2,"PartialFourier":1,"PatientPosition":"HFS","PercentPhaseFOV":100,"PercentSampling":100,"PhaseEncodingSteps":319,"PhaseResolution":1,"PixelBandwidth":235,"ProcedureStepDescription":[],"ProtocolName":[],"PulseSequenceDetails":[],"ReceiveCoilActiveElements":"HC1-7","ReceiveCoilName":"HeadNeck_64","ReconMatrixPE":320,"RefLinesPE":32,"RepetitionTime":2.3,"SAR":0.057978,"ScanOptions":"IR","ScanningSequence":"GR_IR","SequenceName":"_tfl3d1_16ns","SequenceVariant":"SK_SP_MP","SeriesDescription":[],"SeriesNumber":7,"ShimSetting":[313,-11633,-6447,324,57,-339,134,7],"SliceThickness":0.8,"SoftwareVersions":"syngo_MR_E11","StationName":"MRC35056","TxRefAmp":253.806,"dataset":"MICs","modality":"T1w","run_id":2,"session_id":"01","subject_id":"sub-HC013"},"cjv":0.63607497703785865,"cnr":1.8824138957666761,"efc":0.68884887632367342,"fber":37.3875732421875,"fwhm_avg":3.5466582804840066,"fwhm_x":3.4967374478945517,"fwhm_y":3.6255749459747233,"fwhm_z":3.5176624475827447,"icvs_csf":0.20018198625791273,"icvs_gm":0.41756630980232989,"icvs_wm":0.38225170393975738,"inu_med":1.3715367317199707,"inu_range":0.60834872722625732,"provenance":{"md5sum":"0734e79d566933415f8b376d2d6546be","settings":{"testing":false},"software":"mriqc","version":"0.15.2","warnings":{"large_rot_frame":false,"small_air_mask":false},"webapi_port":[],"webapi_url":"https://mriqc.nimh.nih.gov/api/v1"},"qi_1":0,"qi_2":0.004608615630414984,"rpve_csf":20.881464433457033,"rpve_gm":10.444088952581181,"rpve_wm":13.190466661910669,"size_x":224,"size_y":320,"size_z":320,"snr_csf":1.0576604847512818,"snr_gm":7.66412413757554,"snr_total":8.6874069602077189,"snr_wm":17.340436258296339,"snrd_csf":45.539771870590378,"snrd_gm":77.607494394422275,"snrd_total":74.394569053487615,"snrd_wm":100.03644089545018,"spacing_x":0.800000011920929,"spacing_y":0.800000011920929,"spacing_z":0.800000011920929,"summary_bg_k":14364.208428832739,"summary_bg_mad":6.5491627387432745,"summary_bg_mean":133.16563415527344,"summary_bg_median":132.78848266601562,"summary_bg_n":7.608527E+6,"summary_bg_p05":122.00649261474609,"summary_bg_p95":144.56378173828125,"summary_bg_stdv":24.789768218994141,"summary_csf_k":4.38577940331806,"summary_csf_mad":108.52631951106555,"summary_csf_mean":607.18560791015625,"summary_csf_median":455.24472045898438,"summary_csf_n":161105,"summary_csf_p05":324.30628662109376,"summary_csf_p95":1755.8710449218743,"summary_csf_stdv":430.4248046875,"summary_gm_k":0.14012911203420053,"summary_gm_mad":93.413124587946328,"summary_gm_mean":794.4112548828125,"summary_gm_median":775.814208984375,"summary_gm_n":133522,"summary_gm_p05":656.75454711914062,"summary_gm_p95":987.2026489257812,"summary_gm_stdv":101.22634887695312,"summary_wm_k":4.0305272151743843,"summary_wm_mad":49.203861126654665,"summary_wm_mean":1004.1602783203125,"summary_wm_median":1000.0283203125,"summary_wm_n":655626,"summary_wm_p05":920.02076721191406,"summary_wm_p95":1100.6519165039062,"summary_wm_stdv":57.670265197753906,"tpm_overlap_csf":0.10496871173381805,"tpm_overlap_gm":0.37571507692337036,"tpm_overlap_wm":0.486395001411438,"wm2max":0.31668382700807912}