{"bids_meta":{"AcquisitionMatrixPE":320,"AcquisitionNumber":1,"AcquisitionTime":[],"BaseResolution":320,"BodyPartExamined":"BRAIN","ConsistencyInfo":"N4_VE11C_LATEST_20160120","ConversionSoftware":"dcm2niix","ConversionSoftwareVersion":"v1.0.20200427","DeviceSerialNumber":"167017","DwellTime":6.6E-6,"EchoTime":0.00314,"FlipAngle":9,"ImageOrientationPatientDICOM":[0.0210371,0.988168,0.151928,-0.0142184,0.152242,-0.988241],"ImageType":["ORIGINAL","PRIMARY","M","ND","NORM","FM","FIL"],"ImagingFrequency":123.25,"InPlanePhaseEncodingDirectionDICOM":"ROW","InstitutionAddress":[],"InstitutionName":[],"InstitutionalDepartmentName":[],"InversionTime":0.9,"MRAcquisitionType":"3D","MagneticFieldStrength":3,"Manufacturer":"Siemens","ManufacturersModelName":"Prisma_fit","Modality":"MR","ParallelReductionFactorInPlane":2,"PartialFourier":1,"PatientPosition":"HFS","PercentPhaseFOV":100,"PercentSampling":100,"PhaseEncodingSteps":319,"PhaseResolution":1,"PixelBandwidth":235,"ProcedureStepDescription":[],"ProtocolName":[],"PulseSequenceDetails":[],"ReceiveCoilActiveElements":"HC1-7","ReceiveCoilName":"HeadNeck_64","ReconMatrixPE":320,"RefLinesPE":32,"RepetitionTime":2.3,"SAR":0.057978,"ScanOptions":"IR","ScanningSequence":"GR_IR","SequenceName":"_tfl3d1_16ns","SequenceVariant":"SK_SP_MP","SeriesDescription":[],"SeriesNumber":19,"ShimSetting":[313,-11633,-6447,324,57,-339,134,7],"SliceThickness":0.8,"SoftwareVersions":"syngo_MR_E11","StationName":"MRC35056","TxRefAmp":253.806,"dataset":"MICs","modality":"T1w","run_id":1,"session_id":"01","subject_id":"sub-HC013"},"cjv":0.71300007438243362,"cnr":1.7731113895926827,"efc":0.694473108683254,"fber":36.767135620117188,"fwhm_avg":3.5423666138812906,"fwhm_x":3.4964874478982768,"fwhm_y":3.6057624462699525,"fwhm_z":3.5248499474756425,"icvs_csf":0.20015655505443469,"icvs_gm":0.41807107345876715,"icvs_wm":0.38177237148679821,"inu_med":1.3744256496429443,"inu_range":0.63918243050575207,"provenance":{"md5sum":"43a51de984f0a0b19c91277732a73cb0","settings":{"testing":false},"software":"mriqc","version":"0.15.2","warnings":{"large_rot_frame":false,"small_air_mask":false},"webapi_port":[],"webapi_url":"https://mriqc.nimh.nih.gov/api/v1"},"qi_1":0,"qi_2":0.004660877187296894,"rpve_csf":20.593851273305308,"rpve_gm":10.301896874653181,"rpve_wm":13.077372771510296,"size_x":224,"size_y":320,"size_z":320,"snr_csf":1.1103225008712432,"snr_gm":7.6791786924830854,"snr_total":8.244214554636411,"snr_wm":15.943142470554905,"snrd_csf":44.939392632609476,"snrd_gm":76.510544955517133,"snrd_total":72.983020338309146,"snrd_wm":97.499123426800807,"spacing_x":0.800000011920929,"spacing_y":0.800000011920929,"spacing_z":0.800000011920929,"summary_bg_k":16742.777953238,"summary_bg_mad":6.7196022699050975,"summary_bg_mean":134.88130187988281,"summary_bg_median":134.61587524414062,"summary_bg_n":7.351321E+6,"summary_bg_p05":123.52041625976562,"summary_bg_p95":146.76792907714844,"summary_bg_stdv":19.055315017700195,"summary_csf_k":4.2542500133720269,"summary_csf_mad":116.21182119993603,"summary_csf_mean":604.1695556640625,"summary_csf_median":460.934326171875,"summary_csf_n":157324,"summary_csf_p05":324.42546386718749,"summary_csf_p95":1735.0427978515629,"summary_csf_stdv":415.13421630859375,"summary_gm_k":-0.0080326652735336346,"summary_gm_mad":99.668621869560369,"summary_gm_mean":801.1199951171875,"summary_gm_median":784.7532958984375,"summary_gm_n":135724,"summary_gm_p05":658.0922790527344,"summary_gm_p95":988.48861083984366,"summary_gm_stdv":102.19197082519531,"summary_wm_k":3.8628584325111932,"summary_wm_mad":53.822921731055864,"summary_wm_mean":1005.9183959960938,"summary_wm_median":1000.0289306640625,"summary_wm_n":661088,"summary_wm_p05":916.67802429199219,"summary_wm_p95":1114.6549804687502,"summary_wm_stdv":62.724658966064453,"tpm_overlap_csf":0.10291902720928192,"tpm_overlap_gm":0.359618216753006,"tpm_overlap_wm":0.48057296872138977,"wm2max":0.32215379008889883}