{"aor":0.00060347142857142863,"aqi":0.0082154608,"bids_meta":{"AcquisitionMatrixPE":80,"AcquisitionNumber":1,"AcquisitionTime":[],"BandwidthPerPixelPhaseEncode":23.148,"BaseResolution":80,"BodyPartExamined":"BRAIN","ConsistencyInfo":"N4_VE11C_LATEST_20160120","ConversionSoftware":"dcm2niix","ConversionSoftwareVersion":"v1.0.20200427","DerivedVendorReportedEchoSpacing":0.000540003,"DeviceSerialNumber":"167017","DwellTime":2.6E-6,"EchoTime":0.03,"EchoTrainLength":80,"EffectiveEchoSpacing":0.000540003,"FlipAngle":50,"ImageComments":"Unaliased_MB6_PE3_LB","ImageOrientationPatientDICOM":[1,0,0,0,0.731354,-0.681998],"ImageType":["ORIGINAL","PRIMARY","M","MB","ND","NORM","MOSAIC"],"ImagingFrequency":123.25,"InPlanePhaseEncodingDirectionDICOM":"COL","InstitutionAddress":[],"InstitutionName":[],"InstitutionalDepartmentName":[],"Instructions":"eyes closed","MRAcquisitionType":"2D","MagneticFieldStrength":3,"Manufacturer":"Siemens","ManufacturersModelName":"Prisma_fit","Modality":"MR","MultibandAccelerationFactor":6,"PartialFourier":1,"PatientPosition":"HFS","PercentPhaseFOV":100,"PercentSampling":100,"PhaseEncodingDirection":"j-","PhaseEncodingSteps":80,"PhaseResolution":1,"PixelBandwidth":2405,"ProcedureStepDescription":[],"ProtocolName":[],"PulseSequenceDetails":[],"ReceiveCoilActiveElements":"HC1-7","ReceiveCoilName":"HeadNeck_64","ReconMatrixPE":80,"RepetitionTime":0.6,"SAR":0.0535036,"ScanOptions":"FS","ScanningSequence":"EP","SequenceName":"epfid2d1_80","SequenceVariant":"SK_SS","SeriesDescription":[],"SeriesNumber":14,"ShimSetting":[330,-11565,-6422,415,16,-179,-70,9],"SliceThickness":3,"SliceTiming":[0.5075,0.435,0.3625,0.29,0.2175,0.145,0.0725,0,0.5075,0.435,0.3625,0.29,0.2175,0.145,0.0725,0,0.5075,0.435,0.3625,0.29,0.2175,0.145,0.0725,0,0.5075,0.435,0.3625,0.29,0.2175,0.145,0.0725,0,0.5075,0.435,0.3625,0.29,0.2175,0.145,0.0725,0,0.5075,0.435,0.3625,0.29,0.2175,0.145,0.0725,0],"SoftwareVersions":"syngo_MR_E11","SpacingBetweenSlices":3,"StationName":"MRC35056","TaskName":"rest","TotalReadoutTime":0.0426603,"TxRefAmp":236.305,"WipMemBlock":"26574a1e-754d-4989-ac75-25ef3b2b0bf1||Sequence: R016 ve11c/master r/34fb20f; Nov 20 2017 15:15:15 by eja","acq_id":"AP","dataset":"MICs","modality":"bold","session_id":"01","subject_id":"sub-HC036","task_id":"rest"},"dummy_trs":0,"dvars_nstd":34.15541085947067,"dvars_std":1.2153409329613745,"dvars_vstd":0.98194637263233286,"efc":0.4240651839090821,"fber":7198.37353515625,"fd_mean":0.1742537156472963,"fd_num":265,"fd_perc":37.857142857142854,"fwhm_avg":2.2684388888888889,"fwhm_x":2.1493266666666666,"fwhm_y":2.3522833333333333,"fwhm_z":2.3037066666666668,"gcor":0.0229549,"gsr_x":-0.023108137771487236,"gsr_y":0.011253266595304012,"provenance":{"md5sum":"b312b668883a7fec3bc85fc89d337717","settings":{"fd_thres":0.2,"hmc_fsl":false,"testing":false},"software":"mriqc","version":"0.15.2","webapi_port":[],"webapi_url":"https://mriqc.nimh.nih.gov/api/v1"},"size_t":700,"size_x":80,"size_y":80,"size_z":48,"snr":3.9636204963032875,"spacing_tr":0.60000002384185791,"spacing_x":3,"spacing_y":3,"spacing_z":3,"summary_bg_k":64.570779675631158,"summary_bg_mad":47.625417778103,"summary_bg_mean":224.31318664550781,"summary_bg_median":72.912857055664062,"summary_bg_n":215414,"summary_bg_p05":30.582857131958008,"summary_bg_p95":966.69584960937414,"summary_bg_stdv":522.237060546875,"summary_fg_k":3.1033990120866184,"summary_fg_mad":1288.2930088038986,"summary_fg_mean":6531.98388671875,"summary_fg_median":6458.37158203125,"summary_fg_n":44877,"summary_fg_p05":4172.76328125,"summary_fg_p95":9072.6511718749989,"summary_fg_stdv":1629.39404296875,"tsnr":48.007116999942809}