{"aor":0.043146666666666667,"aqi":0.00703882,"bids_meta":{"AcquisitionMatrixPE":80,"AcquisitionNumber":1,"AcquisitionTime":[],"BandwidthPerPixelPhaseEncode":23.148,"BaseResolution":80,"BodyPartExamined":"BRAIN","ConsistencyInfo":"N4_VE11C_LATEST_20160120","ConversionSoftware":"dcm2niix","ConversionSoftwareVersion":"v1.0.20200427","DerivedVendorReportedEchoSpacing":0.000540003,"DeviceSerialNumber":"167017","DwellTime":3E-6,"EchoTime":0.048,"EchoTrainLength":80,"EffectiveEchoSpacing":0.000540003,"FlipAngle":90,"ImageComments":"Unaliased_MB6_PE3_LB","ImageOrientationPatientDICOM":[1,0,0,0,0.731354,-0.681998],"ImageType":["ORIGINAL","PRIMARY","M","ND","NORM","MOSAIC"],"ImagingFrequency":123.25,"InPlanePhaseEncodingDirectionDICOM":"COL","InstitutionAddress":[],"InstitutionName":[],"InstitutionalDepartmentName":[],"Instructions":"eyes closed","MRAcquisitionType":"2D","MagneticFieldStrength":3,"Manufacturer":"Siemens","ManufacturersModelName":"Prisma_fit","Modality":"MR","PartialFourier":1,"PatientPosition":"HFS","PercentPhaseFOV":100,"PercentSampling":100,"PhaseEncodingDirection":"j","PhaseEncodingSteps":80,"PhaseResolution":1,"PixelBandwidth":2085,"ProcedureStepDescription":[],"ProtocolName":[],"PulseSequenceDetails":[],"ReceiveCoilActiveElements":"HC1-7","ReceiveCoilName":"HeadNeck_64","ReconMatrixPE":80,"RepetitionTime":4.029,"SAR":0.174047,"ScanOptions":"FS","ScanningSequence":"EP","SequenceName":"epse2d1_80","SequenceVariant":"SK","SeriesDescription":[],"SeriesNumber":16,"ShimSetting":[330,-11565,-6422,415,16,-179,-70,9],"SliceThickness":3,"SliceTiming":[3.925,3.8425,3.76,3.675,3.5925,3.5075,3.425,3.3425,3.2575,3.175,3.09,3.0075,2.925,2.84,2.7575,2.6725,2.59,2.505,2.4225,2.34,2.255,2.1725,2.0875,2.005,1.9225,1.8375,1.755,1.67,1.5875,1.505,1.42,1.3375,1.2525,1.17,1.0875,1.0025,0.92,0.835,0.7525,0.67,0.585,0.5025,0.4175,0.335,0.25,0.1675,0.085,0],"SoftwareVersions":"syngo_MR_E11","SpacingBetweenSlices":3,"StationName":"MRC35056","TaskName":"rest","TotalReadoutTime":0.0426603,"TxRefAmp":236.305,"WipMemBlock":"7b8bb45d-c08d-4c9c-b9d2-674fa9d74bba||Sequence: R016 ve11c/master r/34fb20f; Nov 20 2017 15:30:40 by eja","acq_id":"PAse","dataset":"MICs","modality":"bold","session_id":"01","subject_id":"sub-HC036","task_id":"rest"},"dummy_trs":0,"dvars_nstd":81.943562318,"dvars_std":2.7627301699999998,"dvars_vstd":4.523834704,"efc":0.48133201983143242,"fber":699.06597900390625,"fd_mean":0.088814392087957855,"fd_num":0,"fd_perc":0,"fwhm_avg":1.8351555555555557,"fwhm_x":1.9195666666666666,"fwhm_y":1.65045,"fwhm_z":1.9354500000000001,"gcor":0.00200645,"gsr_x":-0.04333169013261795,"gsr_y":0.0053026378154754639,"provenance":{"md5sum":"cb56f0d590175c2f5f33a6780d36e3a6","settings":{"fd_thres":0.2,"hmc_fsl":false,"testing":false},"software":"mriqc","version":"0.15.2","webapi_port":[],"webapi_url":"https://mriqc.nimh.nih.gov/api/v1"},"size_t":6,"size_x":80,"size_y":80,"size_z":48,"snr":2.160037571265764,"spacing_tr":4.0289998054504395,"spacing_x":3,"spacing_y":3,"spacing_z":3,"summary_bg_k":304.86754115912828,"summary_bg_mad":122.39684872583344,"summary_bg_mean":649.67974853515625,"summary_bg_median":288.44403076171875,"summary_bg_n":207399,"summary_bg_p05":150.22485351562503,"summary_bg_p95":2796.915161132808,"summary_bg_stdv":1313.8338623046875,"summary_fg_k":18.263521763706471,"summary_fg_mad":2500.1827763279725,"summary_fg_mean":8863.513671875,"summary_fg_median":8168.62109375,"summary_fg_n":51124,"summary_fg_p05":4647.6688232421875,"summary_fg_p95":15372.02939453125,"summary_fg_stdv":3781.666259765625,"tsnr":58.532180786132812}