{"aor":0.055875,"aqi":0.0039983666666666669,"bids_meta":{"AcquisitionMatrixPE":80,"AcquisitionNumber":1,"AcquisitionTime":[],"BandwidthPerPixelPhaseEncode":23.148,"BaseResolution":80,"BodyPartExamined":"BRAIN","ConsistencyInfo":"N4_VE11C_LATEST_20160120","ConversionSoftware":"dcm2niix","ConversionSoftwareVersion":"v1.0.20200427","DerivedVendorReportedEchoSpacing":0.000540003,"DeviceSerialNumber":"167017","DwellTime":3E-6,"EchoTime":0.048,"EchoTrainLength":80,"EffectiveEchoSpacing":0.000540003,"FlipAngle":90,"ImageComments":"Unaliased_MB6_PE3_LB","ImageOrientationPatientDICOM":[1,0,0,0,0.731354,-0.681998],"ImageType":["ORIGINAL","PRIMARY","M","ND","NORM","MOSAIC"],"ImagingFrequency":123.25,"InPlanePhaseEncodingDirectionDICOM":"COL","InstitutionAddress":[],"InstitutionName":[],"InstitutionalDepartmentName":[],"Instructions":"eyes closed","MRAcquisitionType":"2D","MagneticFieldStrength":3,"Manufacturer":"Siemens","ManufacturersModelName":"Prisma_fit","Modality":"MR","PartialFourier":1,"PatientPosition":"HFS","PercentPhaseFOV":100,"PercentSampling":100,"PhaseEncodingDirection":"j-","PhaseEncodingSteps":80,"PhaseResolution":1,"PixelBandwidth":2085,"ProcedureStepDescription":[],"ProtocolName":[],"PulseSequenceDetails":[],"ReceiveCoilActiveElements":"HC1-7","ReceiveCoilName":"HeadNeck_64","ReconMatrixPE":80,"RepetitionTime":4.029,"SAR":0.174047,"ScanOptions":"FS","ScanningSequence":"EP","SequenceName":"epse2d1_80","SequenceVariant":"SK","SeriesDescription":[],"SeriesNumber":15,"ShimSetting":[330,-11565,-6422,415,16,-179,-70,9],"SliceThickness":3,"SliceTiming":[3.925,3.8425,3.7575,3.675,3.5925,3.5075,3.425,3.34,3.2575,3.1725,3.09,3.0075,2.9225,2.84,2.755,2.6725,2.59,2.505,2.4225,2.3375,2.255,2.1725,2.0875,2.005,1.92,1.8375,1.755,1.67,1.5875,1.5025,1.42,1.3375,1.2525,1.17,1.085,1.0025,0.9175,0.835,0.7525,0.6675,0.585,0.5,0.4175,0.335,0.25,0.1675,0.0825,0],"SoftwareVersions":"syngo_MR_E11","SpacingBetweenSlices":3,"StationName":"MRC35056","TaskName":"rest","TotalReadoutTime":0.0426603,"TxRefAmp":236.305,"WipMemBlock":"79bae21d-9d2a-4374-9328-40251b52fd8b||Sequence: R016 ve11c/master r/34fb20f; Nov 20 2017 15:30:40 by eja","acq_id":"APse","dataset":"MICs","modality":"bold","session_id":"01","subject_id":"sub-HC036","task_id":"rest"},"dummy_trs":0,"dvars_nstd":43.013928985999996,"dvars_std":2.22127731,"dvars_vstd":4.2865248199999995,"efc":0.47199985341462192,"fber":799.0682373046875,"fd_mean":0.078198404331974863,"fd_num":0,"fd_perc":0,"fwhm_avg":1.8051033333333333,"fwhm_x":1.8913733333333334,"fwhm_y":1.6476166666666667,"fwhm_z":1.87632,"gcor":0.00459282,"gsr_x":-0.0356905497610569,"gsr_y":-0.0015614225994795561,"provenance":{"md5sum":"12dc62d9733e11e178fe51bffed5ed4e","settings":{"fd_thres":0.2,"hmc_fsl":false,"testing":false},"software":"mriqc","version":"0.15.2","webapi_port":[],"webapi_url":"https://mriqc.nimh.nih.gov/api/v1"},"size_t":6,"size_x":80,"size_y":80,"size_z":48,"snr":2.2750579143218124,"spacing_tr":4.0289998054504395,"spacing_x":3,"spacing_y":3,"spacing_z":3,"summary_bg_k":106.82103069094623,"summary_bg_mad":138.47205196102132,"summary_bg_mean":662.70928955078125,"summary_bg_median":295.42959594726562,"summary_bg_n":211807,"summary_bg_p05":150.77329406738281,"summary_bg_p95":2848.8563720702987,"summary_bg_stdv":1280.1463623046875,"summary_fg_k":18.6366250957974,"summary_fg_mad":2391.0681757486386,"summary_fg_mean":9663.904296875,"summary_fg_median":8875.576171875,"summary_fg_n":47937,"summary_fg_p05":5538.6751953125,"summary_fg_p95":16331.253906249996,"summary_fg_stdv":3901.212158203125,"tsnr":63.423133850097656}