{"bids_meta":{"AcquisitionMatrixPE":320,"AcquisitionNumber":1,"AcquisitionTime":[],"BaseResolution":320,"BodyPartExamined":"BRAIN","ConsistencyInfo":"N4_VE11C_LATEST_20160120","ConversionSoftware":"dcm2niix","ConversionSoftwareVersion":"v1.0.20200427","DeviceSerialNumber":"167017","DwellTime":6.6E-6,"EchoTime":0.00314,"FlipAngle":9,"ImageOrientationPatientDICOM":[-0.0900088,0.994584,0.0519753,-0.0261963,0.0498048,-0.998415],"ImageType":["ORIGINAL","PRIMARY","M","ND","NORM","FM","FIL"],"ImagingFrequency":123.25,"InPlanePhaseEncodingDirectionDICOM":"ROW","InstitutionAddress":[],"InstitutionName":[],"InstitutionalDepartmentName":[],"InversionTime":0.9,"MRAcquisitionType":"3D","MagneticFieldStrength":3,"Manufacturer":"Siemens","ManufacturersModelName":"Prisma_fit","Modality":"MR","ParallelReductionFactorInPlane":2,"PartialFourier":1,"PatientPosition":"HFS","PercentPhaseFOV":100,"PercentSampling":100,"PhaseEncodingSteps":319,"PhaseResolution":1,"PixelBandwidth":235,"ProcedureStepDescription":[],"ProtocolName":[],"PulseSequenceDetails":[],"ReceiveCoilActiveElements":"HC1-7","ReceiveCoilName":"HeadNeck_64","ReconMatrixPE":320,"RefLinesPE":32,"RepetitionTime":2.3,"SAR":0.0496285,"ScanOptions":"IR","ScanningSequence":"GR_IR","SequenceName":"_tfl3d1_16ns","SequenceVariant":"SK_SP_MP","SeriesDescription":[],"SeriesNumber":7,"ShimSetting":[342,-11586,-6477,456,48,-351,-114,29],"SliceThickness":0.8,"SoftwareVersions":"syngo_MR_E11","StationName":"MRC35056","TxRefAmp":222.82,"dataset":"MICs","modality":"T1w","run_id":2,"session_id":"01","subject_id":"sub-HC009"},"cjv":0.8632213731589089,"cnr":1.5062204805417057,"efc":0.69050905231358362,"fber":29.376428604125977,"fwhm_avg":3.3336291169917218,"fwhm_x":3.3684749498058122,"fwhm_y":3.3692499497942632,"fwhm_z":3.26316245137509,"icvs_csf":0.21955401850667372,"icvs_gm":0.43837411084649441,"icvs_wm":0.34207187064683187,"inu_med":1.3968517780303955,"inu_range":0.67481679916381831,"provenance":{"md5sum":"5e8d54c8b5dbde83e90ca616d1888941","settings":{"testing":false},"software":"mriqc","version":"0.15.2","warnings":{"large_rot_frame":false,"small_air_mask":false},"webapi_port":[],"webapi_url":"https://mriqc.nimh.nih.gov/api/v1"},"qi_1":0,"qi_2":0.0031419132157855076,"rpve_csf":22.510362673830596,"rpve_gm":11.659864555446326,"rpve_wm":16.355767635272052,"size_x":224,"size_y":320,"size_z":320,"snr_csf":1.6233511473632596,"snr_gm":7.6243894070181968,"snr_total":8.0353081994868027,"snr_wm":14.858184044078952,"snrd_csf":40.865646362938335,"snrd_gm":73.628377728657085,"snrd_total":68.462779611639746,"snrd_wm":90.8943147433238,"spacing_x":0.800000011920929,"spacing_y":0.800000011920929,"spacing_z":0.800000011920929,"summary_bg_k":2665.2751324513833,"summary_bg_mad":7.2078683172989937,"summary_bg_mean":148.37155151367188,"summary_bg_median":148.3658447265625,"summary_bg_n":8.962609E+6,"summary_bg_p05":136.51168823242188,"summary_bg_p95":160.82231140136719,"summary_bg_stdv":9.35523796081543,"summary_csf_k":16.425098483483207,"summary_csf_mad":98.799457177864426,"summary_csf_mean":511.37033081054688,"summary_csf_median":449.60745239257812,"summary_csf_n":185852,"summary_csf_p05":321.69741821289062,"summary_csf_p95":936.4181732177716,"summary_csf_stdv":276.9617919921875,"summary_gm_k":-0.10410223221267101,"summary_gm_mad":105.92692436777438,"summary_gm_mean":825.81292724609375,"summary_gm_median":810.06591796875,"summary_gm_n":146982,"summary_gm_p05":673.85087280273433,"summary_gm_p95":1018.7004272460937,"summary_gm_stdv":106.24629974365234,"summary_wm_k":4.2636948458984492,"summary_wm_mad":58.051785755489028,"summary_wm_mean":1005.7791137695312,"summary_wm_median":1000.0272827148438,"summary_wm_n":473813,"summary_wm_p05":909.03927001953127,"summary_wm_p95":1119.283203125,"summary_wm_stdv":67.304740905761719,"tpm_overlap_csf":0.091142073273658752,"tpm_overlap_gm":0.35382923483848572,"tpm_overlap_wm":0.45142367482185364,"wm2max":0.35131145136537067}