{"bids_meta":{"AcquisitionMatrixPE":320,"AcquisitionNumber":1,"AcquisitionTime":[],"BaseResolution":320,"BodyPartExamined":"BRAIN","ConsistencyInfo":"N4_VE11C_LATEST_20160120","ConversionSoftware":"dcm2niix","ConversionSoftwareVersion":"v1.0.20200427","DeviceSerialNumber":"167017","DwellTime":6.6E-6,"EchoTime":0.00314,"FlipAngle":9,"ImageOrientationPatientDICOM":[-0.0900088,0.994584,0.0519753,-0.0261963,0.0498048,-0.998415],"ImageType":["ORIGINAL","PRIMARY","M","ND","NORM","FM","FIL"],"ImagingFrequency":123.25,"InPlanePhaseEncodingDirectionDICOM":"ROW","InstitutionAddress":[],"InstitutionName":[],"InstitutionalDepartmentName":[],"InversionTime":0.9,"MRAcquisitionType":"3D","MagneticFieldStrength":3,"Manufacturer":"Siemens","ManufacturersModelName":"Prisma_fit","Modality":"MR","ParallelReductionFactorInPlane":2,"PartialFourier":1,"PatientPosition":"HFS","PercentPhaseFOV":100,"PercentSampling":100,"PhaseEncodingSteps":319,"PhaseResolution":1,"PixelBandwidth":235,"ProcedureStepDescription":[],"ProtocolName":[],"PulseSequenceDetails":[],"ReceiveCoilActiveElements":"HC1-7","ReceiveCoilName":"HeadNeck_64","ReconMatrixPE":320,"RefLinesPE":32,"RepetitionTime":2.3,"SAR":0.0496285,"ScanOptions":"IR","ScanningSequence":"GR_IR","SequenceName":"_tfl3d1_16ns","SequenceVariant":"SK_SP_MP","SeriesDescription":[],"SeriesNumber":20,"ShimSetting":[342,-11586,-6477,456,48,-351,-114,29],"SliceThickness":0.8,"SoftwareVersions":"syngo_MR_E11","StationName":"MRC35056","TxRefAmp":222.82,"dataset":"MICs","modality":"T1w","run_id":1,"session_id":"01","subject_id":"sub-HC009"},"cjv":0.90855676929097451,"cnr":1.452866657911126,"efc":0.69564194033850757,"fber":27.918588638305664,"fwhm_avg":3.3882499495111413,"fwhm_x":3.4346249488201,"fwhm_y":3.4118124491600326,"fwhm_z":3.3183124505532917,"icvs_csf":0.22364369269517681,"icvs_gm":0.43769867007861074,"icvs_wm":0.33865763722621245,"inu_med":1.3938570022583008,"inu_range":0.7014742136001586,"provenance":{"md5sum":"dc4406630d430341de1abe599cea1ebb","settings":{"testing":false},"software":"mriqc","version":"0.15.2","warnings":{"large_rot_frame":false,"small_air_mask":false},"webapi_port":[],"webapi_url":"https://mriqc.nimh.nih.gov/api/v1"},"qi_1":0,"qi_2":0.0031941836809761519,"rpve_csf":21.8145302271078,"rpve_gm":11.520523371300632,"rpve_wm":16.307331669822752,"size_x":224,"size_y":320,"size_z":320,"snr_csf":1.7400897176647045,"snr_gm":7.5401151007915761,"snr_total":7.8506866175595249,"snr_wm":14.271855034222291,"snrd_csf":40.048255357183741,"snrd_gm":71.979210184201875,"snrd_total":66.863654176621381,"snrd_wm":88.563496988478562,"spacing_x":0.800000011920929,"spacing_y":0.800000011920929,"spacing_z":0.800000011920929,"summary_bg_k":2615.4461515015969,"summary_bg_mad":7.3976050239427691,"summary_bg_mean":151.75114440917969,"summary_bg_median":151.73475646972656,"summary_bg_n":8.981167E+6,"summary_bg_p05":139.56400451660159,"summary_bg_p95":164.51165313720702,"summary_bg_stdv":9.1935195922851562,"summary_csf_k":19.273886097295495,"summary_csf_mad":101.09226929403786,"summary_csf_mean":504.12432861328125,"summary_csf_median":452.21298217773438,"summary_csf_n":193896,"summary_csf_p05":318.48842620849609,"summary_csf_p95":799.95973205566406,"summary_csf_stdv":259.87844848632812,"summary_gm_k":-0.16527462430817286,"summary_gm_mad":110.02358124857737,"summary_gm_mean":826.57366943359375,"summary_gm_median":812.767822265625,"summary_gm_n":141410,"summary_gm_p05":670.39239807128911,"summary_gm_p95":1018.5350646972655,"summary_gm_stdv":107.7921142578125,"summary_wm_k":4.0681431614881127,"summary_wm_mad":60.117149099920908,"summary_wm_mean":1006.779296875,"summary_wm_median":1000.0326538085938,"summary_wm_n":474500,"summary_wm_p05":907.25198364257812,"summary_wm_p95":1126.3437927246093,"summary_wm_stdv":70.0701904296875,"tpm_overlap_csf":0.089286968111991882,"tpm_overlap_gm":0.34563416242599487,"tpm_overlap_wm":0.4490286111831665,"wm2max":0.35304145354820565}