{"aor":0.043573333333333332,"aqi":0.005473405,"bids_meta":{"AcquisitionMatrixPE":80,"AcquisitionNumber":1,"AcquisitionTime":[],"BandwidthPerPixelPhaseEncode":23.148,"BaseResolution":80,"BodyPartExamined":"BRAIN","ConsistencyInfo":"N4_VE11C_LATEST_20160120","ConversionSoftware":"dcm2niix","ConversionSoftwareVersion":"v1.0.20200427","DerivedVendorReportedEchoSpacing":0.000540003,"DeviceSerialNumber":"167017","DwellTime":3E-6,"EchoTime":0.048,"EchoTrainLength":80,"EffectiveEchoSpacing":0.000540003,"FlipAngle":90,"ImageComments":"Unaliased_MB6_PE3_LB","ImageOrientationPatientDICOM":[1,0,0,0,0.77384,-0.633381],"ImageType":["ORIGINAL","PRIMARY","M","ND","NORM","MOSAIC"],"ImagingFrequency":123.25,"InPlanePhaseEncodingDirectionDICOM":"COL","InstitutionAddress":[],"InstitutionName":[],"InstitutionalDepartmentName":[],"Instructions":"eyes closed","MRAcquisitionType":"2D","MagneticFieldStrength":3,"Manufacturer":"Siemens","ManufacturersModelName":"Prisma_fit","Modality":"MR","PartialFourier":1,"PatientPosition":"HFS","PercentPhaseFOV":100,"PercentSampling":100,"PhaseEncodingDirection":"j","PhaseEncodingSteps":80,"PhaseResolution":1,"PixelBandwidth":2085,"ProcedureStepDescription":[],"ProtocolName":[],"PulseSequenceDetails":[],"ReceiveCoilActiveElements":"HC1-7","ReceiveCoilName":"HeadNeck_64","ReconMatrixPE":80,"RepetitionTime":4.029,"SAR":0.187218,"ScanOptions":"FS","ScanningSequence":"EP","SequenceName":"epse2d1_80","SequenceVariant":"SK","SeriesDescription":[],"SeriesNumber":22,"ShimSetting":[339,-11563,-6446,486,47,40,-125,44],"SliceThickness":3,"SliceTiming":[3.925,3.84,3.7575,3.675,3.59,3.5075,3.4225,3.34,3.2575,3.1725,3.09,3.005,2.9225,2.84,2.755,2.6725,2.5875,2.505,2.4225,2.3375,2.255,2.17,2.0875,2.005,1.92,1.8375,1.7525,1.67,1.585,1.5025,1.42,1.335,1.2525,1.1675,1.085,1.0025,0.9175,0.835,0.75,0.6675,0.585,0.5,0.4175,0.3325,0.25,0.1675,0.0825,0],"SoftwareVersions":"syngo_MR_E11","SpacingBetweenSlices":3,"StationName":"MRC35056","TaskName":"rest","TotalReadoutTime":0.0426603,"TxRefAmp":232.187,"WipMemBlock":"b6733c4c-c567-4dac-8a47-af85a73f3b7f||Sequence: R016 ve11c/master r/34fb20f; Nov 20 2017 15:30:40 by eja","acq_id":"PAse","dataset":"MICs","modality":"bold","session_id":"01","subject_id":"sub-HC037","task_id":"rest"},"dummy_trs":0,"dvars_nstd":77.684838104,"dvars_std":3.107748988,"dvars_vstd":9.57217045,"efc":0.50265481719947569,"fber":972.433349609375,"fd_mean":0.050635465567582895,"fd_num":0,"fd_perc":0,"fwhm_avg":1.8236677777777777,"fwhm_x":1.9277233333333335,"fwhm_y":1.64936,"fwhm_z":1.8939199999999998,"gcor":0.004832,"gsr_x":-0.029501307755708694,"gsr_y":0.027714753523468971,"provenance":{"md5sum":"a4f33c6c9e2be8901d5b3a5b54d3afb0","settings":{"fd_thres":0.2,"hmc_fsl":false,"testing":false},"software":"mriqc","version":"0.15.2","webapi_port":[],"webapi_url":"https://mriqc.nimh.nih.gov/api/v1"},"size_t":6,"size_x":80,"size_y":80,"size_z":48,"snr":2.1316480539421914,"spacing_tr":4.0289998054504395,"spacing_x":3,"spacing_y":3,"spacing_z":3,"summary_bg_k":58.930197264913041,"summary_bg_mad":130.15900748284059,"summary_bg_mean":745.13116455078125,"summary_bg_median":293.16909790039062,"summary_bg_n":194804,"summary_bg_p05":159.0891143798828,"summary_bg_p95":3461.8634765624997,"summary_bg_stdv":1333.5882568359375,"summary_fg_k":11.457938272067954,"summary_fg_mad":3049.9983526140704,"summary_fg_mean":10594.98828125,"summary_fg_median":9762.0947265625,"summary_fg_n":61602,"summary_fg_p05":4553.0787597656254,"summary_fg_p95":18337.937597656251,"summary_fg_stdv":4579.5625,"tsnr":74.1564712524414}