{"aor":0.0022791366906474821,"aqi":0.011478782201438848,"bids_meta":{"AcquisitionMatrixPE":80,"AcquisitionNumber":1,"AcquisitionTime":[],"BandwidthPerPixelPhaseEncode":23.148,"BaseResolution":80,"BodyPartExamined":"BRAIN","ConsistencyInfo":"N4_VE11C_LATEST_20160120","ConversionSoftware":"dcm2niix","ConversionSoftwareVersion":"v1.0.20200427","DerivedVendorReportedEchoSpacing":0.000540003,"DeviceSerialNumber":"167017","DwellTime":2.6E-6,"EchoTime":0.03,"EchoTrainLength":80,"EffectiveEchoSpacing":0.000540003,"FlipAngle":50,"ImageComments":"Unaliased_MB6_PE3_LB","ImageOrientationPatientDICOM":[1,0,0,0,0.77384,-0.633381],"ImageType":["ORIGINAL","PRIMARY","M","MB","ND","NORM","MOSAIC"],"ImagingFrequency":123.25,"InPlanePhaseEncodingDirectionDICOM":"COL","InstitutionAddress":[],"InstitutionName":[],"InstitutionalDepartmentName":[],"Instructions":"eyes closed","MRAcquisitionType":"2D","MagneticFieldStrength":3,"Manufacturer":"Siemens","ManufacturersModelName":"Prisma_fit","Modality":"MR","MultibandAccelerationFactor":6,"PartialFourier":1,"PatientPosition":"HFS","PercentPhaseFOV":100,"PercentSampling":100,"PhaseEncodingDirection":"j-","PhaseEncodingSteps":80,"PhaseResolution":1,"PixelBandwidth":2405,"ProcedureStepDescription":[],"ProtocolName":[],"PulseSequenceDetails":[],"ReceiveCoilActiveElements":"HC1-7","ReceiveCoilName":"HeadNeck_64","ReconMatrixPE":80,"RepetitionTime":0.6,"SAR":0.0566788,"ScanOptions":"FS","ScanningSequence":"EP","SequenceName":"epfid2d1_80","SequenceVariant":"SK_SS","SeriesDescription":[],"SeriesNumber":20,"ShimSetting":[339,-11563,-6446,486,47,40,-125,44],"SliceThickness":3,"SliceTiming":[0.5075,0.435,0.3625,0.29,0.2175,0.145,0.0725,0,0.5075,0.435,0.3625,0.29,0.2175,0.145,0.0725,0,0.5075,0.435,0.3625,0.29,0.2175,0.145,0.0725,0,0.5075,0.435,0.3625,0.29,0.2175,0.145,0.0725,0,0.5075,0.435,0.3625,0.29,0.2175,0.145,0.0725,0,0.5075,0.435,0.3625,0.29,0.2175,0.145,0.0725,0],"SoftwareVersions":"syngo_MR_E11","SpacingBetweenSlices":3,"StationName":"MRC35056","TaskName":"rest","TotalReadoutTime":0.0426603,"TxRefAmp":232.187,"WipMemBlock":"822b9b28-3d3a-420d-b5d4-b3e82ce2fd16||Sequence: R016 ve11c/master r/34fb20f; Nov 20 2017 15:15:15 by eja","acq_id":"AP","dataset":"MICs","modality":"bold","session_id":"01","subject_id":"sub-HC037","task_id":"rest"},"dummy_trs":5,"dvars_nstd":33.44410418361668,"dvars_std":1.2067242224495682,"dvars_vstd":0.97009822043227589,"efc":0.46208281643349031,"fber":7744.5361328125,"fd_mean":0.10220946309064434,"fd_num":40,"fd_perc":5.7553956834532372,"fwhm_avg":2.2891422222222224,"fwhm_x":2.1573466666666667,"fwhm_y":2.43616,"fwhm_z":2.27392,"gcor":0.0207148,"gsr_x":-0.017893794924020767,"gsr_y":0.032693371176719666,"provenance":{"md5sum":"8be171041e5d35c770dd7c41cc255f55","settings":{"fd_thres":0.2,"hmc_fsl":false,"testing":false},"software":"mriqc","version":"0.15.2","webapi_port":[],"webapi_url":"https://mriqc.nimh.nih.gov/api/v1"},"size_t":695,"size_x":80,"size_y":80,"size_z":48,"snr":3.8622970585988141,"spacing_tr":0.60000002384185791,"spacing_x":3,"spacing_y":3,"spacing_z":3,"summary_bg_k":48.151275451690161,"summary_bg_mad":57.368178223930073,"summary_bg_mean":248.3887939453125,"summary_bg_median":80.318710327148438,"summary_bg_n":199108,"summary_bg_p05":32.75445919036865,"summary_bg_p95":1097.6512634277344,"summary_bg_stdv":511.06231689453125,"summary_fg_k":2.3524721140471474,"summary_fg_mad":1644.7712472038907,"summary_fg_mean":7498.70654296875,"summary_fg_median":7413.4736328125,"summary_fg_n":57818,"summary_fg_p05":4700.593359375,"summary_fg_p95":10513.393798828125,"summary_fg_stdv":1919.43017578125,"tsnr":42.11649976100307}