{"aor":0.045378333333333333,"aqi":0.0042582366666666675,"bids_meta":{"AcquisitionMatrixPE":80,"AcquisitionNumber":1,"AcquisitionTime":[],"BandwidthPerPixelPhaseEncode":23.148,"BaseResolution":80,"BodyPartExamined":"BRAIN","ConsistencyInfo":"N4_VE11C_LATEST_20160120","ConversionSoftware":"dcm2niix","ConversionSoftwareVersion":"v1.0.20200427","DerivedVendorReportedEchoSpacing":0.000540003,"DeviceSerialNumber":"167017","DwellTime":3E-6,"EchoTime":0.048,"EchoTrainLength":80,"EffectiveEchoSpacing":0.000540003,"FlipAngle":90,"ImageComments":"Unaliased_MB6_PE3_LB","ImageOrientationPatientDICOM":[1,0,0,0,0.77384,-0.633381],"ImageType":["ORIGINAL","PRIMARY","M","ND","NORM","MOSAIC"],"ImagingFrequency":123.25,"InPlanePhaseEncodingDirectionDICOM":"COL","InstitutionAddress":[],"InstitutionName":[],"InstitutionalDepartmentName":[],"Instructions":"eyes closed","MRAcquisitionType":"2D","MagneticFieldStrength":3,"Manufacturer":"Siemens","ManufacturersModelName":"Prisma_fit","Modality":"MR","PartialFourier":1,"PatientPosition":"HFS","PercentPhaseFOV":100,"PercentSampling":100,"PhaseEncodingDirection":"j-","PhaseEncodingSteps":80,"PhaseResolution":1,"PixelBandwidth":2085,"ProcedureStepDescription":[],"ProtocolName":[],"PulseSequenceDetails":[],"ReceiveCoilActiveElements":"HC1-7","ReceiveCoilName":"HeadNeck_64","ReconMatrixPE":80,"RepetitionTime":4.029,"SAR":0.187218,"ScanOptions":"FS","ScanningSequence":"EP","SequenceName":"epse2d1_80","SequenceVariant":"SK","SeriesDescription":[],"SeriesNumber":21,"ShimSetting":[339,-11563,-6446,486,47,40,-125,44],"SliceThickness":3,"SliceTiming":[3.925,3.8425,3.7575,3.675,3.5925,3.5075,3.425,3.34,3.2575,3.175,3.09,3.0075,2.9225,2.84,2.7575,2.6725,2.59,2.505,2.4225,2.34,2.255,2.1725,2.0875,2.005,1.9225,1.8375,1.755,1.67,1.5875,1.5025,1.42,1.3375,1.2525,1.17,1.085,1.0025,0.92,0.835,0.7525,0.6675,0.585,0.5025,0.4175,0.335,0.25,0.1675,0.085,0],"SoftwareVersions":"syngo_MR_E11","SpacingBetweenSlices":3,"StationName":"MRC35056","TaskName":"rest","TotalReadoutTime":0.0426603,"TxRefAmp":232.187,"WipMemBlock":"d6a64b4f-f640-48e5-a4cc-b59e46f1af16||Sequence: R016 ve11c/master r/34fb20f; Nov 20 2017 15:30:40 by eja","acq_id":"APse","dataset":"MICs","modality":"bold","session_id":"01","subject_id":"sub-HC037","task_id":"rest"},"dummy_trs":0,"dvars_nstd":48.462480164,"dvars_std":2.469047046,"dvars_vstd":3.8174037479999994,"efc":0.50069305876435344,"fber":1017.07080078125,"fd_mean":0.077436093461529021,"fd_num":0,"fd_perc":0,"fwhm_avg":1.7894222222222222,"fwhm_x":1.8708600000000002,"fwhm_y":1.6947633333333334,"fwhm_z":1.8026433333333334,"gcor":0.00444943,"gsr_x":-0.029344819486141205,"gsr_y":0.026711823418736458,"provenance":{"md5sum":"714978073522a48e0c406c48304b5d79","settings":{"fd_thres":0.2,"hmc_fsl":false,"testing":false},"software":"mriqc","version":"0.15.2","webapi_port":[],"webapi_url":"https://mriqc.nimh.nih.gov/api/v1"},"size_t":6,"size_x":80,"size_y":80,"size_z":48,"snr":2.2472037374756559,"spacing_tr":4.0289998054504395,"spacing_x":3,"spacing_y":3,"spacing_z":3,"summary_bg_k":35.956629286168649,"summary_bg_mad":135.7473496020273,"summary_bg_mean":757.73651123046875,"summary_bg_median":295.29763793945312,"summary_bg_n":195470,"summary_bg_p05":160.67229614257815,"summary_bg_p95":3399.5852172851546,"summary_bg_stdv":1470.3984375,"summary_fg_k":22.644504120265935,"summary_fg_mad":2931.8046232635511,"summary_fg_mean":10843.2373046875,"summary_fg_median":10011.041015625,"summary_fg_n":61092,"summary_fg_p05":6033.63759765625,"summary_fg_p95":18378.0703125,"summary_fg_stdv":4454.8515625,"tsnr":77.075103759765625}