{"Modality":"MR","MagneticFieldStrength":3,"ImagingFrequency":123.25,"Manufacturer":"Siemens","ManufacturersModelName":"Prisma_fit","InstitutionName":[],"InstitutionalDepartmentName":[],"InstitutionAddress":[],"DeviceSerialNumber":"167017","StationName":"MRC35056","BodyPartExamined":"BRAIN","PatientPosition":"HFS","ProcedureStepDescription":[],"SoftwareVersions":"syngo_MR_E11","MRAcquisitionType":"3D","SeriesDescription":[],"ProtocolName":[],"ScanningSequence":"GR_IR","SequenceVariant":"SK_SP_MP","ScanOptions":"IR_PFP","SequenceName":"_tfl3d1_16ns","ImageType":["ORIGINAL","PRIMARY","M","ND","NORM"],"SeriesNumber":28,"AcquisitionTime":[],"AcquisitionNumber":1,"SliceThickness":0.8,"SAR":0.0192769,"EchoTime":0.0029,"RepetitionTime":5,"InversionTime":0.94,"FlipAngle":4,"PartialFourier":0.75,"BaseResolution":320,"ShimSetting":[325,-11602,-6416,279,-22,-316,28,13],"TxRefAmp":242.589,"PhaseResolution":1,"ReceiveCoilName":"HeadNeck_64","ReceiveCoilActiveElements":"HC1-7","PulseSequenceDetails":[],"RefLinesPE":32,"ConsistencyInfo":"N4_VE11C_LATEST_20160120","PercentPhaseFOV":100,"PhaseEncodingSteps":240,"AcquisitionMatrixPE":320,"ReconMatrixPE":320,"ParallelReductionFactorInPlane":3,"PixelBandwidth":270,"DwellTime":5.8E-6,"ImageOrientationPatientDICOM":[-0.0196967,0.989517,0.143068,0.0307062,0.143627,-0.989155],"InPlanePhaseEncodingDirectionDICOM":"ROW","ConversionSoftware":"dcm2niix","ConversionSoftwareVersion":"v1.0.20190902"}