{"bids_meta":{"AcquisitionMatrixPE":320,"AcquisitionNumber":1,"AcquisitionTime":[],"BaseResolution":320,"BodyPartExamined":"BRAIN","ConsistencyInfo":"N4_VE11C_LATEST_20160120","ConversionSoftware":"dcm2niix","ConversionSoftwareVersion":"v1.0.20200427","DeviceSerialNumber":"167017","DwellTime":6.6E-6,"EchoTime":0.00314,"FlipAngle":9,"ImageOrientationPatientDICOM":[0.045875,0.997692,-0.0500627,0.0148361,-0.0507904,-0.998599],"ImageType":["ORIGINAL","PRIMARY","M","ND","NORM","FM","FIL"],"ImagingFrequency":123.25,"InPlanePhaseEncodingDirectionDICOM":"ROW","InstitutionAddress":[],"InstitutionName":[],"InstitutionalDepartmentName":[],"InversionTime":0.9,"MRAcquisitionType":"3D","MagneticFieldStrength":3,"Manufacturer":"Siemens","ManufacturersModelName":"Prisma_fit","Modality":"MR","ParallelReductionFactorInPlane":2,"PartialFourier":1,"PatientPosition":"HFS","PercentPhaseFOV":100,"PercentSampling":100,"PhaseEncodingSteps":319,"PhaseResolution":1,"PixelBandwidth":235,"ProcedureStepDescription":[],"ProtocolName":[],"PulseSequenceDetails":[],"ReceiveCoilActiveElements":"HC1-7","ReceiveCoilName":"HeadNeck_64","ReconMatrixPE":320,"RefLinesPE":32,"RepetitionTime":2.3,"SAR":0.0640237,"ScanOptions":"IR","ScanningSequence":"GR_IR","SequenceName":"_tfl3d1_16ns","SequenceVariant":"SK_SP_MP","SeriesDescription":[],"SeriesNumber":19,"ShimSetting":[315,-11623,-6418,230,-67,-386,74,15],"SliceThickness":0.8,"SoftwareVersions":"syngo_MR_E11","StationName":"MRC35056","TxRefAmp":277.888,"dataset":"MICs","modality":"T1w","run_id":1,"session_id":"01","subject_id":"sub-HC024"},"cjv":0.54650088513566442,"cnr":2.2607988373954848,"efc":0.691401653167571,"fber":39.080516815185547,"fwhm_avg":3.5043874477805574,"fwhm_x":3.5475999471366415,"fwhm_y":3.5352624473204841,"fwhm_z":3.4302999488845476,"icvs_csf":0.21534962446665315,"icvs_gm":0.42149569521227293,"icvs_wm":0.3631546803210739,"inu_med":1.365225076675415,"inu_range":0.62679300308227481,"provenance":{"md5sum":"94fa4f502184de4197d87c2d0ba51c85","settings":{"testing":false},"software":"mriqc","version":"0.15.2","warnings":{"large_rot_frame":false,"small_air_mask":false},"webapi_port":[],"webapi_url":"https://mriqc.nimh.nih.gov/api/v1"},"qi_1":0,"qi_2":0.0040298768375959682,"rpve_csf":20.637046724462706,"rpve_gm":10.937821943400479,"rpve_wm":14.385567817508077,"size_x":224,"size_y":320,"size_z":320,"snr_csf":1.7895801247923642,"snr_gm":8.8487277253248742,"snr_total":8.8152801993594565,"snr_wm":15.80753274796113,"snrd_csf":47.638991741720936,"snrd_gm":81.046966180112051,"snrd_total":78.534184124948069,"snrd_wm":106.91659445301121,"spacing_x":0.800000011920929,"spacing_y":0.800000011920929,"spacing_z":0.800000011920929,"summary_bg_k":3865.6146891832345,"summary_bg_mad":6.1277807468152563,"summary_bg_mean":124.94610595703125,"summary_bg_median":124.85546112060547,"summary_bg_n":7.587957E+6,"summary_bg_p05":114.85896301269531,"summary_bg_p95":135.73753662109374,"summary_bg_stdv":10.660638809204102,"summary_csf_k":20.48278645963849,"summary_csf_mad":111.80539148926857,"summary_csf_mean":493.94491577148438,"summary_csf_median":445.58859252929688,"summary_csf_n":139171,"summary_csf_p05":308.94898986816406,"summary_csf_p95":741.19650268554688,"summary_csf_stdv":248.98968505859375,"summary_gm_k":0.88276302996551781,"summary_gm_mad":75.543985337086781,"summary_gm_mean":769.94287109375,"summary_gm_median":758.06817626953125,"summary_gm_n":85382,"summary_gm_p05":648.85567321777341,"summary_gm_p95":931.25056152343745,"summary_gm_stdv":85.669235229492188,"summary_wm_k":1.3727961866211382,"summary_wm_mad":56.692884539955664,"summary_wm_mean":1004.66796875,"summary_wm_median":1000.0382690429688,"summary_wm_n":526167,"summary_wm_p05":909.82998046875,"summary_wm_p95":1116.2110839843749,"summary_wm_stdv":63.263339996337891,"tpm_overlap_csf":0.10191240906715393,"tpm_overlap_gm":0.35741397738456726,"tpm_overlap_wm":0.44682863354682922,"wm2max":0.36551370406398015}