{"bids_meta":{"AcquisitionMatrixPE":320,"AcquisitionNumber":1,"AcquisitionTime":[],"BaseResolution":320,"BodyPartExamined":"BRAIN","ConsistencyInfo":"N4_VE11C_LATEST_20160120","ConversionSoftware":"dcm2niix","ConversionSoftwareVersion":"v1.0.20200427","DeviceSerialNumber":"167017","DwellTime":6.6E-6,"EchoTime":0.00314,"FlipAngle":9,"ImageOrientationPatientDICOM":[-0.0132947,0.956698,0.29078,0.0218405,0.291014,-0.956469],"ImageType":["ORIGINAL","PRIMARY","M","ND","NORM","FM","FIL"],"ImagingFrequency":123.25,"InPlanePhaseEncodingDirectionDICOM":"ROW","InstitutionAddress":[],"InstitutionName":[],"InstitutionalDepartmentName":[],"InversionTime":0.9,"MRAcquisitionType":"3D","MagneticFieldStrength":3,"Manufacturer":"Siemens","ManufacturersModelName":"Prisma_fit","Modality":"MR","ParallelReductionFactorInPlane":2,"PartialFourier":1,"PatientPosition":"HFS","PercentPhaseFOV":100,"PercentSampling":100,"PhaseEncodingSteps":319,"PhaseResolution":1,"PixelBandwidth":235,"ProcedureStepDescription":[],"ProtocolName":[],"PulseSequenceDetails":[],"ReceiveCoilActiveElements":"HC1-7","ReceiveCoilName":"HeadNeck_64","ReconMatrixPE":320,"RefLinesPE":32,"RepetitionTime":2.3,"SAR":0.0443106,"ScanOptions":"IR","ScanningSequence":"GR_IR","SequenceName":"_tfl3d1_16ns","SequenceVariant":"SK_SP_MP","SeriesDescription":[],"SeriesNumber":7,"ShimSetting":[323,-11630,-6434,468,-24,-320,-39,32],"SliceThickness":0.8,"SoftwareVersions":"syngo_MR_E11","StationName":"MRC35056","TxRefAmp":214.677,"dataset":"MICs","modality":"T1w","run_id":2,"session_id":"01","subject_id":"sub-HC048"},"cjv":0.55305459292414261,"cnr":2.1319261278867061,"efc":0.65020741152332773,"fber":35.919120788574219,"fwhm_avg":3.276937451169827,"fwhm_x":3.2941374509135271,"fwhm_y":3.4013374493161224,"fwhm_z":3.1353374532798313,"icvs_csf":0.22244684115510172,"icvs_gm":0.41240578110570003,"icvs_wm":0.36514737773919825,"inu_med":1.4689743518829346,"inu_range":0.56312081217765808,"provenance":{"md5sum":"5d7e2f05d44e567f363e83b7e1186398","settings":{"testing":false},"software":"mriqc","version":"0.15.2","warnings":{"large_rot_frame":false,"small_air_mask":false},"webapi_port":[],"webapi_url":"https://mriqc.nimh.nih.gov/api/v1"},"qi_1":0,"qi_2":0.0031063781375658011,"rpve_csf":22.657661178450073,"rpve_gm":12.359900218408873,"rpve_wm":15.838040377510023,"size_x":224,"size_y":320,"size_z":320,"snr_csf":1.3764487977206796,"snr_gm":9.2940606998560646,"snr_total":8.363972674576857,"snr_wm":14.421408526153828,"snrd_csf":41.169968956594261,"snrd_gm":78.210690749851736,"snrd_total":73.685627439519408,"snrd_wm":101.67622261211226,"spacing_x":0.800000011920929,"spacing_y":0.800000011920929,"spacing_z":0.800000011920929,"summary_bg_k":54.49275584923523,"summary_bg_mad":6.4435372846691372,"summary_bg_mean":125.17061614990234,"summary_bg_median":125.06610107421875,"summary_bg_n":7.911105E+6,"summary_bg_p05":114.38970642089843,"summary_bg_p95":136.79555358886716,"summary_bg_stdv":7.7880716323852539,"summary_csf_k":11.177555243196718,"summary_csf_mad":87.739709750823081,"summary_csf_mean":483.33306884765625,"summary_csf_median":404.92367553710938,"summary_csf_n":143947,"summary_csf_p05":290.4842468261719,"summary_csf_p95":1261.9250122070305,"summary_csf_stdv":294.178955078125,"summary_gm_k":0.29515876286012954,"summary_gm_mad":79.168551411374665,"summary_gm_mean":778.77880859375,"summary_gm_median":769.2344970703125,"summary_gm_n":83252,"summary_gm_p05":658.43706665039065,"summary_gm_p95":928.380615234375,"summary_gm_stdv":82.7657470703125,"summary_wm_k":11.919639149333523,"summary_wm_mad":48.47269499350493,"summary_wm_mean":1009.461669921875,"summary_wm_median":1000.0277099609375,"summary_wm_n":461101,"summary_wm_p05":926.1533203125,"summary_wm_p95":1116.36279296875,"summary_wm_stdv":69.34320068359375,"tpm_overlap_csf":0.11296144872903824,"tpm_overlap_gm":0.33019536733627319,"tpm_overlap_wm":0.43246546387672424,"wm2max":0.31397476132727364}