{"bids_meta":{"AcquisitionMatrixPE":320,"AcquisitionNumber":1,"AcquisitionTime":[],"BaseResolution":320,"BodyPartExamined":"BRAIN","ConsistencyInfo":"N4_VE11C_LATEST_20160120","ConversionSoftware":"dcm2niix","ConversionSoftwareVersion":"v1.0.20200427","DeviceSerialNumber":"167017","DwellTime":6.6E-6,"EchoTime":0.00314,"FlipAngle":9,"ImageOrientationPatientDICOM":[-0.0132947,0.956698,0.29078,0.0218405,0.291014,-0.956469],"ImageType":["ORIGINAL","PRIMARY","M","ND","NORM","FM","FIL"],"ImagingFrequency":123.25,"InPlanePhaseEncodingDirectionDICOM":"ROW","InstitutionAddress":[],"InstitutionName":[],"InstitutionalDepartmentName":[],"InversionTime":0.9,"MRAcquisitionType":"3D","MagneticFieldStrength":3,"Manufacturer":"Siemens","ManufacturersModelName":"Prisma_fit","Modality":"MR","ParallelReductionFactorInPlane":2,"PartialFourier":1,"PatientPosition":"HFS","PercentPhaseFOV":100,"PercentSampling":100,"PhaseEncodingSteps":319,"PhaseResolution":1,"PixelBandwidth":235,"ProcedureStepDescription":[],"ProtocolName":[],"PulseSequenceDetails":[],"ReceiveCoilActiveElements":"HC1-7","ReceiveCoilName":"HeadNeck_64","ReconMatrixPE":320,"RefLinesPE":32,"RepetitionTime":2.3,"SAR":0.0443106,"ScanOptions":"IR","ScanningSequence":"GR_IR","SequenceName":"_tfl3d1_16ns","SequenceVariant":"SK_SP_MP","SeriesDescription":[],"SeriesNumber":19,"ShimSetting":[323,-11630,-6434,468,-24,-320,-39,32],"SliceThickness":0.8,"SoftwareVersions":"syngo_MR_E11","StationName":"MRC35056","TxRefAmp":214.677,"dataset":"MICs","modality":"T1w","run_id":1,"session_id":"01","subject_id":"sub-HC048"},"cjv":0.6035982788497215,"cnr":2.0046837617224567,"efc":0.65763263020809815,"fber":33.319705963134766,"fwhm_avg":3.3813999496132143,"fwhm_x":3.3854499495528643,"fwhm_y":3.5486124471215539,"fwhm_z":3.2101374521652244,"icvs_csf":0.22141536652978253,"icvs_gm":0.41301363910533523,"icvs_wm":0.36557099436488227,"inu_med":1.4882392883300781,"inu_range":0.58584123849868774,"provenance":{"md5sum":"56784fa779d9e219ca95c8cffc8fec83","settings":{"testing":false},"software":"mriqc","version":"0.15.2","warnings":{"large_rot_frame":false,"small_air_mask":false},"webapi_port":[],"webapi_url":"https://mriqc.nimh.nih.gov/api/v1"},"qi_1":0,"qi_2":0.0031453032748863692,"rpve_csf":22.5783266035114,"rpve_gm":12.28472484861131,"rpve_wm":15.763908987942877,"size_x":224,"size_y":320,"size_z":320,"snr_csf":1.5713389894770298,"snr_gm":9.02413740537099,"snr_total":7.9928241713094552,"snr_wm":13.382996119080346,"snrd_csf":40.467537425035012,"snrd_gm":76.064459994414136,"snrd_total":71.696903596547145,"snrd_wm":98.55871337019228,"spacing_x":0.800000011920929,"spacing_y":0.800000011920929,"spacing_z":0.800000011920929,"summary_bg_k":187.6813850875123,"summary_bg_mad":6.6473226970272075,"summary_bg_mean":129.61468505859375,"summary_bg_median":129.49264526367188,"summary_bg_n":7.906119E+6,"summary_bg_p05":118.49936676025391,"summary_bg_p95":141.56460723876953,"summary_bg_stdv":8.02081298828125,"summary_csf_k":16.167269658033003,"summary_csf_mad":87.503076156988115,"summary_csf_mean":468.56396484375,"summary_csf_median":410.60272216796875,"summary_csf_n":140859,"summary_csf_p05":292.15471801757815,"summary_csf_p95":792.7454589843752,"summary_csf_stdv":261.30661010742188,"summary_gm_k":0.057351624511651877,"summary_gm_mad":84.524343336696475,"summary_gm_mean":779.36444091796875,"summary_gm_median":771.785888671875,"summary_gm_n":84282,"summary_gm_p05":651.4887634277344,"summary_gm_p95":931.57234191894531,"summary_gm_stdv":85.52410888671875,"summary_wm_k":11.040482365635533,"summary_wm_mad":53.239300941977987,"summary_wm_mean":1011.3132934570312,"summary_wm_median":1000.023193359375,"summary_wm_n":459786,"summary_wm_p05":922.15516662597656,"summary_wm_p95":1130.6487121582031,"summary_wm_stdv":74.723335266113281,"tpm_overlap_csf":0.1141960397362709,"tpm_overlap_gm":0.32890400290489197,"tpm_overlap_wm":0.42672830820083618,"wm2max":0.31077813098910489}