{"Modality":"MR","MagneticFieldStrength":3,"ImagingFrequency":123.25,"Manufacturer":"Siemens","ManufacturersModelName":"Prisma_fit","InstitutionName":[],"InstitutionalDepartmentName":[],"InstitutionAddress":[],"DeviceSerialNumber":"167017","StationName":"MRC35056","BodyPartExamined":"BRAIN","PatientPosition":"HFS","ProcedureStepDescription":[],"SoftwareVersions":"syngo_MR_E11","MRAcquisitionType":"2D","SeriesDescription":[],"ProtocolName":[],"ScanningSequence":"EP","SequenceVariant":"SK_SS","ScanOptions":"FS","SequenceName":"epfid2d1_80","ImageType":["ORIGINAL","PRIMARY","M","MB","ND","NORM","MOSAIC"],"SeriesNumber":14,"AcquisitionTime":[],"AcquisitionNumber":1,"ImageComments":"Unaliased_MB6_PE3_LB","SliceThickness":3,"SpacingBetweenSlices":3,"SAR":0.0463631,"EchoTime":0.03,"RepetitionTime":0.6,"FlipAngle":50,"PartialFourier":1,"BaseResolution":80,"ShimSetting":[314,-11597,-6398,620,-24,-86,-71,32],"TxRefAmp":210.725,"PhaseResolution":1,"ReceiveCoilName":"HeadNeck_64","ReceiveCoilActiveElements":"HC1-7","PulseSequenceDetails":[],"WipMemBlock":"9e28fcf8-9034-4155-a849-0ddc5dfb540c||Sequence: R016 ve11c/master r/34fb20f; Nov 20 2017 15:15:15 by eja","ConsistencyInfo":"N4_VE11C_LATEST_20160120","MultibandAccelerationFactor":6,"PercentPhaseFOV":100,"EchoTrainLength":80,"PhaseEncodingSteps":80,"AcquisitionMatrixPE":80,"ReconMatrixPE":80,"BandwidthPerPixelPhaseEncode":23.148,"EffectiveEchoSpacing":0.000540003,"DerivedVendorReportedEchoSpacing":0.000540003,"TotalReadoutTime":0.0426603,"PixelBandwidth":2405,"DwellTime":2.6E-6,"PhaseEncodingDirection":"j-","SliceTiming":[0.5075,0.435,0.3625,0.29,0.2175,0.145,0.0725,0,0.5075,0.435,0.3625,0.29,0.2175,0.145,0.0725,0,0.5075,0.435,0.3625,0.29,0.2175,0.145,0.0725,0,0.5075,0.435,0.3625,0.29,0.2175,0.145,0.0725,0,0.5075,0.435,0.3625,0.29,0.2175,0.145,0.0725,0,0.5075,0.435,0.3625,0.29,0.2175,0.145,0.0725,0],"ImageOrientationPatientDICOM":[1,0,0,0,0.882948,-0.469472],"InPlanePhaseEncodingDirectionDICOM":"COL","ConversionSoftware":"dcm2niix","ConversionSoftwareVersion":"v1.0.20190902"}