{"bids_meta":{"AcquisitionMatrixPE":320,"AcquisitionNumber":1,"AcquisitionTime":[],"BaseResolution":320,"BodyPartExamined":"BRAIN","ConsistencyInfo":"N4_VE11C_LATEST_20160120","ConversionSoftware":"dcm2niix","ConversionSoftwareVersion":"v1.0.20200427","DeviceSerialNumber":"167017","DwellTime":6.6E-6,"EchoTime":0.00314,"FlipAngle":9,"ImageOrientationPatientDICOM":[-0.0536339,0.995839,0.0736787,-0.0510713,0.0709527,-0.996171],"ImageType":["ORIGINAL","PRIMARY","M","ND","NORM","FM","FIL"],"ImagingFrequency":123.25,"InPlanePhaseEncodingDirectionDICOM":"ROW","InstitutionAddress":[],"InstitutionName":[],"InstitutionalDepartmentName":[],"InversionTime":0.9,"MRAcquisitionType":"3D","MagneticFieldStrength":3,"Manufacturer":"Siemens","ManufacturersModelName":"Prisma_fit","Modality":"MR","ParallelReductionFactorInPlane":2,"PartialFourier":1,"PatientPosition":"HFS","PercentPhaseFOV":100,"PercentSampling":100,"PhaseEncodingSteps":319,"PhaseResolution":1,"PixelBandwidth":235,"ProcedureStepDescription":[],"ProtocolName":[],"PulseSequenceDetails":[],"ReceiveCoilActiveElements":"HC1-7","ReceiveCoilName":"HeadNeck_64","ReconMatrixPE":320,"RefLinesPE":32,"RepetitionTime":2.3,"SAR":0.0439412,"ScanOptions":"IR","ScanningSequence":"GR_IR","SequenceName":"_tfl3d1_16ns","SequenceVariant":"SK_SP_MP","SeriesDescription":[],"SeriesNumber":7,"ShimSetting":[312,-11560,-6437,368,-50,-259,20,58],"SliceThickness":0.8,"SoftwareVersions":"syngo_MR_E11","StationName":"MRC35056","TxRefAmp":227.972,"dataset":"MICs","modality":"T1w","run_id":2,"session_id":"01","subject_id":"sub-HC030"},"cjv":0.62969480541123135,"cnr":1.9572808233003032,"efc":0.7097919353191231,"fber":35.351406097412109,"fwhm_avg":3.3179374505588792,"fwhm_x":3.2782124511508277,"fwhm_y":3.4711374482760213,"fwhm_z":3.2044624522497882,"icvs_csf":0.18035513646716853,"icvs_gm":0.43698873103550584,"icvs_wm":0.38265613249732561,"inu_med":1.4504926204681396,"inu_range":0.61489671468734741,"provenance":{"md5sum":"84d48c591f144753996045ce46b1fd07","settings":{"testing":false},"software":"mriqc","version":"0.15.2","warnings":{"large_rot_frame":false,"small_air_mask":false},"webapi_port":[],"webapi_url":"https://mriqc.nimh.nih.gov/api/v1"},"qi_1":0,"qi_2":0.00463763733677542,"rpve_csf":26.258782614307083,"rpve_gm":11.692081990118906,"rpve_wm":15.123336337030805,"size_x":224,"size_y":320,"size_z":320,"snr_csf":0.99793768158992524,"snr_gm":8.1006268406891841,"snr_total":8.7511452483501966,"snr_wm":17.154871222771479,"snrd_csf":44.875486675191731,"snrd_gm":73.897184179922675,"snrd_total":71.205769407631024,"snrd_wm":94.84463736777866,"spacing_x":0.800000011920929,"spacing_y":0.800000011920929,"spacing_z":0.800000011920929,"summary_bg_k":559.67066396846565,"summary_bg_mad":6.9077327638182533,"summary_bg_mean":139.4918212890625,"summary_bg_median":139.65374755859375,"summary_bg_n":7.869128E+6,"summary_bg_p05":128.0230712890625,"summary_bg_p95":151.65654983520506,"summary_bg_stdv":9.1640625,"summary_csf_k":2.2432143630326751,"summary_csf_mad":124.60543647586468,"summary_csf_mean":668.818603515625,"summary_csf_median":473.1654052734375,"summary_csf_n":102654,"summary_csf_p05":326.8233764648437,"summary_csf_p95":1833.8018981933592,"summary_csf_stdv":474.14093017578125,"summary_gm_k":0.41893543690203439,"summary_gm_mad":86.205165779789269,"summary_gm_mean":795.63409423828125,"summary_gm_median":779.1690673828125,"summary_gm_n":122236,"summary_gm_p05":663.973388671875,"summary_gm_p95":979.9691162109375,"summary_gm_stdv":96.185874938964844,"summary_wm_k":1.2755391268422072,"summary_wm_mad":52.874984747416,"summary_wm_mean":1003.8212280273438,"summary_wm_median":1000.0382080078125,"summary_wm_n":548781,"summary_wm_p05":915.47607421875,"summary_wm_p95":1103.7469482421875,"summary_wm_stdv":58.294654846191406,"tpm_overlap_csf":0.1039385199546814,"tpm_overlap_gm":0.37394177913665771,"tpm_overlap_wm":0.46157747507095337,"wm2max":0.3951804641389649}