{"bids_meta":{"AcquisitionMatrixPE":320,"AcquisitionNumber":1,"AcquisitionTime":[],"BaseResolution":320,"BodyPartExamined":"BRAIN","ConsistencyInfo":"N4_VE11C_LATEST_20160120","ConversionSoftware":"dcm2niix","ConversionSoftwareVersion":"v1.0.20200427","DeviceSerialNumber":"167017","DwellTime":6.6E-6,"EchoTime":0.00314,"FlipAngle":9,"ImageOrientationPatientDICOM":[-0.0536339,0.995839,0.0736787,-0.0510713,0.0709527,-0.996171],"ImageType":["ORIGINAL","PRIMARY","M","ND","NORM","FM","FIL"],"ImagingFrequency":123.25,"InPlanePhaseEncodingDirectionDICOM":"ROW","InstitutionAddress":[],"InstitutionName":[],"InstitutionalDepartmentName":[],"InversionTime":0.9,"MRAcquisitionType":"3D","MagneticFieldStrength":3,"Manufacturer":"Siemens","ManufacturersModelName":"Prisma_fit","Modality":"MR","ParallelReductionFactorInPlane":2,"PartialFourier":1,"PatientPosition":"HFS","PercentPhaseFOV":100,"PercentSampling":100,"PhaseEncodingSteps":319,"PhaseResolution":1,"PixelBandwidth":235,"ProcedureStepDescription":[],"ProtocolName":[],"PulseSequenceDetails":[],"ReceiveCoilActiveElements":"HC1-7","ReceiveCoilName":"HeadNeck_64","ReconMatrixPE":320,"RefLinesPE":32,"RepetitionTime":2.3,"SAR":0.0439412,"ScanOptions":"IR","ScanningSequence":"GR_IR","SequenceName":"_tfl3d1_16ns","SequenceVariant":"SK_SP_MP","SeriesDescription":[],"SeriesNumber":19,"ShimSetting":[312,-11560,-6437,368,-50,-259,20,58],"SliceThickness":0.8,"SoftwareVersions":"syngo_MR_E11","StationName":"MRC35056","TxRefAmp":227.972,"dataset":"MICs","modality":"T1w","run_id":1,"session_id":"01","subject_id":"sub-HC030"},"cjv":0.6270950749522396,"cnr":1.8866657845492523,"efc":0.71425311088340671,"fber":34.568901062011719,"fwhm_avg":3.2143207854362212,"fwhm_x":3.2012124522982175,"fwhm_y":3.3126374506378555,"fwhm_z":3.1291124533725907,"icvs_csf":0.1782215591209611,"icvs_gm":0.44226173890155573,"icvs_wm":0.37951670197748316,"inu_med":1.4528602361679077,"inu_range":0.66291038990020623,"provenance":{"md5sum":"f6d6506fcf51083698556d40432604be","settings":{"testing":false},"software":"mriqc","version":"0.15.2","warnings":{"large_rot_frame":false,"small_air_mask":false},"webapi_port":[],"webapi_url":"https://mriqc.nimh.nih.gov/api/v1"},"qi_1":0,"qi_2":0.0047424222710245609,"rpve_csf":26.171874497701481,"rpve_gm":11.266190834857669,"rpve_wm":14.698637985885696,"size_x":224,"size_y":320,"size_z":320,"snr_csf":1.0231125356622663,"snr_gm":7.5247895253559154,"snr_total":8.43797716645741,"snr_wm":16.766029438354046,"snrd_csf":44.4624304552015,"snrd_gm":72.971671871209111,"snrd_total":70.629328654523619,"snrd_wm":94.453883637160246,"spacing_x":0.800000011920929,"spacing_y":0.800000011920929,"spacing_z":0.800000011920929,"summary_bg_k":6092.9514521149194,"summary_bg_mad":6.9363052522516719,"summary_bg_mean":140.625244140625,"summary_bg_median":140.5469970703125,"summary_bg_n":7.833692E+6,"summary_bg_p05":128.92033538818359,"summary_bg_p95":152.647940826416,"summary_bg_stdv":20.827859878540039,"summary_csf_k":2.5363784244877978,"summary_csf_mad":123.27524348505182,"summary_csf_mean":653.09271240234375,"summary_csf_median":470.74929809570312,"summary_csf_n":117283,"summary_csf_p05":326.69648132324221,"summary_csf_p95":1805.78642578125,"summary_csf_stdv":460.1129150390625,"summary_gm_k":0.4589461004344777,"summary_gm_mad":88.921022657407633,"summary_gm_mean":792.82305908203125,"summary_gm_median":772.593017578125,"summary_gm_n":135313,"summary_gm_p05":656.09685058593755,"summary_gm_p95":991.64566650390623,"summary_gm_stdv":102.67266082763672,"summary_wm_k":1.4697297090963888,"summary_wm_mad":53.708315059318963,"summary_wm_mean":1003.671630859375,"summary_wm_median":1000.0375366210938,"summary_wm_n":552522,"summary_wm_p05":913.12232971191406,"summary_wm_p95":1105.6076232910157,"summary_wm_stdv":59.646598815917969,"tpm_overlap_csf":0.092789053916931152,"tpm_overlap_gm":0.35675162076950073,"tpm_overlap_wm":0.45185396075248718,"wm2max":0.39994885064919572}