{"bids_meta":{"AcquisitionMatrixPE":320,"AcquisitionNumber":1,"AcquisitionTime":[],"BaseResolution":320,"BodyPartExamined":"BRAIN","ConsistencyInfo":"N4_VE11C_LATEST_20160120","ConversionSoftware":"dcm2niix","ConversionSoftwareVersion":"v1.0.20200427","DeviceSerialNumber":"167017","DwellTime":6.6E-6,"EchoTime":0.00314,"FlipAngle":9,"ImageOrientationPatientDICOM":[-0.0133898,0.959,0.283089,0.0223291,0.28333,-0.958762],"ImageType":["ORIGINAL","PRIMARY","M","ND","NORM","FM","FIL"],"ImagingFrequency":123.25,"InPlanePhaseEncodingDirectionDICOM":"ROW","InstitutionAddress":[],"InstitutionName":[],"InstitutionalDepartmentName":[],"InversionTime":0.9,"MRAcquisitionType":"3D","MagneticFieldStrength":3,"Manufacturer":"Siemens","ManufacturersModelName":"Prisma_fit","Modality":"MR","ParallelReductionFactorInPlane":2,"PartialFourier":1,"PatientPosition":"HFS","PercentPhaseFOV":100,"PercentSampling":100,"PhaseEncodingSteps":319,"PhaseResolution":1,"PixelBandwidth":235,"ProcedureStepDescription":[],"ProtocolName":[],"PulseSequenceDetails":[],"ReceiveCoilActiveElements":"HC1-7","ReceiveCoilName":"HeadNeck_64","ReconMatrixPE":320,"RefLinesPE":32,"RepetitionTime":2.3,"SAR":0.050911,"ScanOptions":"IR","ScanningSequence":"GR_IR","SequenceName":"_tfl3d1_16ns","SequenceVariant":"SK_SP_MP","SeriesDescription":[],"SeriesNumber":19,"ShimSetting":[336,-11615,-6420,389,13,-161,149,23],"SliceThickness":0.8,"SoftwareVersions":"syngo_MR_E11","StationName":"MRC35056","TxRefAmp":233.945,"dataset":"MICs","modality":"T1w","run_id":1,"session_id":"01","subject_id":"sub-HC044"},"cjv":0.82218852812006948,"cnr":1.5327254670005859,"efc":0.69417960142595025,"fber":46.590526580810547,"fwhm_avg":3.3758249496962889,"fwhm_x":3.3602249499287464,"fwhm_y":3.4554499485097834,"fwhm_z":3.3117999506503351,"icvs_csf":0.23113145449909386,"icvs_gm":0.39176731653057434,"icvs_wm":0.37710122897033183,"inu_med":1.4292848110198975,"inu_range":0.63477988243102978,"provenance":{"md5sum":"6e8c7bd34b3eff399c73017a445e91de","settings":{"testing":false},"software":"mriqc","version":"0.15.2","warnings":{"large_rot_frame":false,"small_air_mask":false},"webapi_port":[],"webapi_url":"https://mriqc.nimh.nih.gov/api/v1"},"qi_1":6.4938669333912481E-5,"qi_2":0.003830405957871989,"rpve_csf":18.754117057605843,"rpve_gm":10.957705518429306,"rpve_wm":13.275772509945277,"size_x":224,"size_y":320,"size_z":320,"snr_csf":2.0572414322036994,"snr_gm":7.6170281410144,"snr_total":8.7517561825775747,"snr_wm":16.580998974514628,"snrd_csf":47.840117385518433,"snrd_gm":89.4708929288,"snrd_total":82.599346896280977,"snrd_wm":110.48703037452452,"spacing_x":0.800000011920929,"spacing_y":0.800000011920929,"spacing_z":0.800000011920929,"summary_bg_k":18452.792094097756,"summary_bg_mad":5.9297415039441921,"summary_bg_mean":116.71920776367188,"summary_bg_median":116.46602630615234,"summary_bg_n":7.032396E+6,"summary_bg_p05":106.85586547851562,"summary_bg_p95":126.85648345947266,"summary_bg_stdv":21.486953735351562,"summary_csf_k":28.287133344567778,"summary_csf_mad":88.715653655033464,"summary_csf_mean":471.88201904296875,"summary_csf_median":433.00836181640625,"summary_csf_n":244760,"summary_csf_p05":323.07500000000005,"summary_csf_p95":653.93370056152344,"summary_csf_stdv":210.47966003417969,"summary_gm_k":-0.11029751528913634,"summary_gm_mad":107.4054092522381,"summary_gm_mean":825.4639892578125,"summary_gm_median":809.81500244140625,"summary_gm_n":88153,"summary_gm_p05":676.07550048828125,"summary_gm_p95":1018.6971679687499,"summary_gm_stdv":106.3157958984375,"summary_wm_k":4.6237092817282708,"summary_wm_mad":48.991569573638664,"summary_wm_mean":1006.643310546875,"summary_wm_median":1000.0353393554688,"summary_wm_n":627872,"summary_wm_p05":923.98177490234377,"summary_wm_p95":1111.0250427246092,"summary_wm_stdv":60.312080383300781,"tpm_overlap_csf":0.10446015745401382,"tpm_overlap_gm":0.322681725025177,"tpm_overlap_wm":0.41235420107841492,"wm2max":0.41167335840090086}