{"bids_meta":{"AcquisitionMatrixPE":320,"AcquisitionNumber":1,"AcquisitionTime":[],"BaseResolution":320,"BodyPartExamined":"BRAIN","ConsistencyInfo":"N4_VE11C_LATEST_20160120","ConversionSoftware":"dcm2niix","ConversionSoftwareVersion":"v1.0.20200427","DeviceSerialNumber":"167017","DwellTime":6.6E-6,"EchoTime":0.00314,"FlipAngle":9,"ImageOrientationPatientDICOM":[-0.0133898,0.959,0.283089,0.0223291,0.28333,-0.958762],"ImageType":["ORIGINAL","PRIMARY","M","ND","NORM","FM","FIL"],"ImagingFrequency":123.25,"InPlanePhaseEncodingDirectionDICOM":"ROW","InstitutionAddress":[],"InstitutionName":[],"InstitutionalDepartmentName":[],"InversionTime":0.9,"MRAcquisitionType":"3D","MagneticFieldStrength":3,"Manufacturer":"Siemens","ManufacturersModelName":"Prisma_fit","Modality":"MR","ParallelReductionFactorInPlane":2,"PartialFourier":1,"PatientPosition":"HFS","PercentPhaseFOV":100,"PercentSampling":100,"PhaseEncodingSteps":319,"PhaseResolution":1,"PixelBandwidth":235,"ProcedureStepDescription":[],"ProtocolName":[],"PulseSequenceDetails":[],"ReceiveCoilActiveElements":"HC1-7","ReceiveCoilName":"HeadNeck_64","ReconMatrixPE":320,"RefLinesPE":32,"RepetitionTime":2.3,"SAR":0.050911,"ScanOptions":"IR","ScanningSequence":"GR_IR","SequenceName":"_tfl3d1_16ns","SequenceVariant":"SK_SP_MP","SeriesDescription":[],"SeriesNumber":7,"ShimSetting":[336,-11615,-6420,389,13,-161,149,23],"SliceThickness":0.8,"SoftwareVersions":"syngo_MR_E11","StationName":"MRC35056","TxRefAmp":233.945,"dataset":"MICs","modality":"T1w","run_id":2,"session_id":"01","subject_id":"sub-HC044"},"cjv":0.72412913660463252,"cnr":1.7077073316431441,"efc":0.68635894920563889,"fber":52.538433074951172,"fwhm_avg":3.4658166150219749,"fwhm_x":3.3868249495323757,"fwhm_y":3.5766874467032035,"fwhm_z":3.4339374488303447,"icvs_csf":0.22704299407698184,"icvs_gm":0.39508191601588205,"icvs_wm":0.37787508990713609,"inu_med":1.4362806081771851,"inu_range":0.6056603610515594,"provenance":{"md5sum":"5695add3a8460174e7bb820a33607a6d","settings":{"testing":false},"software":"mriqc","version":"0.15.2","warnings":{"large_rot_frame":false,"small_air_mask":false},"webapi_port":[],"webapi_url":"https://mriqc.nimh.nih.gov/api/v1"},"qi_1":6.4088989698496022E-5,"qi_2":0.00421724988042361,"rpve_csf":18.972845755789379,"rpve_gm":10.908722021304719,"rpve_wm":13.240310474677869,"size_x":224,"size_y":320,"size_z":320,"snr_csf":1.7337205230264539,"snr_gm":8.0870217909308124,"snr_total":9.02588029990283,"snr_wm":17.256898585751227,"snrd_csf":49.750264515388793,"snrd_gm":94.534178570133236,"snrd_total":87.419569624645149,"snrd_wm":117.97426578841345,"spacing_x":0.800000011920929,"spacing_y":0.800000011920929,"spacing_z":0.800000011920929,"summary_bg_k":19003.121070385219,"summary_bg_mad":5.5534352706888495,"summary_bg_mean":109.88540649414062,"summary_bg_median":109.65437316894531,"summary_bg_n":7.099708E+6,"summary_bg_p05":100.69525909423828,"summary_bg_p95":119.37027206420896,"summary_bg_stdv":18.998756408691406,"summary_csf_k":27.737468761438905,"summary_csf_mad":82.198683039046131,"summary_csf_mean":472.38796997070312,"summary_csf_median":421.72116088867188,"summary_csf_n":236341,"summary_csf_p05":321.11642456054688,"summary_csf_p95":675.87091064453125,"summary_csf_stdv":243.24581909179688,"summary_gm_k":0.045897122981362948,"summary_gm_mad":97.210573446563728,"summary_gm_mean":816.58203125,"summary_gm_median":801.34375,"summary_gm_n":93024,"summary_gm_p05":677.9971221923829,"summary_gm_p95":997.71459960937489,"summary_gm_stdv":99.089561462402344,"summary_wm_k":4.1464937204531163,"summary_wm_mad":46.671022009468885,"summary_wm_mean":1006.9625244140625,"summary_wm_median":1000.039794921875,"summary_wm_n":627271,"summary_wm_p05":928.6260986328125,"summary_wm_p95":1108.60107421875,"summary_wm_stdv":57.950099945068359,"tpm_overlap_csf":0.11169455200433731,"tpm_overlap_gm":0.33954650163650513,"tpm_overlap_wm":0.42221784591674805,"wm2max":0.41141715207242113}