{"bids_meta":{"AcquisitionMatrixPE":320,"AcquisitionNumber":1,"AcquisitionTime":[],"BaseResolution":320,"BodyPartExamined":"BRAIN","ConsistencyInfo":"N4_VE11C_LATEST_20160120","ConversionSoftware":"dcm2niix","ConversionSoftwareVersion":"v1.0.20200427","DeviceSerialNumber":"167017","DwellTime":6.6E-6,"EchoTime":0.00314,"FlipAngle":9,"ImageOrientationPatientDICOM":[0.0357996,0.988625,0.14608,-0.00164642,0.146231,-0.989249],"ImageType":["ORIGINAL","PRIMARY","M","ND","NORM","FM","FIL"],"ImagingFrequency":123.25,"InPlanePhaseEncodingDirectionDICOM":"ROW","InstitutionAddress":[],"InstitutionName":[],"InstitutionalDepartmentName":[],"InversionTime":0.9,"MRAcquisitionType":"3D","MagneticFieldStrength":3,"Manufacturer":"Siemens","ManufacturersModelName":"Prisma_fit","Modality":"MR","ParallelReductionFactorInPlane":2,"PartialFourier":1,"PatientPosition":"HFS","PercentPhaseFOV":100,"PercentSampling":100,"PhaseEncodingSteps":319,"PhaseResolution":1,"PixelBandwidth":235,"ProcedureStepDescription":[],"ProtocolName":[],"PulseSequenceDetails":[],"ReceiveCoilActiveElements":"HC1-7","ReceiveCoilName":"HeadNeck_64","ReconMatrixPE":320,"RefLinesPE":32,"RepetitionTime":2.3,"SAR":0.0527703,"ScanOptions":"IR","ScanningSequence":"GR_IR","SequenceName":"_tfl3d1_16ns","SequenceVariant":"SK_SP_MP","SeriesDescription":[],"SeriesNumber":7,"ShimSetting":[311,-11618,-6466,326,60,-364,-130,14],"SliceThickness":0.8,"SoftwareVersions":"syngo_MR_E11","StationName":"MRC35056","TxRefAmp":212.407,"dataset":"MICs","modality":"T1w","run_id":2,"session_id":"01","subject_id":"sub-HC047"},"cjv":0.54838003105244493,"cnr":2.1512635187351017,"efc":0.66077651209240573,"fber":27.893218994140625,"fwhm_avg":3.5041541144507011,"fwhm_x":3.5468249471481896,"fwhm_y":3.5147749476257721,"fwhm_z":3.4508624485781421,"icvs_csf":0.19176516085166878,"icvs_gm":0.41791677738370336,"icvs_wm":0.3903180617646278,"inu_med":1.5747127532958984,"inu_range":0.60264778137207031,"provenance":{"md5sum":"acee0f586165ddec11ab7c8ddc0a8658","settings":{"testing":false},"software":"mriqc","version":"0.15.2","warnings":{"large_rot_frame":false,"small_air_mask":false},"webapi_port":[],"webapi_url":"https://mriqc.nimh.nih.gov/api/v1"},"qi_1":0.00011750833275416287,"qi_2":0.0031473332135296796,"rpve_csf":28.47144812018059,"rpve_gm":13.969768107079096,"rpve_wm":17.26367210283524,"size_x":224,"size_y":320,"size_z":320,"snr_csf":2.0070036457443496,"snr_gm":9.5640628908940837,"snr_total":8.9282233139083029,"snr_wm":15.213603405086472,"snrd_csf":39.287397414931839,"snrd_gm":70.731370235453838,"snrd_total":67.103529082251853,"snrd_wm":91.2918195963699,"spacing_x":0.800000011920929,"spacing_y":0.800000011920929,"spacing_z":0.800000011920929,"summary_bg_k":1683.0528543913147,"summary_bg_mad":7.1765471690519078,"summary_bg_mean":144.80015563964844,"summary_bg_median":144.72891235351562,"summary_bg_n":8.172116E+6,"summary_bg_p05":132.87592697143555,"summary_bg_p95":157.43021011352539,"summary_bg_stdv":8.7795934677124023,"summary_csf_k":25.622875713230229,"summary_csf_mad":81.839389087106653,"summary_csf_mean":474.18634033203125,"summary_csf_median":430.36514282226562,"summary_csf_n":105023,"summary_csf_p05":307.51920776367189,"summary_csf_p95":727.5139770507808,"summary_csf_stdv":214.43064880371094,"summary_gm_k":0.89796232516024244,"summary_gm_mad":73.401342799869042,"summary_gm_mean":783.1285400390625,"summary_gm_median":774.81121826171875,"summary_gm_n":76210,"summary_gm_p05":666.04895324707036,"summary_gm_p95":931.609732055664,"summary_gm_stdv":81.012237548828125,"summary_wm_k":12.382622738064926,"summary_wm_mad":50.107502835272641,"summary_wm_mean":1008.9569702148438,"summary_wm_median":1000.0361328125,"summary_wm_n":494769,"summary_wm_p05":925.85018310546877,"summary_wm_p95":1118.0347412109375,"summary_wm_stdv":65.732955932617188,"tpm_overlap_csf":0.12040326744318008,"tpm_overlap_gm":0.39667531847953796,"tpm_overlap_wm":0.47632727026939392,"wm2max":0.30484208574419214}