{"bids_meta":{"AcquisitionMatrixPE":320,"AcquisitionNumber":1,"AcquisitionTime":[],"BaseResolution":320,"BodyPartExamined":"BRAIN","ConsistencyInfo":"N4_VE11C_LATEST_20160120","ConversionSoftware":"dcm2niix","ConversionSoftwareVersion":"v1.0.20200427","DeviceSerialNumber":"167017","DwellTime":6.6E-6,"EchoTime":0.00314,"FlipAngle":9,"ImageOrientationPatientDICOM":[0.0357996,0.988625,0.14608,-0.00164642,0.146231,-0.989249],"ImageType":["ORIGINAL","PRIMARY","M","ND","NORM","FM","FIL"],"ImagingFrequency":123.25,"InPlanePhaseEncodingDirectionDICOM":"ROW","InstitutionAddress":[],"InstitutionName":[],"InstitutionalDepartmentName":[],"InversionTime":0.9,"MRAcquisitionType":"3D","MagneticFieldStrength":3,"Manufacturer":"Siemens","ManufacturersModelName":"Prisma_fit","Modality":"MR","ParallelReductionFactorInPlane":2,"PartialFourier":1,"PatientPosition":"HFS","PercentPhaseFOV":100,"PercentSampling":100,"PhaseEncodingSteps":319,"PhaseResolution":1,"PixelBandwidth":235,"ProcedureStepDescription":[],"ProtocolName":[],"PulseSequenceDetails":[],"ReceiveCoilActiveElements":"HC1-7","ReceiveCoilName":"HeadNeck_64","ReconMatrixPE":320,"RefLinesPE":32,"RepetitionTime":2.3,"SAR":0.0527703,"ScanOptions":"IR","ScanningSequence":"GR_IR","SequenceName":"_tfl3d1_16ns","SequenceVariant":"SK_SP_MP","SeriesDescription":[],"SeriesNumber":19,"ShimSetting":[311,-11618,-6466,326,60,-364,-130,14],"SliceThickness":0.8,"SoftwareVersions":"syngo_MR_E11","StationName":"MRC35056","TxRefAmp":212.407,"dataset":"MICs","modality":"T1w","run_id":1,"session_id":"01","subject_id":"sub-HC047"},"cjv":0.54772907270557,"cnr":2.129387087427419,"efc":0.66270521907030655,"fber":28.219226837158203,"fwhm_avg":3.4603374484369538,"fwhm_x":3.5017624478196736,"fwhm_y":3.4515624485677114,"fwhm_z":3.4276874489234768,"icvs_csf":0.19556094211382952,"icvs_gm":0.41644008630824436,"icvs_wm":0.38799897157792607,"inu_med":1.5800684690475464,"inu_range":0.61185353994369507,"provenance":{"md5sum":"c69abeeb385ad8d37c575a83b94ee2d9","settings":{"testing":false},"software":"mriqc","version":"0.15.2","warnings":{"large_rot_frame":false,"small_air_mask":false},"webapi_port":[],"webapi_url":"https://mriqc.nimh.nih.gov/api/v1"},"qi_1":0.00011452259612963624,"qi_2":0.0030959391473801764,"rpve_csf":27.688174275622323,"rpve_gm":13.824307522234573,"rpve_wm":17.103235557663531,"size_x":224,"size_y":320,"size_z":320,"snr_csf":1.8060420057451834,"snr_gm":9.2299279186579852,"snr_total":8.69829690799007,"snr_wm":15.058920799567042,"snrd_csf":40.192947988601631,"snrd_gm":70.705593834273245,"snrd_total":67.5055903674034,"snrd_wm":91.61822927933531,"spacing_x":0.800000011920929,"spacing_y":0.800000011920929,"spacing_z":0.800000011920929,"summary_bg_k":12693.403008546928,"summary_bg_mad":7.150972190291828,"summary_bg_mean":143.42129516601562,"summary_bg_median":143.33184814453125,"summary_bg_n":8.013453E+6,"summary_bg_p05":131.48532104492188,"summary_bg_p95":156.04549865722655,"summary_bg_stdv":9.4813623428344727,"summary_csf_k":18.924359380061841,"summary_csf_mad":83.051989207866512,"summary_csf_mean":491.5169677734375,"summary_csf_median":438.71575927734375,"summary_csf_n":115190,"summary_csf_p05":308.61345977783208,"summary_csf_p95":814.81455078124986,"summary_csf_stdv":242.91453552246094,"summary_gm_k":0.98085649247580475,"summary_gm_mad":74.625684109462583,"summary_gm_mean":781.5748291015625,"summary_gm_median":771.7686767578125,"summary_gm_n":75594,"summary_gm_p05":661.52937927246091,"summary_gm_p95":935.62088317871076,"summary_gm_stdv":83.615341186523438,"summary_wm_k":11.10019268057775,"summary_wm_mad":50.4025030325583,"summary_wm_mean":1009.4163818359375,"summary_wm_median":1000.03515625,"summary_wm_n":495899,"summary_wm_p05":925.5704345703125,"summary_wm_p95":1121.2509033203125,"summary_wm_stdv":66.408088684082031,"tpm_overlap_csf":0.11432622373104095,"tpm_overlap_gm":0.39083844423294067,"tpm_overlap_wm":0.47392377257347107,"wm2max":0.30627604700147565}