{"bids_meta":{"AcquisitionMatrixPE":320,"AcquisitionNumber":1,"AcquisitionTime":[],"BaseResolution":320,"BodyPartExamined":"BRAIN","ConsistencyInfo":"N4_VE11C_LATEST_20160120","ConversionSoftware":"dcm2niix","ConversionSoftwareVersion":"v1.0.20200427","DeviceSerialNumber":"167017","DwellTime":6.6E-6,"EchoTime":0.00314,"FlipAngle":9,"ImageOrientationPatientDICOM":[-0.0180503,0.991097,0.13191,-0.000682472,0.131919,-0.99126],"ImageType":["ORIGINAL","PRIMARY","M","ND","NORM","FM","FIL"],"ImagingFrequency":123.25,"InPlanePhaseEncodingDirectionDICOM":"ROW","InstitutionAddress":[],"InstitutionName":[],"InstitutionalDepartmentName":[],"InversionTime":0.9,"MRAcquisitionType":"3D","MagneticFieldStrength":3,"Manufacturer":"Siemens","ManufacturersModelName":"Prisma_fit","Modality":"MR","ParallelReductionFactorInPlane":2,"PartialFourier":1,"PatientPosition":"HFS","PercentPhaseFOV":100,"PercentSampling":100,"PhaseEncodingSteps":319,"PhaseResolution":1,"PixelBandwidth":235,"ProcedureStepDescription":[],"ProtocolName":[],"PulseSequenceDetails":[],"ReceiveCoilActiveElements":"HC1-7","ReceiveCoilName":"HeadNeck_64","ReconMatrixPE":320,"RefLinesPE":32,"RepetitionTime":2.3,"SAR":0.0444313,"ScanOptions":"IR","ScanningSequence":"GR_IR","SequenceName":"_tfl3d1_16ns","SequenceVariant":"SK_SP_MP","SeriesDescription":[],"SeriesNumber":19,"ShimSetting":[315,-11637,-6471,336,-24,-385,23,23],"SliceThickness":0.8,"SoftwareVersions":"syngo_MR_E11","StationName":"MRC35056","TxRefAmp":210.725,"dataset":"MICs","modality":"T1w","run_id":1,"session_id":"01","subject_id":"sub-HC023"},"cjv":0.51555729349714718,"cnr":2.1594099788707908,"efc":0.68187895722266267,"fber":22.505416870117188,"fwhm_avg":3.6964499449186032,"fwhm_x":3.6391874457718814,"fwhm_y":3.7817124436480936,"fwhm_z":3.6684499453358357,"icvs_csf":0.24196060262601216,"icvs_gm":0.406632128823699,"icvs_wm":0.35140726855028881,"inu_med":1.6211493015289307,"inu_range":0.60087963938713074,"provenance":{"md5sum":"af2d70a8ec2e5f6ea27f9f2be78c059f","settings":{"testing":false},"software":"mriqc","version":"0.15.2","warnings":{"large_rot_frame":false,"small_air_mask":false},"webapi_port":[],"webapi_url":"https://mriqc.nimh.nih.gov/api/v1"},"qi_1":0,"qi_2":0.0037811954979882611,"rpve_csf":23.60497075054273,"rpve_gm":14.002689545536084,"rpve_wm":18.425748892888198,"size_x":224,"size_y":320,"size_z":320,"snr_csf":1.5364151824041627,"snr_gm":9.2118031067452,"snr_total":7.8629656435541309,"snr_wm":12.840678641513032,"snrd_csf":33.942750820090573,"snrd_gm":62.101449035208006,"snrd_total":59.428717290695,"snrd_wm":82.241952016786414,"spacing_x":0.800000011920929,"spacing_y":0.800000011920929,"spacing_z":0.800000011920929,"summary_bg_k":4.5021934081130581,"summary_bg_mad":7.9661364624386231,"summary_bg_mean":157.12274169921875,"summary_bg_median":156.93125915527344,"summary_bg_n":8.281912E+6,"summary_bg_p05":143.69938659667969,"summary_bg_p95":171.31038589477538,"summary_bg_stdv":8.7809410095214844,"summary_csf_k":12.496712781750551,"summary_csf_mad":106.74156831748731,"summary_csf_mean":477.9288330078125,"summary_csf_median":412.7271728515625,"summary_csf_n":162779,"summary_csf_p05":282.76747741699222,"summary_csf_p95":1045.3220825195331,"summary_csf_stdv":268.629150390625,"summary_gm_k":0.6024862893540659,"summary_gm_mad":75.979653573231516,"summary_gm_mean":760.3470458984375,"summary_gm_median":755.12310791015625,"summary_gm_n":81931,"summary_gm_p05":633.08004760742188,"summary_gm_p95":903.66067504882812,"summary_gm_stdv":81.972930908203125,"summary_wm_k":16.129914801411942,"summary_wm_mad":50.279616447308634,"summary_wm_mean":1011.6276245117188,"summary_wm_median":1000.021728515625,"summary_wm_n":426167,"summary_wm_p05":924.1372192382812,"summary_wm_p95":1125.6032958984374,"summary_wm_stdv":77.879104614257812,"tpm_overlap_csf":0.098780728876590729,"tpm_overlap_gm":0.36087489128112793,"tpm_overlap_wm":0.46608498692512512,"wm2max":0.32286420833086232}