{"bids_meta":{"AcquisitionMatrixPE":320,"AcquisitionNumber":1,"AcquisitionTime":[],"BaseResolution":320,"BodyPartExamined":"BRAIN","ConsistencyInfo":"N4_VE11C_LATEST_20160120","ConversionSoftware":"dcm2niix","ConversionSoftwareVersion":"v1.0.20200427","DeviceSerialNumber":"167017","DwellTime":6.6E-6,"EchoTime":0.00314,"FlipAngle":9,"ImageOrientationPatientDICOM":[-0.0180503,0.991097,0.13191,-0.000682472,0.131919,-0.99126],"ImageType":["ORIGINAL","PRIMARY","M","ND","NORM","FM","FIL"],"ImagingFrequency":123.25,"InPlanePhaseEncodingDirectionDICOM":"ROW","InstitutionAddress":[],"InstitutionName":[],"InstitutionalDepartmentName":[],"InversionTime":0.9,"MRAcquisitionType":"3D","MagneticFieldStrength":3,"Manufacturer":"Siemens","ManufacturersModelName":"Prisma_fit","Modality":"MR","ParallelReductionFactorInPlane":2,"PartialFourier":1,"PatientPosition":"HFS","PercentPhaseFOV":100,"PercentSampling":100,"PhaseEncodingSteps":319,"PhaseResolution":1,"PixelBandwidth":235,"ProcedureStepDescription":[],"ProtocolName":[],"PulseSequenceDetails":[],"ReceiveCoilActiveElements":"HC1-7","ReceiveCoilName":"HeadNeck_64","ReconMatrixPE":320,"RefLinesPE":32,"RepetitionTime":2.3,"SAR":0.0444313,"ScanOptions":"IR","ScanningSequence":"GR_IR","SequenceName":"_tfl3d1_16ns","SequenceVariant":"SK_SP_MP","SeriesDescription":[],"SeriesNumber":7,"ShimSetting":[315,-11637,-6471,336,-24,-385,23,23],"SliceThickness":0.8,"SoftwareVersions":"syngo_MR_E11","StationName":"MRC35056","TxRefAmp":210.725,"dataset":"MICs","modality":"T1w","run_id":2,"session_id":"01","subject_id":"sub-HC023"},"cjv":0.49165513521233217,"cnr":2.2788289517643174,"efc":0.67656497921426051,"fber":23.462978363037109,"fwhm_avg":3.5611749469343579,"fwhm_x":3.5597999469548474,"fwhm_y":3.6428624457171193,"fwhm_z":3.4808624481311075,"icvs_csf":0.21214619580972971,"icvs_gm":0.4109120245322419,"icvs_wm":0.37694177965802839,"inu_med":1.6215369701385498,"inu_range":0.58121126890182473,"provenance":{"md5sum":"2822a912df885691fba29619cd253aeb","settings":{"testing":false},"software":"mriqc","version":"0.15.2","warnings":{"large_rot_frame":false,"small_air_mask":false},"webapi_port":[],"webapi_url":"https://mriqc.nimh.nih.gov/api/v1"},"qi_1":0,"qi_2":0.0041924064575054277,"rpve_csf":28.166323304184576,"rpve_gm":14.999999338147648,"rpve_wm":18.880196615717992,"size_x":224,"size_y":320,"size_z":320,"snr_csf":1.6276725463229329,"snr_gm":9.6671538206990579,"snr_total":8.5427978098908266,"snr_wm":14.333567062650486,"snrd_csf":34.636273390117211,"snrd_gm":63.74502155491146,"snrd_total":60.762202530305274,"snrd_wm":83.905312645887136,"spacing_x":0.800000011920929,"spacing_y":0.800000011920929,"spacing_z":0.800000011920929,"summary_bg_k":3.8441664027681748,"summary_bg_mad":7.8082299151185381,"summary_bg_mean":154.70683288574219,"summary_bg_median":154.51271057128906,"summary_bg_n":8.488935E+6,"summary_bg_p05":141.54827880859375,"summary_bg_p95":168.67027740478517,"summary_bg_stdv":8.5872859954833984,"summary_csf_k":14.18386927939153,"summary_csf_mad":100.52131722508884,"summary_csf_mean":473.806396484375,"summary_csf_median":412.81173706054688,"summary_csf_n":112717,"summary_csf_p05":291.14717407226567,"summary_csf_p95":882.813842773437,"summary_csf_stdv":253.6197509765625,"summary_gm_k":1.0177330288596202,"summary_gm_mad":70.757335663552752,"summary_gm_mean":767.895263671875,"summary_gm_median":759.7437744140625,"summary_gm_n":61530,"summary_gm_p05":652.6783447265625,"summary_gm_p95":910.60773925781245,"summary_gm_stdv":78.589584350585938,"summary_wm_k":16.068196711025141,"summary_wm_mad":47.377574629225464,"summary_wm_mean":1008.88330078125,"summary_wm_median":1000.0238037109375,"summary_wm_n":427507,"summary_wm_p05":926.63167114257817,"summary_wm_p95":1109.04755859375,"summary_wm_stdv":69.76788330078125,"tpm_overlap_csf":0.10993775725364685,"tpm_overlap_gm":0.37564578652381897,"tpm_overlap_wm":0.46559250354766846,"wm2max":0.32978886399667379}