{"bids_meta":{"AcquisitionMatrixPE":320,"AcquisitionNumber":1,"AcquisitionTime":[],"BaseResolution":320,"BodyPartExamined":"BRAIN","ConsistencyInfo":"N4_VE11C_LATEST_20160120","ConversionSoftware":"dcm2niix","ConversionSoftwareVersion":"v1.0.20200427","DeviceSerialNumber":"167017","DwellTime":6.6E-6,"EchoTime":0.00314,"FlipAngle":9,"ImageOrientationPatientDICOM":[-0.0275317,0.996429,0.0798144,0.028144,0.0805857,-0.99635],"ImageType":["ORIGINAL","PRIMARY","M","ND","NORM","FM","FIL"],"ImagingFrequency":123.25,"InPlanePhaseEncodingDirectionDICOM":"ROW","InstitutionAddress":[],"InstitutionName":[],"InstitutionalDepartmentName":[],"InversionTime":0.9,"MRAcquisitionType":"3D","MagneticFieldStrength":3,"Manufacturer":"Siemens","ManufacturersModelName":"Prisma_fit","Modality":"MR","ParallelReductionFactorInPlane":2,"PartialFourier":1,"PatientPosition":"HFS","PercentPhaseFOV":100,"PercentSampling":100,"PhaseEncodingSteps":319,"PhaseResolution":1,"PixelBandwidth":235,"ProcedureStepDescription":[],"ProtocolName":[],"PulseSequenceDetails":[],"ReceiveCoilActiveElements":"HC1-7","ReceiveCoilName":"HeadNeck_64","ReconMatrixPE":320,"RefLinesPE":32,"RepetitionTime":2.3,"SAR":0.0592853,"ScanOptions":"IR","ScanningSequence":"GR_IR","SequenceName":"_tfl3d1_16ns","SequenceVariant":"SK_SP_MP","SeriesDescription":[],"SeriesNumber":20,"ShimSetting":[315,-11640,-6436,260,-42,-484,29,4],"SliceThickness":0.8,"SoftwareVersions":"syngo_MR_E11","StationName":"MRC35056","TxRefAmp":227.308,"dataset":"MICs","modality":"T1w","run_id":1,"session_id":"01","subject_id":"sub-HC031"},"cjv":0.70963595387050615,"cnr":1.7960408134633148,"efc":0.66343184082436923,"fber":38.714462280273438,"fwhm_avg":3.2438041183302189,"fwhm_x":3.3306374503696343,"fwhm_y":3.252212451538258,"fwhm_z":3.1485624530827634,"icvs_csf":0.20342863983405501,"icvs_gm":0.41671620877746085,"icvs_wm":0.37985515138848414,"inu_med":1.4499956369400024,"inu_range":0.62296897172927856,"provenance":{"md5sum":"f97b91ae9de76c81c162c908040456bc","settings":{"testing":false},"software":"mriqc","version":"0.15.2","warnings":{"large_rot_frame":false,"small_air_mask":false},"webapi_port":[],"webapi_url":"https://mriqc.nimh.nih.gov/api/v1"},"qi_1":0,"qi_2":0.0047871177637392823,"rpve_csf":24.541347878610388,"rpve_gm":12.365892145474335,"rpve_wm":15.615977156290009,"size_x":224,"size_y":320,"size_z":320,"snr_csf":0.93671327412913108,"snr_gm":7.5595112619452927,"snr_total":8.7215478730806577,"snr_wm":17.668419083167553,"snrd_csf":48.278381719328834,"snrd_gm":81.449973683364817,"snrd_total":77.751207579941465,"snrd_wm":103.52526733713074,"spacing_x":0.800000011920929,"spacing_y":0.800000011920929,"spacing_z":0.800000011920929,"summary_bg_k":26.04001534453198,"summary_bg_mad":6.3284555359274073,"summary_bg_mean":126.07986450195312,"summary_bg_median":126.04776000976562,"summary_bg_n":7.610725E+6,"summary_bg_p05":115.57060241699219,"summary_bg_p95":137.31260375976564,"summary_bg_stdv":7.7888517379760742,"summary_csf_k":1.2146659441661027,"summary_csf_mad":137.42837564955073,"summary_csf_mean":684.61151123046875,"summary_csf_median":466.35723876953125,"summary_csf_n":135341,"summary_csf_p05":315.30117797851562,"summary_csf_p95":1843.2584228515625,"summary_csf_stdv":497.86367797851562,"summary_gm_k":0.028201973609996323,"summary_gm_mad":102.15612506685655,"summary_gm_mean":804.90484619140625,"summary_gm_median":786.78662109375,"summary_gm_n":111826,"summary_gm_p05":662.90621948242188,"summary_gm_p95":998.01930236816406,"summary_gm_stdv":104.07856750488281,"summary_wm_k":2.776136300272773,"summary_wm_mad":49.167981501432649,"summary_wm_mean":1004.5253295898438,"summary_wm_median":1000.0285034179688,"summary_wm_n":537392,"summary_wm_p05":921.53772583007822,"summary_wm_p95":1102.3770507812499,"summary_wm_stdv":56.5997200012207,"tpm_overlap_csf":0.10545670241117477,"tpm_overlap_gm":0.35451918840408325,"tpm_overlap_wm":0.47594735026359558,"wm2max":0.3506571105528975}