{"aor":0.00046454676258992809,"aqi":0.0046135837985611513,"bids_meta":{"AcquisitionMatrixPE":80,"AcquisitionNumber":1,"AcquisitionTime":[],"BandwidthPerPixelPhaseEncode":23.148,"BaseResolution":80,"BodyPartExamined":"BRAIN","ConsistencyInfo":"N4_VE11C_LATEST_20160120","ConversionSoftware":"dcm2niix","ConversionSoftwareVersion":"v1.0.20200427","DerivedVendorReportedEchoSpacing":0.000540003,"DeviceSerialNumber":"167017","DwellTime":2.6E-6,"EchoTime":0.03,"EchoTrainLength":80,"EffectiveEchoSpacing":0.000540003,"FlipAngle":50,"ImageComments":"Unaliased_MB6_PE3_LB","ImageOrientationPatientDICOM":[1,0,0,0,0.927184,-0.374607],"ImageType":["ORIGINAL","PRIMARY","M","MB","ND","NORM","MOSAIC"],"ImagingFrequency":123.25,"InPlanePhaseEncodingDirectionDICOM":"COL","InstitutionAddress":[],"InstitutionName":[],"InstitutionalDepartmentName":[],"Instructions":"eyes closed","MRAcquisitionType":"2D","MagneticFieldStrength":3,"Manufacturer":"Siemens","ManufacturersModelName":"Prisma_fit","Modality":"MR","MultibandAccelerationFactor":6,"PartialFourier":1,"PatientPosition":"HFS","PercentPhaseFOV":100,"PercentSampling":100,"PhaseEncodingDirection":"j-","PhaseEncodingSteps":80,"PhaseResolution":1,"PixelBandwidth":2405,"ProcedureStepDescription":[],"ProtocolName":[],"PulseSequenceDetails":[],"ReceiveCoilActiveElements":"HC1-7","ReceiveCoilName":"HeadNeck_64","ReconMatrixPE":80,"RepetitionTime":0.6,"SAR":0.0530285,"ScanOptions":"FS","ScanningSequence":"EP","SequenceName":"epfid2d1_80","SequenceVariant":"SK_SS","SeriesDescription":[],"SeriesNumber":14,"ShimSetting":[345,-11574,-6362,568,67,73,114,30],"SliceThickness":3,"SliceTiming":[0.5075,0.435,0.3625,0.29,0.2175,0.145,0.0725,0,0.5075,0.435,0.3625,0.29,0.2175,0.145,0.0725,0,0.5075,0.435,0.3625,0.29,0.2175,0.145,0.0725,0,0.5075,0.435,0.3625,0.29,0.2175,0.145,0.0725,0,0.5075,0.435,0.3625,0.29,0.2175,0.145,0.0725,0,0.5075,0.435,0.3625,0.29,0.2175,0.145,0.0725,0],"SoftwareVersions":"syngo_MR_E11","SpacingBetweenSlices":3,"StationName":"MRC35056","TaskName":"rest","TotalReadoutTime":0.0426603,"TxRefAmp":233.945,"WipMemBlock":"38eac9d6-9a4c-45b2-b671-ab3c7465ad95||Sequence: R016 ve11c/master r/34fb20f; Nov 20 2017 15:15:15 by eja","acq_id":"AP","dataset":"MICs","modality":"bold","session_id":"01","subject_id":"sub-HC044","task_id":"rest"},"dummy_trs":5,"dvars_nstd":41.787508351786762,"dvars_std":1.4401684425936589,"dvars_vstd":1.0330119909221898,"efc":0.45448946947231622,"fber":9040.00390625,"fd_mean":0.07983726515346902,"fd_num":8,"fd_perc":1.1510791366906474,"fwhm_avg":2.4469466666666668,"fwhm_x":2.25799,"fwhm_y":2.5726933333333331,"fwhm_z":2.5101566666666666,"gcor":0.0117407,"gsr_x":-0.012044074013829231,"gsr_y":0.0278931837528944,"provenance":{"md5sum":"a6b7fc0cae62d5170c33689fdcf7b86f","settings":{"fd_thres":0.2,"hmc_fsl":false,"testing":false},"software":"mriqc","version":"0.15.2","webapi_port":[],"webapi_url":"https://mriqc.nimh.nih.gov/api/v1"},"size_t":695,"size_x":80,"size_y":80,"size_z":48,"snr":3.1467102809649816,"spacing_tr":0.60000002384185791,"spacing_x":3,"spacing_y":3,"spacing_z":3,"summary_bg_k":45.775628594242662,"summary_bg_mad":46.359586410087516,"summary_bg_mean":232.97410583496094,"summary_bg_median":69.7769775390625,"summary_bg_n":198801,"summary_bg_p05":30.240287780761719,"summary_bg_p95":1106.3682861328125,"summary_bg_stdv":522.490234375,"summary_fg_k":2.058683919239483,"summary_fg_mad":1820.6112727749182,"summary_fg_mean":7297.525390625,"summary_fg_median":7002.72509765625,"summary_fg_n":58200,"summary_fg_p05":4496.69794921875,"summary_fg_p95":11731.893408203119,"summary_fg_stdv":2225.392333984375,"tsnr":53.620482017518952}