{"aor":0.045728333333333336,"aqi":0.0046845566666666666,"bids_meta":{"AcquisitionMatrixPE":80,"AcquisitionNumber":1,"AcquisitionTime":[],"BandwidthPerPixelPhaseEncode":23.148,"BaseResolution":80,"BodyPartExamined":"BRAIN","ConsistencyInfo":"N4_VE11C_LATEST_20160120","ConversionSoftware":"dcm2niix","ConversionSoftwareVersion":"v1.0.20200427","DerivedVendorReportedEchoSpacing":0.000540003,"DeviceSerialNumber":"167017","DwellTime":3E-6,"EchoTime":0.048,"EchoTrainLength":80,"EffectiveEchoSpacing":0.000540003,"FlipAngle":90,"ImageComments":"Unaliased_MB6_PE3_LB","ImageOrientationPatientDICOM":[1,0,0,0,0.927184,-0.374607],"ImageType":["ORIGINAL","PRIMARY","M","ND","NORM","MOSAIC"],"ImagingFrequency":123.25,"InPlanePhaseEncodingDirectionDICOM":"COL","InstitutionAddress":[],"InstitutionName":[],"InstitutionalDepartmentName":[],"Instructions":"eyes closed","MRAcquisitionType":"2D","MagneticFieldStrength":3,"Manufacturer":"Siemens","ManufacturersModelName":"Prisma_fit","Modality":"MR","PartialFourier":1,"PatientPosition":"HFS","PercentPhaseFOV":100,"PercentSampling":100,"PhaseEncodingDirection":"j","PhaseEncodingSteps":80,"PhaseResolution":1,"PixelBandwidth":2085,"ProcedureStepDescription":[],"ProtocolName":[],"PulseSequenceDetails":[],"ReceiveCoilActiveElements":"HC1-7","ReceiveCoilName":"HeadNeck_64","ReconMatrixPE":80,"RepetitionTime":4.029,"SAR":0.179283,"ScanOptions":"FS","ScanningSequence":"EP","SequenceName":"epse2d1_80","SequenceVariant":"SK","SeriesDescription":[],"SeriesNumber":16,"ShimSetting":[345,-11574,-6362,568,67,73,114,30],"SliceThickness":3,"SliceTiming":[3.925,3.84,3.7575,3.675,3.59,3.5075,3.4225,3.34,3.2575,3.1725,3.09,3.005,2.9225,2.84,2.755,2.6725,2.5875,2.505,2.42,2.3375,2.255,2.17,2.0875,2.0025,1.92,1.8375,1.7525,1.67,1.585,1.5025,1.42,1.335,1.2525,1.1675,1.085,1.0025,0.9175,0.835,0.75,0.6675,0.585,0.5,0.4175,0.3325,0.25,0.165,0.0825,0],"SoftwareVersions":"syngo_MR_E11","SpacingBetweenSlices":3,"StationName":"MRC35056","TaskName":"rest","TotalReadoutTime":0.0426603,"TxRefAmp":233.945,"WipMemBlock":"2250b038-e152-486c-a917-b14d874527a0||Sequence: R016 ve11c/master r/34fb20f; Nov 20 2017 15:30:40 by eja","acq_id":"PAse","dataset":"MICs","modality":"bold","session_id":"01","subject_id":"sub-HC044","task_id":"rest"},"dummy_trs":0,"dvars_nstd":86.366438294,"dvars_std":2.976838876,"dvars_vstd":4.0914206500000008,"efc":0.49975723797227878,"fber":1052.56982421875,"fd_mean":0.12383766470361204,"fd_num":1,"fd_perc":16.666666666666668,"fwhm_avg":1.9338177777777779,"fwhm_x":1.9773500000000002,"fwhm_y":1.8131000000000002,"fwhm_z":2.0110033333333335,"gcor":0.00214703,"gsr_x":-0.024155665189027786,"gsr_y":0.025295889005064964,"provenance":{"md5sum":"b04ff1a7023573d9c3a62b8e8324325f","settings":{"fd_thres":0.2,"hmc_fsl":false,"testing":false},"software":"mriqc","version":"0.15.2","webapi_port":[],"webapi_url":"https://mriqc.nimh.nih.gov/api/v1"},"size_t":6,"size_x":80,"size_y":80,"size_z":48,"snr":2.076106276688412,"spacing_tr":4.0289998054504395,"spacing_x":3,"spacing_y":3,"spacing_z":3,"summary_bg_k":154.06546641961819,"summary_bg_mad":102.79432315470372,"summary_bg_mean":672.56573486328125,"summary_bg_median":263.52603149414062,"summary_bg_n":192418,"summary_bg_p05":152.62936248779297,"summary_bg_p95":3438.0569824218742,"summary_bg_stdv":1333.262939453125,"summary_fg_k":13.868347377519388,"summary_fg_mad":2923.8016117764519,"summary_fg_mean":10160.353515625,"summary_fg_median":9149.53125,"summary_fg_n":63457,"summary_fg_p05":5873.71591796875,"summary_fg_p95":18376.679296874991,"summary_fg_stdv":4407.0283203125,"tsnr":66.022651672363281}