{"aor":0.047263333333333331,"aqi":0.0028235116666666667,"bids_meta":{"AcquisitionMatrixPE":80,"AcquisitionNumber":1,"AcquisitionTime":[],"BandwidthPerPixelPhaseEncode":23.148,"BaseResolution":80,"BodyPartExamined":"BRAIN","ConsistencyInfo":"N4_VE11C_LATEST_20160120","ConversionSoftware":"dcm2niix","ConversionSoftwareVersion":"v1.0.20200427","DerivedVendorReportedEchoSpacing":0.000540003,"DeviceSerialNumber":"167017","DwellTime":3E-6,"EchoTime":0.048,"EchoTrainLength":80,"EffectiveEchoSpacing":0.000540003,"FlipAngle":90,"ImageComments":"Unaliased_MB6_PE3_LB","ImageOrientationPatientDICOM":[1,0,0,0,0.927184,-0.374607],"ImageType":["ORIGINAL","PRIMARY","M","ND","NORM","MOSAIC"],"ImagingFrequency":123.25,"InPlanePhaseEncodingDirectionDICOM":"COL","InstitutionAddress":[],"InstitutionName":[],"InstitutionalDepartmentName":[],"Instructions":"eyes closed","MRAcquisitionType":"2D","MagneticFieldStrength":3,"Manufacturer":"Siemens","ManufacturersModelName":"Prisma_fit","Modality":"MR","PartialFourier":1,"PatientPosition":"HFS","PercentPhaseFOV":100,"PercentSampling":100,"PhaseEncodingDirection":"j-","PhaseEncodingSteps":80,"PhaseResolution":1,"PixelBandwidth":2085,"ProcedureStepDescription":[],"ProtocolName":[],"PulseSequenceDetails":[],"ReceiveCoilActiveElements":"HC1-7","ReceiveCoilName":"HeadNeck_64","ReconMatrixPE":80,"RepetitionTime":4.029,"SAR":0.179283,"ScanOptions":"FS","ScanningSequence":"EP","SequenceName":"epse2d1_80","SequenceVariant":"SK","SeriesDescription":[],"SeriesNumber":15,"ShimSetting":[345,-11574,-6362,568,67,73,114,30],"SliceThickness":3,"SliceTiming":[3.9275,3.8425,3.76,3.675,3.5925,3.51,3.425,3.3425,3.2575,3.175,3.09,3.0075,2.925,2.84,2.7575,2.6725,2.59,2.5075,2.4225,2.34,2.255,2.1725,2.09,2.005,1.9225,1.8375,1.755,1.6725,1.5875,1.505,1.42,1.3375,1.2525,1.17,1.0875,1.0025,0.92,0.835,0.7525,0.67,0.585,0.5025,0.4175,0.335,0.2525,0.1675,0.085,0],"SoftwareVersions":"syngo_MR_E11","SpacingBetweenSlices":3,"StationName":"MRC35056","TaskName":"rest","TotalReadoutTime":0.0426603,"TxRefAmp":233.945,"WipMemBlock":"4376366e-a10e-4274-8536-6946909946ea||Sequence: R016 ve11c/master r/34fb20f; Nov 20 2017 15:30:40 by eja","acq_id":"APse","dataset":"MICs","modality":"bold","session_id":"01","subject_id":"sub-HC044","task_id":"rest"},"dummy_trs":0,"dvars_nstd":55.155104066,"dvars_std":2.696990538,"dvars_vstd":9.9911417959999991,"efc":0.48909751263790763,"fber":1205.541015625,"fd_mean":0.04991546556758289,"fd_num":0,"fd_perc":0,"fwhm_avg":1.9524644444444448,"fwhm_x":1.99293,"fwhm_y":1.8453966666666668,"fwhm_z":2.0190666666666668,"gcor":0.00702658,"gsr_x":-0.020059943199157715,"gsr_y":0.026901399716734886,"provenance":{"md5sum":"666815bea4615b66428c08c354516812","settings":{"fd_thres":0.2,"hmc_fsl":false,"testing":false},"software":"mriqc","version":"0.15.2","webapi_port":[],"webapi_url":"https://mriqc.nimh.nih.gov/api/v1"},"size_t":6,"size_x":80,"size_y":80,"size_z":48,"snr":2.1377795077181263,"spacing_tr":4.0289998054504395,"spacing_x":3,"spacing_y":3,"spacing_z":3,"summary_bg_k":103.41709331228384,"summary_bg_mad":109.20334948837905,"summary_bg_mean":703.970458984375,"summary_bg_median":267.96490478515625,"summary_bg_n":196262,"summary_bg_p05":153.7695343017578,"summary_bg_p95":3520.4782836913992,"summary_bg_stdv":1481.9464111328125,"summary_fg_k":18.591082696651245,"summary_fg_mad":3169.1661255607805,"summary_fg_mean":10987.90234375,"summary_fg_median":9936.9384765625,"summary_fg_n":60500,"summary_fg_p05":6374.0893066406252,"summary_fg_p95":19747.980664062496,"summary_fg_stdv":4648.2138671875,"tsnr":81.27886962890625}