{"aor":0.043778333333333329,"aqi":0.0060045416666666658,"bids_meta":{"AcquisitionMatrixPE":80,"AcquisitionNumber":1,"AcquisitionTime":[],"BandwidthPerPixelPhaseEncode":23.148,"BaseResolution":80,"BodyPartExamined":"BRAIN","ConsistencyInfo":"N4_VE11C_LATEST_20160120","ConversionSoftware":"dcm2niix","ConversionSoftwareVersion":"v1.0.20200427","DerivedVendorReportedEchoSpacing":0.000540003,"DeviceSerialNumber":"167017","DwellTime":3E-6,"EchoTime":0.048,"EchoTrainLength":80,"EffectiveEchoSpacing":0.000540003,"FlipAngle":90,"ImageComments":"Unaliased_MB6_PE3_LB","ImageOrientationPatientDICOM":[1,0,0,0,0.819152,-0.573576],"ImageType":["ORIGINAL","PRIMARY","M","ND","NORM","MOSAIC"],"ImagingFrequency":123.25,"InPlanePhaseEncodingDirectionDICOM":"COL","InstitutionAddress":[],"InstitutionName":[],"InstitutionalDepartmentName":[],"Instructions":"eyes closed","MRAcquisitionType":"2D","MagneticFieldStrength":3,"Manufacturer":"Siemens","ManufacturersModelName":"Prisma_fit","Modality":"MR","PartialFourier":1,"PatientPosition":"HFS","PercentPhaseFOV":100,"PercentSampling":100,"PhaseEncodingDirection":"j-","PhaseEncodingSteps":80,"PhaseResolution":1,"PixelBandwidth":2085,"ProcedureStepDescription":[],"ProtocolName":[],"PulseSequenceDetails":[],"ReceiveCoilActiveElements":"HC1-7","ReceiveCoilName":"HeadNeck_64","ReconMatrixPE":80,"RepetitionTime":4.029,"SAR":0.20389,"ScanOptions":"FS","ScanningSequence":"EP","SequenceName":"epse2d1_80","SequenceVariant":"SK","SeriesDescription":[],"SeriesNumber":15,"ShimSetting":[333,-11577,-6410,557,17,-168,-145,26],"SliceThickness":3,"SliceTiming":[3.925,3.8425,3.7575,3.675,3.5925,3.5075,3.425,3.34,3.2575,3.175,3.09,3.0075,2.9225,2.84,2.755,2.6725,2.59,2.505,2.4225,2.3375,2.255,2.1725,2.0875,2.005,1.92,1.8375,1.755,1.67,1.5875,1.5025,1.42,1.3375,1.2525,1.17,1.085,1.0025,0.92,0.835,0.7525,0.6675,0.585,0.5,0.4175,0.335,0.25,0.1675,0.0825,0],"SoftwareVersions":"syngo_MR_E11","SpacingBetweenSlices":3,"StationName":"MRC35056","TaskName":"rest","TotalReadoutTime":0.0426603,"TxRefAmp":241.041,"WipMemBlock":"dbf74599-7d55-4d96-a220-c236c73a7c51||Sequence: R016 ve11c/master r/34fb20f; Nov 20 2017 15:30:40 by eja","acq_id":"APse","dataset":"MICs","modality":"bold","session_id":"01","subject_id":"sub-HC006","task_id":"rest"},"dummy_trs":0,"dvars_nstd":66.693370056,"dvars_std":2.444580458,"dvars_vstd":5.854084494,"efc":0.51436439513231691,"fber":837.34722900390625,"fd_mean":0.28839959588534675,"fd_num":3,"fd_perc":50,"fwhm_avg":1.7980911111111111,"fwhm_x":1.8624066666666668,"fwhm_y":1.7331066666666668,"fwhm_z":1.79876,"gcor":0.00598782,"gsr_x":-0.02007993683218956,"gsr_y":0.0055792499333620071,"provenance":{"md5sum":"e59eeb7ae61fe1910ef4a69354e0063d","settings":{"fd_thres":0.2,"hmc_fsl":false,"testing":false},"software":"mriqc","version":"0.15.2","webapi_port":[],"webapi_url":"https://mriqc.nimh.nih.gov/api/v1"},"size_t":6,"size_x":80,"size_y":80,"size_z":48,"snr":2.3736777056497029,"spacing_tr":4.0289998054504395,"spacing_x":3,"spacing_y":3,"spacing_z":3,"summary_bg_k":54.113962960286244,"summary_bg_mad":111.85194903574202,"summary_bg_mean":616.5992431640625,"summary_bg_median":267.7896728515625,"summary_bg_n":191326,"summary_bg_p05":150.54082107543945,"summary_bg_p95":2747.9841918945312,"summary_bg_stdv":1136.88525390625,"summary_fg_k":19.717941721879573,"summary_fg_mad":2319.3523609164818,"summary_fg_mean":8944.26171875,"summary_fg_median":8229.44140625,"summary_fg_n":64653,"summary_fg_p05":5274.6349609375,"summary_fg_p95":15316.593945312492,"summary_fg_stdv":3466.931396484375,"tsnr":55.392097473144531}