{"aor":0.046848333333333332,"aqi":0.0079590433333333339,"bids_meta":{"AcquisitionMatrixPE":80,"AcquisitionNumber":1,"AcquisitionTime":[],"BandwidthPerPixelPhaseEncode":23.148,"BaseResolution":80,"BodyPartExamined":"BRAIN","ConsistencyInfo":"N4_VE11C_LATEST_20160120","ConversionSoftware":"dcm2niix","ConversionSoftwareVersion":"v1.0.20200427","DerivedVendorReportedEchoSpacing":0.000540003,"DeviceSerialNumber":"167017","DwellTime":3E-6,"EchoTime":0.048,"EchoTrainLength":80,"EffectiveEchoSpacing":0.000540003,"FlipAngle":90,"ImageComments":"Unaliased_MB6_PE3_LB","ImageOrientationPatientDICOM":[1,0,0,0,0.819152,-0.573576],"ImageType":["ORIGINAL","PRIMARY","M","ND","NORM","MOSAIC"],"ImagingFrequency":123.25,"InPlanePhaseEncodingDirectionDICOM":"COL","InstitutionAddress":[],"InstitutionName":[],"InstitutionalDepartmentName":[],"Instructions":"eyes closed","MRAcquisitionType":"2D","MagneticFieldStrength":3,"Manufacturer":"Siemens","ManufacturersModelName":"Prisma_fit","Modality":"MR","PartialFourier":1,"PatientPosition":"HFS","PercentPhaseFOV":100,"PercentSampling":100,"PhaseEncodingDirection":"j","PhaseEncodingSteps":80,"PhaseResolution":1,"PixelBandwidth":2085,"ProcedureStepDescription":[],"ProtocolName":[],"PulseSequenceDetails":[],"ReceiveCoilActiveElements":"HC1-7","ReceiveCoilName":"HeadNeck_64","ReconMatrixPE":80,"RepetitionTime":4.029,"SAR":0.20389,"ScanOptions":"FS","ScanningSequence":"EP","SequenceName":"epse2d1_80","SequenceVariant":"SK","SeriesDescription":[],"SeriesNumber":16,"ShimSetting":[333,-11577,-6410,557,17,-168,-145,26],"SliceThickness":3,"SliceTiming":[3.925,3.8425,3.7575,3.675,3.5925,3.5075,3.425,3.34,3.2575,3.175,3.09,3.0075,2.9225,2.84,2.7575,2.6725,2.59,2.505,2.4225,2.3375,2.255,2.1725,2.0875,2.005,1.92,1.8375,1.755,1.67,1.5875,1.5025,1.42,1.3375,1.2525,1.17,1.085,1.0025,0.92,0.835,0.7525,0.6675,0.585,0.5025,0.4175,0.335,0.25,0.1675,0.0825,0],"SoftwareVersions":"syngo_MR_E11","SpacingBetweenSlices":3,"StationName":"MRC35056","TaskName":"rest","TotalReadoutTime":0.0426603,"TxRefAmp":241.041,"WipMemBlock":"66988355-38ce-418b-b105-4a1af0a40846||Sequence: R016 ve11c/master r/34fb20f; Nov 20 2017 15:30:40 by eja","acq_id":"PAse","dataset":"MICs","modality":"bold","session_id":"01","subject_id":"sub-HC006","task_id":"rest"},"dummy_trs":0,"dvars_nstd":74.406802368,"dvars_std":2.2824517959999997,"dvars_vstd":5.917576122,"efc":0.505269391167022,"fber":867.89093017578125,"fd_mean":0.35823436464758041,"fd_num":5,"fd_perc":83.333333333333329,"fwhm_avg":1.7986311111111111,"fwhm_x":1.8726033333333334,"fwhm_y":1.6590733333333334,"fwhm_z":1.8642166666666666,"gcor":0.00386724,"gsr_x":-0.019743015989661217,"gsr_y":0.0030582519248127937,"provenance":{"md5sum":"e2389a670ad80656a9078d43ab336a9b","settings":{"fd_thres":0.2,"hmc_fsl":false,"testing":false},"software":"mriqc","version":"0.15.2","webapi_port":[],"webapi_url":"https://mriqc.nimh.nih.gov/api/v1"},"size_t":6,"size_x":80,"size_y":80,"size_z":48,"snr":2.261660547027998,"spacing_tr":4.0289998054504395,"spacing_x":3,"spacing_y":3,"spacing_z":3,"summary_bg_k":328.67700729195792,"summary_bg_mad":110.15785837058573,"summary_bg_mean":612.685791015625,"summary_bg_median":266.7266845703125,"summary_bg_n":192612,"summary_bg_p05":150.05038070678711,"summary_bg_p95":2651.8222167968743,"summary_bg_stdv":1201.10791015625,"summary_fg_k":13.516766522351364,"summary_fg_mad":2614.2287667083119,"summary_fg_mean":9164.85546875,"summary_fg_median":8418.990234375,"summary_fg_n":63282,"summary_fg_p05":5393.9747802734382,"summary_fg_p95":15682.617480468751,"summary_fg_stdv":3722.452392578125,"tsnr":47.072723388671875}