{"aor":0.00077212643678160929,"aqi":0.0085947089224137942,"bids_meta":{"AcquisitionMatrixPE":80,"AcquisitionNumber":1,"AcquisitionTime":[],"BandwidthPerPixelPhaseEncode":23.148,"BaseResolution":80,"BodyPartExamined":"BRAIN","ConsistencyInfo":"N4_VE11C_LATEST_20160120","ConversionSoftware":"dcm2niix","ConversionSoftwareVersion":"v1.0.20200427","DerivedVendorReportedEchoSpacing":0.000540003,"DeviceSerialNumber":"167017","DwellTime":2.6E-6,"EchoTime":0.03,"EchoTrainLength":80,"EffectiveEchoSpacing":0.000540003,"FlipAngle":50,"ImageComments":"Unaliased_MB6_PE3_LB","ImageOrientationPatientDICOM":[1,0,0,0,0.819152,-0.573576],"ImageType":["ORIGINAL","PRIMARY","M","MB","ND","NORM","MOSAIC"],"ImagingFrequency":123.25,"InPlanePhaseEncodingDirectionDICOM":"COL","InstitutionAddress":[],"InstitutionName":[],"InstitutionalDepartmentName":[],"Instructions":"eyes closed","MRAcquisitionType":"2D","MagneticFieldStrength":3,"Manufacturer":"Siemens","ManufacturersModelName":"Prisma_fit","Modality":"MR","MultibandAccelerationFactor":6,"PartialFourier":1,"PatientPosition":"HFS","PercentPhaseFOV":100,"PercentSampling":100,"PhaseEncodingDirection":"j-","PhaseEncodingSteps":80,"PhaseResolution":1,"PixelBandwidth":2405,"ProcedureStepDescription":[],"ProtocolName":[],"PulseSequenceDetails":[],"ReceiveCoilActiveElements":"HC1-7","ReceiveCoilName":"HeadNeck_64","ReconMatrixPE":80,"RepetitionTime":0.6,"SAR":0.0597991,"ScanOptions":"FS","ScanningSequence":"EP","SequenceName":"epfid2d1_80","SequenceVariant":"SK_SS","SeriesDescription":[],"SeriesNumber":14,"ShimSetting":[333,-11577,-6410,557,17,-168,-145,26],"SliceThickness":3,"SliceTiming":[0.5075,0.435,0.3625,0.29,0.2175,0.145,0.0725,0,0.5075,0.435,0.3625,0.29,0.2175,0.145,0.0725,0,0.5075,0.435,0.3625,0.29,0.2175,0.145,0.0725,0,0.5075,0.435,0.3625,0.29,0.2175,0.145,0.0725,0,0.5075,0.435,0.3625,0.29,0.2175,0.145,0.0725,0,0.5075,0.435,0.3625,0.29,0.2175,0.145,0.0725,0],"SoftwareVersions":"syngo_MR_E11","SpacingBetweenSlices":3,"StationName":"MRC35056","TaskName":"rest","TotalReadoutTime":0.0426603,"TxRefAmp":241.041,"WipMemBlock":"3c2d1e73-da20-4922-9f2b-5554b0e231eb||Sequence: R016 ve11c/master r/34fb20f; Nov 20 2017 15:15:15 by eja","acq_id":"AP","dataset":"MICs","modality":"bold","session_id":"01","subject_id":"sub-HC006","task_id":"rest"},"dummy_trs":4,"dvars_nstd":34.319534954935257,"dvars_std":1.2174705807194244,"dvars_vstd":0.97550920355395665,"efc":0.4735398928763524,"fber":6713.87158203125,"fd_mean":0.14749980573824495,"fd_num":162,"fd_perc":23.275862068965516,"fwhm_avg":2.2625933333333332,"fwhm_x":2.1316233333333332,"fwhm_y":2.3978966666666666,"fwhm_z":2.25826,"gcor":0.0166379,"gsr_x":-0.0060674306005239487,"gsr_y":0.012822771444916725,"provenance":{"md5sum":"fe7f95c170a04b23f3fb4eb253c8141e","settings":{"fd_thres":0.2,"hmc_fsl":false,"testing":false},"software":"mriqc","version":"0.15.2","webapi_port":[],"webapi_url":"https://mriqc.nimh.nih.gov/api/v1"},"size_t":696,"size_x":80,"size_y":80,"size_z":48,"snr":3.7868745670854054,"spacing_tr":0.60000002384185791,"spacing_x":3,"spacing_y":3,"spacing_z":3,"summary_bg_k":43.28291802280755,"summary_bg_mad":46.862797588258395,"summary_bg_mean":217.6337890625,"summary_bg_median":70.103446960449219,"summary_bg_n":195186,"summary_bg_p05":29.972700119018555,"summary_bg_p95":913.29167175292969,"summary_bg_stdv":494.1370849609375,"summary_fg_k":2.9429811954232079,"summary_fg_mad":1293.9729389828024,"summary_fg_mean":6143.40185546875,"summary_fg_median":6041.12353515625,"summary_fg_n":61051,"summary_fg_p05":3988.9395751953125,"summary_fg_p95":8678.15234375,"summary_fg_stdv":1595.2664794921875,"tsnr":43.408576827845536}