{"bids_meta":{"AcquisitionMatrixPE":320,"AcquisitionNumber":1,"AcquisitionTime":[],"BaseResolution":320,"BodyPartExamined":"BRAIN","ConsistencyInfo":"N4_VE11C_LATEST_20160120","ConversionSoftware":"dcm2niix","ConversionSoftwareVersion":"v1.0.20200427","DeviceSerialNumber":"167017","DwellTime":6.6E-6,"EchoTime":0.00314,"FlipAngle":9,"ImageOrientationPatientDICOM":[0.0328198,0.984326,0.173279,-0.0425619,0.174592,-0.983721],"ImageType":["ORIGINAL","PRIMARY","M","ND","NORM","FM","FIL"],"ImagingFrequency":123.25,"InPlanePhaseEncodingDirectionDICOM":"ROW","InstitutionAddress":[],"InstitutionName":[],"InstitutionalDepartmentName":[],"InversionTime":0.9,"MRAcquisitionType":"3D","MagneticFieldStrength":3,"Manufacturer":"Siemens","ManufacturersModelName":"Prisma_fit","Modality":"MR","ParallelReductionFactorInPlane":2,"PartialFourier":1,"PatientPosition":"HFS","PercentPhaseFOV":100,"PercentSampling":100,"PhaseEncodingSteps":319,"PhaseResolution":1,"PixelBandwidth":235,"ProcedureStepDescription":[],"ProtocolName":[],"PulseSequenceDetails":[],"ReceiveCoilActiveElements":"HC1-7","ReceiveCoilName":"HeadNeck_64","ReconMatrixPE":320,"RefLinesPE":32,"RepetitionTime":2.3,"SAR":0.0538664,"ScanOptions":"IR","ScanningSequence":"GR_IR","SequenceName":"_tfl3d1_16ns","SequenceVariant":"SK_SP_MP","SeriesDescription":[],"SeriesNumber":7,"ShimSetting":[322,-11646,-6471,432,75,-399,33,30],"SliceThickness":0.8,"SoftwareVersions":"syngo_MR_E11","StationName":"MRC35056","TxRefAmp":223.083,"dataset":"MICs","modality":"T1w","run_id":2,"session_id":"01","subject_id":"sub-HC042"},"cjv":0.68857545003324827,"cnr":1.6988561361838439,"efc":0.68237054217648418,"fber":27.8764705657959,"fwhm_avg":3.587937446535566,"fwhm_x":3.5614874469297018,"fwhm_y":3.7067999447643767,"fwhm_z":3.4955249479126191,"icvs_csf":0.19645034467402245,"icvs_gm":0.43524675769440646,"icvs_wm":0.36830289763157109,"inu_med":1.5938736200332642,"inu_range":0.68251689672470084,"provenance":{"md5sum":"465a21dd5addafb7cf252c2229925ccf","settings":{"testing":false},"software":"mriqc","version":"0.15.2","warnings":{"large_rot_frame":false,"small_air_mask":false},"webapi_port":[],"webapi_url":"https://mriqc.nimh.nih.gov/api/v1"},"qi_1":0.00014484715808974757,"qi_2":0.0038594351124570134,"rpve_csf":26.991466513823394,"rpve_gm":13.13068627405486,"rpve_wm":17.46836260399899,"size_x":224,"size_y":320,"size_z":320,"snr_csf":1.3279622302924419,"snr_gm":7.8804118328130857,"snr_total":8.3582558385128767,"snr_wm":15.866393452433103,"snrd_csf":39.149679785105874,"snrd_gm":72.7635524924801,"snrd_total":67.733275091184638,"snrd_wm":91.286592995967951,"spacing_x":0.800000011920929,"spacing_y":0.800000011920929,"spacing_z":0.800000011920929,"summary_bg_k":43.099813536316532,"summary_bg_mad":7.1770561801285124,"summary_bg_mean":149.84024047851562,"summary_bg_median":149.66572570800781,"summary_bg_n":8.489344E+6,"summary_bg_p05":138.06451416015625,"summary_bg_p95":162.29658279418945,"summary_bg_stdv":7.9178590774536133,"summary_csf_k":13.103526839987627,"summary_csf_mad":87.6585394511405,"summary_csf_mean":513.35821533203125,"summary_csf_median":428.886962890625,"summary_csf_n":106647,"summary_csf_p05":315.79127807617186,"summary_csf_p95":1234.3337036132802,"summary_csf_stdv":322.9647216796875,"summary_gm_k":0.23016092254534559,"summary_gm_mad":90.444798216331947,"summary_gm_mean":816.48248291015625,"summary_gm_median":797.12884521484375,"summary_gm_n":100827,"summary_gm_p05":678.92498779296875,"summary_gm_p95":1010.3164184570311,"summary_gm_stdv":101.15269470214844,"summary_wm_k":14.398643022005977,"summary_wm_mad":49.281592773730857,"summary_wm_mean":1005.489990234375,"summary_wm_median":1000.0498046875,"summary_wm_n":457907,"summary_wm_p05":921.279443359375,"summary_wm_p95":1102.1434570312495,"summary_wm_stdv":63.029365539550781,"tpm_overlap_csf":0.1120094358921051,"tpm_overlap_gm":0.38837859034538269,"tpm_overlap_wm":0.47297075390815735,"wm2max":0.33901956484103096}