{"bids_meta":{"AcquisitionMatrixPE":320,"AcquisitionNumber":1,"AcquisitionTime":[],"BaseResolution":320,"BodyPartExamined":"BRAIN","ConsistencyInfo":"N4_VE11C_LATEST_20160120","ConversionSoftware":"dcm2niix","ConversionSoftwareVersion":"v1.0.20200427","DeviceSerialNumber":"167017","DwellTime":6.6E-6,"EchoTime":0.00314,"FlipAngle":9,"ImageOrientationPatientDICOM":[-0.0218226,0.979328,0.201099,0.034923,0.201771,-0.97881],"ImageType":["ORIGINAL","PRIMARY","M","ND","NORM","FM","FIL"],"ImagingFrequency":123.25,"InPlanePhaseEncodingDirectionDICOM":"ROW","InstitutionAddress":[],"InstitutionName":[],"InstitutionalDepartmentName":[],"InversionTime":0.9,"MRAcquisitionType":"3D","MagneticFieldStrength":3,"Manufacturer":"Siemens","ManufacturersModelName":"Prisma_fit","Modality":"MR","ParallelReductionFactorInPlane":2,"PartialFourier":1,"PatientPosition":"HFS","PercentPhaseFOV":100,"PercentSampling":100,"PhaseEncodingSteps":319,"PhaseResolution":1,"PixelBandwidth":235,"ProcedureStepDescription":[],"ProtocolName":[],"PulseSequenceDetails":[],"ReceiveCoilActiveElements":"HC1-7","ReceiveCoilName":"HeadNeck_64","ReconMatrixPE":320,"RefLinesPE":32,"RepetitionTime":2.3,"SAR":0.0496576,"ScanOptions":"IR","ScanningSequence":"GR_IR","SequenceName":"_tfl3d1_16ns","SequenceVariant":"SK_SP_MP","SeriesDescription":[],"SeriesNumber":7,"ShimSetting":[326,-11594,-6448,374,29,-318,127,-9],"SliceThickness":0.8,"SoftwareVersions":"syngo_MR_E11","StationName":"MRC35056","TxRefAmp":245.214,"dataset":"MICs","modality":"T1w","run_id":2,"session_id":"01","subject_id":"sub-HC017"},"cjv":0.77093140190908738,"cnr":1.6737041786367215,"efc":0.6692808114839347,"fber":36.791622161865234,"fwhm_avg":3.1739957860371106,"fwhm_x":3.1397749532137076,"fwhm_y":3.231662451844477,"fwhm_z":3.1505499530531469,"icvs_csf":0.23549421726817726,"icvs_gm":0.43129145837029359,"icvs_wm":0.33321432436152915,"inu_med":1.3884644508361816,"inu_range":0.65509850382804835,"provenance":{"md5sum":"469ebf8485d6e8a0f6c912e4645e2944","settings":{"testing":false},"software":"mriqc","version":"0.15.2","warnings":{"large_rot_frame":false,"small_air_mask":false},"webapi_port":[],"webapi_url":"https://mriqc.nimh.nih.gov/api/v1"},"qi_1":0,"qi_2":0.0043696956287976631,"rpve_csf":20.618133310165327,"rpve_gm":11.44529739600098,"rpve_wm":16.156751009027655,"size_x":224,"size_y":320,"size_z":320,"snr_csf":1.2113422283789586,"snr_gm":8.02173784101479,"snr_total":8.0903049235298852,"snr_wm":15.037834701195909,"snrd_csf":44.053163009441761,"snrd_gm":78.62599479352015,"snrd_total":73.6920045116264,"snrd_wm":98.396855731917285,"spacing_x":0.800000011920929,"spacing_y":0.800000011920929,"spacing_z":0.800000011920929,"summary_bg_k":998.09161866860541,"summary_bg_mad":6.6583173362818719,"summary_bg_mean":134.30645751953125,"summary_bg_median":134.25341796875,"summary_bg_n":8.239399E+6,"summary_bg_p05":123.0496826171875,"summary_bg_p95":146.10795593261719,"summary_bg_stdv":8.2121047973632812,"summary_csf_k":7.6172571398883608,"summary_csf_mad":104.56811364309907,"summary_csf_mean":562.64825439453125,"summary_csf_median":447.72348022460938,"summary_csf_n":201981,"summary_csf_p05":324.79531860351562,"summary_csf_p95":1607.1695556640625,"summary_csf_stdv":369.60848999023438,"summary_gm_k":-0.063386659954085545,"summary_gm_mad":98.734077532913858,"summary_gm_mean":813.81396484375,"summary_gm_median":799.095947265625,"summary_gm_n":143886,"summary_gm_p05":671.30343627929688,"summary_gm_p95":994.14344787597656,"summary_gm_stdv":99.615966796875,"summary_wm_k":3.4114423080869187,"summary_wm_mad":56.17400995982193,"summary_wm_mean":1005.8731079101562,"summary_wm_median":1000.0322265625,"summary_wm_n":465292,"summary_wm_p05":910.43613891601558,"summary_wm_p95":1120.5572875976561,"summary_wm_stdv":66.501007080078125,"tpm_overlap_csf":0.085871890187263489,"tpm_overlap_gm":0.32470306754112244,"tpm_overlap_wm":0.42283591628074646,"wm2max":0.30777365959970254}