{"bids_meta":{"AcquisitionMatrixPE":320,"AcquisitionNumber":1,"AcquisitionTime":[],"BaseResolution":320,"BodyPartExamined":"BRAIN","ConsistencyInfo":"N4_VE11C_LATEST_20160120","ConversionSoftware":"dcm2niix","ConversionSoftwareVersion":"v1.0.20200427","DeviceSerialNumber":"167017","DwellTime":6.6E-6,"EchoTime":0.00314,"FlipAngle":9,"ImageOrientationPatientDICOM":[-0.030326,0.997738,0.0599944,-0.0191078,0.0594323,-0.998049],"ImageType":["ORIGINAL","PRIMARY","M","ND","NORM","FM","FIL"],"ImagingFrequency":123.25,"InPlanePhaseEncodingDirectionDICOM":"ROW","InstitutionAddress":[],"InstitutionName":[],"InstitutionalDepartmentName":[],"InversionTime":0.9,"MRAcquisitionType":"3D","MagneticFieldStrength":3,"Manufacturer":"Siemens","ManufacturersModelName":"Prisma_fit","Modality":"MR","ParallelReductionFactorInPlane":2,"PartialFourier":1,"PatientPosition":"HFS","PercentPhaseFOV":100,"PercentSampling":100,"PhaseEncodingSteps":319,"PhaseResolution":1,"PixelBandwidth":235,"ProcedureStepDescription":[],"ProtocolName":[],"PulseSequenceDetails":[],"ReceiveCoilActiveElements":"HC1-7","ReceiveCoilName":"HeadNeck_64","ReconMatrixPE":320,"RefLinesPE":32,"RepetitionTime":2.3,"SAR":0.0428084,"ScanOptions":"IR","ScanningSequence":"GR_IR","SequenceName":"_tfl3d1_16ns","SequenceVariant":"SK_SP_MP","SeriesDescription":[],"SeriesNumber":7,"ShimSetting":[317,-11664,-6441,347,70,-375,-31,-86],"SliceThickness":0.8,"SoftwareVersions":"syngo_MR_E11","StationName":"MRC35056","TxRefAmp":217.861,"dataset":"MICs","modality":"T1w","run_id":2,"session_id":"01","subject_id":"sub-HC015"},"cjv":0.550476609462572,"cnr":2.316839364805158,"efc":0.68071840286668051,"fber":24.506771087646484,"fwhm_avg":3.1981582856770614,"fwhm_x":3.2452999516412619,"fwhm_y":3.2286499518893668,"fwhm_z":3.1205249535005546,"icvs_csf":0.20281146177861131,"icvs_gm":0.43122576134233909,"icvs_wm":0.3659627768790496,"inu_med":1.5079903602600098,"inu_range":0.54266297817230225,"provenance":{"md5sum":"ea635aebe14d6325c1e3c5fe11c5fc8e","settings":{"testing":false},"software":"mriqc","version":"0.15.2","warnings":{"large_rot_frame":false,"small_air_mask":false},"webapi_port":[],"webapi_url":"https://mriqc.nimh.nih.gov/api/v1"},"qi_1":0,"qi_2":0.0049517844737908493,"rpve_csf":28.350625059809133,"rpve_gm":14.11269108134568,"rpve_wm":18.667962249564319,"size_x":224,"size_y":320,"size_z":320,"snr_csf":1.2330369462880597,"snr_gm":10.466936403043583,"snr_total":10.026527819023139,"snr_wm":18.379610107737776,"snrd_csf":35.301304816940153,"snrd_gm":64.575314962977643,"snrd_total":60.731700527916708,"snrd_wm":82.318481803832327,"spacing_x":0.800000011920929,"spacing_y":0.800000011920929,"spacing_z":0.800000011920929,"summary_bg_k":121.18488705952858,"summary_bg_mad":7.9588519483645452,"summary_bg_mean":160.60464477539062,"summary_bg_median":160.515625,"summary_bg_n":8.625835E+6,"summary_bg_p05":147.35661926269532,"summary_bg_p95":174.46079406738281,"summary_bg_stdv":8.83604907989502,"summary_csf_k":7.8801373727952591,"summary_csf_mad":93.871596520322953,"summary_csf_mean":533.6776123046875,"summary_csf_median":428.85400390625,"summary_csf_n":107189,"summary_csf_p05":308.61776733398438,"summary_csf_p95":1511.5633544921857,"summary_csf_stdv":347.80142211914062,"summary_gm_k":0.63700635546044149,"summary_gm_mad":69.60298903267099,"summary_gm_mean":790.68408203125,"summary_gm_median":784.486083984375,"summary_gm_n":84448,"summary_gm_p05":678.856689453125,"summary_gm_p95":924.56072082519518,"summary_gm_stdv":74.948524475097656,"summary_wm_k":2.0921774081665072,"summary_wm_mad":49.05274139368931,"summary_wm_mean":1003.5709838867188,"summary_wm_median":1000.0369873046875,"summary_wm_n":437799,"summary_wm_p05":922.58867797851565,"summary_wm_p95":1096.44931640625,"summary_wm_stdv":54.410068511962891,"tpm_overlap_csf":0.12619125843048096,"tpm_overlap_gm":0.38201054930686951,"tpm_overlap_wm":0.47865867614746094,"wm2max":0.35704175746418371}