{"aor":0.04276166666666667,"aqi":0.0086060633333333338,"bids_meta":{"AcquisitionMatrixPE":80,"AcquisitionNumber":1,"AcquisitionTime":[],"BandwidthPerPixelPhaseEncode":23.148,"BaseResolution":80,"BodyPartExamined":"BRAIN","ConsistencyInfo":"N4_VE11C_LATEST_20160120","ConversionSoftware":"dcm2niix","ConversionSoftwareVersion":"v1.0.20200427","DerivedVendorReportedEchoSpacing":0.000540003,"DeviceSerialNumber":"167017","DwellTime":3E-6,"EchoTime":0.048,"EchoTrainLength":80,"EffectiveEchoSpacing":0.000540003,"FlipAngle":90,"ImageComments":"Unaliased_MB6_PE3_LB","ImageOrientationPatientDICOM":[1,0,0,0,0.809017,-0.587785],"ImageType":["ORIGINAL","PRIMARY","M","ND","NORM","MOSAIC"],"ImagingFrequency":123.25,"InPlanePhaseEncodingDirectionDICOM":"COL","InstitutionAddress":[],"InstitutionName":[],"InstitutionalDepartmentName":[],"Instructions":"eyes closed","MRAcquisitionType":"2D","MagneticFieldStrength":3,"Manufacturer":"Siemens","ManufacturersModelName":"Prisma_fit","Modality":"MR","PartialFourier":1,"PatientPosition":"HFS","PercentPhaseFOV":100,"PercentSampling":100,"PhaseEncodingDirection":"j","PhaseEncodingSteps":80,"PhaseResolution":1,"PixelBandwidth":2085,"ProcedureStepDescription":[],"ProtocolName":[],"PulseSequenceDetails":[],"ReceiveCoilActiveElements":"HC1-7","ReceiveCoilName":"HeadNeck_64","ReconMatrixPE":80,"RepetitionTime":4.029,"SAR":0.22546,"ScanOptions":"FS","ScanningSequence":"EP","SequenceName":"epse2d1_80","SequenceVariant":"SK","SeriesDescription":[],"SeriesNumber":16,"ShimSetting":[318,-11602,-6373,392,-55,-202,6,29],"SliceThickness":3,"SliceTiming":[3.9275,3.8425,3.76,3.675,3.5925,3.51,3.425,3.3425,3.2575,3.175,3.0925,3.0075,2.925,2.84,2.7575,2.675,2.59,2.5075,2.4225,2.34,2.255,2.1725,2.09,2.005,1.9225,1.8375,1.755,1.6725,1.5875,1.505,1.42,1.3375,1.255,1.17,1.0875,1.0025,0.92,0.8375,0.7525,0.67,0.585,0.5025,0.42,0.335,0.2525,0.1675,0.085,0],"SoftwareVersions":"syngo_MR_E11","SpacingBetweenSlices":3,"StationName":"MRC35056","TaskName":"rest","TotalReadoutTime":0.0426603,"TxRefAmp":277.888,"WipMemBlock":"5d8ba146-9b59-4192-81b5-2d382da4a03e||Sequence: R016 ve11c/master r/34fb20f; Nov 20 2017 15:30:40 by eja","acq_id":"PAse","dataset":"MICs","modality":"bold","session_id":"01","subject_id":"sub-HC024","task_id":"rest"},"dummy_trs":0,"dvars_nstd":98.440335082,"dvars_std":2.7009451859999998,"dvars_vstd":19.806230926,"efc":0.50275169717195278,"fber":1003.426513671875,"fd_mean":0.19619245487735246,"fd_num":3,"fd_perc":50,"fwhm_avg":1.7855188888888887,"fwhm_x":1.8770499999999999,"fwhm_y":1.61779,"fwhm_z":1.8617166666666665,"gcor":0.00223317,"gsr_x":-0.01471761055290699,"gsr_y":0.02059515193104744,"provenance":{"md5sum":"ac98750f6a1012c8d0ea7809f50e78a9","settings":{"fd_thres":0.2,"hmc_fsl":false,"testing":false},"software":"mriqc","version":"0.15.2","webapi_port":[],"webapi_url":"https://mriqc.nimh.nih.gov/api/v1"},"size_t":6,"size_x":80,"size_y":80,"size_z":48,"snr":2.5656136204056486,"spacing_tr":4.0289998054504395,"spacing_x":3,"spacing_y":3,"spacing_z":3,"summary_bg_k":41.925364842458542,"summary_bg_mad":127.92520671748156,"summary_bg_mean":759.3985595703125,"summary_bg_median":281.94546508789062,"summary_bg_n":200567,"summary_bg_p05":153.46710662841798,"summary_bg_p95":3518.5634277343734,"summary_bg_stdv":1344.5909423828125,"summary_fg_k":10.926298783610619,"summary_fg_mad":2918.006939189524,"summary_fg_mean":10139.8876953125,"summary_fg_median":9543.662109375,"summary_fg_n":57032,"summary_fg_p05":6104.9244873046882,"summary_fg_p95":16401.209863281241,"summary_fg_stdv":3719.803466796875,"tsnr":48.151657104492188}