{"aor":0.00095961095100864549,"aqi":0.00899016544668588,"bids_meta":{"AcquisitionMatrixPE":80,"AcquisitionNumber":1,"AcquisitionTime":[],"BandwidthPerPixelPhaseEncode":23.148,"BaseResolution":80,"BodyPartExamined":"BRAIN","ConsistencyInfo":"N4_VE11C_LATEST_20160120","ConversionSoftware":"dcm2niix","ConversionSoftwareVersion":"v1.0.20200427","DerivedVendorReportedEchoSpacing":0.000540003,"DeviceSerialNumber":"167017","DwellTime":2.6E-6,"EchoTime":0.03,"EchoTrainLength":80,"EffectiveEchoSpacing":0.000540003,"FlipAngle":50,"ImageComments":"Unaliased_MB6_PE3_LB","ImageOrientationPatientDICOM":[1,0,0,0,0.809017,-0.587785],"ImageType":["ORIGINAL","PRIMARY","M","MB","ND","NORM","MOSAIC"],"ImagingFrequency":123.25,"InPlanePhaseEncodingDirectionDICOM":"COL","InstitutionAddress":[],"InstitutionName":[],"InstitutionalDepartmentName":[],"Instructions":"eyes closed","MRAcquisitionType":"2D","MagneticFieldStrength":3,"Manufacturer":"Siemens","ManufacturersModelName":"Prisma_fit","Modality":"MR","MultibandAccelerationFactor":6,"PartialFourier":1,"PatientPosition":"HFS","PercentPhaseFOV":100,"PercentSampling":100,"PhaseEncodingDirection":"j-","PhaseEncodingSteps":80,"PhaseResolution":1,"PixelBandwidth":2405,"ProcedureStepDescription":[],"ProtocolName":[],"PulseSequenceDetails":[],"ReceiveCoilActiveElements":"HC1-7","ReceiveCoilName":"HeadNeck_64","ReconMatrixPE":80,"RepetitionTime":0.6,"SAR":0.0653526,"ScanOptions":"FS","ScanningSequence":"EP","SequenceName":"epfid2d1_80","SequenceVariant":"SK_SS","SeriesDescription":[],"SeriesNumber":14,"ShimSetting":[318,-11602,-6373,392,-55,-202,6,29],"SliceThickness":3,"SliceTiming":[0.5075,0.435,0.3625,0.29,0.2175,0.145,0.0725,0,0.5075,0.435,0.3625,0.29,0.2175,0.145,0.0725,0,0.5075,0.435,0.3625,0.29,0.2175,0.145,0.0725,0,0.5075,0.435,0.3625,0.29,0.2175,0.145,0.0725,0,0.5075,0.435,0.3625,0.29,0.2175,0.145,0.0725,0,0.5075,0.435,0.3625,0.29,0.2175,0.145,0.0725,0],"SoftwareVersions":"syngo_MR_E11","SpacingBetweenSlices":3,"StationName":"MRC35056","TaskName":"rest","TotalReadoutTime":0.0426603,"TxRefAmp":277.888,"WipMemBlock":"3a8d71f8-f4c1-4cfb-82d8-7180e937fd2c||Sequence: R016 ve11c/master r/34fb20f; Nov 20 2017 15:15:15 by eja","acq_id":"AP","dataset":"MICs","modality":"bold","session_id":"01","subject_id":"sub-HC024","task_id":"rest"},"dummy_trs":6,"dvars_nstd":37.354262653520905,"dvars_std":1.2529947334632043,"dvars_vstd":1.0036468714285722,"efc":0.47357855422557055,"fber":6361.3505859375,"fd_mean":0.15327450248878202,"fd_num":152,"fd_perc":21.902017291066283,"fwhm_avg":2.3395566666666667,"fwhm_x":2.1991966666666669,"fwhm_y":2.4894366666666667,"fwhm_z":2.3300366666666665,"gcor":0.031837,"gsr_x":-0.014402722008526325,"gsr_y":0.0341825857758522,"provenance":{"md5sum":"743f00058ee07580348ac9bfa113b57b","settings":{"fd_thres":0.2,"hmc_fsl":false,"testing":false},"software":"mriqc","version":"0.15.2","webapi_port":[],"webapi_url":"https://mriqc.nimh.nih.gov/api/v1"},"size_t":694,"size_x":80,"size_y":80,"size_z":48,"snr":4.003507865173856,"spacing_tr":0.60000002384185791,"spacing_x":3,"spacing_y":3,"spacing_z":3,"summary_bg_k":26.940208339197998,"summary_bg_mad":54.293361079411326,"summary_bg_mean":260.16513061523438,"summary_bg_median":75.1541748046875,"summary_bg_n":199034,"summary_bg_p05":30.7867431640625,"summary_bg_p95":1206.5030883789045,"summary_bg_stdv":509.19097900390625,"summary_fg_k":2.6269150148251086,"summary_fg_mad":1341.8295722146138,"summary_fg_mean":6383.31982421875,"summary_fg_median":6299.66259765625,"summary_fg_n":57779,"summary_fg_p05":4243.78447265625,"summary_fg_p95":8876.84453125,"summary_fg_stdv":1573.5220947265625,"tsnr":42.1057417280972}