{"aor":0.043501666666666668,"aqi":0.010700378333333331,"bids_meta":{"AcquisitionMatrixPE":80,"AcquisitionNumber":1,"AcquisitionTime":[],"BandwidthPerPixelPhaseEncode":23.148,"BaseResolution":80,"BodyPartExamined":"BRAIN","ConsistencyInfo":"N4_VE11C_LATEST_20160120","ConversionSoftware":"dcm2niix","ConversionSoftwareVersion":"v1.0.20200427","DerivedVendorReportedEchoSpacing":0.000540003,"DeviceSerialNumber":"167017","DwellTime":3E-6,"EchoTime":0.048,"EchoTrainLength":80,"EffectiveEchoSpacing":0.000540003,"FlipAngle":90,"ImageComments":"Unaliased_MB6_PE3_LB","ImageOrientationPatientDICOM":[1,0,0,0,0.809017,-0.587785],"ImageType":["ORIGINAL","PRIMARY","M","ND","NORM","MOSAIC"],"ImagingFrequency":123.25,"InPlanePhaseEncodingDirectionDICOM":"COL","InstitutionAddress":[],"InstitutionName":[],"InstitutionalDepartmentName":[],"Instructions":"eyes closed","MRAcquisitionType":"2D","MagneticFieldStrength":3,"Manufacturer":"Siemens","ManufacturersModelName":"Prisma_fit","Modality":"MR","PartialFourier":1,"PatientPosition":"HFS","PercentPhaseFOV":100,"PercentSampling":100,"PhaseEncodingDirection":"j-","PhaseEncodingSteps":80,"PhaseResolution":1,"PixelBandwidth":2085,"ProcedureStepDescription":[],"ProtocolName":[],"PulseSequenceDetails":[],"ReceiveCoilActiveElements":"HC1-7","ReceiveCoilName":"HeadNeck_64","ReconMatrixPE":80,"RepetitionTime":4.029,"SAR":0.22546,"ScanOptions":"FS","ScanningSequence":"EP","SequenceName":"epse2d1_80","SequenceVariant":"SK","SeriesDescription":[],"SeriesNumber":15,"ShimSetting":[318,-11602,-6373,392,-55,-202,6,29],"SliceThickness":3,"SliceTiming":[3.925,3.8425,3.7575,3.675,3.5925,3.5075,3.425,3.34,3.2575,3.175,3.09,3.0075,2.9225,2.84,2.7575,2.6725,2.59,2.505,2.4225,2.3375,2.255,2.1725,2.0875,2.005,1.92,1.8375,1.755,1.67,1.5875,1.5025,1.42,1.3375,1.2525,1.17,1.085,1.0025,0.92,0.835,0.7525,0.6675,0.585,0.5,0.4175,0.335,0.25,0.1675,0.0825,0],"SoftwareVersions":"syngo_MR_E11","SpacingBetweenSlices":3,"StationName":"MRC35056","TaskName":"rest","TotalReadoutTime":0.0426603,"TxRefAmp":277.888,"WipMemBlock":"8e6c6a48-5e98-4d70-96b2-6d02610ea957||Sequence: R016 ve11c/master r/34fb20f; Nov 20 2017 15:30:40 by eja","acq_id":"APse","dataset":"MICs","modality":"bold","session_id":"01","subject_id":"sub-HC024","task_id":"rest"},"dummy_trs":0,"dvars_nstd":96.502001952,"dvars_std":2.69963293,"dvars_vstd":115.351892376,"efc":0.51940114271904625,"fber":873.79052734375,"fd_mean":0.48477173530850848,"fd_num":4,"fd_perc":66.666666666666671,"fwhm_avg":1.8241322222222223,"fwhm_x":1.8478033333333332,"fwhm_y":1.7815933333333334,"fwhm_z":1.843,"gcor":0.00598182,"gsr_x":-0.018476011231541634,"gsr_y":0.026213396340608597,"provenance":{"md5sum":"dd5227172bd0d800581c1ae53b123f8f","settings":{"fd_thres":0.2,"hmc_fsl":false,"testing":false},"software":"mriqc","version":"0.15.2","webapi_port":[],"webapi_url":"https://mriqc.nimh.nih.gov/api/v1"},"size_t":6,"size_x":80,"size_y":80,"size_z":48,"snr":2.6648865959445556,"spacing_tr":4.0289998054504395,"spacing_x":3,"spacing_y":3,"spacing_z":3,"summary_bg_k":22.453138898936675,"summary_bg_mad":125.05060625210602,"summary_bg_mean":735.20843505859375,"summary_bg_median":276.98333740234375,"summary_bg_n":195638,"summary_bg_p05":154.31728363037109,"summary_bg_p95":3474.7298828124981,"summary_bg_stdv":1318.4652099609375,"summary_fg_k":18.933966767087039,"summary_fg_mad":2430.7002758728122,"summary_fg_mean":9245.51953125,"summary_fg_median":8720.4677734375,"summary_fg_n":61065,"summary_fg_p05":5633.61474609375,"summary_fg_p95":14797.818359374998,"summary_fg_stdv":3272.3330078125,"tsnr":41.095783233642578}