{"aor":0.070258000000000015,"aqi":0.00346775,"bids_meta":{"AcquisitionMatrixPE":80,"AcquisitionNumber":1,"AcquisitionTime":[],"BandwidthPerPixelPhaseEncode":23.148,"BaseResolution":80,"BodyPartExamined":"BRAIN","ConsistencyInfo":"N4_VE11C_LATEST_20160120","ConversionSoftware":"dcm2niix","ConversionSoftwareVersion":"v1.0.20200427","DerivedVendorReportedEchoSpacing":0.000540003,"DeviceSerialNumber":"167017","DwellTime":3E-6,"EchoTime":0.048,"EchoTrainLength":80,"EffectiveEchoSpacing":0.000540003,"FlipAngle":90,"ImageComments":"Unaliased_MB6_PE3_LB","ImageOrientationPatientDICOM":[1,0,0,0,0.857167,-0.515038],"ImageType":["ORIGINAL","PRIMARY","M","ND","NORM","MOSAIC"],"ImagingFrequency":123.25,"InPlanePhaseEncodingDirectionDICOM":"COL","InstitutionAddress":[],"InstitutionName":[],"InstitutionalDepartmentName":[],"Instructions":"eyes closed","MRAcquisitionType":"2D","MagneticFieldStrength":3,"Manufacturer":"Siemens","ManufacturersModelName":"Prisma_fit","Modality":"MR","PartialFourier":1,"PatientPosition":"HFS","PercentPhaseFOV":100,"PercentSampling":100,"PhaseEncodingDirection":"j","PhaseEncodingSteps":80,"PhaseResolution":1,"PixelBandwidth":2085,"ProcedureStepDescription":[],"ProtocolName":[],"PulseSequenceDetails":[],"ReceiveCoilActiveElements":"HC1-7","ReceiveCoilName":"HeadNeck_64","ReconMatrixPE":80,"RepetitionTime":4.029,"SAR":0.192102,"ScanOptions":"FS","ScanningSequence":"EP","SequenceName":"epse2d1_80","SequenceVariant":"SK","SeriesDescription":[],"SeriesNumber":16,"ShimSetting":[319,-11601,-6381,421,33,-95,-71,12],"SliceThickness":3,"SliceTiming":[3.925,3.8425,3.7575,3.675,3.59,3.5075,3.425,3.34,3.2575,3.1725,3.09,3.0075,2.9225,2.84,2.755,2.6725,2.59,2.505,2.4225,2.3375,2.255,2.17,2.0875,2.005,1.92,1.8375,1.7525,1.67,1.5875,1.5025,1.42,1.335,1.2525,1.17,1.085,1.0025,0.9175,0.835,0.7525,0.6675,0.585,0.5,0.4175,0.335,0.25,0.1675,0.0825,0],"SoftwareVersions":"syngo_MR_E11","SpacingBetweenSlices":3,"StationName":"MRC35056","TaskName":"rest","TotalReadoutTime":0.0426603,"TxRefAmp":229.359,"WipMemBlock":"37e7f1ba-65fa-4bbd-8871-5062f5dea187||Sequence: R016 ve11c/master r/34fb20f; Nov 20 2017 15:30:40 by eja","acq_id":"PAse","dataset":"MICs","modality":"bold","session_id":"01","subject_id":"sub-HC043","task_id":"rest"},"dummy_trs":1,"dvars_nstd":65.786828042499991,"dvars_std":2.5222177475,"dvars_vstd":4.86029315,"efc":0.46622181193269518,"fber":961.1207275390625,"fd_mean":0.0555548660228528,"fd_num":0,"fd_perc":0,"fwhm_avg":1.8425666666666667,"fwhm_x":1.94465,"fwhm_y":1.6548866666666668,"fwhm_z":1.9281633333333332,"gcor":0.00122546,"gsr_x":-0.016820227727293968,"gsr_y":0.0025278609246015549,"provenance":{"md5sum":"e6f1078a769d431a14bf303f19e67859","settings":{"fd_thres":0.2,"hmc_fsl":false,"testing":false},"software":"mriqc","version":"0.15.2","webapi_port":[],"webapi_url":"https://mriqc.nimh.nih.gov/api/v1"},"size_t":5,"size_x":80,"size_y":80,"size_z":48,"snr":2.1948797665811557,"spacing_tr":4.0289998054504395,"spacing_x":3,"spacing_y":3,"spacing_z":3,"summary_bg_k":157.60571259900937,"summary_bg_mad":121.35682598275713,"summary_bg_mean":592.6331787109375,"summary_bg_median":281.40350341796875,"summary_bg_n":206270,"summary_bg_p05":147.21534423828126,"summary_bg_p95":2774.13310546875,"summary_bg_stdv":1020.45751953125,"summary_fg_k":10.816200391780367,"summary_fg_mad":3119.8337674156764,"summary_fg_mean":10190.783203125,"summary_fg_median":9343.8359375,"summary_fg_n":52399,"summary_fg_p05":5506.1898925781252,"summary_fg_p95":17537.228906249995,"summary_fg_stdv":4257.0654296875,"tsnr":77.562690734863281}