{"aor":0.041353333333333332,"aqi":0.0043352650000000005,"bids_meta":{"AcquisitionMatrixPE":80,"AcquisitionNumber":1,"AcquisitionTime":[],"BandwidthPerPixelPhaseEncode":23.148,"BaseResolution":80,"BodyPartExamined":"BRAIN","ConsistencyInfo":"N4_VE11C_LATEST_20160120","ConversionSoftware":"dcm2niix","ConversionSoftwareVersion":"v1.0.20200427","DerivedVendorReportedEchoSpacing":0.000540003,"DeviceSerialNumber":"167017","DwellTime":3E-6,"EchoTime":0.048,"EchoTrainLength":80,"EffectiveEchoSpacing":0.000540003,"FlipAngle":90,"ImageComments":"Unaliased_MB6_PE3_LB","ImageOrientationPatientDICOM":[1,0,0,0,0.857167,-0.515038],"ImageType":["ORIGINAL","PRIMARY","M","ND","NORM","MOSAIC"],"ImagingFrequency":123.25,"InPlanePhaseEncodingDirectionDICOM":"COL","InstitutionAddress":[],"InstitutionName":[],"InstitutionalDepartmentName":[],"Instructions":"eyes closed","MRAcquisitionType":"2D","MagneticFieldStrength":3,"Manufacturer":"Siemens","ManufacturersModelName":"Prisma_fit","Modality":"MR","PartialFourier":1,"PatientPosition":"HFS","PercentPhaseFOV":100,"PercentSampling":100,"PhaseEncodingDirection":"j-","PhaseEncodingSteps":80,"PhaseResolution":1,"PixelBandwidth":2085,"ProcedureStepDescription":[],"ProtocolName":[],"PulseSequenceDetails":[],"ReceiveCoilActiveElements":"HC1-7","ReceiveCoilName":"HeadNeck_64","ReconMatrixPE":80,"RepetitionTime":4.029,"SAR":0.192102,"ScanOptions":"FS","ScanningSequence":"EP","SequenceName":"epse2d1_80","SequenceVariant":"SK","SeriesDescription":[],"SeriesNumber":15,"ShimSetting":[319,-11601,-6381,421,33,-95,-71,12],"SliceThickness":3,"SliceTiming":[3.925,3.8425,3.76,3.675,3.5925,3.5075,3.425,3.34,3.2575,3.175,3.09,3.0075,2.9225,2.84,2.7575,2.6725,2.59,2.505,2.4225,2.34,2.255,2.1725,2.0875,2.005,1.9225,1.8375,1.755,1.67,1.5875,1.5025,1.42,1.3375,1.2525,1.17,1.085,1.0025,0.92,0.835,0.7525,0.6675,0.585,0.5025,0.4175,0.335,0.25,0.1675,0.085,0],"SoftwareVersions":"syngo_MR_E11","SpacingBetweenSlices":3,"StationName":"MRC35056","TaskName":"rest","TotalReadoutTime":0.0426603,"TxRefAmp":229.359,"WipMemBlock":"8bcb2a95-0ad0-412e-907c-097a49c79fec||Sequence: R016 ve11c/master r/34fb20f; Nov 20 2017 15:30:40 by eja","acq_id":"APse","dataset":"MICs","modality":"bold","session_id":"01","subject_id":"sub-HC043","task_id":"rest"},"dummy_trs":0,"dvars_nstd":68.024004363999993,"dvars_std":2.919668056,"dvars_vstd":4.465391636,"efc":0.46898820751957859,"fber":955.3819580078125,"fd_mean":0.10547737066092808,"fd_num":0,"fd_perc":0,"fwhm_avg":1.8297933333333332,"fwhm_x":1.9121366666666668,"fwhm_y":1.7236333333333331,"fwhm_z":1.85361,"gcor":0.00638218,"gsr_x":-0.016965942457318306,"gsr_y":0.004841669462621212,"provenance":{"md5sum":"7c16c543332b81fc579159168f70b64c","settings":{"fd_thres":0.2,"hmc_fsl":false,"testing":false},"software":"mriqc","version":"0.15.2","webapi_port":[],"webapi_url":"https://mriqc.nimh.nih.gov/api/v1"},"size_t":6,"size_x":80,"size_y":80,"size_z":48,"snr":2.3047558272751232,"spacing_tr":4.0289998054504395,"spacing_x":3,"spacing_y":3,"spacing_z":3,"summary_bg_k":177.11486633596473,"summary_bg_mad":126.84801485445584,"summary_bg_mean":590.00738525390625,"summary_bg_median":279.72430419921875,"summary_bg_n":205848,"summary_bg_p05":147.88890075683594,"summary_bg_p95":2582.6058227539056,"summary_bg_stdv":1106.0684814453125,"summary_fg_k":18.490777550509677,"summary_fg_mad":2768.2054770444333,"summary_fg_mean":10091.84375,"summary_fg_median":9243.17578125,"summary_fg_n":52770,"summary_fg_p05":5871.39892578125,"summary_fg_p95":17306.256445312498,"summary_fg_stdv":4010.44140625,"tsnr":70.357650756835938}