{"aor":0.00065842939481268025,"aqi":0.0049428188184438039,"bids_meta":{"AcquisitionMatrixPE":80,"AcquisitionNumber":1,"AcquisitionTime":[],"BandwidthPerPixelPhaseEncode":23.148,"BaseResolution":80,"BodyPartExamined":"BRAIN","ConsistencyInfo":"N4_VE11C_LATEST_20160120","ConversionSoftware":"dcm2niix","ConversionSoftwareVersion":"v1.0.20200427","DerivedVendorReportedEchoSpacing":0.000540003,"DeviceSerialNumber":"167017","DwellTime":2.6E-6,"EchoTime":0.03,"EchoTrainLength":80,"EffectiveEchoSpacing":0.000540003,"FlipAngle":50,"ImageComments":"Unaliased_MB6_PE3_LB","ImageOrientationPatientDICOM":[1,0,0,0,0.857167,-0.515038],"ImageType":["ORIGINAL","PRIMARY","M","MB","ND","NORM","MOSAIC"],"ImagingFrequency":123.25,"InPlanePhaseEncodingDirectionDICOM":"COL","InstitutionAddress":[],"InstitutionName":[],"InstitutionalDepartmentName":[],"Instructions":"eyes closed","MRAcquisitionType":"2D","MagneticFieldStrength":3,"Manufacturer":"Siemens","ManufacturersModelName":"Prisma_fit","Modality":"MR","MultibandAccelerationFactor":6,"PartialFourier":1,"PatientPosition":"HFS","PercentPhaseFOV":100,"PercentSampling":100,"PhaseEncodingDirection":"j-","PhaseEncodingSteps":80,"PhaseResolution":1,"PixelBandwidth":2405,"ProcedureStepDescription":[],"ProtocolName":[],"PulseSequenceDetails":[],"ReceiveCoilActiveElements":"HC1-7","ReceiveCoilName":"HeadNeck_64","ReconMatrixPE":80,"RepetitionTime":0.6,"SAR":0.0569107,"ScanOptions":"FS","ScanningSequence":"EP","SequenceName":"epfid2d1_80","SequenceVariant":"SK_SS","SeriesDescription":[],"SeriesNumber":14,"ShimSetting":[319,-11601,-6381,421,33,-95,-71,12],"SliceThickness":3,"SliceTiming":[0.5075,0.435,0.3625,0.29,0.2175,0.145,0.0725,0,0.5075,0.435,0.3625,0.29,0.2175,0.145,0.0725,0,0.5075,0.435,0.3625,0.29,0.2175,0.145,0.0725,0,0.5075,0.435,0.3625,0.29,0.2175,0.145,0.0725,0,0.5075,0.435,0.3625,0.29,0.2175,0.145,0.0725,0,0.5075,0.435,0.3625,0.29,0.2175,0.145,0.0725,0],"SoftwareVersions":"syngo_MR_E11","SpacingBetweenSlices":3,"StationName":"MRC35056","TaskName":"rest","TotalReadoutTime":0.0426603,"TxRefAmp":229.359,"WipMemBlock":"fdb8a3a7-00f7-4303-9363-d4a4ef28a908||Sequence: R016 ve11c/master r/34fb20f; Nov 20 2017 15:15:15 by eja","acq_id":"AP","dataset":"MICs","modality":"bold","session_id":"01","subject_id":"sub-HC043","task_id":"rest"},"dummy_trs":6,"dvars_nstd":29.395031553376612,"dvars_std":1.1956191210101004,"dvars_vstd":1.011667030505051,"efc":0.4256252338437172,"fber":8734.41015625,"fd_mean":0.1250901277756919,"fd_num":115,"fd_perc":16.570605187319885,"fwhm_avg":2.2573144444444444,"fwhm_x":2.1460166666666667,"fwhm_y":2.3218966666666669,"fwhm_z":2.30403,"gcor":0.00918195,"gsr_x":-0.008134748786687851,"gsr_y":0.012221211567521095,"provenance":{"md5sum":"791de5c9ca2c0e9811ae0e96f66ab82f","settings":{"fd_thres":0.2,"hmc_fsl":false,"testing":false},"software":"mriqc","version":"0.15.2","webapi_port":[],"webapi_url":"https://mriqc.nimh.nih.gov/api/v1"},"size_t":694,"size_x":80,"size_y":80,"size_z":48,"snr":3.7891775663886085,"spacing_tr":0.60000002384185791,"spacing_x":3,"spacing_y":3,"spacing_z":3,"summary_bg_k":41.824381009346951,"summary_bg_mad":45.039918637203129,"summary_bg_mean":191.52369689941406,"summary_bg_median":69.275215148925781,"summary_bg_n":209223,"summary_bg_p05":29.389047622680664,"summary_bg_p95":777.70042114257808,"summary_bg_stdv":409.79208374023438,"summary_fg_k":2.1717491068182477,"summary_fg_mad":1482.2641446598782,"summary_fg_mean":6886.84033203125,"summary_fg_median":6755.7705078125,"summary_fg_n":49723,"summary_fg_p05":4487.9422363281255,"summary_fg_p95":9946.2297851562471,"summary_fg_stdv":1782.8941650390625,"tsnr":52.783634190447628}