{"Modality":"MR","MagneticFieldStrength":3,"ImagingFrequency":123.25,"Manufacturer":"Siemens","ManufacturersModelName":"Prisma_fit","InstitutionName":[],"InstitutionalDepartmentName":[],"InstitutionAddress":[],"DeviceSerialNumber":"167017","StationName":"MRC35056","BodyPartExamined":"BRAIN","PatientPosition":"HFS","ProcedureStepDescription":[],"SoftwareVersions":"syngo_MR_E11","MRAcquisitionType":"2D","SeriesDescription":[],"ProtocolName":[],"ScanningSequence":"EP","SequenceVariant":"SK","ScanOptions":"FS","SequenceName":"epse2d1_80","ImageType":["ORIGINAL","PRIMARY","M","ND","NORM","MOSAIC"],"SeriesNumber":16,"AcquisitionTime":[],"AcquisitionNumber":1,"SliceThickness":3,"SpacingBetweenSlices":3,"SAR":0.15075,"EchoTime":0.048,"RepetitionTime":4.029,"FlipAngle":90,"PartialFourier":1,"BaseResolution":80,"ShimSetting":[324,-11639,-6400,519,91,-78,-82,-38],"TxRefAmp":217.861,"PhaseResolution":1,"ReceiveCoilName":"HeadNeck_64","ReceiveCoilActiveElements":"HC1-7","PulseSequenceDetails":[],"WipMemBlock":"7b5e381c-6779-42d7-a7e8-b9f79cc2bc15||Sequence: R016 ve11c/master r/34fb20f; Nov 20 2017 15:30:40 by eja","ConsistencyInfo":"N4_VE11C_LATEST_20160120","PercentPhaseFOV":100,"EchoTrainLength":80,"PhaseEncodingSteps":80,"AcquisitionMatrixPE":80,"ReconMatrixPE":80,"BandwidthPerPixelPhaseEncode":23.148,"EffectiveEchoSpacing":0.000540003,"DerivedVendorReportedEchoSpacing":0.000540003,"TotalReadoutTime":0.0426603,"PixelBandwidth":2085,"DwellTime":3E-6,"PhaseEncodingDirection":"j","SliceTiming":[3.925,3.84,3.7575,3.6725,3.59,3.5075,3.4225,3.34,3.255,3.1725,3.09,3.005,2.9225,2.8375,2.755,2.6725,2.5875,2.505,2.42,2.3375,2.255,2.17,2.0875,2.0025,1.92,1.8375,1.7525,1.67,1.585,1.5025,1.4175,1.335,1.2525,1.1675,1.085,1,0.9175,0.835,0.75,0.6675,0.5825,0.5,0.4175,0.3325,0.25,0.165,0.0825,0],"ImageOrientationPatientDICOM":[1,0,0,0,0.809017,-0.587785],"InPlanePhaseEncodingDirectionDICOM":"COL","ConversionSoftware":"dcm2niix","ConversionSoftwareVersion":"v1.0.20190902"}