{"aor":0.069478000000000012,"aqi":0.002639198,"bids_meta":{"AcquisitionMatrixPE":80,"AcquisitionNumber":1,"AcquisitionTime":[],"BandwidthPerPixelPhaseEncode":23.148,"BaseResolution":80,"BodyPartExamined":"BRAIN","ConsistencyInfo":"N4_VE11C_LATEST_20160120","ConversionSoftware":"dcm2niix","ConversionSoftwareVersion":"v1.0.20200427","DerivedVendorReportedEchoSpacing":0.000540003,"DeviceSerialNumber":"167017","DwellTime":3E-6,"EchoTime":0.048,"EchoTrainLength":80,"EffectiveEchoSpacing":0.000540003,"FlipAngle":90,"ImageComments":"Unaliased_MB6_PE3_LB","ImageOrientationPatientDICOM":[1,-0.00055754,0.000420146,0.000698121,0.798635,-0.601815],"ImageType":["ORIGINAL","PRIMARY","M","ND","NORM","MOSAIC"],"ImagingFrequency":123.25,"InPlanePhaseEncodingDirectionDICOM":"COL","InstitutionAddress":[],"InstitutionName":[],"InstitutionalDepartmentName":[],"Instructions":"eyes closed","MRAcquisitionType":"2D","MagneticFieldStrength":3,"Manufacturer":"Siemens","ManufacturersModelName":"Prisma_fit","Modality":"MR","PartialFourier":1,"PatientPosition":"HFS","PercentPhaseFOV":100,"PercentSampling":100,"PhaseEncodingDirection":"j-","PhaseEncodingSteps":80,"PhaseResolution":1,"PixelBandwidth":2085,"ProcedureStepDescription":[],"ProtocolName":[],"PulseSequenceDetails":[],"ReceiveCoilActiveElements":"HC1-7","ReceiveCoilName":"HeadNeck_64","ReconMatrixPE":80,"RepetitionTime":4.029,"SAR":0.206022,"ScanOptions":"FS","ScanningSequence":"EP","SequenceName":"epse2d1_80","SequenceVariant":"SK","SeriesDescription":[],"SeriesNumber":15,"ShimSetting":[321,-11588,-6440,546,20,-189,-43,16],"SliceThickness":3,"SliceTiming":[3.925,3.84,3.7575,3.675,3.59,3.5075,3.4225,3.34,3.2575,3.1725,3.09,3.005,2.9225,2.84,2.755,2.6725,2.5875,2.505,2.42,2.3375,2.255,2.17,2.0875,2.0025,1.92,1.8375,1.7525,1.67,1.585,1.5025,1.42,1.335,1.2525,1.1675,1.085,1.0025,0.9175,0.835,0.75,0.6675,0.585,0.5,0.4175,0.3325,0.25,0.165,0.0825,0],"SoftwareVersions":"syngo_MR_E11","SpacingBetweenSlices":3,"StationName":"MRC35056","TaskName":"rest","TotalReadoutTime":0.0426603,"TxRefAmp":250.359,"WipMemBlock":"fea087f0-e73c-4211-9fca-c5bf46a169b9||Sequence: R016 ve11c/master r/34fb20f; Nov 20 2017 15:30:40 by eja","acq_id":"APse","dataset":"MICs","modality":"bold","session_id":"01","subject_id":"sub-HC010","task_id":"rest"},"dummy_trs":1,"dvars_nstd":51.6666221625,"dvars_std":2.0304533225,"dvars_vstd":3.3952958575,"efc":0.51227183653284269,"fber":827.1890869140625,"fd_mean":0.11875389172667641,"fd_num":0,"fd_perc":0,"fwhm_avg":1.8478455555555557,"fwhm_x":1.8551900000000001,"fwhm_y":1.80781,"fwhm_z":1.8805366666666667,"gcor":0.00167361,"gsr_x":-0.027737077325582504,"gsr_y":0.038392324000597,"provenance":{"md5sum":"967561242aeb0ca6701fea1b173497c3","settings":{"fd_thres":0.2,"hmc_fsl":false,"testing":false},"software":"mriqc","version":"0.15.2","webapi_port":[],"webapi_url":"https://mriqc.nimh.nih.gov/api/v1"},"size_t":5,"size_x":80,"size_y":80,"size_z":48,"snr":2.2923539368904824,"spacing_tr":4.0289998054504395,"spacing_x":3,"spacing_y":3,"spacing_z":3,"summary_bg_k":22.874097349576221,"summary_bg_mad":88.95313560066279,"summary_bg_mean":554.17626953125,"summary_bg_median":244.88705444335938,"summary_bg_n":191722,"summary_bg_p05":141.04547805786135,"summary_bg_p95":2708.2764282226517,"summary_bg_stdv":968.3455810546875,"summary_fg_k":22.58250817690999,"summary_fg_mad":2214.9823770071116,"summary_fg_mean":8175.76611328125,"summary_fg_median":7487.47509765625,"summary_fg_n":64747,"summary_fg_p05":4681.2806152343746,"summary_fg_p95":14070.903222656249,"summary_fg_stdv":3266.257080078125,"tsnr":78.390914916992188}