{"aor":0.052945000000000013,"aqi":0.0045115533333333338,"bids_meta":{"AcquisitionMatrixPE":80,"AcquisitionNumber":1,"AcquisitionTime":[],"BandwidthPerPixelPhaseEncode":23.148,"BaseResolution":80,"BodyPartExamined":"BRAIN","ConsistencyInfo":"N4_VE11C_LATEST_20160120","ConversionSoftware":"dcm2niix","ConversionSoftwareVersion":"v1.0.20200427","DerivedVendorReportedEchoSpacing":0.000540003,"DeviceSerialNumber":"167017","DwellTime":3E-6,"EchoTime":0.048,"EchoTrainLength":80,"EffectiveEchoSpacing":0.000540003,"FlipAngle":90,"ImageComments":"Unaliased_MB6_PE3_LB","ImageOrientationPatientDICOM":[1,0,0,0,0.798635,-0.601815],"ImageType":["ORIGINAL","PRIMARY","M","ND","NORM","MOSAIC"],"ImagingFrequency":123.25,"InPlanePhaseEncodingDirectionDICOM":"COL","InstitutionAddress":[],"InstitutionName":[],"InstitutionalDepartmentName":[],"Instructions":"eyes closed","MRAcquisitionType":"2D","MagneticFieldStrength":3,"Manufacturer":"Siemens","ManufacturersModelName":"Prisma_fit","Modality":"MR","PartialFourier":1,"PatientPosition":"HFS","PercentPhaseFOV":100,"PercentSampling":100,"PhaseEncodingDirection":"j","PhaseEncodingSteps":80,"PhaseResolution":1,"PixelBandwidth":2085,"ProcedureStepDescription":[],"ProtocolName":[],"PulseSequenceDetails":[],"ReceiveCoilActiveElements":"HC1-7","ReceiveCoilName":"HeadNeck_64","ReconMatrixPE":80,"RepetitionTime":4.029,"SAR":0.206022,"ScanOptions":"FS","ScanningSequence":"EP","SequenceName":"epse2d1_80","SequenceVariant":"SK","SeriesDescription":[],"SeriesNumber":16,"ShimSetting":[321,-11588,-6440,546,20,-189,-43,16],"SliceThickness":3,"SliceTiming":[3.925,3.8425,3.7575,3.675,3.5925,3.5075,3.425,3.34,3.2575,3.175,3.09,3.0075,2.9225,2.84,2.7575,2.6725,2.59,2.505,2.4225,2.3375,2.255,2.1725,2.0875,2.005,1.92,1.8375,1.755,1.67,1.5875,1.5025,1.42,1.3375,1.2525,1.17,1.085,1.0025,0.92,0.835,0.7525,0.6675,0.585,0.5,0.4175,0.335,0.25,0.1675,0.0825,0],"SoftwareVersions":"syngo_MR_E11","SpacingBetweenSlices":3,"StationName":"MRC35056","TaskName":"rest","TotalReadoutTime":0.0426603,"TxRefAmp":250.359,"WipMemBlock":"54e85406-5790-42b1-beaa-e1b1d53cf8c1||Sequence: R016 ve11c/master r/34fb20f; Nov 20 2017 15:30:40 by eja","acq_id":"PAse","dataset":"MICs","modality":"bold","session_id":"01","subject_id":"sub-HC010","task_id":"rest"},"dummy_trs":0,"dvars_nstd":62.511894989999995,"dvars_std":2.55865295,"dvars_vstd":5.2067266460000008,"efc":0.49647095356583754,"fber":929.5404052734375,"fd_mean":0.10063045946109735,"fd_num":0,"fd_perc":0,"fwhm_avg":1.82711,"fwhm_x":1.86841,"fwhm_y":1.6418166666666665,"fwhm_z":1.9711033333333334,"gcor":0.00114424,"gsr_x":-0.026510175317525864,"gsr_y":0.033107902854681015,"provenance":{"md5sum":"f3ed4fc124b4655a12881410f498f41e","settings":{"fd_thres":0.2,"hmc_fsl":false,"testing":false},"software":"mriqc","version":"0.15.2","webapi_port":[],"webapi_url":"https://mriqc.nimh.nih.gov/api/v1"},"size_t":6,"size_x":80,"size_y":80,"size_z":48,"snr":2.155134745024136,"spacing_tr":4.0289998054504395,"spacing_x":3,"spacing_y":3,"spacing_z":3,"summary_bg_k":17.992562303528882,"summary_bg_mad":89.423111183370679,"summary_bg_mean":561.3553466796875,"summary_bg_median":245.50120544433594,"summary_bg_n":196162,"summary_bg_p05":140.338215637207,"summary_bg_p95":2746.6720703124984,"summary_bg_stdv":946.82293701171875,"summary_fg_k":16.768364008448486,"summary_fg_mad":2623.9221474240294,"summary_fg_mean":8656.005859375,"summary_fg_median":8000.87109375,"summary_fg_n":61648,"summary_fg_p05":4412.5541015625,"summary_fg_p95":14919.112402343751,"summary_fg_stdv":3712.43896484375,"tsnr":59.055496215820312}