{"aor":0.00091817266187050359,"aqi":0.0052982911223021581,"bids_meta":{"AcquisitionMatrixPE":80,"AcquisitionNumber":1,"AcquisitionTime":[],"BandwidthPerPixelPhaseEncode":23.148,"BaseResolution":80,"BodyPartExamined":"BRAIN","ConsistencyInfo":"N4_VE11C_LATEST_20160120","ConversionSoftware":"dcm2niix","ConversionSoftwareVersion":"v1.0.20200427","DerivedVendorReportedEchoSpacing":0.000540003,"DeviceSerialNumber":"167017","DwellTime":2.6E-6,"EchoTime":0.03,"EchoTrainLength":80,"EffectiveEchoSpacing":0.000540003,"FlipAngle":50,"ImageComments":"Unaliased_MB6_PE3_LB","ImageOrientationPatientDICOM":[1,-0.00055754,0.000420146,0.000698121,0.798635,-0.601815],"ImageType":["ORIGINAL","PRIMARY","M","MB","ND","NORM","MOSAIC"],"ImagingFrequency":123.25,"InPlanePhaseEncodingDirectionDICOM":"COL","InstitutionAddress":[],"InstitutionName":[],"InstitutionalDepartmentName":[],"Instructions":"eyes closed","MRAcquisitionType":"2D","MagneticFieldStrength":3,"Manufacturer":"Siemens","ManufacturersModelName":"Prisma_fit","Modality":"MR","MultibandAccelerationFactor":6,"PartialFourier":1,"PatientPosition":"HFS","PercentPhaseFOV":100,"PercentSampling":100,"PhaseEncodingDirection":"j-","PhaseEncodingSteps":80,"PhaseResolution":1,"PixelBandwidth":2405,"ProcedureStepDescription":[],"ProtocolName":[],"PulseSequenceDetails":[],"ReceiveCoilActiveElements":"HC1-7","ReceiveCoilName":"HeadNeck_64","ReconMatrixPE":80,"RepetitionTime":0.6,"SAR":0.0601326,"ScanOptions":"FS","ScanningSequence":"EP","SequenceName":"epfid2d1_80","SequenceVariant":"SK_SS","SeriesDescription":[],"SeriesNumber":14,"ShimSetting":[321,-11588,-6440,546,20,-189,-43,16],"SliceThickness":3,"SliceTiming":[0.5075,0.435,0.3625,0.29,0.2175,0.145,0.0725,0,0.5075,0.435,0.3625,0.29,0.2175,0.145,0.0725,0,0.5075,0.435,0.3625,0.29,0.2175,0.145,0.0725,0,0.5075,0.435,0.3625,0.29,0.2175,0.145,0.0725,0,0.5075,0.435,0.3625,0.29,0.2175,0.145,0.0725,0,0.5075,0.435,0.3625,0.29,0.2175,0.145,0.0725,0],"SoftwareVersions":"syngo_MR_E11","SpacingBetweenSlices":3,"StationName":"MRC35056","TaskName":"rest","TotalReadoutTime":0.0426603,"TxRefAmp":250.359,"WipMemBlock":"18c48881-5ab8-4e3e-9a71-bf0275048168||Sequence: R016 ve11c/master r/34fb20f; Nov 20 2017 15:15:15 by eja","acq_id":"AP","dataset":"MICs","modality":"bold","session_id":"01","subject_id":"sub-HC010","task_id":"rest"},"dummy_trs":5,"dvars_nstd":36.11673394698844,"dvars_std":1.3064201773631134,"dvars_vstd":1.0092370726801159,"efc":0.4746406431933603,"fber":6752.9228515625,"fd_mean":0.12053156372830329,"fd_num":57,"fd_perc":8.2014388489208638,"fwhm_avg":2.2737722222222221,"fwhm_x":2.0722466666666666,"fwhm_y":2.4423766666666666,"fwhm_z":2.306693333333333,"gcor":0.0166897,"gsr_x":-0.016715927049517632,"gsr_y":0.033770106732845306,"provenance":{"md5sum":"3ba963628b5f08784c397b19098a8952","settings":{"fd_thres":0.2,"hmc_fsl":false,"testing":false},"software":"mriqc","version":"0.15.2","webapi_port":[],"webapi_url":"https://mriqc.nimh.nih.gov/api/v1"},"size_t":695,"size_x":80,"size_y":80,"size_z":48,"snr":3.7181608090264655,"spacing_tr":0.60000002384185791,"spacing_x":3,"spacing_y":3,"spacing_z":3,"summary_bg_k":26.764308814039346,"summary_bg_mad":40.181718973334341,"summary_bg_mean":198.42330932617188,"summary_bg_median":64.142448425292969,"summary_bg_n":195303,"summary_bg_p05":28.705036163330078,"summary_bg_p95":940.47253417968545,"summary_bg_stdv":403.53106689453125,"summary_fg_k":2.8256030385480342,"summary_fg_mad":1230.9674121843657,"summary_fg_mean":5647.85107421875,"summary_fg_median":5532.18994140625,"summary_fg_n":61409,"summary_fg_p05":3643.3783203125004,"summary_fg_p95":8062.94501953125,"summary_fg_stdv":1487.871337890625,"tsnr":51.440522264456376}