{"aor":0.047021666666666663,"aqi":0.0060953116666666663,"bids_meta":{"AcquisitionMatrixPE":80,"AcquisitionNumber":1,"AcquisitionTime":[],"BandwidthPerPixelPhaseEncode":23.148,"BaseResolution":80,"BodyPartExamined":"BRAIN","ConsistencyInfo":"N4_VE11C_LATEST_20160120","ConversionSoftware":"dcm2niix","ConversionSoftwareVersion":"v1.0.20200427","DerivedVendorReportedEchoSpacing":0.000540003,"DeviceSerialNumber":"167017","DwellTime":3E-6,"EchoTime":0.048,"EchoTrainLength":80,"EffectiveEchoSpacing":0.000540003,"FlipAngle":90,"ImageComments":"Unaliased_MB6_PE3_LB","ImageOrientationPatientDICOM":[1,0,0,0,0.798635,-0.601815],"ImageType":["ORIGINAL","PRIMARY","M","ND","NORM","MOSAIC"],"ImagingFrequency":123.25,"InPlanePhaseEncodingDirectionDICOM":"COL","InstitutionAddress":[],"InstitutionName":[],"InstitutionalDepartmentName":[],"Instructions":"eyes closed","MRAcquisitionType":"2D","MagneticFieldStrength":3,"Manufacturer":"Siemens","ManufacturersModelName":"Prisma_fit","Modality":"MR","PartialFourier":1,"PatientPosition":"HFS","PercentPhaseFOV":100,"PercentSampling":100,"PhaseEncodingDirection":"j-","PhaseEncodingSteps":80,"PhaseResolution":1,"PixelBandwidth":2085,"ProcedureStepDescription":[],"ProtocolName":[],"PulseSequenceDetails":[],"ReceiveCoilActiveElements":"HC1-7","ReceiveCoilName":"HeadNeck_64","ReconMatrixPE":80,"RepetitionTime":4.029,"SAR":0.201407,"ScanOptions":"FS","ScanningSequence":"EP","SequenceName":"epse2d1_80","SequenceVariant":"SK","SeriesDescription":[],"SeriesNumber":15,"ShimSetting":[313,-11592,-6431,340,34,-218,100,3],"SliceThickness":3,"SliceTiming":[3.925,3.84,3.7575,3.675,3.59,3.5075,3.4225,3.34,3.2575,3.1725,3.09,3.005,2.9225,2.8375,2.755,2.6725,2.5875,2.505,2.42,2.3375,2.255,2.17,2.0875,2.0025,1.92,1.8375,1.7525,1.67,1.585,1.5025,1.42,1.335,1.2525,1.1675,1.085,1,0.9175,0.835,0.75,0.6675,0.5825,0.5,0.4175,0.3325,0.25,0.165,0.0825,0],"SoftwareVersions":"syngo_MR_E11","SpacingBetweenSlices":3,"StationName":"MRC35056","TaskName":"rest","TotalReadoutTime":0.0426603,"TxRefAmp":263.904,"WipMemBlock":"4316c802-6762-44bc-942d-734b1fd767a4||Sequence: R016 ve11c/master r/34fb20f; Nov 20 2017 15:30:40 by eja","acq_id":"APse","dataset":"MICs","modality":"bold","session_id":"01","subject_id":"sub-HC001","task_id":"rest"},"dummy_trs":0,"dvars_nstd":83.574882506000009,"dvars_std":3.158323336,"dvars_vstd":4.24447198,"efc":0.52409983881491184,"fber":756.9635009765625,"fd_mean":0.087468010767845286,"fd_num":0,"fd_perc":0,"fwhm_avg":1.9278577777777777,"fwhm_x":1.9570566666666667,"fwhm_y":1.8696566666666667,"fwhm_z":1.95686,"gcor":0.00210427,"gsr_x":-0.027992825955152512,"gsr_y":0.034882701933383942,"provenance":{"md5sum":"87ae6ed3d20c1b5fb551e73b47efce35","settings":{"fd_thres":0.2,"hmc_fsl":false,"testing":false},"software":"mriqc","version":"0.15.2","webapi_port":[],"webapi_url":"https://mriqc.nimh.nih.gov/api/v1"},"size_t":6,"size_x":80,"size_y":80,"size_z":48,"snr":2.3555647456700246,"spacing_tr":4.0289998054504395,"spacing_x":3,"spacing_y":3,"spacing_z":3,"summary_bg_k":14.925143931526687,"summary_bg_mad":172.57363362431065,"summary_bg_mean":848.18524169921875,"summary_bg_median":303.5921630859375,"summary_bg_n":197804,"summary_bg_p05":142.28603210449219,"summary_bg_p95":3810.51499023436,"summary_bg_stdv":1339.4208984375,"summary_fg_k":23.077533655764238,"summary_fg_mad":2303.0104358771528,"summary_fg_mean":9563.4130859375,"summary_fg_median":8833.833984375,"summary_fg_n":59246,"summary_fg_p05":5351.0654296875,"summary_fg_p95":16400.53515625,"summary_fg_stdv":3750.166259765625,"tsnr":65.0107421875}