{"aor":0.00035018820577164368,"aqi":0.0079333935508155585,"bids_meta":{"AcquisitionMatrixPE":80,"AcquisitionNumber":1,"AcquisitionTime":[],"BandwidthPerPixelPhaseEncode":23.148,"BaseResolution":80,"BodyPartExamined":"BRAIN","ConsistencyInfo":"N4_VE11C_LATEST_20160120","ConversionSoftware":"dcm2niix","ConversionSoftwareVersion":"v1.0.20200427","DerivedVendorReportedEchoSpacing":0.000540003,"DeviceSerialNumber":"167017","DwellTime":2.6E-6,"EchoTime":0.03,"EchoTrainLength":80,"EffectiveEchoSpacing":0.000540003,"FlipAngle":50,"ImageComments":"Unaliased_MB6_PE3_LB","ImageOrientationPatientDICOM":[1,0,0,0,0.798635,-0.601815],"ImageType":["ORIGINAL","PRIMARY","M","MB","ND","NORM","MOSAIC"],"ImagingFrequency":123.25,"InPlanePhaseEncodingDirectionDICOM":"COL","InstitutionAddress":[],"InstitutionName":[],"InstitutionalDepartmentName":[],"Instructions":"eyes closed","MRAcquisitionType":"2D","MagneticFieldStrength":3,"Manufacturer":"Siemens","ManufacturersModelName":"Prisma_fit","Modality":"MR","MultibandAccelerationFactor":6,"PartialFourier":1,"PatientPosition":"HFS","PercentPhaseFOV":100,"PercentSampling":100,"PhaseEncodingDirection":"j-","PhaseEncodingSteps":80,"PhaseResolution":1,"PixelBandwidth":2405,"ProcedureStepDescription":[],"ProtocolName":[],"PulseSequenceDetails":[],"ReceiveCoilActiveElements":"HC1-7","ReceiveCoilName":"HeadNeck_64","ReconMatrixPE":80,"RepetitionTime":0.6,"SAR":0.0586829,"ScanOptions":"FS","ScanningSequence":"EP","SequenceName":"epfid2d1_80","SequenceVariant":"SK_SS","SeriesDescription":[],"SeriesNumber":14,"ShimSetting":[313,-11592,-6431,340,34,-218,100,3],"SliceThickness":3,"SliceTiming":[0.5075,0.435,0.3625,0.29,0.2175,0.145,0.0725,0,0.5075,0.435,0.3625,0.29,0.2175,0.145,0.0725,0,0.5075,0.435,0.3625,0.29,0.2175,0.145,0.0725,0,0.5075,0.435,0.3625,0.29,0.2175,0.145,0.0725,0,0.5075,0.435,0.3625,0.29,0.2175,0.145,0.0725,0,0.5075,0.435,0.3625,0.29,0.2175,0.145,0.0725,0],"SoftwareVersions":"syngo_MR_E11","SpacingBetweenSlices":3,"StationName":"MRC35056","TaskName":"rest","TotalReadoutTime":0.0426603,"TxRefAmp":263.904,"WipMemBlock":"77222f2d-f4e1-416b-9725-4a3156b38fa7||Sequence: R016 ve11c/master r/34fb20f; Nov 20 2017 15:15:15 by eja","acq_id":"AP","dataset":"MICs","modality":"bold","session_id":"01","subject_id":"sub-HC001","task_id":"rest"},"dummy_trs":3,"dvars_nstd":37.224865829585426,"dvars_std":1.2299711821859296,"dvars_vstd":0.98590321429648231,"efc":0.48654098298636511,"fber":4733.7197265625,"fd_mean":0.12348565634532244,"fd_num":59,"fd_perc":7.4027603513174407,"fwhm_avg":2.503468888888889,"fwhm_x":2.29431,"fwhm_y":2.7051866666666666,"fwhm_z":2.51091,"gcor":0.00683368,"gsr_x":-0.021797241643071175,"gsr_y":0.052381142973899841,"provenance":{"md5sum":"6221fc1f4c108649d788b6e209879032","settings":{"fd_thres":0.2,"hmc_fsl":false,"testing":false},"software":"mriqc","version":"0.15.2","webapi_port":[],"webapi_url":"https://mriqc.nimh.nih.gov/api/v1"},"size_t":797,"size_x":80,"size_y":80,"size_z":48,"snr":3.6929958832849752,"spacing_tr":0.60000002384185791,"spacing_x":3,"spacing_y":3,"spacing_z":3,"summary_bg_k":11.584208114113906,"summary_bg_mad":76.731638259414382,"summary_bg_mean":370.6632080078125,"summary_bg_median":90.422210693359375,"summary_bg_n":201260,"summary_bg_p05":30.074028015136719,"summary_bg_p95":1816.8116333007765,"summary_bg_stdv":669.05010986328125,"summary_fg_k":3.3574670499506558,"summary_fg_mad":1251.0686894310675,"summary_fg_mean":6626.40576171875,"summary_fg_median":6506.88330078125,"summary_fg_n":56025,"summary_fg_p05":4144.137890625,"summary_fg_p95":9455.7203124999978,"summary_fg_stdv":1761.936767578125,"tsnr":44.889694347977638}