{"aor":0.046305000000000006,"aqi":0.0056219799999999995,"bids_meta":{"AcquisitionMatrixPE":80,"AcquisitionNumber":1,"AcquisitionTime":[],"BandwidthPerPixelPhaseEncode":23.148,"BaseResolution":80,"BodyPartExamined":"BRAIN","ConsistencyInfo":"N4_VE11C_LATEST_20160120","ConversionSoftware":"dcm2niix","ConversionSoftwareVersion":"v1.0.20200427","DerivedVendorReportedEchoSpacing":0.000540003,"DeviceSerialNumber":"167017","DwellTime":3E-6,"EchoTime":0.048,"EchoTrainLength":80,"EffectiveEchoSpacing":0.000540003,"FlipAngle":90,"ImageComments":"Unaliased_MB6_PE3_LB","ImageOrientationPatientDICOM":[1,0,0,0,0.798635,-0.601815],"ImageType":["ORIGINAL","PRIMARY","M","ND","NORM","MOSAIC"],"ImagingFrequency":123.25,"InPlanePhaseEncodingDirectionDICOM":"COL","InstitutionAddress":[],"InstitutionName":[],"InstitutionalDepartmentName":[],"Instructions":"eyes closed","MRAcquisitionType":"2D","MagneticFieldStrength":3,"Manufacturer":"Siemens","ManufacturersModelName":"Prisma_fit","Modality":"MR","PartialFourier":1,"PatientPosition":"HFS","PercentPhaseFOV":100,"PercentSampling":100,"PhaseEncodingDirection":"j","PhaseEncodingSteps":80,"PhaseResolution":1,"PixelBandwidth":2085,"ProcedureStepDescription":[],"ProtocolName":[],"PulseSequenceDetails":[],"ReceiveCoilActiveElements":"HC1-7","ReceiveCoilName":"HeadNeck_64","ReconMatrixPE":80,"RepetitionTime":4.029,"SAR":0.201407,"ScanOptions":"FS","ScanningSequence":"EP","SequenceName":"epse2d1_80","SequenceVariant":"SK","SeriesDescription":[],"SeriesNumber":16,"ShimSetting":[313,-11592,-6431,340,34,-218,100,3],"SliceThickness":3,"SliceTiming":[3.925,3.84,3.7575,3.675,3.59,3.5075,3.4225,3.34,3.2575,3.1725,3.09,3.005,2.9225,2.8375,2.755,2.6725,2.5875,2.505,2.42,2.3375,2.255,2.17,2.0875,2.0025,1.92,1.8375,1.7525,1.67,1.585,1.5025,1.42,1.335,1.2525,1.1675,1.085,1.0025,0.9175,0.835,0.75,0.6675,0.5825,0.5,0.4175,0.3325,0.25,0.165,0.0825,0],"SoftwareVersions":"syngo_MR_E11","SpacingBetweenSlices":3,"StationName":"MRC35056","TaskName":"rest","TotalReadoutTime":0.0426603,"TxRefAmp":263.904,"WipMemBlock":"9069339f-0220-43a9-8e81-9cc8ab2b4956||Sequence: R016 ve11c/master r/34fb20f; Nov 20 2017 15:30:40 by eja","acq_id":"PAse","dataset":"MICs","modality":"bold","session_id":"01","subject_id":"sub-HC001","task_id":"rest"},"dummy_trs":0,"dvars_nstd":100.21889648400001,"dvars_std":3.124156522,"dvars_vstd":4.141023876,"efc":0.50704645363446388,"fber":879.88519287109375,"fd_mean":0.091616340004316649,"fd_num":0,"fd_perc":0,"fwhm_avg":1.9482044444444444,"fwhm_x":2.0406166666666667,"fwhm_y":1.7437266666666666,"fwhm_z":2.06027,"gcor":0.00048617,"gsr_x":-0.024034095928072929,"gsr_y":0.034288469702005386,"provenance":{"md5sum":"7321c1985e7ea871271f5ff5eb90a731","settings":{"fd_thres":0.2,"hmc_fsl":false,"testing":false},"software":"mriqc","version":"0.15.2","webapi_port":[],"webapi_url":"https://mriqc.nimh.nih.gov/api/v1"},"size_t":6,"size_x":80,"size_y":80,"size_z":48,"snr":2.1563162073227016,"spacing_tr":4.0289998054504395,"spacing_x":3,"spacing_y":3,"spacing_z":3,"summary_bg_k":22.001305556381279,"summary_bg_mad":163.86878635343126,"summary_bg_mean":890.39141845703125,"summary_bg_median":300.31582641601562,"summary_bg_n":201155,"summary_bg_p05":141.728271484375,"summary_bg_p95":3930.7921630859364,"summary_bg_stdv":1439.268798828125,"summary_fg_k":16.962886106926486,"summary_fg_mad":2882.4574246177244,"summary_fg_mean":10335.5625,"summary_fg_median":9551.599609375,"summary_fg_n":56646,"summary_fg_p05":4933.5013427734375,"summary_fg_p95":17668.6494140625,"summary_fg_stdv":4429.55224609375,"tsnr":56.784374237060547}