{"aor":0.0010296275071633237,"aqi":0.0093233091404011474,"bids_meta":{"AcquisitionMatrixPE":80,"AcquisitionNumber":1,"AcquisitionTime":[],"BandwidthPerPixelPhaseEncode":23.148,"BaseResolution":80,"BodyPartExamined":"BRAIN","ConsistencyInfo":"N4_VE11C_LATEST_20160120","ConversionSoftware":"dcm2niix","ConversionSoftwareVersion":"v1.0.20200427","DerivedVendorReportedEchoSpacing":0.000540003,"DeviceSerialNumber":"167017","DwellTime":2.6E-6,"EchoTime":0.03,"EchoTrainLength":80,"EffectiveEchoSpacing":0.000540003,"FlipAngle":50,"ImageComments":"Unaliased_MB6_PE3_LB","ImageOrientationPatientDICOM":[1,0,0,0,0.819152,-0.573576],"ImageType":["ORIGINAL","PRIMARY","M","MB","ND","NORM","MOSAIC"],"ImagingFrequency":123.25,"InPlanePhaseEncodingDirectionDICOM":"COL","InstitutionAddress":[],"InstitutionName":[],"InstitutionalDepartmentName":[],"Instructions":"eyes closed","MRAcquisitionType":"2D","MagneticFieldStrength":3,"Manufacturer":"Siemens","ManufacturersModelName":"Prisma_fit","Modality":"MR","MultibandAccelerationFactor":6,"PartialFourier":1,"PatientPosition":"HFS","PercentPhaseFOV":100,"PercentSampling":100,"PhaseEncodingDirection":"j-","PhaseEncodingSteps":80,"PhaseResolution":1,"PixelBandwidth":2405,"ProcedureStepDescription":[],"ProtocolName":[],"PulseSequenceDetails":[],"ReceiveCoilActiveElements":"HC1-7","ReceiveCoilName":"HeadNeck_64","ReconMatrixPE":80,"RepetitionTime":0.6,"SAR":0.0517482,"ScanOptions":"FS","ScanningSequence":"EP","SequenceName":"epfid2d1_80","SequenceVariant":"SK_SS","SeriesDescription":[],"SeriesNumber":15,"ShimSetting":[316,-11607,-6412,519,42,-3,35,15],"SliceThickness":3,"SliceTiming":[0.5075,0.435,0.3625,0.29,0.2175,0.145,0.0725,0,0.5075,0.435,0.3625,0.29,0.2175,0.145,0.0725,0,0.5075,0.435,0.3625,0.29,0.2175,0.145,0.0725,0,0.5075,0.435,0.3625,0.29,0.2175,0.145,0.0725,0,0.5075,0.435,0.3625,0.29,0.2175,0.145,0.0725,0,0.5075,0.435,0.3625,0.29,0.2175,0.145,0.0725,0],"SoftwareVersions":"syngo_MR_E11","SpacingBetweenSlices":3,"StationName":"MRC35056","TaskName":"rest","TotalReadoutTime":0.0426603,"TxRefAmp":241.39,"WipMemBlock":"eaf50a45-91f6-48c7-bad4-e9cdb4156b28||Sequence: R016 ve11c/master r/34fb20f; Nov 20 2017 15:15:15 by eja","acq_id":"AP","dataset":"MICs","modality":"bold","session_id":"01","subject_id":"sub-HC032","task_id":"rest"},"dummy_trs":2,"dvars_nstd":33.347284451119116,"dvars_std":1.2313193544763272,"dvars_vstd":0.9967293678192255,"efc":0.48057336493361053,"fber":6385.193359375,"fd_mean":0.071746668261945992,"fd_num":4,"fd_perc":0.57306590257879653,"fwhm_avg":2.4112411111111114,"fwhm_x":2.21568,"fwhm_y":2.62135,"fwhm_z":2.3966933333333333,"gcor":0.00827761,"gsr_x":-0.016088379546999931,"gsr_y":0.038086701184511185,"provenance":{"md5sum":"e2855ae94cde33239596406795365189","settings":{"fd_thres":0.2,"hmc_fsl":false,"testing":false},"software":"mriqc","version":"0.15.2","webapi_port":[],"webapi_url":"https://mriqc.nimh.nih.gov/api/v1"},"size_t":698,"size_x":80,"size_y":80,"size_z":48,"snr":4.0166811594948078,"spacing_tr":0.60000002384185791,"spacing_x":3,"spacing_y":3,"spacing_z":3,"summary_bg_k":21.366786010982903,"summary_bg_mad":52.105614505127761,"summary_bg_mean":268.53640747070312,"summary_bg_median":75.663330078125,"summary_bg_n":198568,"summary_bg_p05":33.210601806640625,"summary_bg_p95":1316.6921508789057,"summary_bg_stdv":534.68267822265625,"summary_fg_k":3.2178173120455291,"summary_fg_mad":1282.3300232209735,"summary_fg_mean":6339.982421875,"summary_fg_median":6329.3818359375,"summary_fg_n":58248,"summary_fg_p05":3935.2168090820314,"summary_fg_p95":8644.7874511718728,"summary_fg_stdv":1575.760498046875,"tsnr":43.348955793539062}