{"aor":0.058598333333333336,"aqi":0.005959671666666666,"bids_meta":{"AcquisitionMatrixPE":80,"AcquisitionNumber":1,"AcquisitionTime":[],"BandwidthPerPixelPhaseEncode":23.148,"BaseResolution":80,"BodyPartExamined":"BRAIN","ConsistencyInfo":"N4_VE11C_LATEST_20160120","ConversionSoftware":"dcm2niix","ConversionSoftwareVersion":"v1.0.20200427","DerivedVendorReportedEchoSpacing":0.000540003,"DeviceSerialNumber":"167017","DwellTime":3E-6,"EchoTime":0.048,"EchoTrainLength":80,"EffectiveEchoSpacing":0.000540003,"FlipAngle":90,"ImageComments":"Unaliased_MB6_PE3_LB","ImageOrientationPatientDICOM":[1,0,0,0,0.819152,-0.573576],"ImageType":["ORIGINAL","PRIMARY","M","ND","NORM","MOSAIC"],"ImagingFrequency":123.25,"InPlanePhaseEncodingDirectionDICOM":"COL","InstitutionAddress":[],"InstitutionName":[],"InstitutionalDepartmentName":[],"Instructions":"eyes closed","MRAcquisitionType":"2D","MagneticFieldStrength":3,"Manufacturer":"Siemens","ManufacturersModelName":"Prisma_fit","Modality":"MR","PartialFourier":1,"PatientPosition":"HFS","PercentPhaseFOV":100,"PercentSampling":100,"PhaseEncodingDirection":"j-","PhaseEncodingSteps":80,"PhaseResolution":1,"PixelBandwidth":2085,"ProcedureStepDescription":[],"ProtocolName":[],"PulseSequenceDetails":[],"ReceiveCoilActiveElements":"HC1-7","ReceiveCoilName":"HeadNeck_64","ReconMatrixPE":80,"RepetitionTime":4.029,"SAR":0.175432,"ScanOptions":"FS","ScanningSequence":"EP","SequenceName":"epse2d1_80","SequenceVariant":"SK","SeriesDescription":[],"SeriesNumber":16,"ShimSetting":[316,-11607,-6412,519,42,-3,35,15],"SliceThickness":3,"SliceTiming":[3.9275,3.8425,3.76,3.675,3.5925,3.51,3.425,3.3425,3.2575,3.175,3.0925,3.0075,2.925,2.84,2.7575,2.675,2.59,2.5075,2.4225,2.34,2.255,2.1725,2.09,2.005,1.9225,1.8375,1.755,1.6725,1.5875,1.505,1.42,1.3375,1.255,1.17,1.0875,1.0025,0.92,0.8375,0.7525,0.67,0.585,0.5025,0.4175,0.335,0.2525,0.1675,0.085,0],"SoftwareVersions":"syngo_MR_E11","SpacingBetweenSlices":3,"StationName":"MRC35056","TaskName":"rest","TotalReadoutTime":0.0426603,"TxRefAmp":241.39,"WipMemBlock":"c37e4400-3466-4790-912d-7ffb931105d2||Sequence: R016 ve11c/master r/34fb20f; Nov 20 2017 15:30:40 by eja","acq_id":"APse","dataset":"MICs","modality":"bold","session_id":"01","subject_id":"sub-HC032","task_id":"rest"},"dummy_trs":0,"dvars_nstd":69.623132324,"dvars_std":2.8578667639999997,"dvars_vstd":4.81764903,"efc":0.51831663783822923,"fber":851.21380615234375,"fd_mean":0.33140825128176221,"fd_num":4,"fd_perc":66.666666666666671,"fwhm_avg":1.8462088888888888,"fwhm_x":1.8964533333333333,"fwhm_y":1.7847833333333334,"fwhm_z":1.8573899999999999,"gcor":0.00484856,"gsr_x":-0.03061717189848423,"gsr_y":0.026869215071201324,"provenance":{"md5sum":"87c0ddcf820f9549328d180b0b69b874","settings":{"fd_thres":0.2,"hmc_fsl":false,"testing":false},"software":"mriqc","version":"0.15.2","webapi_port":[],"webapi_url":"https://mriqc.nimh.nih.gov/api/v1"},"size_t":6,"size_x":80,"size_y":80,"size_z":48,"snr":2.4313204911763089,"spacing_tr":4.0289998054504395,"spacing_x":3,"spacing_y":3,"spacing_z":3,"summary_bg_k":33.892286655480675,"summary_bg_mad":115.17307664022987,"summary_bg_mean":697.71563720703125,"summary_bg_median":280.62213134765625,"summary_bg_n":194351,"summary_bg_p05":165.69564056396484,"summary_bg_p95":3212.2440185546875,"summary_bg_stdv":1279.3897705078125,"summary_fg_k":41.066355564433849,"summary_fg_mad":2228.4857848107176,"summary_fg_mean":9171.8994140625,"summary_fg_median":8625.923828125,"summary_fg_n":62113,"summary_fg_p05":5256.10712890625,"summary_fg_p95":14630.902734374982,"summary_fg_stdv":3547.806396484375,"tsnr":53.414852142333984}