{"aor":0.042521666666666659,"aqi":0.002939065,"bids_meta":{"AcquisitionMatrixPE":80,"AcquisitionNumber":1,"AcquisitionTime":[],"BandwidthPerPixelPhaseEncode":23.148,"BaseResolution":80,"BodyPartExamined":"BRAIN","ConsistencyInfo":"N4_VE11C_LATEST_20160120","ConversionSoftware":"dcm2niix","ConversionSoftwareVersion":"v1.0.20200427","DerivedVendorReportedEchoSpacing":0.000540003,"DeviceSerialNumber":"167017","DwellTime":3E-6,"EchoTime":0.048,"EchoTrainLength":80,"EffectiveEchoSpacing":0.000540003,"FlipAngle":90,"ImageComments":"Unaliased_MB6_PE3_LB","ImageOrientationPatientDICOM":[1,0,0,0,0.819152,-0.573576],"ImageType":["ORIGINAL","PRIMARY","M","ND","NORM","MOSAIC"],"ImagingFrequency":123.25,"InPlanePhaseEncodingDirectionDICOM":"COL","InstitutionAddress":[],"InstitutionName":[],"InstitutionalDepartmentName":[],"Instructions":"eyes closed","MRAcquisitionType":"2D","MagneticFieldStrength":3,"Manufacturer":"Siemens","ManufacturersModelName":"Prisma_fit","Modality":"MR","PartialFourier":1,"PatientPosition":"HFS","PercentPhaseFOV":100,"PercentSampling":100,"PhaseEncodingDirection":"j","PhaseEncodingSteps":80,"PhaseResolution":1,"PixelBandwidth":2085,"ProcedureStepDescription":[],"ProtocolName":[],"PulseSequenceDetails":[],"ReceiveCoilActiveElements":"HC1-7","ReceiveCoilName":"HeadNeck_64","ReconMatrixPE":80,"RepetitionTime":4.029,"SAR":0.175432,"ScanOptions":"FS","ScanningSequence":"EP","SequenceName":"epse2d1_80","SequenceVariant":"SK","SeriesDescription":[],"SeriesNumber":17,"ShimSetting":[316,-11607,-6412,519,42,-3,35,15],"SliceThickness":3,"SliceTiming":[3.925,3.84,3.7575,3.6725,3.59,3.5075,3.4225,3.34,3.255,3.1725,3.09,3.005,2.9225,2.8375,2.755,2.6725,2.5875,2.505,2.42,2.3375,2.255,2.17,2.0875,2.0025,1.92,1.835,1.7525,1.67,1.585,1.5025,1.4175,1.335,1.2525,1.1675,1.085,1,0.9175,0.835,0.75,0.6675,0.5825,0.5,0.4175,0.3325,0.25,0.165,0.0825,0],"SoftwareVersions":"syngo_MR_E11","SpacingBetweenSlices":3,"StationName":"MRC35056","TaskName":"rest","TotalReadoutTime":0.0426603,"TxRefAmp":241.39,"WipMemBlock":"ef867707-a4e4-4d02-a59b-027738e60680||Sequence: R016 ve11c/master r/34fb20f; Nov 20 2017 15:30:40 by eja","acq_id":"PAse","dataset":"MICs","modality":"bold","session_id":"01","subject_id":"sub-HC032","task_id":"rest"},"dummy_trs":0,"dvars_nstd":46.66680298,"dvars_std":2.591597294,"dvars_vstd":4.123165508,"efc":0.50573688322564669,"fber":920.65692138671875,"fd_mean":0.091036064358704177,"fd_num":0,"fd_perc":0,"fwhm_avg":1.8525644444444442,"fwhm_x":1.9661933333333332,"fwhm_y":1.6540966666666668,"fwhm_z":1.9374033333333334,"gcor":0.00367668,"gsr_x":-0.027182405814528465,"gsr_y":0.025598304346203804,"provenance":{"md5sum":"a18126ec1c27ad9c12bb0db2722018d4","settings":{"fd_thres":0.2,"hmc_fsl":false,"testing":false},"software":"mriqc","version":"0.15.2","webapi_port":[],"webapi_url":"https://mriqc.nimh.nih.gov/api/v1"},"size_t":6,"size_x":80,"size_y":80,"size_z":48,"snr":2.2938325166683411,"spacing_tr":4.0289998054504395,"spacing_x":3,"spacing_y":3,"spacing_z":3,"summary_bg_k":62.554691444572313,"summary_bg_mad":112.38729295204324,"summary_bg_mean":703.91033935546875,"summary_bg_median":281.04022216796875,"summary_bg_n":197336,"summary_bg_p05":164.39177322387695,"summary_bg_p95":3348.7659912109375,"summary_bg_stdv":1243.2930908203125,"summary_fg_k":17.200853845515812,"summary_fg_mad":2692.5446227641582,"summary_fg_mean":9628.4375,"summary_fg_median":9060.7470703125,"summary_fg_n":59935,"summary_fg_p05":4804.58408203125,"summary_fg_p95":15774.608691406247,"summary_fg_stdv":3950.014404296875,"tsnr":76.0889892578125}