{"aor":0.046441666666666659,"aqi":0.0069541016666666662,"bids_meta":{"AcquisitionMatrixPE":80,"AcquisitionNumber":1,"AcquisitionTime":[],"BandwidthPerPixelPhaseEncode":23.148,"BaseResolution":80,"BodyPartExamined":"BRAIN","ConsistencyInfo":"N4_VE11C_LATEST_20160120","ConversionSoftware":"dcm2niix","ConversionSoftwareVersion":"v1.0.20200427","DerivedVendorReportedEchoSpacing":0.000540003,"DeviceSerialNumber":"167017","DwellTime":3E-6,"EchoTime":0.048,"EchoTrainLength":80,"EffectiveEchoSpacing":0.000540003,"FlipAngle":90,"ImageComments":"Unaliased_MB6_PE3_LB","ImageOrientationPatientDICOM":[1,0,0,0,0.882948,-0.469472],"ImageType":["ORIGINAL","PRIMARY","M","ND","NORM","MOSAIC"],"ImagingFrequency":123.25,"InPlanePhaseEncodingDirectionDICOM":"COL","InstitutionAddress":[],"InstitutionName":[],"InstitutionalDepartmentName":[],"Instructions":"eyes closed","MRAcquisitionType":"2D","MagneticFieldStrength":3,"Manufacturer":"Siemens","ManufacturersModelName":"Prisma_fit","Modality":"MR","PartialFourier":1,"PatientPosition":"HFS","PercentPhaseFOV":100,"PercentSampling":100,"PhaseEncodingDirection":"j-","PhaseEncodingSteps":80,"PhaseResolution":1,"PixelBandwidth":2085,"ProcedureStepDescription":[],"ProtocolName":[],"PulseSequenceDetails":[],"ReceiveCoilActiveElements":"HC1-7","ReceiveCoilName":"HeadNeck_64","ReconMatrixPE":80,"RepetitionTime":4.029,"SAR":0.156465,"ScanOptions":"FS","ScanningSequence":"EP","SequenceName":"epse2d1_80","SequenceVariant":"SK","SeriesDescription":[],"SeriesNumber":15,"ShimSetting":[314,-11597,-6398,620,-24,-86,-71,32],"SliceThickness":3,"SliceTiming":[3.925,3.8425,3.76,3.675,3.5925,3.5075,3.425,3.3425,3.2575,3.175,3.09,3.0075,2.925,2.84,2.7575,2.6725,2.59,2.5075,2.4225,2.34,2.255,2.1725,2.0875,2.005,1.9225,1.8375,1.755,1.67,1.5875,1.505,1.42,1.3375,1.2525,1.17,1.0875,1.0025,0.92,0.835,0.7525,0.67,0.585,0.5025,0.4175,0.335,0.25,0.1675,0.085,0],"SoftwareVersions":"syngo_MR_E11","SpacingBetweenSlices":3,"StationName":"MRC35056","TaskName":"rest","TotalReadoutTime":0.0426603,"TxRefAmp":210.725,"WipMemBlock":"1f491010-1de6-442b-8a4e-1c70ab35efe4||Sequence: R016 ve11c/master r/34fb20f; Nov 20 2017 15:30:40 by eja","acq_id":"APse","dataset":"MICs","modality":"bold","session_id":"01","subject_id":"sub-HC023","task_id":"rest"},"dummy_trs":0,"dvars_nstd":60.616188048000005,"dvars_std":2.673738576,"dvars_vstd":4.1149089320000005,"efc":0.46189651683906147,"fber":813.54229736328125,"fd_mean":0.2377142512507163,"fd_num":2,"fd_perc":33.333333333333336,"fwhm_avg":1.7821644444444444,"fwhm_x":1.81626,"fwhm_y":1.6917333333333333,"fwhm_z":1.8385,"gcor":0.0010233,"gsr_x":-0.038087811321020126,"gsr_y":0.0030604230705648661,"provenance":{"md5sum":"2d2af8fcc347c8045c04cc394ae6f4b8","settings":{"fd_thres":0.2,"hmc_fsl":false,"testing":false},"software":"mriqc","version":"0.15.2","webapi_port":[],"webapi_url":"https://mriqc.nimh.nih.gov/api/v1"},"size_t":6,"size_x":80,"size_y":80,"size_z":48,"snr":2.3402977105821758,"spacing_tr":4.0289998054504395,"spacing_x":3,"spacing_y":3,"spacing_z":3,"summary_bg_k":148.19645343853435,"summary_bg_mad":111.14453675283384,"summary_bg_mean":666.63916015625,"summary_bg_median":289.69659423828125,"summary_bg_n":217149,"summary_bg_p05":174.15032043457035,"summary_bg_p95":3028.7707519531236,"summary_bg_stdv":1325.5634765625,"summary_fg_k":27.686559840885614,"summary_fg_mad":2230.7516758966171,"summary_fg_mean":9419.6728515625,"summary_fg_median":8702.8349609375,"summary_fg_n":43655,"summary_fg_p05":5353.1331542968746,"summary_fg_p95":15673.526367187496,"summary_fg_stdv":3718.64453125,"tsnr":65.567123413085938}