{"aor":0.0012740974212034383,"aqi":0.015888042478510032,"bids_meta":{"AcquisitionMatrixPE":80,"AcquisitionNumber":1,"AcquisitionTime":[],"BandwidthPerPixelPhaseEncode":23.148,"BaseResolution":80,"BodyPartExamined":"BRAIN","ConsistencyInfo":"N4_VE11C_LATEST_20160120","ConversionSoftware":"dcm2niix","ConversionSoftwareVersion":"v1.0.20200427","DerivedVendorReportedEchoSpacing":0.000540003,"DeviceSerialNumber":"167017","DwellTime":2.6E-6,"EchoTime":0.03,"EchoTrainLength":80,"EffectiveEchoSpacing":0.000540003,"FlipAngle":50,"ImageComments":"Unaliased_MB6_PE3_LB","ImageOrientationPatientDICOM":[1,0,0,0,0.882948,-0.469472],"ImageType":["ORIGINAL","PRIMARY","M","MB","ND","NORM","MOSAIC"],"ImagingFrequency":123.25,"InPlanePhaseEncodingDirectionDICOM":"COL","InstitutionAddress":[],"InstitutionName":[],"InstitutionalDepartmentName":[],"Instructions":"eyes closed","MRAcquisitionType":"2D","MagneticFieldStrength":3,"Manufacturer":"Siemens","ManufacturersModelName":"Prisma_fit","Modality":"MR","MultibandAccelerationFactor":6,"PartialFourier":1,"PatientPosition":"HFS","PercentPhaseFOV":100,"PercentSampling":100,"PhaseEncodingDirection":"j-","PhaseEncodingSteps":80,"PhaseResolution":1,"PixelBandwidth":2405,"ProcedureStepDescription":[],"ProtocolName":[],"PulseSequenceDetails":[],"ReceiveCoilActiveElements":"HC1-7","ReceiveCoilName":"HeadNeck_64","ReconMatrixPE":80,"RepetitionTime":0.6,"SAR":0.0463631,"ScanOptions":"FS","ScanningSequence":"EP","SequenceName":"epfid2d1_80","SequenceVariant":"SK_SS","SeriesDescription":[],"SeriesNumber":14,"ShimSetting":[314,-11597,-6398,620,-24,-86,-71,32],"SliceThickness":3,"SliceTiming":[0.5075,0.435,0.3625,0.29,0.2175,0.145,0.0725,0,0.5075,0.435,0.3625,0.29,0.2175,0.145,0.0725,0,0.5075,0.435,0.3625,0.29,0.2175,0.145,0.0725,0,0.5075,0.435,0.3625,0.29,0.2175,0.145,0.0725,0,0.5075,0.435,0.3625,0.29,0.2175,0.145,0.0725,0,0.5075,0.435,0.3625,0.29,0.2175,0.145,0.0725,0],"SoftwareVersions":"syngo_MR_E11","SpacingBetweenSlices":3,"StationName":"MRC35056","TaskName":"rest","TotalReadoutTime":0.0426603,"TxRefAmp":210.725,"WipMemBlock":"9e28fcf8-9034-4155-a849-0ddc5dfb540c||Sequence: R016 ve11c/master r/34fb20f; Nov 20 2017 15:15:15 by eja","acq_id":"AP","dataset":"MICs","modality":"bold","session_id":"01","subject_id":"sub-HC023","task_id":"rest"},"dummy_trs":2,"dvars_nstd":34.249036252654186,"dvars_std":1.1677209974175045,"dvars_vstd":0.93852417203730243,"efc":0.40781113693983517,"fber":7808.28369140625,"fd_mean":0.1436878127001045,"fd_num":181,"fd_perc":25.931232091690543,"fwhm_avg":2.3523888888888891,"fwhm_x":2.1897100000000003,"fwhm_y":2.4996633333333333,"fwhm_z":2.3677933333333332,"gcor":0.00791018,"gsr_x":-0.022803721949458122,"gsr_y":0.0189519003033638,"provenance":{"md5sum":"76f4c25787881b3c06826a27f3254706","settings":{"fd_thres":0.2,"hmc_fsl":false,"testing":false},"software":"mriqc","version":"0.15.2","webapi_port":[],"webapi_url":"https://mriqc.nimh.nih.gov/api/v1"},"size_t":698,"size_x":80,"size_y":80,"size_z":48,"snr":3.8898484705985883,"spacing_tr":0.60000002384185791,"spacing_x":3,"spacing_y":3,"spacing_z":3,"summary_bg_k":36.234094527067917,"summary_bg_mad":39.63093505437611,"summary_bg_mean":204.28273010253906,"summary_bg_median":67.47564697265625,"summary_bg_n":220003,"summary_bg_p05":33.214900970458984,"summary_bg_p95":928.52954711913924,"summary_bg_stdv":438.20498657226562,"summary_fg_k":2.544356728187541,"summary_fg_mad":1262.7325990719669,"summary_fg_mean":6189.75439453125,"summary_fg_median":6181.064453125,"summary_fg_n":41309,"summary_fg_p05":3588.6061035156254,"summary_fg_p95":8569.1396484375,"summary_fg_stdv":1589.0052490234375,"tsnr":35.297400369308889}