{"aor":0.071686,"aqi":0.007731602,"bids_meta":{"AcquisitionMatrixPE":80,"AcquisitionNumber":1,"AcquisitionTime":[],"BandwidthPerPixelPhaseEncode":23.148,"BaseResolution":80,"BodyPartExamined":"BRAIN","ConsistencyInfo":"N4_VE11C_LATEST_20160120","ConversionSoftware":"dcm2niix","ConversionSoftwareVersion":"v1.0.20200427","DerivedVendorReportedEchoSpacing":0.000540003,"DeviceSerialNumber":"167017","DwellTime":3E-6,"EchoTime":0.048,"EchoTrainLength":80,"EffectiveEchoSpacing":0.000540003,"FlipAngle":90,"ImageComments":"Unaliased_MB6_PE3_LB","ImageOrientationPatientDICOM":[1,0,0,0,0.882948,-0.469472],"ImageType":["ORIGINAL","PRIMARY","M","ND","NORM","MOSAIC"],"ImagingFrequency":123.25,"InPlanePhaseEncodingDirectionDICOM":"COL","InstitutionAddress":[],"InstitutionName":[],"InstitutionalDepartmentName":[],"Instructions":"eyes closed","MRAcquisitionType":"2D","MagneticFieldStrength":3,"Manufacturer":"Siemens","ManufacturersModelName":"Prisma_fit","Modality":"MR","PartialFourier":1,"PatientPosition":"HFS","PercentPhaseFOV":100,"PercentSampling":100,"PhaseEncodingDirection":"j","PhaseEncodingSteps":80,"PhaseResolution":1,"PixelBandwidth":2085,"ProcedureStepDescription":[],"ProtocolName":[],"PulseSequenceDetails":[],"ReceiveCoilActiveElements":"HC1-7","ReceiveCoilName":"HeadNeck_64","ReconMatrixPE":80,"RepetitionTime":4.029,"SAR":0.156465,"ScanOptions":"FS","ScanningSequence":"EP","SequenceName":"epse2d1_80","SequenceVariant":"SK","SeriesDescription":[],"SeriesNumber":16,"ShimSetting":[314,-11597,-6398,620,-24,-86,-71,32],"SliceThickness":3,"SliceTiming":[3.925,3.84,3.7575,3.675,3.59,3.5075,3.4225,3.34,3.255,3.1725,3.09,3.005,2.9225,2.8375,2.755,2.6725,2.5875,2.505,2.42,2.3375,2.255,2.17,2.0875,2.0025,1.92,1.8375,1.7525,1.67,1.585,1.5025,1.4175,1.335,1.2525,1.1675,1.085,1,0.9175,0.835,0.75,0.6675,0.5825,0.5,0.4175,0.3325,0.25,0.165,0.0825,0],"SoftwareVersions":"syngo_MR_E11","SpacingBetweenSlices":3,"StationName":"MRC35056","TaskName":"rest","TotalReadoutTime":0.0426603,"TxRefAmp":210.725,"WipMemBlock":"f964f97c-ceed-4a4c-bdd4-6783ab30a49f||Sequence: R016 ve11c/master r/34fb20f; Nov 20 2017 15:30:40 by eja","acq_id":"PAse","dataset":"MICs","modality":"bold","session_id":"01","subject_id":"sub-HC023","task_id":"rest"},"dummy_trs":1,"dvars_nstd":62.196379659999991,"dvars_std":2.1304198525,"dvars_vstd":3.4790273925,"efc":0.46441794100939332,"fber":738.54254150390625,"fd_mean":0.20604828682906959,"fd_num":3,"fd_perc":60,"fwhm_avg":1.8042311111111109,"fwhm_x":1.9288233333333331,"fwhm_y":1.6341366666666666,"fwhm_z":1.8497333333333332,"gcor":0.00241413,"gsr_x":-0.044904652982950211,"gsr_y":7.20299722161144E-5,"provenance":{"md5sum":"1516fbffce574101dbf227c453befb24","settings":{"fd_thres":0.2,"hmc_fsl":false,"testing":false},"software":"mriqc","version":"0.15.2","webapi_port":[],"webapi_url":"https://mriqc.nimh.nih.gov/api/v1"},"size_t":5,"size_x":80,"size_y":80,"size_z":48,"snr":2.2257429096266437,"spacing_tr":4.0289998054504395,"spacing_x":3,"spacing_y":3,"spacing_z":3,"summary_bg_k":266.08585107347483,"summary_bg_mad":104.18141227252373,"summary_bg_mean":649.71136474609375,"summary_bg_median":284.21942138671875,"summary_bg_n":214614,"summary_bg_p05":172.11052017211915,"summary_bg_p95":2774.702502441397,"summary_bg_stdv":1443.899169921875,"summary_fg_k":15.701602669799641,"summary_fg_mad":2286.1726209356384,"summary_fg_mean":8864.4365234375,"summary_fg_median":8208.03125,"summary_fg_n":45217,"summary_fg_p05":4335.6280273437505,"summary_fg_p95":14853.71640625,"summary_fg_stdv":3687.730712890625,"tsnr":67.037590026855469}