{"bids_meta":{"AcquisitionMatrixPE":320,"AcquisitionNumber":1,"AcquisitionTime":[],"BaseResolution":320,"BodyPartExamined":"BRAIN","ConsistencyInfo":"N4_VE11C_LATEST_20160120","ConversionSoftware":"dcm2niix","ConversionSoftwareVersion":"v1.0.20200427","DeviceSerialNumber":"167017","DwellTime":6.6E-6,"EchoTime":0.00314,"FlipAngle":9,"ImageOrientationPatientDICOM":[-0.0116663,0.982414,0.186351,0.00137927,0.18638,-0.982477],"ImageType":["ORIGINAL","PRIMARY","M","ND","NORM","FM","FIL"],"ImagingFrequency":123.25,"InPlanePhaseEncodingDirectionDICOM":"ROW","InstitutionAddress":[],"InstitutionName":[],"InstitutionalDepartmentName":[],"InversionTime":0.9,"MRAcquisitionType":"3D","MagneticFieldStrength":3,"Manufacturer":"Siemens","ManufacturersModelName":"Prisma_fit","Modality":"MR","ParallelReductionFactorInPlane":2,"PartialFourier":1,"PatientPosition":"HFS","PercentPhaseFOV":100,"PercentSampling":100,"PhaseEncodingSteps":319,"PhaseResolution":1,"PixelBandwidth":235,"ProcedureStepDescription":[],"ProtocolName":[],"PulseSequenceDetails":[],"ReceiveCoilActiveElements":"HC1-7","ReceiveCoilName":"HeadNeck_64","ReconMatrixPE":320,"RefLinesPE":32,"RepetitionTime":2.3,"SAR":0.049571,"ScanOptions":"IR","ScanningSequence":"GR_IR","SequenceName":"_tfl3d1_16ns","SequenceVariant":"SK_SP_MP","SeriesDescription":[],"SeriesNumber":7,"ShimSetting":[302,-11610,-6447,400,7,-327,197,55],"SliceThickness":0.8,"SoftwareVersions":"syngo_MR_E11","StationName":"MRC35056","TxRefAmp":240.988,"dataset":"MICs","modality":"T1w","run_id":2,"session_id":"01","subject_id":"sub-HC003"},"cjv":0.75948961431178064,"cnr":1.6321738578159459,"efc":0.66872969734872534,"fber":40.332576751708984,"fwhm_avg":3.3966874493854129,"fwhm_x":3.3609499499179427,"fwhm_y":3.4458874486522757,"fwhm_z":3.38322494958602,"icvs_csf":0.25356628910543333,"icvs_gm":0.39877564329656379,"icvs_wm":0.34765806759800288,"inu_med":1.3625589609146118,"inu_range":0.65522962808609009,"provenance":{"md5sum":"be082ef8cbc6c3173931d0a2503bcef6","settings":{"testing":false},"software":"mriqc","version":"0.15.2","warnings":{"large_rot_frame":false,"small_air_mask":false},"webapi_port":[],"webapi_url":"https://mriqc.nimh.nih.gov/api/v1"},"qi_1":5.9435685185385307E-5,"qi_2":0.003889491837703049,"rpve_csf":18.874039052699434,"rpve_gm":11.733210429012894,"rpve_wm":15.164495284398766,"size_x":224,"size_y":320,"size_z":320,"snr_csf":1.4400963919575558,"snr_gm":8.0671722251020359,"snr_total":7.9342186795352747,"snr_wm":14.295387421546231,"snrd_csf":48.000653365405121,"snrd_gm":84.737344837344466,"snrd_total":79.509506710775781,"snrd_wm":105.79052192957776,"spacing_x":0.800000011920929,"spacing_y":0.800000011920929,"spacing_z":0.800000011920929,"summary_bg_k":31480.530384748959,"summary_bg_mad":6.1929567873351941,"summary_bg_mean":127.76403045654297,"summary_bg_median":127.63742065429688,"summary_bg_n":8.116132E+6,"summary_bg_p05":117.49949378967284,"summary_bg_p95":138.57053298950194,"summary_bg_stdv":10.710171699523926,"summary_csf_k":13.051254794163871,"summary_csf_mad":105.89418929987005,"summary_csf_mean":533.9361572265625,"summary_csf_median":453.7467041015625,"summary_csf_n":255324,"summary_csf_p05":324.09889984130859,"summary_csf_p95":1241.6372985839828,"summary_csf_stdv":315.08016967773438,"summary_gm_k":0.0077898890868510762,"summary_gm_mad":95.576534777089549,"summary_gm_mean":817.78692626953125,"summary_gm_median":801.0159912109375,"summary_gm_n":84723,"summary_gm_p05":679.26335449218743,"summary_gm_p95":1001.0989685058593,"summary_gm_stdv":99.292694091796875,"summary_wm_k":8.742795261028,"summary_wm_mad":55.572652962563694,"summary_wm_mean":1009.1734008789062,"summary_wm_median":1000.0301513671875,"summary_wm_n":506130,"summary_wm_p05":918.03398742675779,"summary_wm_p95":1126.9575012207031,"summary_wm_stdv":69.954673767089844,"tpm_overlap_csf":0.096908196806907654,"tpm_overlap_gm":0.32150366902351379,"tpm_overlap_wm":0.42908233404159546,"wm2max":0.29662658227938388}