{"bids_meta":{"AcquisitionMatrixPE":320,"AcquisitionNumber":1,"AcquisitionTime":[],"BaseResolution":320,"BodyPartExamined":"BRAIN","ConsistencyInfo":"N4_VE11C_LATEST_20160120","ConversionSoftware":"dcm2niix","ConversionSoftwareVersion":"v1.0.20200427","DeviceSerialNumber":"167017","DwellTime":6.6E-6,"EchoTime":0.00314,"FlipAngle":9,"ImageOrientationPatientDICOM":[-0.0116663,0.982414,0.186351,0.00137927,0.18638,-0.982477],"ImageType":["ORIGINAL","PRIMARY","M","ND","NORM","FM","FIL"],"ImagingFrequency":123.25,"InPlanePhaseEncodingDirectionDICOM":"ROW","InstitutionAddress":[],"InstitutionName":[],"InstitutionalDepartmentName":[],"InversionTime":0.9,"MRAcquisitionType":"3D","MagneticFieldStrength":3,"Manufacturer":"Siemens","ManufacturersModelName":"Prisma_fit","Modality":"MR","ParallelReductionFactorInPlane":2,"PartialFourier":1,"PatientPosition":"HFS","PercentPhaseFOV":100,"PercentSampling":100,"PhaseEncodingSteps":319,"PhaseResolution":1,"PixelBandwidth":235,"ProcedureStepDescription":[],"ProtocolName":[],"PulseSequenceDetails":[],"ReceiveCoilActiveElements":"HC1-7","ReceiveCoilName":"HeadNeck_64","ReconMatrixPE":320,"RefLinesPE":32,"RepetitionTime":2.3,"SAR":0.049571,"ScanOptions":"IR","ScanningSequence":"GR_IR","SequenceName":"_tfl3d1_16ns","SequenceVariant":"SK_SP_MP","SeriesDescription":[],"SeriesNumber":20,"ShimSetting":[302,-11610,-6447,400,7,-327,197,55],"SliceThickness":0.8,"SoftwareVersions":"syngo_MR_E11","StationName":"MRC35056","TxRefAmp":240.988,"dataset":"MICs","modality":"T1w","run_id":1,"session_id":"01","subject_id":"sub-HC003"},"cjv":0.80547961864233608,"cnr":1.5490193693273082,"efc":0.68243868552397424,"fber":37.960769653320312,"fwhm_avg":3.414545782452636,"fwhm_x":3.3725624497449029,"fwhm_y":3.4550874485151848,"fwhm_z":3.4159874490978206,"icvs_csf":0.26424865613907539,"icvs_gm":0.38998916978831333,"icvs_wm":0.34576217407261123,"inu_med":1.3597689867019653,"inu_range":0.64524781703948975,"provenance":{"md5sum":"c308bfddeb4d73aa8411fecd1326a494","settings":{"testing":false},"software":"mriqc","version":"0.15.2","warnings":{"large_rot_frame":false,"small_air_mask":false},"webapi_port":[],"webapi_url":"https://mriqc.nimh.nih.gov/api/v1"},"qi_1":0,"qi_2":0.0039639325407296849,"rpve_csf":17.902529692873554,"rpve_gm":11.659791499897034,"rpve_wm":14.911493723254273,"size_x":224,"size_y":320,"size_z":320,"snr_csf":1.5449557893439099,"snr_gm":8.2376689632264,"snr_total":7.4383407169506137,"snr_wm":12.532397398281534,"snrd_csf":45.5866745740533,"snrd_gm":79.850224120694463,"snrd_total":74.905241828831464,"snrd_wm":99.278826791746624,"spacing_x":0.800000011920929,"spacing_y":0.800000011920929,"spacing_z":0.800000011920929,"summary_bg_k":34.174761572717564,"summary_bg_mad":6.5992041832521613,"summary_bg_mean":132.54299926757812,"summary_bg_median":132.36897277832031,"summary_bg_n":7.470495E+6,"summary_bg_p05":121.6205551147461,"summary_bg_p95":144.21589660644531,"summary_bg_stdv":7.8128552436828613,"summary_csf_k":14.816977864074989,"summary_csf_mad":114.052279494975,"summary_csf_mean":529.450927734375,"summary_csf_median":459.19564819335938,"summary_csf_n":264177,"summary_csf_p05":320.76771240234376,"summary_csf_p95":1048.9427490234375,"summary_csf_stdv":297.22195434570312,"summary_gm_k":0.076774272405636168,"summary_gm_mad":95.66245584682045,"summary_gm_mean":818.00372314453125,"summary_gm_median":804.33319091796875,"summary_gm_n":69152,"summary_gm_p05":679.18378601074221,"summary_gm_p95":995.82857055664067,"summary_gm_stdv":97.640167236328125,"summary_wm_k":8.1608365691113782,"summary_wm_mad":61.973750034801242,"summary_wm_mean":1013.4625854492188,"summary_wm_median":1000.0379638671875,"summary_wm_n":502922,"summary_wm_p05":914.89612121582024,"summary_wm_p95":1152.6250854492187,"summary_wm_stdv":79.796142578125,"tpm_overlap_csf":0.097964808344841,"tpm_overlap_gm":0.32834574580192566,"tpm_overlap_wm":0.4330342710018158,"wm2max":0.30011330851530249}