{"bids_meta":{"AcquisitionMatrixPE":320,"AcquisitionNumber":1,"AcquisitionTime":[],"BaseResolution":320,"BodyPartExamined":"BRAIN","ConsistencyInfo":"N4_VE11C_LATEST_20160120","ConversionSoftware":"dcm2niix","ConversionSoftwareVersion":"v1.0.20200427","DeviceSerialNumber":"167017","DwellTime":6.6E-6,"EchoTime":0.00314,"FlipAngle":9,"ImageOrientationPatientDICOM":[0.0543352,0.997152,-0.0523019,0.0332124,-0.0541551,-0.99798],"ImageType":["ORIGINAL","PRIMARY","M","ND","NORM","FM","FIL"],"ImagingFrequency":123.25,"InPlanePhaseEncodingDirectionDICOM":"ROW","InstitutionAddress":[],"InstitutionName":[],"InstitutionalDepartmentName":[],"InversionTime":0.9,"MRAcquisitionType":"3D","MagneticFieldStrength":3,"Manufacturer":"Siemens","ManufacturersModelName":"Prisma_fit","Modality":"MR","ParallelReductionFactorInPlane":2,"PartialFourier":1,"PatientPosition":"HFS","PercentPhaseFOV":100,"PercentSampling":100,"PhaseEncodingSteps":319,"PhaseResolution":1,"PixelBandwidth":235,"ProcedureStepDescription":[],"ProtocolName":[],"PulseSequenceDetails":[],"ReceiveCoilActiveElements":"HC1-7","ReceiveCoilName":"HeadNeck_64","ReconMatrixPE":320,"RefLinesPE":32,"RepetitionTime":2.3,"SAR":0.0598159,"ScanOptions":"IR","ScanningSequence":"GR_IR","SequenceName":"_tfl3d1_16ns","SequenceVariant":"SK_SP_MP","SeriesDescription":[],"SeriesNumber":19,"ShimSetting":[310,-11556,-6457,295,-34,-513,-3,9],"SliceThickness":0.8,"SoftwareVersions":"syngo_MR_E11","StationName":"MRC35056","TxRefAmp":251.877,"dataset":"MICs","modality":"T1w","run_id":1,"session_id":"01","subject_id":"sub-HC022"},"cjv":0.79519595483025507,"cnr":1.5937440929085964,"efc":0.6871914433922427,"fber":35.881675720214844,"fwhm_avg":3.1962749523717915,"fwhm_x":3.186524952517078,"fwhm_y":3.2285624518906708,"fwhm_z":3.1737374527076265,"icvs_csf":0.20737453472294182,"icvs_gm":0.43638908662378639,"icvs_wm":0.35623637865327179,"inu_med":1.3889991044998169,"inu_range":0.67534959316253662,"provenance":{"md5sum":"ec2f9192ed97b536d308f96b512e746d","settings":{"testing":false},"software":"mriqc","version":"0.15.2","warnings":{"large_rot_frame":false,"small_air_mask":false},"webapi_port":[],"webapi_url":"https://mriqc.nimh.nih.gov/api/v1"},"qi_1":0,"qi_2":0.0036387485867839693,"rpve_csf":23.042796031673795,"rpve_gm":11.406776805136836,"rpve_wm":15.485005167816242,"size_x":224,"size_y":320,"size_z":320,"snr_csf":1.18891371268589,"snr_gm":7.8417512627300647,"snr_total":7.9143194267081896,"snr_wm":14.712293304708615,"snrd_csf":50.141766537175521,"snrd_gm":78.965800124813029,"snrd_total":75.842240225288307,"snrd_wm":98.4191540138764,"spacing_x":0.800000011920929,"spacing_y":0.800000011920929,"spacing_z":0.800000011920929,"summary_bg_k":4479.853015882014,"summary_bg_mad":6.6568242371238311,"summary_bg_mean":137.42349243164062,"summary_bg_median":137.11532592773438,"summary_bg_n":8.02097E+6,"summary_bg_p05":126.41033515930177,"summary_bg_p95":148.95176696777344,"summary_bg_stdv":17.109586715698242,"summary_csf_k":3.3324324601333561,"summary_csf_mad":144.10927045491934,"summary_csf_mean":658.36334228515625,"summary_csf_median":509.48922729492188,"summary_csf_n":145599,"summary_csf_p05":335.11630859375003,"summary_csf_p95":1772.1252197265626,"summary_csf_stdv":428.53192138671875,"summary_gm_k":0.11385233035780074,"summary_gm_mad":97.604253924567189,"summary_gm_mean":816.404541015625,"summary_gm_median":802.3695068359375,"summary_gm_n":109201,"summary_gm_p05":667.67510986328125,"summary_gm_p95":1003.2246704101562,"summary_gm_stdv":102.31972503662109,"summary_wm_k":1.8316438683357967,"summary_wm_mad":59.57818554929716,"summary_wm_mean":1007.456298828125,"summary_wm_median":1000.0345458984375,"summary_wm_n":498674,"summary_wm_p05":910.82577819824223,"summary_wm_p95":1130.9298889160154,"summary_wm_stdv":67.972648620605469,"tpm_overlap_csf":0.099600151181221008,"tpm_overlap_gm":0.36264783143997192,"tpm_overlap_wm":0.474380761384964,"wm2max":0.28374388560193037}