{"bids_meta":{"AcquisitionMatrixPE":320,"AcquisitionNumber":1,"AcquisitionTime":[],"BaseResolution":320,"BodyPartExamined":"BRAIN","ConsistencyInfo":"N4_VE11C_LATEST_20160120","ConversionSoftware":"dcm2niix","ConversionSoftwareVersion":"v1.0.20200427","DeviceSerialNumber":"167017","DwellTime":6.6E-6,"EchoTime":0.00314,"FlipAngle":9,"ImageOrientationPatientDICOM":[0.0543352,0.997152,-0.0523019,0.0332124,-0.0541551,-0.99798],"ImageType":["ORIGINAL","PRIMARY","M","ND","NORM","FM","FIL"],"ImagingFrequency":123.25,"InPlanePhaseEncodingDirectionDICOM":"ROW","InstitutionAddress":[],"InstitutionName":[],"InstitutionalDepartmentName":[],"InversionTime":0.9,"MRAcquisitionType":"3D","MagneticFieldStrength":3,"Manufacturer":"Siemens","ManufacturersModelName":"Prisma_fit","Modality":"MR","ParallelReductionFactorInPlane":2,"PartialFourier":1,"PatientPosition":"HFS","PercentPhaseFOV":100,"PercentSampling":100,"PhaseEncodingSteps":319,"PhaseResolution":1,"PixelBandwidth":235,"ProcedureStepDescription":[],"ProtocolName":[],"PulseSequenceDetails":[],"ReceiveCoilActiveElements":"HC1-7","ReceiveCoilName":"HeadNeck_64","ReconMatrixPE":320,"RefLinesPE":32,"RepetitionTime":2.3,"SAR":0.0598159,"ScanOptions":"IR","ScanningSequence":"GR_IR","SequenceName":"_tfl3d1_16ns","SequenceVariant":"SK_SP_MP","SeriesDescription":[],"SeriesNumber":7,"ShimSetting":[310,-11556,-6457,295,-34,-513,-3,9],"SliceThickness":0.8,"SoftwareVersions":"syngo_MR_E11","StationName":"MRC35056","TxRefAmp":251.877,"dataset":"MICs","modality":"T1w","run_id":2,"session_id":"01","subject_id":"sub-HC022"},"cjv":0.751837070965471,"cnr":1.6524709522166543,"efc":0.68048841906890145,"fber":37.8209228515625,"fwhm_avg":3.2129457854567107,"fwhm_x":3.1724624527266259,"fwhm_y":3.2919124509466817,"fwhm_z":3.1744624526968233,"icvs_csf":0.20730259766962911,"icvs_gm":0.43337475470060444,"icvs_wm":0.35932264762976646,"inu_med":1.381624698638916,"inu_range":0.670627737045288,"provenance":{"md5sum":"f596a10eb8abe0cc967f4fa971115b0d","settings":{"testing":false},"software":"mriqc","version":"0.15.2","warnings":{"large_rot_frame":false,"small_air_mask":false},"webapi_port":[],"webapi_url":"https://mriqc.nimh.nih.gov/api/v1"},"qi_1":0,"qi_2":0.0034750681161994168,"rpve_csf":23.154963842786241,"rpve_gm":11.533965527706833,"rpve_wm":15.465536620271521,"size_x":224,"size_y":320,"size_z":320,"snr_csf":1.202600788608041,"snr_gm":7.8481347375777544,"snr_total":8.06397595569535,"snr_wm":15.141192340900252,"snrd_csf":51.80671647150691,"snrd_gm":80.81100098542943,"snrd_total":77.986118652506889,"snrd_wm":101.34063850058435,"spacing_x":0.800000011920929,"spacing_y":0.800000011920929,"spacing_z":0.800000011920929,"summary_bg_k":3712.7095366876506,"summary_bg_mad":6.4649157498865417,"summary_bg_mean":133.68728637695312,"summary_bg_median":133.32984924316406,"summary_bg_n":8.323306E+6,"summary_bg_p05":122.91073226928711,"summary_bg_p95":144.81988143920898,"summary_bg_stdv":18.527666091918945,"summary_csf_k":3.5076099613204468,"summary_csf_mad":142.87977116641619,"summary_csf_mean":655.9046630859375,"summary_csf_median":511.23104858398438,"summary_csf_n":141017,"summary_csf_p05":336.2128967285156,"summary_csf_p95":1769.104931640624,"summary_csf_stdv":425.10302734375,"summary_gm_k":0.23535272498181925,"summary_gm_mad":94.134336726709122,"summary_gm_mean":812.28289794921875,"summary_gm_median":797.4466552734375,"summary_gm_n":105282,"summary_gm_p05":665.98968811035161,"summary_gm_p95":999.811376953125,"summary_gm_stdv":101.60922241210938,"summary_wm_k":1.9786673531303158,"summary_wm_mad":58.178382465919285,"summary_wm_mean":1005.9795532226562,"summary_wm_median":1000.0340576171875,"summary_wm_n":500517,"summary_wm_p05":910.07080078125,"summary_wm_p95":1123.1190673828123,"summary_wm_stdv":66.04718017578125,"tpm_overlap_csf":0.097109943628311157,"tpm_overlap_gm":0.35882803797721863,"tpm_overlap_wm":0.46886342763900757,"wm2max":0.28434296070855536}