{"bids_meta":{"AcquisitionMatrixPE":320,"AcquisitionNumber":1,"AcquisitionTime":[],"BaseResolution":320,"BodyPartExamined":"BRAIN","ConsistencyInfo":"N4_VE11C_LATEST_20160120","ConversionSoftware":"dcm2niix","ConversionSoftwareVersion":"v1.0.20200427","DeviceSerialNumber":"167017","DwellTime":6.6E-6,"EchoTime":0.00314,"FlipAngle":9,"ImageOrientationPatientDICOM":[-0.0328092,0.994251,0.101924,0.00021937,0.101986,-0.994786],"ImageType":["ORIGINAL","PRIMARY","M","ND","NORM","FM","FIL"],"ImagingFrequency":123.25,"InPlanePhaseEncodingDirectionDICOM":"ROW","InstitutionAddress":[],"InstitutionName":[],"InstitutionalDepartmentName":[],"InversionTime":0.9,"MRAcquisitionType":"3D","MagneticFieldStrength":3,"Manufacturer":"Siemens","ManufacturersModelName":"Prisma_fit","Modality":"MR","ParallelReductionFactorInPlane":2,"PartialFourier":1,"PatientPosition":"HFS","PercentPhaseFOV":100,"PercentSampling":100,"PhaseEncodingSteps":319,"PhaseResolution":1,"PixelBandwidth":235,"ProcedureStepDescription":[],"ProtocolName":[],"PulseSequenceDetails":[],"ReceiveCoilActiveElements":"HC1-7","ReceiveCoilName":"HeadNeck_64","ReconMatrixPE":320,"RefLinesPE":32,"RepetitionTime":2.3,"SAR":0.0491066,"ScanOptions":"IR","ScanningSequence":"GR_IR","SequenceName":"_tfl3d1_16ns","SequenceVariant":"SK_SP_MP","SeriesDescription":[],"SeriesNumber":19,"ShimSetting":[330,-11565,-6466,479,44,-235,37,18],"SliceThickness":0.8,"SoftwareVersions":"syngo_MR_E11","StationName":"MRC35056","TxRefAmp":236.969,"dataset":"MICs","modality":"T1w","run_id":1,"session_id":"01","subject_id":"sub-HC027"},"cjv":0.61473931838861184,"cnr":2.0070109880905576,"efc":0.68481008364139573,"fber":34.982841491699219,"fwhm_avg":3.2181124520463875,"fwhm_x":3.2093249521773317,"fwhm_y":3.2487249515902259,"fwhm_z":3.1962874523716058,"icvs_csf":0.20615634172062486,"icvs_gm":0.42417895286722379,"icvs_wm":0.36966470541215135,"inu_med":1.459606409072876,"inu_range":0.62119662761688232,"provenance":{"md5sum":"34e576653423788a759fc64c71e2ad30","settings":{"testing":false},"software":"mriqc","version":"0.15.2","warnings":{"large_rot_frame":false,"small_air_mask":false},"webapi_port":[],"webapi_url":"https://mriqc.nimh.nih.gov/api/v1"},"qi_1":0,"qi_2":0.0037160693467948938,"rpve_csf":23.703298360648919,"rpve_gm":11.930365541872401,"rpve_wm":15.484643052245666,"size_x":224,"size_y":320,"size_z":320,"snr_csf":1.22635305775279,"snr_gm":8.77484309451979,"snr_total":8.70131737004685,"snr_wm":16.10275595786797,"snrd_csf":45.2421899930488,"snrd_gm":76.471535717212475,"snrd_total":73.188343085831,"snrd_wm":97.851303547231709,"spacing_x":0.800000011920929,"spacing_y":0.800000011920929,"spacing_z":0.800000011920929,"summary_bg_k":24.844230437935387,"summary_bg_mad":6.6954412108022527,"summary_bg_mean":135.41427612304688,"summary_bg_median":135.42617797851562,"summary_bg_n":7.986543E+6,"summary_bg_p05":124.35810852050781,"summary_bg_p95":147.09779357910156,"summary_bg_stdv":7.9340267181396484,"summary_csf_k":6.1282895114363107,"summary_csf_mad":113.58484896765012,"summary_csf_mean":576.723876953125,"summary_csf_median":462.37155151367188,"summary_csf_n":134564,"summary_csf_p05":318.22443389892578,"summary_csf_p95":1634.8091308593748,"summary_csf_stdv":377.0283203125,"summary_gm_k":0.63122183617582106,"summary_gm_mad":79.73348583826251,"summary_gm_mean":795.73876953125,"summary_gm_median":781.532958984375,"summary_gm_n":92704,"summary_gm_p05":672.32354736328125,"summary_gm_p95":963.31627807617178,"summary_gm_stdv":89.064697265625,"summary_wm_k":2.9387337724899316,"summary_wm_mad":54.586755063966372,"summary_wm_mean":1004.6575317382812,"summary_wm_median":1000.032470703125,"summary_wm_n":510202,"summary_wm_p05":913.42550354003913,"summary_wm_p95":1109.7435241699216,"summary_wm_stdv":62.103126525878906,"tpm_overlap_csf":0.11076795309782028,"tpm_overlap_gm":0.36121052503585815,"tpm_overlap_wm":0.4632849395275116,"wm2max":0.33699957741271125}