{"bids_meta":{"AcquisitionMatrixPE":320,"AcquisitionNumber":1,"AcquisitionTime":[],"BaseResolution":320,"BodyPartExamined":"BRAIN","ConsistencyInfo":"N4_VE11C_LATEST_20160120","ConversionSoftware":"dcm2niix","ConversionSoftwareVersion":"v1.0.20200427","DeviceSerialNumber":"167017","DwellTime":6.6E-6,"EchoTime":0.00314,"FlipAngle":9,"ImageOrientationPatientDICOM":[-0.0328092,0.994251,0.101924,0.00021937,0.101986,-0.994786],"ImageType":["ORIGINAL","PRIMARY","M","ND","NORM","FM","FIL"],"ImagingFrequency":123.25,"InPlanePhaseEncodingDirectionDICOM":"ROW","InstitutionAddress":[],"InstitutionName":[],"InstitutionalDepartmentName":[],"InversionTime":0.9,"MRAcquisitionType":"3D","MagneticFieldStrength":3,"Manufacturer":"Siemens","ManufacturersModelName":"Prisma_fit","Modality":"MR","ParallelReductionFactorInPlane":2,"PartialFourier":1,"PatientPosition":"HFS","PercentPhaseFOV":100,"PercentSampling":100,"PhaseEncodingSteps":319,"PhaseResolution":1,"PixelBandwidth":235,"ProcedureStepDescription":[],"ProtocolName":[],"PulseSequenceDetails":[],"ReceiveCoilActiveElements":"HC1-7","ReceiveCoilName":"HeadNeck_64","ReconMatrixPE":320,"RefLinesPE":32,"RepetitionTime":2.3,"SAR":0.0491066,"ScanOptions":"IR","ScanningSequence":"GR_IR","SequenceName":"_tfl3d1_16ns","SequenceVariant":"SK_SP_MP","SeriesDescription":[],"SeriesNumber":7,"ShimSetting":[330,-11565,-6466,479,44,-235,37,18],"SliceThickness":0.8,"SoftwareVersions":"syngo_MR_E11","StationName":"MRC35056","TxRefAmp":236.969,"dataset":"MICs","modality":"T1w","run_id":2,"session_id":"01","subject_id":"sub-HC027"},"cjv":0.57833201437594883,"cnr":2.1291583642972376,"efc":0.67602373046481068,"fber":37.588340759277344,"fwhm_avg":3.1879041191631932,"fwhm_x":3.1729374527195473,"fwhm_y":3.2186749520380054,"fwhm_z":3.1720999527320273,"icvs_csf":0.20015896270091249,"icvs_gm":0.42434882331324592,"icvs_wm":0.37549221398584159,"inu_med":1.4535186290740967,"inu_range":0.59776993989944449,"provenance":{"md5sum":"7216e6692680295f6d4e7825e74896b3","settings":{"testing":false},"software":"mriqc","version":"0.15.2","warnings":{"large_rot_frame":false,"small_air_mask":false},"webapi_port":[],"webapi_url":"https://mriqc.nimh.nih.gov/api/v1"},"qi_1":0,"qi_2":0.0037144400094534283,"rpve_csf":24.803809059520091,"rpve_gm":12.193511982331275,"rpve_wm":15.639926895964162,"size_x":224,"size_y":320,"size_z":320,"snr_csf":1.1633825165501439,"snr_gm":9.1054367322041188,"snr_total":9.1031263747656066,"snr_wm":17.040559875542556,"snrd_csf":47.032698115221933,"snrd_gm":79.527023050385353,"snrd_total":76.233832272603522,"snrd_wm":102.14177565220328,"spacing_x":0.800000011920929,"spacing_y":0.800000011920929,"spacing_z":0.800000011920929,"summary_bg_k":23.301007453041883,"summary_bg_mad":6.4141956239421818,"summary_bg_mean":130.95600891113281,"summary_bg_median":130.9642333984375,"summary_bg_n":8.201849E+6,"summary_bg_p05":120.37840270996094,"summary_bg_p95":142.16053771972656,"summary_bg_stdv":7.6130523681640625,"summary_csf_k":5.2392829236340877,"summary_csf_mad":106.38317927412845,"summary_csf_mean":591.7412109375,"summary_csf_median":460.47958374023438,"summary_csf_n":114845,"summary_csf_p05":317.25,"summary_csf_p95":1665.79775390625,"summary_csf_stdv":395.80926513671875,"summary_gm_k":0.45941330330037378,"summary_gm_mad":76.5621432265836,"summary_gm_mean":792.26025390625,"summary_gm_median":778.619384765625,"summary_gm_n":89089,"summary_gm_p05":673.26750488281255,"summary_gm_p95":953.3702514648437,"summary_gm_stdv":85.511001586914062,"summary_wm_k":2.7651625397100776,"summary_wm_mad":51.487850384166954,"summary_wm_mean":1003.4978637695312,"summary_wm_median":1000.031982421875,"summary_wm_n":509015,"summary_wm_p05":915.310870361328,"summary_wm_p95":1101.1300048828125,"summary_wm_stdv":58.685337066650391,"tpm_overlap_csf":0.11717373132705688,"tpm_overlap_gm":0.37009209394454956,"tpm_overlap_wm":0.46943032741546631,"wm2max":0.33548921197879361}