{"bids_meta":{"AcquisitionMatrixPE":320,"AcquisitionNumber":1,"AcquisitionTime":[],"BaseResolution":320,"BodyPartExamined":"BRAIN","ConsistencyInfo":"N4_VE11C_LATEST_20160120","ConversionSoftware":"dcm2niix","ConversionSoftwareVersion":"v1.0.20200427","DeviceSerialNumber":"167017","DwellTime":6.6E-6,"EchoTime":0.00314,"FlipAngle":9,"ImageOrientationPatientDICOM":[0.0408082,0.989846,0.136157,-0.0284236,0.137365,-0.990113],"ImageType":["ORIGINAL","PRIMARY","M","ND","NORM","FM","FIL"],"ImagingFrequency":123.25,"InPlanePhaseEncodingDirectionDICOM":"ROW","InstitutionAddress":[],"InstitutionName":[],"InstitutionalDepartmentName":[],"InversionTime":0.9,"MRAcquisitionType":"3D","MagneticFieldStrength":3,"Manufacturer":"Siemens","ManufacturersModelName":"Prisma_fit","Modality":"MR","ParallelReductionFactorInPlane":2,"PartialFourier":1,"PatientPosition":"HFS","PercentPhaseFOV":100,"PercentSampling":100,"PhaseEncodingSteps":319,"PhaseResolution":1,"PixelBandwidth":235,"ProcedureStepDescription":[],"ProtocolName":[],"PulseSequenceDetails":[],"ReceiveCoilActiveElements":"HC1-7","ReceiveCoilName":"HeadNeck_64","ReconMatrixPE":320,"RefLinesPE":32,"RepetitionTime":2.3,"SAR":0.0571934,"ScanOptions":"IR","ScanningSequence":"GR_IR","SequenceName":"_tfl3d1_16ns","SequenceVariant":"SK_SP_MP","SeriesDescription":[],"SeriesNumber":7,"ShimSetting":[311,-11603,-6442,335,30,-307,82,0],"SliceThickness":0.8,"SoftwareVersions":"syngo_MR_E11","StationName":"MRC35056","TxRefAmp":263.904,"dataset":"MICs","modality":"T1w","run_id":2,"session_id":"01","subject_id":"sub-HC001"},"cjv":0.60187611493709114,"cnr":1.8979089875902941,"efc":0.70493590370529413,"fber":51.674751281738281,"fwhm_avg":3.45389994853288,"fwhm_x":3.4233374489882968,"fwhm_y":3.5195249475549915,"fwhm_z":3.4188374490553519,"icvs_csf":0.23012895483713433,"icvs_gm":0.41136879332228649,"icvs_wm":0.35850225184057916,"inu_med":1.3595371246337891,"inu_range":0.6781414270401,"provenance":{"md5sum":"e53ce6315d2c2a77845c06de079d7ef7","settings":{"testing":false},"software":"mriqc","version":"0.15.2","warnings":{"large_rot_frame":false,"small_air_mask":false},"webapi_port":[],"webapi_url":"https://mriqc.nimh.nih.gov/api/v1"},"qi_1":0,"qi_2":0.0038252023547714733,"rpve_csf":20.045797078999389,"rpve_gm":11.274308015622911,"rpve_wm":14.52821330227188,"size_x":224,"size_y":320,"size_z":320,"snr_csf":1.6478022478913348,"snr_gm":8.29113312985407,"snr_total":8.6350641983941543,"snr_wm":15.966257217437056,"snrd_csf":53.856683829179083,"snrd_gm":90.510202138040626,"snrd_total":87.059662715251349,"snrd_wm":116.81210217853435,"spacing_x":0.800000011920929,"spacing_y":0.800000011920929,"spacing_z":0.800000011920929,"summary_bg_k":5261.6995379010659,"summary_bg_mad":5.60864600546459,"summary_bg_mean":113.1737060546875,"summary_bg_median":112.66686248779297,"summary_bg_n":7.627106E+6,"summary_bg_p05":103.39807319641113,"summary_bg_p95":122.59101867675781,"summary_bg_stdv":37.6672248840332,"summary_csf_k":17.033608822817033,"summary_csf_mad":108.7854400831292,"summary_csf_mean":523.20355224609375,"summary_csf_median":461.06900024414062,"summary_csf_n":204333,"summary_csf_p05":326.08928222656249,"summary_csf_p95":899.507702636718,"summary_csf_stdv":279.80776977539062,"summary_gm_k":0.54099501809168427,"summary_gm_mad":79.1885498910066,"summary_gm_mean":791.24468994140625,"summary_gm_median":774.861083984375,"summary_gm_n":103766,"summary_gm_p05":663.77056884765625,"summary_gm_p95":974.86129760742188,"summary_gm_stdv":93.456146240234375,"summary_wm_k":1.5577036074435213,"summary_wm_mad":56.336803013477422,"summary_wm_mean":1003.5531616210938,"summary_wm_median":1000.0325927734375,"summary_wm_n":556178,"summary_wm_p05":907.89402770996094,"summary_wm_p95":1111.3707946777345,"summary_wm_stdv":62.634071350097656,"tpm_overlap_csf":0.11166337877511978,"tpm_overlap_gm":0.36165255308151245,"tpm_overlap_wm":0.45345517992973328,"wm2max":0.35912762572166984}