{"bids_meta":{"AcquisitionMatrixPE":320,"AcquisitionNumber":1,"AcquisitionTime":[],"BaseResolution":320,"BodyPartExamined":"BRAIN","ConsistencyInfo":"N4_VE11C_LATEST_20160120","ConversionSoftware":"dcm2niix","ConversionSoftwareVersion":"v1.0.20200427","DeviceSerialNumber":"167017","DwellTime":6.6E-6,"EchoTime":0.00314,"FlipAngle":9,"ImageOrientationPatientDICOM":[0.0408082,0.989846,0.136157,-0.0284236,0.137365,-0.990113],"ImageType":["ORIGINAL","PRIMARY","M","ND","NORM","FM","FIL"],"ImagingFrequency":123.25,"InPlanePhaseEncodingDirectionDICOM":"ROW","InstitutionAddress":[],"InstitutionName":[],"InstitutionalDepartmentName":[],"InversionTime":0.9,"MRAcquisitionType":"3D","MagneticFieldStrength":3,"Manufacturer":"Siemens","ManufacturersModelName":"Prisma_fit","Modality":"MR","ParallelReductionFactorInPlane":2,"PartialFourier":1,"PatientPosition":"HFS","PercentPhaseFOV":100,"PercentSampling":100,"PhaseEncodingSteps":319,"PhaseResolution":1,"PixelBandwidth":235,"ProcedureStepDescription":[],"ProtocolName":[],"PulseSequenceDetails":[],"ReceiveCoilActiveElements":"HC1-7","ReceiveCoilName":"HeadNeck_64","ReconMatrixPE":320,"RefLinesPE":32,"RepetitionTime":2.3,"SAR":0.0571934,"ScanOptions":"IR","ScanningSequence":"GR_IR","SequenceName":"_tfl3d1_16ns","SequenceVariant":"SK_SP_MP","SeriesDescription":[],"SeriesNumber":19,"ShimSetting":[311,-11603,-6442,335,30,-307,82,0],"SliceThickness":0.8,"SoftwareVersions":"syngo_MR_E11","StationName":"MRC35056","TxRefAmp":263.904,"dataset":"MICs","modality":"T1w","run_id":1,"session_id":"01","subject_id":"sub-HC001"},"cjv":0.64435258448818544,"cnr":1.8185745554820922,"efc":0.70990108017230635,"fber":48.205532073974609,"fwhm_avg":3.5415457805601886,"fwhm_x":3.5155624476140375,"fwhm_y":3.6083124462319547,"fwhm_z":3.5007624478345742,"icvs_csf":0.23145940371912802,"icvs_gm":0.4145597814091026,"icvs_wm":0.35398081487176936,"inu_med":1.3630437850952148,"inu_range":0.755527955293655,"provenance":{"md5sum":"b849285e783967a66918dc99ceb81d0b","settings":{"testing":false},"software":"mriqc","version":"0.15.2","warnings":{"large_rot_frame":false,"small_air_mask":false},"webapi_port":[],"webapi_url":"https://mriqc.nimh.nih.gov/api/v1"},"qi_1":0,"qi_2":0.003797953513471437,"rpve_csf":19.263362147387483,"rpve_gm":10.859675988895665,"rpve_wm":14.295364441528209,"size_x":224,"size_y":320,"size_z":320,"snr_csf":1.7407424995383134,"snr_gm":8.1195641454878142,"snr_total":8.3482021237340334,"snr_wm":15.184299726175974,"snrd_csf":51.52755104228887,"snrd_gm":87.458311790978613,"snrd_total":83.8535392633756,"snrd_wm":112.57475495685932,"spacing_x":0.800000011920929,"spacing_y":0.800000011920929,"spacing_z":0.800000011920929,"summary_bg_k":5904.6540895696244,"summary_bg_mad":5.8197215875753665,"summary_bg_mean":117.31565093994141,"summary_bg_median":116.76763916015625,"summary_bg_n":7.596462E+6,"summary_bg_p05":107.14419555664062,"summary_bg_p95":127.04478416442871,"summary_bg_stdv":39.487628936767578,"summary_csf_k":21.230380097810261,"summary_csf_mad":106.25379996981275,"summary_csf_mean":512.53045654296875,"summary_csf_median":457.73065185546875,"summary_csf_n":205188,"summary_csf_p05":326.26033477783204,"summary_csf_p95":755.097729492187,"summary_csf_stdv":262.95074462890625,"summary_gm_k":0.33317293916928392,"summary_gm_mad":84.8640460178653,"summary_gm_mean":793.6998291015625,"summary_gm_median":776.91156005859375,"summary_gm_n":107965,"summary_gm_p05":661.66837158203123,"summary_gm_p95":977.82222900390616,"summary_gm_stdv":95.683456420898438,"summary_wm_k":2.0668738607819614,"summary_wm_mad":58.900635249549808,"summary_wm_mean":1003.7636108398438,"summary_wm_median":1000.0264892578125,"summary_wm_n":558266,"summary_wm_p05":903.683837890625,"summary_wm_p95":1116.1699829101562,"summary_wm_stdv":65.859184265136719,"tpm_overlap_csf":0.10753335058689117,"tpm_overlap_gm":0.34908401966094971,"tpm_overlap_wm":0.44825732707977295,"wm2max":0.35377164592436916}