{"aor":0.071446,"aqi":0.0056841359999999994,"bids_meta":{"AcquisitionMatrixPE":80,"AcquisitionNumber":1,"AcquisitionTime":[],"BandwidthPerPixelPhaseEncode":23.148,"BaseResolution":80,"BodyPartExamined":"BRAIN","ConsistencyInfo":"N4_VE11C_LATEST_20160120","ConversionSoftware":"dcm2niix","ConversionSoftwareVersion":"v1.0.20200427","DerivedVendorReportedEchoSpacing":0.000540003,"DeviceSerialNumber":"167017","DwellTime":3E-6,"EchoTime":0.048,"EchoTrainLength":80,"EffectiveEchoSpacing":0.000540003,"FlipAngle":90,"ImageComments":"Unaliased_MB6_PE3_LB","ImageOrientationPatientDICOM":[1,0,0,0,0.866025,-0.5],"ImageType":["ORIGINAL","PRIMARY","M","ND","NORM","MOSAIC"],"ImagingFrequency":123.25,"InPlanePhaseEncodingDirectionDICOM":"COL","InstitutionAddress":[],"InstitutionName":[],"InstitutionalDepartmentName":[],"Instructions":"eyes closed","MRAcquisitionType":"2D","MagneticFieldStrength":3,"Manufacturer":"Siemens","ManufacturersModelName":"Prisma_fit","Modality":"MR","PartialFourier":1,"PatientPosition":"HFS","PercentPhaseFOV":100,"PercentSampling":100,"PhaseEncodingDirection":"j-","PhaseEncodingSteps":80,"PhaseResolution":1,"PixelBandwidth":2085,"ProcedureStepDescription":[],"ProtocolName":[],"PulseSequenceDetails":[],"ReceiveCoilActiveElements":"HC1-7","ReceiveCoilName":"HeadNeck_64","ReconMatrixPE":80,"RepetitionTime":4.029,"SAR":0.189691,"ScanOptions":"FS","ScanningSequence":"EP","SequenceName":"epse2d1_80","SequenceVariant":"SK","SeriesDescription":[],"SeriesNumber":15,"ShimSetting":[323,-11629,-6428,699,54,-159,-16,17],"SliceThickness":3,"SliceTiming":[3.925,3.84,3.7575,3.675,3.59,3.5075,3.4225,3.34,3.2575,3.1725,3.09,3.005,2.9225,2.84,2.755,2.6725,2.5875,2.505,2.4225,2.3375,2.255,2.17,2.0875,2.0025,1.92,1.8375,1.7525,1.67,1.585,1.5025,1.42,1.335,1.2525,1.1675,1.085,1.0025,0.9175,0.835,0.75,0.6675,0.585,0.5,0.4175,0.3325,0.25,0.1675,0.0825,0],"SoftwareVersions":"syngo_MR_E11","SpacingBetweenSlices":3,"StationName":"MRC35056","TaskName":"rest","TotalReadoutTime":0.0426603,"TxRefAmp":223.083,"WipMemBlock":"1b244d0a-367f-4a07-a04a-690051f9b7e8||Sequence: R016 ve11c/master r/34fb20f; Nov 20 2017 15:30:40 by eja","acq_id":"APse","dataset":"MICs","modality":"bold","session_id":"01","subject_id":"sub-HC042","task_id":"rest"},"dummy_trs":1,"dvars_nstd":55.8892879475,"dvars_std":2.5174929500000003,"dvars_vstd":3.1549966925,"efc":0.47640539956858036,"fber":826.4742431640625,"fd_mean":0.10627793458073595,"fd_num":0,"fd_perc":0,"fwhm_avg":1.8163933333333333,"fwhm_x":1.8841233333333334,"fwhm_y":1.7379499999999999,"fwhm_z":1.8271066666666667,"gcor":0.00161542,"gsr_x":-0.03675464540719986,"gsr_y":0.015287748537957668,"provenance":{"md5sum":"432c97d055517de4601e7f4f7c141af0","settings":{"fd_thres":0.2,"hmc_fsl":false,"testing":false},"software":"mriqc","version":"0.15.2","webapi_port":[],"webapi_url":"https://mriqc.nimh.nih.gov/api/v1"},"size_t":5,"size_x":80,"size_y":80,"size_z":48,"snr":2.3586857642134254,"spacing_tr":4.0289998054504395,"spacing_x":3,"spacing_y":3,"spacing_z":3,"summary_bg_k":40.456643455933687,"summary_bg_mad":108.81932890947382,"summary_bg_mean":610.98779296875,"summary_bg_median":279.83120727539062,"summary_bg_n":208485,"summary_bg_p05":157.78423461914062,"summary_bg_p95":2716.0041992187489,"summary_bg_stdv":1134.7559814453125,"summary_fg_k":42.722807812279378,"summary_fg_mad":2180.5227343298238,"summary_fg_mean":9071.2763671875,"summary_fg_median":8466.970703125,"summary_fg_n":50363,"summary_fg_p05":5274.16796875,"summary_fg_p95":14788.864257812498,"summary_fg_stdv":3589.662841796875,"tsnr":83.108695983886719}