{"aor":0.00034974100719424464,"aqi":0.0060853406330935254,"bids_meta":{"AcquisitionMatrixPE":80,"AcquisitionNumber":1,"AcquisitionTime":[],"BandwidthPerPixelPhaseEncode":23.148,"BaseResolution":80,"BodyPartExamined":"BRAIN","ConsistencyInfo":"N4_VE11C_LATEST_20160120","ConversionSoftware":"dcm2niix","ConversionSoftwareVersion":"v1.0.20200427","DerivedVendorReportedEchoSpacing":0.000540003,"DeviceSerialNumber":"167017","DwellTime":2.6E-6,"EchoTime":0.03,"EchoTrainLength":80,"EffectiveEchoSpacing":0.000540003,"FlipAngle":50,"ImageComments":"Unaliased_MB6_PE3_LB","ImageOrientationPatientDICOM":[1,0,0,0,0.866025,-0.5],"ImageType":["ORIGINAL","PRIMARY","M","MB","ND","NORM","MOSAIC"],"ImagingFrequency":123.25,"InPlanePhaseEncodingDirectionDICOM":"COL","InstitutionAddress":[],"InstitutionName":[],"InstitutionalDepartmentName":[],"Instructions":"eyes closed","MRAcquisitionType":"2D","MagneticFieldStrength":3,"Manufacturer":"Siemens","ManufacturersModelName":"Prisma_fit","Modality":"MR","MultibandAccelerationFactor":6,"PartialFourier":1,"PatientPosition":"HFS","PercentPhaseFOV":100,"PercentSampling":100,"PhaseEncodingDirection":"j-","PhaseEncodingSteps":80,"PhaseResolution":1,"PixelBandwidth":2405,"ProcedureStepDescription":[],"ProtocolName":[],"PulseSequenceDetails":[],"ReceiveCoilActiveElements":"HC1-7","ReceiveCoilName":"HeadNeck_64","ReconMatrixPE":80,"RepetitionTime":0.6,"SAR":0.0555723,"ScanOptions":"FS","ScanningSequence":"EP","SequenceName":"epfid2d1_80","SequenceVariant":"SK_SS","SeriesDescription":[],"SeriesNumber":14,"ShimSetting":[323,-11629,-6428,699,54,-159,-16,17],"SliceThickness":3,"SliceTiming":[0.5075,0.435,0.3625,0.29,0.2175,0.145,0.0725,0,0.5075,0.435,0.3625,0.29,0.2175,0.145,0.0725,0,0.5075,0.435,0.3625,0.29,0.2175,0.145,0.0725,0,0.5075,0.435,0.3625,0.29,0.2175,0.145,0.0725,0,0.5075,0.435,0.3625,0.29,0.2175,0.145,0.0725,0,0.5075,0.435,0.3625,0.29,0.2175,0.145,0.0725,0],"SoftwareVersions":"syngo_MR_E11","SpacingBetweenSlices":3,"StationName":"MRC35056","TaskName":"rest","TotalReadoutTime":0.0426603,"TxRefAmp":223.083,"WipMemBlock":"9b590d51-2652-47db-80c1-6d5fe8d60825||Sequence: R016 ve11c/master r/34fb20f; Nov 20 2017 15:15:15 by eja","acq_id":"AP","dataset":"MICs","modality":"bold","session_id":"01","subject_id":"sub-HC042","task_id":"rest"},"dummy_trs":5,"dvars_nstd":31.124199202161371,"dvars_std":1.2172385341210388,"dvars_vstd":0.99568666059077826,"efc":0.42940752697574475,"fber":7874.43603515625,"fd_mean":0.096428177017236133,"fd_num":11,"fd_perc":1.5827338129496402,"fwhm_avg":2.2379755555555558,"fwhm_x":2.0913533333333336,"fwhm_y":2.3979766666666666,"fwhm_z":2.2245966666666668,"gcor":0.0105639,"gsr_x":-0.019896071404218674,"gsr_y":0.025719765573740005,"provenance":{"md5sum":"fbe30d54fea000a617110989505c07ca","settings":{"fd_thres":0.2,"hmc_fsl":false,"testing":false},"software":"mriqc","version":"0.15.2","webapi_port":[],"webapi_url":"https://mriqc.nimh.nih.gov/api/v1"},"size_t":695,"size_x":80,"size_y":80,"size_z":48,"snr":4.2219967001828271,"spacing_tr":0.60000002384185791,"spacing_x":3,"spacing_y":3,"spacing_z":3,"summary_bg_k":46.768324046766693,"summary_bg_mad":37.522633797793304,"summary_bg_mean":203.36602783203125,"summary_bg_median":65.92230224609375,"summary_bg_n":211864,"summary_bg_p05":31.385826587677002,"summary_bg_p95":901.12897949218723,"summary_bg_stdv":463.0572509765625,"summary_fg_k":3.0158775872270791,"summary_fg_mad":1189.712991956837,"summary_fg_mean":6113.50732421875,"summary_fg_median":6096.50341796875,"summary_fg_n":47341,"summary_fg_p05":4011.5107421875,"summary_fg_p95":8289.4130859375,"summary_fg_stdv":1443.9705810546875,"tsnr":53.926605350570753}