{"aor":0.047386666666666667,"aqi":0.004638475,"bids_meta":{"AcquisitionMatrixPE":80,"AcquisitionNumber":1,"AcquisitionTime":[],"BandwidthPerPixelPhaseEncode":23.148,"BaseResolution":80,"BodyPartExamined":"BRAIN","ConsistencyInfo":"N4_VE11C_LATEST_20160120","ConversionSoftware":"dcm2niix","ConversionSoftwareVersion":"v1.0.20200427","DerivedVendorReportedEchoSpacing":0.000540003,"DeviceSerialNumber":"167017","DwellTime":3E-6,"EchoTime":0.048,"EchoTrainLength":80,"EffectiveEchoSpacing":0.000540003,"FlipAngle":90,"ImageComments":"Unaliased_MB6_PE3_LB","ImageOrientationPatientDICOM":[1,0,0,0,0.866025,-0.5],"ImageType":["ORIGINAL","PRIMARY","M","ND","NORM","MOSAIC"],"ImagingFrequency":123.25,"InPlanePhaseEncodingDirectionDICOM":"COL","InstitutionAddress":[],"InstitutionName":[],"InstitutionalDepartmentName":[],"Instructions":"eyes closed","MRAcquisitionType":"2D","MagneticFieldStrength":3,"Manufacturer":"Siemens","ManufacturersModelName":"Prisma_fit","Modality":"MR","PartialFourier":1,"PatientPosition":"HFS","PercentPhaseFOV":100,"PercentSampling":100,"PhaseEncodingDirection":"j","PhaseEncodingSteps":80,"PhaseResolution":1,"PixelBandwidth":2085,"ProcedureStepDescription":[],"ProtocolName":[],"PulseSequenceDetails":[],"ReceiveCoilActiveElements":"HC1-7","ReceiveCoilName":"HeadNeck_64","ReconMatrixPE":80,"RepetitionTime":4.029,"SAR":0.189691,"ScanOptions":"FS","ScanningSequence":"EP","SequenceName":"epse2d1_80","SequenceVariant":"SK","SeriesDescription":[],"SeriesNumber":16,"ShimSetting":[323,-11629,-6428,699,54,-159,-16,17],"SliceThickness":3,"SliceTiming":[3.925,3.84,3.7575,3.675,3.59,3.5075,3.4225,3.34,3.2575,3.1725,3.09,3.005,2.9225,2.84,2.755,2.6725,2.5875,2.505,2.42,2.3375,2.255,2.17,2.0875,2.0025,1.92,1.8375,1.7525,1.67,1.585,1.5025,1.42,1.335,1.2525,1.1675,1.085,1.0025,0.9175,0.835,0.75,0.6675,0.585,0.5,0.4175,0.3325,0.25,0.165,0.0825,0],"SoftwareVersions":"syngo_MR_E11","SpacingBetweenSlices":3,"StationName":"MRC35056","TaskName":"rest","TotalReadoutTime":0.0426603,"TxRefAmp":223.083,"WipMemBlock":"758a5e59-6848-4d0a-9570-c0dae3c37987||Sequence: R016 ve11c/master r/34fb20f; Nov 20 2017 15:30:40 by eja","acq_id":"PAse","dataset":"MICs","modality":"bold","session_id":"01","subject_id":"sub-HC042","task_id":"rest"},"dummy_trs":0,"dvars_nstd":67.684631345999989,"dvars_std":3.0066281320000003,"dvars_vstd":4.2614295480000006,"efc":0.47210740099112136,"fber":804.90386962890625,"fd_mean":0.08984696940548044,"fd_num":0,"fd_perc":0,"fwhm_avg":1.8487555555555557,"fwhm_x":1.9221933333333334,"fwhm_y":1.6406233333333333,"fwhm_z":1.9834500000000002,"gcor":0.00481838,"gsr_x":-0.038636688143014908,"gsr_y":0.013021839782595634,"provenance":{"md5sum":"e0bf363577deec2a154992e2417797a2","settings":{"fd_thres":0.2,"hmc_fsl":false,"testing":false},"software":"mriqc","version":"0.15.2","webapi_port":[],"webapi_url":"https://mriqc.nimh.nih.gov/api/v1"},"size_t":6,"size_x":80,"size_y":80,"size_z":48,"snr":2.2214851376573788,"spacing_tr":4.0289998054504395,"spacing_x":3,"spacing_y":3,"spacing_z":3,"summary_bg_k":302.39906517456291,"summary_bg_mad":102.87144398848798,"summary_bg_mean":593.08453369140625,"summary_bg_median":277.1844482421875,"summary_bg_n":208076,"summary_bg_p05":157.2490348815918,"summary_bg_p95":2684.307373046875,"summary_bg_stdv":1176.6383056640625,"summary_fg_k":15.950321359685695,"summary_fg_mad":2568.0118278246036,"summary_fg_mean":8996.109375,"summary_fg_median":8418.849609375,"summary_fg_n":50623,"summary_fg_p05":3969.0293701171877,"summary_fg_p95":15100.625488281246,"summary_fg_stdv":3789.701904296875,"tsnr":75.493392944335938}