{"bids_meta":{"AcquisitionMatrixPE":320,"AcquisitionNumber":1,"AcquisitionTime":[],"BaseResolution":320,"BodyPartExamined":"BRAIN","ConsistencyInfo":"N4_VE11C_LATEST_20160120","ConversionSoftware":"dcm2niix","ConversionSoftwareVersion":"v1.0.20200427","DeviceSerialNumber":"167017","DwellTime":6.6E-6,"EchoTime":0.00314,"FlipAngle":9,"ImageOrientationPatientDICOM":[0.0144362,0.994881,0.100014,0.000428703,0.100019,-0.994985],"ImageType":["ORIGINAL","PRIMARY","M","ND","NORM","FM","FIL"],"ImagingFrequency":123.25,"InPlanePhaseEncodingDirectionDICOM":"ROW","InstitutionAddress":[],"InstitutionName":[],"InstitutionalDepartmentName":[],"InversionTime":0.9,"MRAcquisitionType":"3D","MagneticFieldStrength":3,"Manufacturer":"Siemens","ManufacturersModelName":"Prisma_fit","Modality":"MR","ParallelReductionFactorInPlane":2,"PartialFourier":1,"PatientPosition":"HFS","PercentPhaseFOV":100,"PercentSampling":100,"PhaseEncodingSteps":319,"PhaseResolution":1,"PixelBandwidth":235,"ProcedureStepDescription":[],"ProtocolName":[],"PulseSequenceDetails":[],"ReceiveCoilActiveElements":"HC1-7","ReceiveCoilName":"HeadNeck_64","ReconMatrixPE":320,"RefLinesPE":32,"RepetitionTime":2.3,"SAR":0.0498764,"ScanOptions":"IR","ScanningSequence":"GR_IR","SequenceName":"_tfl3d1_16ns","SequenceVariant":"SK_SP_MP","SeriesDescription":[],"SeriesNumber":24,"ShimSetting":[320,-11609,-6471,413,-6,-299,-19,13],"SliceThickness":0.8,"SoftwareVersions":"syngo_MR_E11","StationName":"MRC35056","TxRefAmp":225.124,"dataset":"MICs","modality":"T1w","run_id":1,"session_id":"01","subject_id":"sub-HC026"},"cjv":0.80110710462546686,"cnr":1.4556558358343221,"efc":0.70948711896107064,"fber":22.835895538330078,"fwhm_avg":3.5546291136985655,"fwhm_x":3.4739499482341119,"fwhm_y":3.6468124456582602,"fwhm_z":3.5431249472033239,"icvs_csf":0.2262366630001631,"icvs_gm":0.4348547833721953,"icvs_wm":0.33890855362764161,"inu_med":1.5106397867202759,"inu_range":0.82969207763671848,"provenance":{"md5sum":"a0307512897444e9badc837471b13225","settings":{"testing":false},"software":"mriqc","version":"0.15.2","warnings":{"large_rot_frame":false,"small_air_mask":false},"webapi_port":[],"webapi_url":"https://mriqc.nimh.nih.gov/api/v1"},"qi_1":0,"qi_2":0.0035954627702998892,"rpve_csf":21.048987171985249,"rpve_gm":11.364601672894889,"rpve_wm":16.183198052409743,"size_x":224,"size_y":320,"size_z":320,"snr_csf":1.2706197459961988,"snr_gm":7.8075034398458421,"snr_total":7.0887592596544975,"snr_wm":12.188154593121453,"snrd_csf":36.688046376708378,"snrd_gm":65.156999614168228,"snrd_total":60.9211013445457,"snrd_wm":80.918258042760485,"spacing_x":0.800000011920929,"spacing_y":0.800000011920929,"spacing_z":0.800000011920929,"summary_bg_k":6141.8038432223757,"summary_bg_mad":8.09653378890753,"summary_bg_mean":166.87889099121094,"summary_bg_median":166.47434997558594,"summary_bg_n":8.700438E+6,"summary_bg_p05":153.17364273071288,"summary_bg_p95":180.7503662109375,"summary_bg_stdv":23.16618537902832,"summary_csf_k":9.7200850040193,"summary_csf_mad":115.8716660644769,"summary_csf_mean":553.7783203125,"summary_csf_median":453.41094970703125,"summary_csf_n":156010,"summary_csf_p05":307.23623657226562,"summary_csf_p95":1477.9592468261685,"summary_csf_stdv":356.84121704101562,"summary_gm_k":0.13491841893929291,"summary_gm_mad":100.12727478365312,"summary_gm_mean":820.48675537109375,"summary_gm_median":805.245849609375,"summary_gm_n":126590,"summary_gm_p05":675.06608886718755,"summary_gm_p95":1010.1912658691406,"summary_gm_stdv":103.13702392578125,"summary_wm_k":20.116182053188439,"summary_wm_mad":55.91737788635502,"summary_wm_mean":1009.718505859375,"summary_wm_median":1000.0321044921875,"summary_wm_n":476189,"summary_wm_p05":912.59548339843752,"summary_wm_p95":1126.7517333984374,"summary_wm_stdv":82.049423217773438,"tpm_overlap_csf":0.10053320974111557,"tpm_overlap_gm":0.36299699544906616,"tpm_overlap_wm":0.48097315430641174,"wm2max":0.35252710814824439}