{"bids_meta":{"AcquisitionMatrixPE":320,"AcquisitionNumber":1,"AcquisitionTime":[],"BaseResolution":320,"BodyPartExamined":"BRAIN","ConsistencyInfo":"N4_VE11C_LATEST_20160120","ConversionSoftware":"dcm2niix","ConversionSoftwareVersion":"v1.0.20200427","DeviceSerialNumber":"167017","DwellTime":6.6E-6,"EchoTime":0.00314,"FlipAngle":9,"ImageOrientationPatientDICOM":[-0.024823,0.997082,0.0721859,0.013024,0.0725246,-0.997282],"ImageType":["ORIGINAL","PRIMARY","M","ND","NORM","FM","FIL"],"ImagingFrequency":123.25,"InPlanePhaseEncodingDirectionDICOM":"ROW","InstitutionAddress":[],"InstitutionName":[],"InstitutionalDepartmentName":[],"InversionTime":0.9,"MRAcquisitionType":"3D","MagneticFieldStrength":3,"Manufacturer":"Siemens","ManufacturersModelName":"Prisma_fit","Modality":"MR","ParallelReductionFactorInPlane":2,"PartialFourier":1,"PatientPosition":"HFS","PercentPhaseFOV":100,"PercentSampling":100,"PhaseEncodingSteps":319,"PhaseResolution":1,"PixelBandwidth":235,"ProcedureStepDescription":[],"ProtocolName":[],"PulseSequenceDetails":[],"ReceiveCoilActiveElements":"HC1-7","ReceiveCoilName":"HeadNeck_64","ReconMatrixPE":320,"RefLinesPE":32,"RepetitionTime":2.3,"SAR":0.0469636,"ScanOptions":"IR","ScanningSequence":"GR_IR","SequenceName":"_tfl3d1_16ns","SequenceVariant":"SK_SP_MP","SeriesDescription":[],"SeriesNumber":7,"ShimSetting":[339,-11536,-6468,859,3,-140,-599,-104],"SliceThickness":0.8,"SoftwareVersions":"syngo_MR_E11","StationName":"MRC35056","TxRefAmp":220.09,"dataset":"MICs","modality":"T1w","run_id":2,"session_id":"01","subject_id":"sub-HC026"},"cjv":0.7464162438112143,"cnr":1.6161823089764213,"efc":0.71870581665308708,"fber":22.128868103027344,"fwhm_avg":3.6116541128488264,"fwhm_x":3.5199374475488447,"fwhm_y":3.7053374447861693,"fwhm_z":3.6096874462114656,"icvs_csf":0.21885163067813157,"icvs_gm":0.43495732743059329,"icvs_wm":0.34619104189127514,"inu_med":1.5818303823471069,"inu_range":0.829158616065979,"provenance":{"md5sum":"bc8ef90e39248341a6b82a82338fbd5e","settings":{"testing":false},"software":"mriqc","version":"0.15.2","warnings":{"large_rot_frame":false,"small_air_mask":false},"webapi_port":[],"webapi_url":"https://mriqc.nimh.nih.gov/api/v1"},"qi_1":0,"qi_2":0.0039271258286357833,"rpve_csf":22.168746769862366,"rpve_gm":11.653151309243325,"rpve_wm":16.218053010070147,"size_x":224,"size_y":320,"size_z":320,"snr_csf":1.2829554300579045,"snr_gm":8.1736580736282551,"snr_total":7.952163936305646,"snr_wm":14.399878305230779,"snrd_csf":37.163878987997045,"snrd_gm":64.877447445215836,"snrd_total":60.991649200130517,"snrd_wm":80.933621167178657,"spacing_x":0.800000011920929,"spacing_y":0.800000011920929,"spacing_z":0.800000011920929,"summary_bg_k":6906.901038403058,"summary_bg_mad":8.0950067556777157,"summary_bg_mean":169.67723083496094,"summary_bg_median":169.23104858398438,"summary_bg_n":8.554926E+6,"summary_bg_p05":156.12225723266602,"summary_bg_p95":183.37057495117188,"summary_bg_stdv":25.037933349609375,"summary_csf_k":7.4435470484169777,"summary_csf_mad":120.49830527824086,"summary_csf_mean":563.52880859375,"summary_csf_median":459.20492553710938,"summary_csf_n":147865,"summary_csf_p05":311.34339599609376,"summary_csf_p95":1525.9715820312485,"summary_csf_stdv":357.92620849609375,"summary_gm_k":0.22146740414223576,"summary_gm_mad":94.81681877822092,"summary_gm_mean":814.62860107421875,"summary_gm_median":801.6397705078125,"summary_gm_n":131778,"summary_gm_p05":675.23085937499991,"summary_gm_p95":995.40721130371094,"summary_gm_stdv":98.075637817382812,"summary_wm_k":9.8514163177213216,"summary_wm_mad":53.267353107977542,"summary_wm_mean":1007.6140747070312,"summary_wm_median":1000.0333251953125,"summary_wm_n":480000,"summary_wm_p05":916.805288696289,"summary_wm_p95":1117.3235229492188,"summary_wm_stdv":69.447273254394531,"tpm_overlap_csf":0.10653346031904221,"tpm_overlap_gm":0.37434521317481995,"tpm_overlap_wm":0.48229262232780457,"wm2max":0.37476184038253124}