{"bids_meta":{"AcquisitionMatrixPE":320,"AcquisitionNumber":1,"AcquisitionTime":[],"BaseResolution":320,"BodyPartExamined":"BRAIN","ConsistencyInfo":"N4_VE11C_LATEST_20160120","ConversionSoftware":"dcm2niix","ConversionSoftwareVersion":"v1.0.20200427","DeviceSerialNumber":"167017","DwellTime":6.6E-6,"EchoTime":0.00314,"FlipAngle":9,"ImageOrientationPatientDICOM":[-0.0435555,0.994462,0.0956447,0.0197831,0.0965753,-0.995129],"ImageType":["ORIGINAL","PRIMARY","M","ND","NORM","FM","FIL"],"ImagingFrequency":123.25,"InPlanePhaseEncodingDirectionDICOM":"ROW","InstitutionAddress":[],"InstitutionName":[],"InstitutionalDepartmentName":[],"InversionTime":0.9,"MRAcquisitionType":"3D","MagneticFieldStrength":3,"Manufacturer":"Siemens","ManufacturersModelName":"Prisma_fit","Modality":"MR","ParallelReductionFactorInPlane":2,"PartialFourier":1,"PatientPosition":"HFS","PercentPhaseFOV":100,"PercentSampling":100,"PhaseEncodingSteps":319,"PhaseResolution":1,"PixelBandwidth":235,"ProcedureStepDescription":[],"ProtocolName":[],"PulseSequenceDetails":[],"ReceiveCoilActiveElements":"HC1-7","ReceiveCoilName":"HeadNeck_64","ReconMatrixPE":320,"RefLinesPE":32,"RepetitionTime":2.3,"SAR":0.0578985,"ScanOptions":"IR","ScanningSequence":"GR_IR","SequenceName":"_tfl3d1_16ns","SequenceVariant":"SK_SP_MP","SeriesDescription":[],"SeriesNumber":19,"ShimSetting":[332,-11588,-6432,444,13,-321,-99,10],"SliceThickness":0.8,"SoftwareVersions":"syngo_MR_E11","StationName":"MRC35056","TxRefAmp":241.041,"dataset":"MICs","modality":"T1w","run_id":1,"session_id":"01","subject_id":"sub-HC006"},"cjv":0.7211315888556642,"cnr":1.6780826287581887,"efc":0.68704524318767,"fber":37.06793212890625,"fwhm_avg":3.3121457839785151,"fwhm_x":3.3515874500574552,"fwhm_y":3.3431624501829971,"fwhm_z":3.2416874516950926,"icvs_csf":0.21052005819392039,"icvs_gm":0.40877101587780451,"icvs_wm":0.3807089259282751,"inu_med":1.3848072290420532,"inu_range":0.60771763324737549,"provenance":{"md5sum":"9564c1dcbccd679ee21f22dec92df58d","settings":{"testing":false},"software":"mriqc","version":"0.15.2","warnings":{"large_rot_frame":false,"small_air_mask":false},"webapi_port":[],"webapi_url":"https://mriqc.nimh.nih.gov/api/v1"},"qi_1":0,"qi_2":0.0046958228614965136,"rpve_csf":20.131009804597884,"rpve_gm":10.622666759522595,"rpve_wm":13.214014640948175,"size_x":224,"size_y":320,"size_z":320,"snr_csf":1.3697222577291917,"snr_gm":8.0440903188924366,"snr_total":8.829460930343016,"snr_wm":17.074570214407419,"snrd_csf":45.879326748380905,"snrd_gm":81.306945700237165,"snrd_total":76.330165672235637,"snrd_wm":101.80422456808884,"spacing_x":0.800000011920929,"spacing_y":0.800000011920929,"spacing_z":0.800000011920929,"summary_bg_k":9111.6108684687,"summary_bg_mad":6.4354383528724908,"summary_bg_mean":132.5018310546875,"summary_bg_median":132.02275085449219,"summary_bg_n":7.837344E+6,"summary_bg_p05":121.53612518310547,"summary_bg_p95":143.34280395507812,"summary_bg_stdv":33.291084289550781,"summary_csf_k":9.94737132055598,"summary_csf_mad":103.25701422333753,"summary_csf_mean":540.701416015625,"summary_csf_median":450.67498779296875,"summary_csf_n":163538,"summary_csf_p05":320.52107238769531,"summary_csf_p95":1438.2268676757803,"summary_csf_stdv":329.02554321289062,"summary_gm_k":0.18522146259802996,"summary_gm_mad":94.348573833173475,"summary_gm_mean":813.44671630859375,"summary_gm_median":798.68231201171875,"summary_gm_n":96125,"summary_gm_p05":673.75679931640616,"summary_gm_p95":998.360888671875,"summary_gm_stdv":99.287567138671875,"summary_wm_k":4.3064890717965651,"summary_wm_mad":50.848260999377061,"summary_wm_mean":1003.5328369140625,"summary_wm_median":1000.0281372070312,"summary_wm_n":635114,"summary_wm_p05":917.01773986816409,"summary_wm_p95":1098.4198913574219,"summary_wm_stdv":58.568229675292969,"tpm_overlap_csf":0.11816545575857162,"tpm_overlap_gm":0.35087734460830688,"tpm_overlap_wm":0.46214389801025391,"wm2max":0.3399576716901796}