{"bids_meta":{"AcquisitionMatrixPE":320,"AcquisitionNumber":1,"AcquisitionTime":[],"BaseResolution":320,"BodyPartExamined":"BRAIN","ConsistencyInfo":"N4_VE11C_LATEST_20160120","ConversionSoftware":"dcm2niix","ConversionSoftwareVersion":"v1.0.20200427","DeviceSerialNumber":"167017","DwellTime":6.6E-6,"EchoTime":0.00314,"FlipAngle":9,"ImageOrientationPatientDICOM":[-0.0435555,0.994462,0.0956447,0.0197831,0.0965753,-0.995129],"ImageType":["ORIGINAL","PRIMARY","M","ND","NORM","FM","FIL"],"ImagingFrequency":123.25,"InPlanePhaseEncodingDirectionDICOM":"ROW","InstitutionAddress":[],"InstitutionName":[],"InstitutionalDepartmentName":[],"InversionTime":0.9,"MRAcquisitionType":"3D","MagneticFieldStrength":3,"Manufacturer":"Siemens","ManufacturersModelName":"Prisma_fit","Modality":"MR","ParallelReductionFactorInPlane":2,"PartialFourier":1,"PatientPosition":"HFS","PercentPhaseFOV":100,"PercentSampling":100,"PhaseEncodingSteps":319,"PhaseResolution":1,"PixelBandwidth":235,"ProcedureStepDescription":[],"ProtocolName":[],"PulseSequenceDetails":[],"ReceiveCoilActiveElements":"HC1-7","ReceiveCoilName":"HeadNeck_64","ReconMatrixPE":320,"RefLinesPE":32,"RepetitionTime":2.3,"SAR":0.0578985,"ScanOptions":"IR","ScanningSequence":"GR_IR","SequenceName":"_tfl3d1_16ns","SequenceVariant":"SK_SP_MP","SeriesDescription":[],"SeriesNumber":7,"ShimSetting":[332,-11588,-6432,444,13,-321,-99,10],"SliceThickness":0.8,"SoftwareVersions":"syngo_MR_E11","StationName":"MRC35056","TxRefAmp":241.041,"dataset":"MICs","modality":"T1w","run_id":2,"session_id":"01","subject_id":"sub-HC006"},"cjv":0.65137545198932778,"cnr":1.8306196099485512,"efc":0.6809877038359986,"fber":38.542213439941406,"fwhm_avg":3.3073624507164592,"fwhm_x":3.3425249501924972,"fwhm_y":3.3325249503415084,"fwhm_z":3.2470374516153715,"icvs_csf":0.20788427792739642,"icvs_gm":0.40805571144485286,"icvs_wm":0.38406001062775075,"inu_med":1.3924638032913208,"inu_range":0.58006123900413487,"provenance":{"md5sum":"50ed2b2ca1aab898aec23e7570b8bb15","settings":{"testing":false},"software":"mriqc","version":"0.15.2","warnings":{"large_rot_frame":false,"small_air_mask":false},"webapi_port":[],"webapi_url":"https://mriqc.nimh.nih.gov/api/v1"},"qi_1":0,"qi_2":0.0044989233680133517,"rpve_csf":20.765971108715362,"rpve_gm":10.853502492837269,"rpve_wm":13.375931417777958,"size_x":224,"size_y":320,"size_z":320,"snr_csf":1.2269716947377718,"snr_gm":8.2593389168295168,"snr_total":9.3121471317270341,"snr_wm":18.450130783613815,"snrd_csf":46.786067944828361,"snrd_gm":81.895010147199,"snrd_total":77.449740065290527,"snrd_wm":103.66814210384422,"spacing_x":0.800000011920929,"spacing_y":0.800000011920929,"spacing_z":0.800000011920929,"summary_bg_k":8954.9000365080865,"summary_bg_mad":6.3197684135533514,"summary_bg_mean":129.58662414550781,"summary_bg_median":129.11543273925781,"summary_bg_n":8.064227E+6,"summary_bg_p05":118.78854370117188,"summary_bg_p95":140.21068420410154,"summary_bg_stdv":32.823165893554688,"summary_csf_k":7.40307805780547,"summary_csf_mad":100.28893670158283,"summary_csf_mean":563.12432861328125,"summary_csf_median":451.32147216796875,"summary_csf_n":158945,"summary_csf_p05":322.3769592285156,"summary_csf_p95":1596.6688232421875,"summary_csf_stdv":367.83248901367188,"summary_gm_k":0.2528786971832746,"summary_gm_mad":89.05169145645074,"summary_gm_mean":805.9405517578125,"summary_gm_median":789.9996337890625,"summary_gm_n":95757,"summary_gm_p05":673.43060302734375,"summary_gm_p95":985.5179565429687,"summary_gm_stdv":95.648757934570312,"summary_wm_k":3.2274264542365971,"summary_wm_mad":47.759536541109746,"summary_wm_mean":1002.6489868164062,"summary_wm_median":1000.0339965820312,"summary_wm_n":634346,"summary_wm_p05":920.82856750488281,"summary_wm_p95":1091.0184631347656,"summary_wm_stdv":54.201957702636719,"tpm_overlap_csf":0.1222989484667778,"tpm_overlap_gm":0.3619178831577301,"tpm_overlap_wm":0.46936118602752686,"wm2max":0.34443782834608194}