{"aor":0.00027410579345088162,"aqi":0.0090530024307304783,"bids_meta":{"AcquisitionMatrixPE":80,"AcquisitionNumber":1,"AcquisitionTime":[],"BandwidthPerPixelPhaseEncode":23.148,"BaseResolution":80,"BodyPartExamined":"BRAIN","ConsistencyInfo":"N4_VE11C_LATEST_20160120","ConversionSoftware":"dcm2niix","ConversionSoftwareVersion":"v1.0.20200427","DerivedVendorReportedEchoSpacing":0.000540003,"DeviceSerialNumber":"167017","DwellTime":2.6E-6,"EchoTime":0.03,"EchoTrainLength":80,"EffectiveEchoSpacing":0.000540003,"FlipAngle":50,"ImageComments":"Unaliased_MB6_PE3_LB","ImageOrientationPatientDICOM":[1,0,0,0,0.743145,-0.669131],"ImageType":["ORIGINAL","PRIMARY","M","MB","ND","NORM","MOSAIC"],"ImagingFrequency":123.25,"InPlanePhaseEncodingDirectionDICOM":"COL","InstitutionAddress":[],"InstitutionName":[],"InstitutionalDepartmentName":[],"Instructions":"eyes closed","MRAcquisitionType":"2D","MagneticFieldStrength":3,"Manufacturer":"Siemens","ManufacturersModelName":"Prisma_fit","Modality":"MR","MultibandAccelerationFactor":6,"PartialFourier":1,"PatientPosition":"HFS","PercentPhaseFOV":100,"PercentSampling":100,"PhaseEncodingDirection":"j-","PhaseEncodingSteps":80,"PhaseResolution":1,"PixelBandwidth":2405,"ProcedureStepDescription":[],"ProtocolName":[],"PulseSequenceDetails":[],"ReceiveCoilActiveElements":"HC1-7","ReceiveCoilName":"HeadNeck_64","ReconMatrixPE":80,"RepetitionTime":0.6,"SAR":0.0514807,"ScanOptions":"FS","ScanningSequence":"EP","SequenceName":"epfid2d1_80","SequenceVariant":"SK_SS","SeriesDescription":[],"SeriesNumber":15,"ShimSetting":[302,-11608,-6436,427,15,-273,216,60],"SliceThickness":3,"SliceTiming":[0.5075,0.435,0.3625,0.29,0.2175,0.145,0.0725,0,0.5075,0.435,0.3625,0.29,0.2175,0.145,0.0725,0,0.5075,0.435,0.3625,0.29,0.2175,0.145,0.0725,0,0.5075,0.435,0.3625,0.29,0.2175,0.145,0.0725,0,0.5075,0.435,0.3625,0.29,0.2175,0.145,0.0725,0,0.5075,0.435,0.3625,0.29,0.2175,0.145,0.0725,0],"SoftwareVersions":"syngo_MR_E11","SpacingBetweenSlices":3,"StationName":"MRC35056","TaskName":"rest","TotalReadoutTime":0.0426603,"TxRefAmp":240.988,"WipMemBlock":"6a6f74dd-9466-4890-a613-460b674e1ca5||Sequence: R016 ve11c/master r/34fb20f; Nov 20 2017 15:15:15 by eja","acq_id":"AP","dataset":"MICs","modality":"bold","session_id":"01","subject_id":"sub-HC003","task_id":"rest"},"dummy_trs":6,"dvars_nstd":34.190618067578853,"dvars_std":1.1594525215384628,"dvars_vstd":0.96328819030264812,"efc":0.46661644355861853,"fber":5424.4482421875,"fd_mean":0.17646512551182522,"fd_num":311,"fd_perc":39.168765743073045,"fwhm_avg":2.4862644444444446,"fwhm_x":2.3330233333333332,"fwhm_y":2.6587666666666667,"fwhm_z":2.4670033333333334,"gcor":0.00602602,"gsr_x":-0.038278106600046158,"gsr_y":0.037053626030683517,"provenance":{"md5sum":"2da45e66c6d4fe63e13c49ae7f09931c","settings":{"fd_thres":0.2,"hmc_fsl":false,"testing":false},"software":"mriqc","version":"0.15.2","webapi_port":[],"webapi_url":"https://mriqc.nimh.nih.gov/api/v1"},"size_t":794,"size_x":80,"size_y":80,"size_z":48,"snr":3.5856089713385595,"spacing_tr":0.60000002384185791,"spacing_x":3,"spacing_y":3,"spacing_z":3,"summary_bg_k":26.936191173563969,"summary_bg_mad":67.783297056523139,"summary_bg_mean":346.65582275390625,"summary_bg_median":88.045333862304688,"summary_bg_n":207114,"summary_bg_p05":32.868133544921875,"summary_bg_p95":1689.4367919921838,"summary_bg_stdv":702.229248046875,"summary_fg_k":3.0896362708484055,"summary_fg_mad":1358.5218778563628,"summary_fg_mean":6910.1416015625,"summary_fg_median":6771.16650390625,"summary_fg_n":51556,"summary_fg_p05":4141.1461181640625,"summary_fg_p95":10073.172119140625,"summary_fg_stdv":1888.4102783203125,"tsnr":43.193566192639992}