{"aor":0.044753333333333332,"aqi":0.0052415033333333338,"bids_meta":{"AcquisitionMatrixPE":80,"AcquisitionNumber":1,"AcquisitionTime":[],"BandwidthPerPixelPhaseEncode":23.148,"BaseResolution":80,"BodyPartExamined":"BRAIN","ConsistencyInfo":"N4_VE11C_LATEST_20160120","ConversionSoftware":"dcm2niix","ConversionSoftwareVersion":"v1.0.20200427","DerivedVendorReportedEchoSpacing":0.000540003,"DeviceSerialNumber":"167017","DwellTime":3E-6,"EchoTime":0.048,"EchoTrainLength":80,"EffectiveEchoSpacing":0.000540003,"FlipAngle":90,"ImageComments":"Unaliased_MB6_PE3_LB","ImageOrientationPatientDICOM":[1,0,0,0,0.743145,-0.669131],"ImageType":["ORIGINAL","PRIMARY","M","ND","NORM","MOSAIC"],"ImagingFrequency":123.25,"InPlanePhaseEncodingDirectionDICOM":"COL","InstitutionAddress":[],"InstitutionName":[],"InstitutionalDepartmentName":[],"Instructions":"eyes closed","MRAcquisitionType":"2D","MagneticFieldStrength":3,"Manufacturer":"Siemens","ManufacturersModelName":"Prisma_fit","Modality":"MR","PartialFourier":1,"PatientPosition":"HFS","PercentPhaseFOV":100,"PercentSampling":100,"PhaseEncodingDirection":"j-","PhaseEncodingSteps":80,"PhaseResolution":1,"PixelBandwidth":2085,"ProcedureStepDescription":[],"ProtocolName":[],"PulseSequenceDetails":[],"ReceiveCoilActiveElements":"HC1-7","ReceiveCoilName":"HeadNeck_64","ReconMatrixPE":80,"RepetitionTime":4.029,"SAR":0.174564,"ScanOptions":"FS","ScanningSequence":"EP","SequenceName":"epse2d1_80","SequenceVariant":"SK","SeriesDescription":[],"SeriesNumber":16,"ShimSetting":[302,-11608,-6436,427,15,-273,216,60],"SliceThickness":3,"SliceTiming":[3.925,3.8425,3.7575,3.675,3.5925,3.5075,3.425,3.34,3.2575,3.175,3.09,3.0075,2.9225,2.84,2.7575,2.6725,2.59,2.505,2.4225,2.3375,2.255,2.1725,2.0875,2.005,1.92,1.8375,1.755,1.67,1.5875,1.5025,1.42,1.3375,1.2525,1.17,1.085,1.0025,0.92,0.835,0.7525,0.6675,0.585,0.5025,0.4175,0.335,0.25,0.1675,0.0825,0],"SoftwareVersions":"syngo_MR_E11","SpacingBetweenSlices":3,"StationName":"MRC35056","TaskName":"rest","TotalReadoutTime":0.0426603,"TxRefAmp":240.988,"WipMemBlock":"95115606-8a1a-43e6-a4ca-361d6e304091||Sequence: R016 ve11c/master r/34fb20f; Nov 20 2017 15:30:40 by eja","acq_id":"APse","dataset":"MICs","modality":"bold","session_id":"01","subject_id":"sub-HC003","task_id":"rest"},"dummy_trs":0,"dvars_nstd":46.092630004,"dvars_std":1.9456660760000002,"dvars_vstd":7.3958528039999987,"efc":0.51439953547497863,"fber":772.89947509765625,"fd_mean":0.18030431096358365,"fd_num":1,"fd_perc":16.666666666666668,"fwhm_avg":1.9087888888888889,"fwhm_x":1.98532,"fwhm_y":1.8127199999999999,"fwhm_z":1.9283266666666667,"gcor":0.00192433,"gsr_x":-0.054684970527887344,"gsr_y":0.035588972270488739,"provenance":{"md5sum":"b573a51f908d030765cfeba280aac31c","settings":{"fd_thres":0.2,"hmc_fsl":false,"testing":false},"software":"mriqc","version":"0.15.2","webapi_port":[],"webapi_url":"https://mriqc.nimh.nih.gov/api/v1"},"size_t":6,"size_x":80,"size_y":80,"size_z":48,"snr":2.2891817391347233,"spacing_tr":4.0289998054504395,"spacing_x":3,"spacing_y":3,"spacing_z":3,"summary_bg_k":41.990639170620639,"summary_bg_mad":167.14972470558183,"summary_bg_mean":887.33843994140625,"summary_bg_median":322.99908447265625,"summary_bg_n":201940,"summary_bg_p05":160.49238204956055,"summary_bg_p95":4116.1163818359364,"summary_bg_stdv":1529.1995849609375,"summary_fg_k":14.651286352595545,"summary_fg_mad":2542.8568171367947,"summary_fg_mean":10291.658203125,"summary_fg_median":9466.873046875,"summary_fg_n":55741,"summary_fg_p05":5138.150390625,"summary_fg_p95":17883.27734375,"summary_fg_stdv":4135.4462890625,"tsnr":58.573837280273438}