{"aor":0.043386666666666678,"aqi":0.0063035266666666657,"bids_meta":{"AcquisitionMatrixPE":80,"AcquisitionNumber":1,"AcquisitionTime":[],"BandwidthPerPixelPhaseEncode":23.148,"BaseResolution":80,"BodyPartExamined":"BRAIN","ConsistencyInfo":"N4_VE11C_LATEST_20160120","ConversionSoftware":"dcm2niix","ConversionSoftwareVersion":"v1.0.20200427","DerivedVendorReportedEchoSpacing":0.000540003,"DeviceSerialNumber":"167017","DwellTime":3E-6,"EchoTime":0.048,"EchoTrainLength":80,"EffectiveEchoSpacing":0.000540003,"FlipAngle":90,"ImageComments":"Unaliased_MB6_PE3_LB","ImageOrientationPatientDICOM":[1,0,0,0,0.743145,-0.669131],"ImageType":["ORIGINAL","PRIMARY","M","ND","NORM","MOSAIC"],"ImagingFrequency":123.25,"InPlanePhaseEncodingDirectionDICOM":"COL","InstitutionAddress":[],"InstitutionName":[],"InstitutionalDepartmentName":[],"Instructions":"eyes closed","MRAcquisitionType":"2D","MagneticFieldStrength":3,"Manufacturer":"Siemens","ManufacturersModelName":"Prisma_fit","Modality":"MR","PartialFourier":1,"PatientPosition":"HFS","PercentPhaseFOV":100,"PercentSampling":100,"PhaseEncodingDirection":"j","PhaseEncodingSteps":80,"PhaseResolution":1,"PixelBandwidth":2085,"ProcedureStepDescription":[],"ProtocolName":[],"PulseSequenceDetails":[],"ReceiveCoilActiveElements":"HC1-7","ReceiveCoilName":"HeadNeck_64","ReconMatrixPE":80,"RepetitionTime":4.029,"SAR":0.174564,"ScanOptions":"FS","ScanningSequence":"EP","SequenceName":"epse2d1_80","SequenceVariant":"SK","SeriesDescription":[],"SeriesNumber":17,"ShimSetting":[302,-11608,-6436,427,15,-273,216,60],"SliceThickness":3,"SliceTiming":[3.9275,3.8425,3.76,3.675,3.5925,3.51,3.425,3.3425,3.2575,3.175,3.0925,3.0075,2.925,2.84,2.7575,2.675,2.59,2.5075,2.4225,2.34,2.2575,2.1725,2.09,2.005,1.9225,1.8375,1.755,1.6725,1.5875,1.505,1.42,1.3375,1.255,1.17,1.0875,1.0025,0.92,0.8375,0.7525,0.67,0.585,0.5025,0.42,0.335,0.2525,0.1675,0.085,0],"SoftwareVersions":"syngo_MR_E11","SpacingBetweenSlices":3,"StationName":"MRC35056","TaskName":"rest","TotalReadoutTime":0.0426603,"TxRefAmp":240.988,"WipMemBlock":"fa657018-8b4b-4da3-ab0d-e06be39c8f80||Sequence: R016 ve11c/master r/34fb20f; Nov 20 2017 15:30:40 by eja","acq_id":"PAse","dataset":"MICs","modality":"bold","session_id":"01","subject_id":"sub-HC003","task_id":"rest"},"dummy_trs":0,"dvars_nstd":68.156510926,"dvars_std":2.63013563,"dvars_vstd":5.3283835879999994,"efc":0.51179357228584244,"fber":779.17041015625,"fd_mean":0.19040082859928481,"fd_num":3,"fd_perc":50,"fwhm_avg":1.8872344444444444,"fwhm_x":1.9792333333333334,"fwhm_y":1.68828,"fwhm_z":1.99419,"gcor":0.00824714,"gsr_x":-0.057636719197034836,"gsr_y":0.020911546424031258,"provenance":{"md5sum":"ba9de76e54deb72a31facdae25eba076","settings":{"fd_thres":0.2,"hmc_fsl":false,"testing":false},"software":"mriqc","version":"0.15.2","webapi_port":[],"webapi_url":"https://mriqc.nimh.nih.gov/api/v1"},"size_t":6,"size_x":80,"size_y":80,"size_z":48,"snr":2.1523821386609816,"spacing_tr":4.0289998054504395,"spacing_x":3,"spacing_y":3,"spacing_z":3,"summary_bg_k":68.1096067968755,"summary_bg_mad":151.90406247761553,"summary_bg_mean":876.37786865234375,"summary_bg_median":315.10067749023438,"summary_bg_n":201365,"summary_bg_p05":160.69039916992188,"summary_bg_p95":3915.32841796875,"summary_bg_stdv":1589.6427001953125,"summary_fg_k":11.717377488380194,"summary_fg_mad":2734.7777921124971,"summary_fg_mean":10206.015625,"summary_fg_median":9382.443359375,"summary_fg_n":56182,"summary_fg_p05":4316.7626953125,"summary_fg_p95":17720.770410156245,"summary_fg_stdv":4359.05859375,"tsnr":63.155021667480469}