{"aor":0.044321666666666669,"aqi":0.0054733066666666661,"bids_meta":{"AcquisitionMatrixPE":80,"AcquisitionNumber":1,"AcquisitionTime":[],"BandwidthPerPixelPhaseEncode":23.148,"BaseResolution":80,"BodyPartExamined":"BRAIN","ConsistencyInfo":"N4_VE11C_LATEST_20160120","ConversionSoftware":"dcm2niix","ConversionSoftwareVersion":"v1.0.20200427","DerivedVendorReportedEchoSpacing":0.000540003,"DeviceSerialNumber":"167017","DwellTime":3E-6,"EchoTime":0.048,"EchoTrainLength":80,"EffectiveEchoSpacing":0.000540003,"FlipAngle":90,"ImageComments":"Unaliased_MB6_PE3_LB","ImageOrientationPatientDICOM":[1,0,0,0,0.777146,-0.62932],"ImageType":["ORIGINAL","PRIMARY","M","ND","NORM","MOSAIC"],"ImagingFrequency":123.25,"InPlanePhaseEncodingDirectionDICOM":"COL","InstitutionAddress":[],"InstitutionName":[],"InstitutionalDepartmentName":[],"Instructions":"eyes closed","MRAcquisitionType":"2D","MagneticFieldStrength":3,"Manufacturer":"Siemens","ManufacturersModelName":"Prisma_fit","Modality":"MR","PartialFourier":1,"PatientPosition":"HFS","PercentPhaseFOV":100,"PercentSampling":100,"PhaseEncodingDirection":"j","PhaseEncodingSteps":80,"PhaseResolution":1,"PixelBandwidth":2085,"ProcedureStepDescription":[],"ProtocolName":[],"PulseSequenceDetails":[],"ReceiveCoilActiveElements":"HC1-7","ReceiveCoilName":"HeadNeck_64","ReconMatrixPE":80,"RepetitionTime":4.029,"SAR":0.130404,"ScanOptions":"FS","ScanningSequence":"EP","SequenceName":"epse2d1_80","SequenceVariant":"SK","SeriesDescription":[],"SeriesNumber":16,"ShimSetting":[327,-11544,-6443,582,60,158,-95,9],"SliceThickness":3,"SliceTiming":[3.925,3.8425,3.7575,3.675,3.59,3.5075,3.425,3.34,3.2575,3.1725,3.09,3.0075,2.9225,2.84,2.755,2.6725,2.5875,2.505,2.4225,2.3375,2.255,2.17,2.0875,2.005,1.92,1.8375,1.7525,1.67,1.5875,1.5025,1.42,1.335,1.2525,1.17,1.085,1.0025,0.9175,0.835,0.75,0.6675,0.585,0.5,0.4175,0.3325,0.25,0.1675,0.0825,0],"SoftwareVersions":"syngo_MR_E11","SpacingBetweenSlices":3,"StationName":"MRC35056","TaskName":"rest","TotalReadoutTime":0.0426603,"TxRefAmp":212.548,"WipMemBlock":"469ffd08-f7d7-4080-9b52-9a2e8eab94fb||Sequence: R016 ve11c/master r/34fb20f; Nov 20 2017 15:30:40 by eja","acq_id":"PAse","dataset":"MICs","modality":"bold","session_id":"01","subject_id":"sub-HC041","task_id":"rest"},"dummy_trs":0,"dvars_nstd":80.76467438,"dvars_std":3.137837982,"dvars_vstd":6.188997842,"efc":0.45405997639533957,"fber":835.967041015625,"fd_mean":0.071020755010998957,"fd_num":0,"fd_perc":0,"fwhm_avg":1.7817599086773912,"fwhm_x":1.8979666666666668,"fwhm_y":1.5653098756003478,"fwhm_z":1.8820031837651585,"gcor":0.00412221,"gsr_x":-0.036381568759679794,"gsr_y":0.0094835339114069939,"provenance":{"md5sum":"bfbf3c57da8859847855c796b1da3f29","settings":{"fd_thres":0.2,"hmc_fsl":false,"testing":false},"software":"mriqc","version":"0.15.2","webapi_port":[],"webapi_url":"https://mriqc.nimh.nih.gov/api/v1"},"size_t":6,"size_x":80,"size_y":80,"size_z":48,"snr":2.1310779892903735,"spacing_tr":4.0289998054504395,"spacing_x":3,"spacing_y":3.0000002384185791,"spacing_z":3.0000002384185791,"summary_bg_k":335.51614561622478,"summary_bg_mad":103.1209838409542,"summary_bg_mean":566.5728759765625,"summary_bg_median":280.14999389648438,"summary_bg_n":212799,"summary_bg_p05":162.5490707397461,"summary_bg_p95":2386.3471191406225,"summary_bg_stdv":1096.2861328125,"summary_fg_k":18.401425338945653,"summary_fg_mad":2574.9130226239267,"summary_fg_mean":9455.919921875,"summary_fg_median":8646.55078125,"summary_fg_n":46702,"summary_fg_p05":5010.5887695312495,"summary_fg_p95":16226.330322265612,"summary_fg_stdv":4057.316650390625,"tsnr":69.949501037597656}