{"aor":0.046554999999999992,"aqi":0.004050155,"bids_meta":{"AcquisitionMatrixPE":80,"AcquisitionNumber":1,"AcquisitionTime":[],"BandwidthPerPixelPhaseEncode":23.148,"BaseResolution":80,"BodyPartExamined":"BRAIN","ConsistencyInfo":"N4_VE11C_LATEST_20160120","ConversionSoftware":"dcm2niix","ConversionSoftwareVersion":"v1.0.20200427","DerivedVendorReportedEchoSpacing":0.000540003,"DeviceSerialNumber":"167017","DwellTime":3E-6,"EchoTime":0.048,"EchoTrainLength":80,"EffectiveEchoSpacing":0.000540003,"FlipAngle":90,"ImageComments":"Unaliased_MB6_PE3_LB","ImageOrientationPatientDICOM":[1,0,0,0,0.777146,-0.62932],"ImageType":["ORIGINAL","PRIMARY","M","ND","NORM","MOSAIC"],"ImagingFrequency":123.25,"InPlanePhaseEncodingDirectionDICOM":"COL","InstitutionAddress":[],"InstitutionName":[],"InstitutionalDepartmentName":[],"Instructions":"eyes closed","MRAcquisitionType":"2D","MagneticFieldStrength":3,"Manufacturer":"Siemens","ManufacturersModelName":"Prisma_fit","Modality":"MR","PartialFourier":1,"PatientPosition":"HFS","PercentPhaseFOV":100,"PercentSampling":100,"PhaseEncodingDirection":"j-","PhaseEncodingSteps":80,"PhaseResolution":1,"PixelBandwidth":2085,"ProcedureStepDescription":[],"ProtocolName":[],"PulseSequenceDetails":[],"ReceiveCoilActiveElements":"HC1-7","ReceiveCoilName":"HeadNeck_64","ReconMatrixPE":80,"RepetitionTime":4.029,"SAR":0.130404,"ScanOptions":"FS","ScanningSequence":"EP","SequenceName":"epse2d1_80","SequenceVariant":"SK","SeriesDescription":[],"SeriesNumber":15,"ShimSetting":[327,-11544,-6443,582,60,158,-95,9],"SliceThickness":3,"SliceTiming":[3.925,3.8425,3.7575,3.675,3.5925,3.5075,3.425,3.34,3.2575,3.175,3.09,3.0075,2.9225,2.84,2.7575,2.6725,2.59,2.505,2.4225,2.3375,2.255,2.1725,2.0875,2.005,1.92,1.8375,1.755,1.67,1.5875,1.5025,1.42,1.3375,1.2525,1.17,1.085,1.0025,0.92,0.835,0.7525,0.6675,0.585,0.5,0.4175,0.335,0.25,0.1675,0.0825,0],"SoftwareVersions":"syngo_MR_E11","SpacingBetweenSlices":3,"StationName":"MRC35056","TaskName":"rest","TotalReadoutTime":0.0426603,"TxRefAmp":212.548,"WipMemBlock":"4c30ba0d-f49a-4dfc-958a-409f5941aef4||Sequence: R016 ve11c/master r/34fb20f; Nov 20 2017 15:30:40 by eja","acq_id":"APse","dataset":"MICs","modality":"bold","session_id":"01","subject_id":"sub-HC041","task_id":"rest"},"dummy_trs":0,"dvars_nstd":50.143244172,"dvars_std":2.638441682,"dvars_vstd":3.559063052,"efc":0.4559392526372697,"fber":867.6201171875,"fd_mean":0.050564157758141312,"fd_num":0,"fd_perc":0,"fwhm_avg":1.7734543530559612,"fwhm_x":1.8705633333333334,"fwhm_y":1.6571465349684926,"fwhm_z":1.7926531908660577,"gcor":0.00386203,"gsr_x":-0.032467447221279144,"gsr_y":0.0091029684990644455,"provenance":{"md5sum":"b220d46da5ccb2a242a51294beb1cf32","settings":{"fd_thres":0.2,"hmc_fsl":false,"testing":false},"software":"mriqc","version":"0.15.2","webapi_port":[],"webapi_url":"https://mriqc.nimh.nih.gov/api/v1"},"size_t":6,"size_x":80,"size_y":80,"size_z":48,"snr":2.2662496984152223,"spacing_tr":4.0289998054504395,"spacing_x":3,"spacing_y":3.0000002384185791,"spacing_z":3.0000002384185791,"summary_bg_k":71.1707165168912,"summary_bg_mad":107.53121416766031,"summary_bg_mean":581.5255126953125,"summary_bg_median":283.63775634765625,"summary_bg_n":213766,"summary_bg_p05":164.51825714111328,"summary_bg_p95":2406.8089599609375,"summary_bg_stdv":1134.0330810546875,"summary_fg_k":22.32887895580285,"summary_fg_mad":2353.5318438972058,"summary_fg_mean":9634.73046875,"summary_fg_median":8790.9365234375,"summary_fg_n":46125,"summary_fg_p05":5605.84990234375,"summary_fg_p95":16545.041406249984,"summary_fg_stdv":3879.02587890625,"tsnr":78.2537841796875}