{"aor":0.00035679597701149431,"aqi":0.0051363779454022991,"bids_meta":{"AcquisitionMatrixPE":80,"AcquisitionNumber":1,"AcquisitionTime":[],"BandwidthPerPixelPhaseEncode":23.148,"BaseResolution":80,"BodyPartExamined":"BRAIN","ConsistencyInfo":"N4_VE11C_LATEST_20160120","ConversionSoftware":"dcm2niix","ConversionSoftwareVersion":"v1.0.20200427","DerivedVendorReportedEchoSpacing":0.000540003,"DeviceSerialNumber":"167017","DwellTime":2.6E-6,"EchoTime":0.03,"EchoTrainLength":80,"EffectiveEchoSpacing":0.000540003,"FlipAngle":50,"ImageComments":"Unaliased_MB6_PE3_LB","ImageOrientationPatientDICOM":[1,0,0,0,0.777146,-0.62932],"ImageType":["ORIGINAL","PRIMARY","M","MB","ND","NORM","MOSAIC"],"ImagingFrequency":123.25,"InPlanePhaseEncodingDirectionDICOM":"COL","InstitutionAddress":[],"InstitutionName":[],"InstitutionalDepartmentName":[],"Instructions":"eyes closed","MRAcquisitionType":"2D","MagneticFieldStrength":3,"Manufacturer":"Siemens","ManufacturersModelName":"Prisma_fit","Modality":"MR","MultibandAccelerationFactor":6,"PartialFourier":1,"PatientPosition":"HFS","PercentPhaseFOV":100,"PercentSampling":100,"PhaseEncodingDirection":"j-","PhaseEncodingSteps":80,"PhaseResolution":1,"PixelBandwidth":2405,"ProcedureStepDescription":[],"ProtocolName":[],"PulseSequenceDetails":[],"ReceiveCoilActiveElements":"HC1-7","ReceiveCoilName":"HeadNeck_64","ReconMatrixPE":80,"RepetitionTime":0.6,"SAR":0.0394274,"ScanOptions":"FS","ScanningSequence":"EP","SequenceName":"epfid2d1_80","SequenceVariant":"SK_SS","SeriesDescription":[],"SeriesNumber":14,"ShimSetting":[327,-11544,-6443,582,60,158,-95,9],"SliceThickness":3,"SliceTiming":[0.5075,0.435,0.3625,0.29,0.2175,0.145,0.0725,0,0.5075,0.435,0.3625,0.29,0.2175,0.145,0.0725,0,0.5075,0.435,0.3625,0.29,0.2175,0.145,0.0725,0,0.5075,0.435,0.3625,0.29,0.2175,0.145,0.0725,0,0.5075,0.435,0.3625,0.29,0.2175,0.145,0.0725,0,0.5075,0.435,0.3625,0.29,0.2175,0.145,0.0725,0],"SoftwareVersions":"syngo_MR_E11","SpacingBetweenSlices":3,"StationName":"MRC35056","TaskName":"rest","TotalReadoutTime":0.0426603,"TxRefAmp":212.548,"WipMemBlock":"16cbffd2-c874-496a-96e2-572367182b1b||Sequence: R016 ve11c/master r/34fb20f; Nov 20 2017 15:15:15 by eja","acq_id":"AP","dataset":"MICs","modality":"bold","session_id":"01","subject_id":"sub-HC041","task_id":"rest"},"dummy_trs":4,"dvars_nstd":31.145921303669049,"dvars_std":1.24446366077698,"dvars_vstd":0.99774987145323768,"efc":0.40719740109404184,"fber":8797.583984375,"fd_mean":0.064266663169746635,"fd_num":1,"fd_perc":0.14367816091954022,"fwhm_avg":2.2781076539422944,"fwhm_x":2.15969,"fwhm_y":2.4177564745206457,"fwhm_z":2.2568764873062381,"gcor":0.00797698,"gsr_x":-0.018588634207844734,"gsr_y":0.020934920758008957,"provenance":{"md5sum":"041052e72304e7093ba9c75a1007d6a5","settings":{"fd_thres":0.2,"hmc_fsl":false,"testing":false},"software":"mriqc","version":"0.15.2","webapi_port":[],"webapi_url":"https://mriqc.nimh.nih.gov/api/v1"},"size_t":696,"size_x":80,"size_y":80,"size_z":48,"snr":4.011137147168867,"spacing_tr":0.60000002384185791,"spacing_x":3,"spacing_y":3.0000002384185791,"spacing_z":3.0000002384185791,"summary_bg_k":50.237632616927186,"summary_bg_mad":37.765890191302766,"summary_bg_mean":182.25270080566406,"summary_bg_median":65.752876281738281,"summary_bg_n":217437,"summary_bg_p05":32.557472229003906,"summary_bg_p95":819.56894531249964,"summary_bg_stdv":385.9903564453125,"summary_fg_k":2.8975929170661461,"summary_fg_mad":1243.8352122009367,"summary_fg_mean":6489.455078125,"summary_fg_median":6384.7861328125,"summary_fg_n":42997,"summary_fg_p05":4202.6144531250011,"summary_fg_p95":9046.9482421874964,"summary_fg_stdv":1591.74609375,"tsnr":56.282790923956782}