{"bids_meta":{"AcquisitionMatrixPE":320,"AcquisitionNumber":1,"AcquisitionTime":[],"BaseResolution":320,"BodyPartExamined":"BRAIN","ConsistencyInfo":"N4_VE11C_LATEST_20160120","ConversionSoftware":"dcm2niix","ConversionSoftwareVersion":"v1.0.20200427","DeviceSerialNumber":"167017","DwellTime":6.6E-6,"EchoTime":0.00314,"FlipAngle":9,"ImageOrientationPatientDICOM":[0.023344,0.981263,0.191255,0.0316305,0.190487,-0.98118],"ImageType":["ORIGINAL","PRIMARY","M","ND","NORM","FM","FIL"],"ImagingFrequency":123.25,"InPlanePhaseEncodingDirectionDICOM":"ROW","InstitutionAddress":[],"InstitutionName":[],"InstitutionalDepartmentName":[],"InversionTime":0.9,"MRAcquisitionType":"3D","MagneticFieldStrength":3,"Manufacturer":"Siemens","ManufacturersModelName":"Prisma_fit","Modality":"MR","ParallelReductionFactorInPlane":2,"PartialFourier":1,"PatientPosition":"HFS","PercentPhaseFOV":100,"PercentSampling":100,"PhaseEncodingSteps":319,"PhaseResolution":1,"PixelBandwidth":235,"ProcedureStepDescription":[],"ProtocolName":[],"PulseSequenceDetails":[],"ReceiveCoilActiveElements":"HC1-7","ReceiveCoilName":"HeadNeck_64","ReconMatrixPE":320,"RefLinesPE":32,"RepetitionTime":2.3,"SAR":0.0559223,"ScanOptions":"IR","ScanningSequence":"GR_IR","SequenceName":"_tfl3d1_16ns","SequenceVariant":"SK_SP_MP","SeriesDescription":[],"SeriesNumber":7,"ShimSetting":[322,-11601,-6421,319,-30,-318,28,-10],"SliceThickness":0.8,"SoftwareVersions":"syngo_MR_E11","StationName":"MRC35056","TxRefAmp":258.701,"dataset":"MICs","modality":"T1w","run_id":2,"session_id":"01","subject_id":"sub-HC021"},"cjv":0.83212637641844833,"cnr":1.5521344276846423,"efc":0.70273351648927462,"fber":35.272686004638672,"fwhm_avg":3.1820832859165975,"fwhm_x":3.1759999526739127,"fwhm_y":3.235774951783196,"fwhm_z":3.1344749532926834,"icvs_csf":0.21429350077103324,"icvs_gm":0.426018606635468,"icvs_wm":0.35968789259349876,"inu_med":1.3995682001113892,"inu_range":0.70794959068298313,"provenance":{"md5sum":"30b4a34a5194920fb955930eaca6f95f","settings":{"testing":false},"software":"mriqc","version":"0.15.2","warnings":{"large_rot_frame":false,"small_air_mask":false},"webapi_port":[],"webapi_url":"https://mriqc.nimh.nih.gov/api/v1"},"qi_1":2.2560065875392358E-5,"qi_2":0.0052243276149078876,"rpve_csf":20.359432116137096,"rpve_gm":10.428677990369849,"rpve_wm":13.766285037504934,"size_x":224,"size_y":320,"size_z":320,"snr_csf":1.2023367162289385,"snr_gm":8.6088876206758052,"snr_total":8.7415093741558874,"snr_wm":16.413303785562917,"snrd_csf":46.773312438582138,"snrd_gm":79.711619195109563,"snrd_total":74.561330060073217,"snrd_wm":97.199058546527979,"spacing_x":0.800000011920929,"spacing_y":0.800000011920929,"spacing_z":0.800000011920929,"summary_bg_k":4374.4313599387215,"summary_bg_mad":6.7403925445450907,"summary_bg_mean":139.69537353515625,"summary_bg_median":139.2657470703125,"summary_bg_n":7.93288E+6,"summary_bg_p05":128.17341537475585,"summary_bg_p95":151.01811218261719,"summary_bg_stdv":25.486371994018555,"summary_csf_k":5.2371189199634856,"summary_csf_mad":121.28014629190594,"summary_csf_mean":612.86328125,"summary_csf_median":481.22879028320312,"summary_csf_n":162373,"summary_csf_p05":326.10147094726562,"summary_csf_p95":1673.5771484375,"summary_csf_stdv":400.24337768554688,"summary_gm_k":-0.15391397321104927,"summary_gm_mad":97.302240685781641,"summary_gm_mean":831.71307373046875,"summary_gm_median":820.11566162109375,"summary_gm_n":146690,"summary_gm_p05":693.65053100585942,"summary_gm_p95":1001.0043182373045,"summary_gm_stdv":95.263511657714844,"summary_wm_k":2.6107941011876239,"summary_wm_mad":52.414024316442642,"summary_wm_mean":1004.3671264648438,"summary_wm_median":1000.0357666015625,"summary_wm_n":556219,"summary_wm_p05":914.22572021484382,"summary_wm_p95":1107.4563354492188,"summary_wm_stdv":60.928310394287109,"tpm_overlap_csf":0.096463315188884735,"tpm_overlap_gm":0.31142821907997131,"tpm_overlap_wm":0.4339144229888916,"wm2max":0.351696592785122}