{"bids_meta":{"AcquisitionMatrixPE":320,"AcquisitionNumber":1,"AcquisitionTime":[],"BaseResolution":320,"BodyPartExamined":"BRAIN","ConsistencyInfo":"N4_VE11C_LATEST_20160120","ConversionSoftware":"dcm2niix","ConversionSoftwareVersion":"v1.0.20200427","DeviceSerialNumber":"167017","DwellTime":6.6E-6,"EchoTime":0.00314,"FlipAngle":9,"ImageOrientationPatientDICOM":[0.0095353,0.985748,0.167959,-0.0114212,0.168063,-0.98571],"ImageType":["ORIGINAL","PRIMARY","M","ND","NORM","FM","FIL"],"ImagingFrequency":123.25,"InPlanePhaseEncodingDirectionDICOM":"ROW","InstitutionAddress":[],"InstitutionName":[],"InstitutionalDepartmentName":[],"InversionTime":0.9,"MRAcquisitionType":"3D","MagneticFieldStrength":3,"Manufacturer":"Siemens","ManufacturersModelName":"Prisma_fit","Modality":"MR","ParallelReductionFactorInPlane":2,"PartialFourier":1,"PatientPosition":"HFS","PercentPhaseFOV":100,"PercentSampling":100,"PhaseEncodingSteps":319,"PhaseResolution":1,"PixelBandwidth":235,"ProcedureStepDescription":[],"ProtocolName":[],"PulseSequenceDetails":[],"ReceiveCoilActiveElements":"HC1-7","ReceiveCoilName":"HeadNeck_64","ReconMatrixPE":320,"RefLinesPE":32,"RepetitionTime":2.3,"SAR":0.0545511,"ScanOptions":"IR","ScanningSequence":"GR_IR","SequenceName":"_tfl3d1_16ns","SequenceVariant":"SK_SP_MP","SeriesDescription":[],"SeriesNumber":7,"ShimSetting":[320,-11625,-6426,304,55,-339,-41,10],"SliceThickness":0.8,"SoftwareVersions":"syngo_MR_E11","StationName":"MRC35056","TxRefAmp":229.359,"dataset":"MICs","modality":"T1w","run_id":2,"session_id":"01","subject_id":"sub-HC043"},"cjv":0.55785693140830639,"cnr":2.2159929409204646,"efc":0.655039333096837,"fber":34.436508178710938,"fwhm_avg":3.2498582849066708,"fwhm_x":3.3315624503558507,"fwhm_y":3.23756245175656,"fwhm_z":3.1804499526076029,"icvs_csf":0.22390591861790249,"icvs_gm":0.41947180655242167,"icvs_wm":0.35662227482967584,"inu_med":1.3846380710601807,"inu_range":0.44802212715148926,"provenance":{"md5sum":"26e5559872092db324292792823fe337","settings":{"testing":false},"software":"mriqc","version":"0.15.2","warnings":{"large_rot_frame":false,"small_air_mask":false},"webapi_port":[],"webapi_url":"https://mriqc.nimh.nih.gov/api/v1"},"qi_1":1.655686387318208E-5,"qi_2":0.0041826239695196346,"rpve_csf":24.752291287137741,"rpve_gm":13.593789034517762,"rpve_wm":18.075959246641894,"size_x":224,"size_y":320,"size_z":320,"snr_csf":1.5436656708040768,"snr_gm":9.6323774010362921,"snr_total":9.2485789678440522,"snr_wm":16.569693831691783,"snrd_csf":43.361794275582774,"snrd_gm":78.7578367878288,"snrd_total":74.659971811278126,"snrd_wm":101.86028437042282,"spacing_x":0.800000011920929,"spacing_y":0.800000011920929,"spacing_z":0.800000011920929,"summary_bg_k":9693.0642708093037,"summary_bg_mad":6.4318639639789987,"summary_bg_mean":129.55648803710938,"summary_bg_median":129.33689880371094,"summary_bg_n":8.477399E+6,"summary_bg_p05":118.6349479675293,"summary_bg_p95":140.84866485595703,"summary_bg_stdv":19.745468139648438,"summary_csf_k":16.380531826412103,"summary_csf_mad":85.790219950141,"summary_csf_mean":488.70596313476562,"summary_csf_median":425.70855712890625,"summary_csf_n":143726,"summary_csf_p05":301.82949829101562,"summary_csf_p95":987.15484619140625,"summary_csf_stdv":275.7767333984375,"summary_gm_k":0.67973578444281957,"summary_gm_mad":72.631401334039268,"summary_gm_mean":781.54364013671875,"summary_gm_median":773.21258544921875,"summary_gm_n":78447,"summary_gm_p05":664.5540649414063,"summary_gm_p95":930.91923828124993,"summary_gm_stdv":80.271736145019531,"summary_wm_k":1.3741606781179128,"summary_wm_mad":53.896400307803084,"summary_wm_mean":1004.92724609375,"summary_wm_median":1000.0230712890625,"summary_wm_n":448518,"summary_wm_p05":915.19289245605466,"summary_wm_p95":1110.9301635742186,"summary_wm_stdv":60.352470397949219,"tpm_overlap_csf":0.11534766852855682,"tpm_overlap_gm":0.36062949895858765,"tpm_overlap_wm":0.4420846700668335,"wm2max":0.36026416715957754}